{
  "aor": 0.005881476510067114,
  "aqi": 0.008707793635346756,
  "bids_meta": {
    "AcquisitionMatrixPE": 64,
    "AcquisitionNumber": 1,
    "AcquisitionTime": "16:54:5.625000",
    "BandwidthPerPixelPhaseEncode": 63.776,
    "BaseResolution": 64,
    "BodyPartExamined": "BRAIN",
    "CoilString": "HC1-7;NC1_2",
    "ConsistencyInfo": "N4_VE11C_LATEST_20160120",
    "ConversionSoftware": "dcm2niix",
    "ConversionSoftwareVersion": "v1.0.20190410  GCC6.3.0",
    "DerivedVendorReportedEchoSpacing": 0.000489996,
    "DeviceSerialNumber": "167045",
    "DwellTime": 3e-06,
    "EchoTime": 0.029,
    "EchoTrainLength": 31,
    "EffectiveEchoSpacing": 0.000244998,
    "FlipAngle": 90,
    "ImageOrientationPatientDICOM": [
      0.999703,
      0.00182726,
      0.0242948,
      1.7789e-08,
      0.997183,
      -0.075001
    ],
    "ImageType": [
      "ORIGINAL",
      "PRIMARY",
      "M",
      "ND",
      "MOSAIC"
    ],
    "ImagingFrequency": 123.26,
    "InPlanePhaseEncodingDirectionDICOM": "COL",
    "InstitutionAddress": "De_Pintelaan_185_Gent_District_BE_9000",
    "InstitutionName": "Experimental_Psychology",
    "InstitutionalDepartmentName": "Department",
    "MRAcquisitionType": "2D",
    "MagneticFieldStrength": 3,
    "Manufacturer": "Siemens",
    "ManufacturersModelName": "Prisma_fit",
    "Modality": "MR",
    "ParallelReductionFactorInPlane": 2,
    "PartialFourier": 1,
    "PatientPosition": "HFS",
    "PercentPhaseFOV": 100,
    "PhaseEncodingDirection": "j-",
    "PhaseEncodingSteps": 63,
    "PhaseResolution": 1,
    "PixelBandwidth": 2605,
    "ProcedureStepDescription": "MR_hersenen_(structuur_alleen)",
    "ProtocolName": "ep2d_main_effort",
    "PulseSequenceDetails": "%SiemensSeq%_ep2d_bold",
    "ReceiveCoilActiveElements": "HC1-7;NC1,2",
    "ReceiveCoilName": "HeadNeck_64",
    "ReconMatrixPE": 64,
    "RefLinesPE": 24,
    "RepetitionTime": 2,
    "SAR": 0.0982766,
    "ScanOptions": "FS",
    "ScanningSequence": "EP",
    "SequenceName": "_epfid2d1_64",
    "SequenceVariant": "SK",
    "SeriesDescription": "ep2d_main_effort",
    "SeriesNumber": 5,
    "ShimSetting": [
      5142,
      -7525,
      -7714,
      525,
      -160,
      -114,
      -32,
      18
    ],
    "SliceThickness": 3.5,
    "SliceTiming": [
      0.99,
      0,
      1.0425,
      0.0525,
      1.0925,
      0.1025,
      1.145,
      0.155,
      1.1975,
      0.2075,
      1.25,
      0.26,
      1.3025,
      0.3125,
      1.355,
      0.365,
      1.405,
      0.415,
      1.4575,
      0.4675,
      1.51,
      0.52,
      1.5625,
      0.5725,
      1.615,
      0.625,
      1.6675,
      0.6775,
      1.7175,
      0.73,
      1.77,
      0.78,
      1.8225,
      0.8325,
      1.875,
      0.885,
      1.9275,
      0.9375
    ],
    "SoftwareVersions": "syngo_MR_E11",
    "SpacingBetweenSlices": 3.85,
    "StationName": "AWP167045",
    "TaskName": "effort",
    "TotalReadoutTime": 0.0154349,
    "TxRefAmp": 217.546,
    "dataset": "ds002938",
    "modality": "bold",
    "subject_id": "19",
    "task_id": "effort"
  },
  "dummy_trs": 0,
  "dvars_nstd": 22.483559088443457,
  "dvars_std": 1.082380551802911,
  "dvars_vstd": 1.0024206769988806,
  "efc": 0.4569945000025921,
  "fber": 671.1575927734375,
  "fd_mean": 0.1946753358267145,
  "fd_num": 309,
  "fd_perc": 34.56375838926174,
  "fwhm_avg": 2.6414646106462314,
  "fwhm_x": 2.4761142857142855,
  "fwhm_y": 2.79576,
  "fwhm_z": 2.652519546224409,
  "gcor": 0.0184182,
  "gsr_x": -0.00357764377258718,
  "gsr_y": 0.027156630530953407,
  "provenance": {
    "md5sum": "b6f6469c66496b70783d3df2f6d00da1",
    "settings": {
      "fd_thres": 0.2,
      "testing": false
    },
    "software": "mriqc",
    "version": "23.0.1",
    "webapi_port": null,
    "webapi_url": "https://mriqc.nimh.nih.gov/api/v1"
  },
  "size_t": 894,
  "size_x": 64,
  "size_y": 64,
  "size_z": 38,
  "snr": 2.6513237059968797,
  "spacing_tr": 2.0,
  "spacing_x": 3.5,
  "spacing_y": 3.5,
  "spacing_z": 3.8499999046325684,
  "summary_bg_k": 41.83902535494261,
  "summary_bg_mad": 6.600400359282182,
  "summary_bg_mean": 53.645103454589844,
  "summary_bg_median": 30.635347366333008,
  "summary_bg_n": 108375.0,
  "summary_bg_p05": 24.163311004638672,
  "summary_bg_p95": 172.37762451171858,
  "summary_bg_stdv": 76.69029998779297,
  "summary_fg_k": 0.8371812489131552,
  "summary_fg_mad": 290.45574639373234,
  "summary_fg_mean": 849.7594604492188,
  "summary_fg_median": 802.6935424804688,
  "summary_fg_n": 17141.0,
  "summary_fg_p05": 445.5771789550781,
  "summary_fg_p95": 1428.1029052734375,
  "summary_fg_stdv": 302.7431640625,
  "tsnr": 37.28733861632645
}