{
  "aor": 0.0170362323943662,
  "aqi": 0.0050116183450704226,
  "bids_meta": {
    "AcquisitionMatrixPE": 64,
    "AcquisitionNumber": 1,
    "AcquisitionTime": "17:24:42.477500",
    "BandwidthPerPixelPhaseEncode": 63.776,
    "BaseResolution": 64,
    "BodyPartExamined": "BRAIN",
    "CoilString": "HC1-7;NC1_2",
    "ConsistencyInfo": "N4_VE11C_LATEST_20160120",
    "ConversionSoftware": "dcm2niix",
    "ConversionSoftwareVersion": "v1.0.20190410  GCC6.3.0",
    "DerivedVendorReportedEchoSpacing": 0.000489996,
    "DeviceSerialNumber": "167045",
    "DwellTime": 3e-06,
    "EchoTime": 0.029,
    "EchoTrainLength": 31,
    "EffectiveEchoSpacing": 0.000244998,
    "FlipAngle": 90,
    "ImageOrientationPatientDICOM": [
      0.999703,
      0.00182726,
      0.0242948,
      1.7789e-08,
      0.997183,
      -0.075001
    ],
    "ImageType": [
      "ORIGINAL",
      "PRIMARY",
      "M",
      "ND",
      "MOSAIC"
    ],
    "ImagingFrequency": 123.26,
    "InPlanePhaseEncodingDirectionDICOM": "COL",
    "InstitutionAddress": "De_Pintelaan_185_Gent_District_BE_9000",
    "InstitutionName": "Experimental_Psychology",
    "InstitutionalDepartmentName": "Department",
    "MRAcquisitionType": "2D",
    "MagneticFieldStrength": 3,
    "Manufacturer": "Siemens",
    "ManufacturersModelName": "Prisma_fit",
    "Modality": "MR",
    "ParallelReductionFactorInPlane": 2,
    "PartialFourier": 1,
    "PatientPosition": "HFS",
    "PercentPhaseFOV": 100,
    "PhaseEncodingDirection": "j-",
    "PhaseEncodingSteps": 63,
    "PhaseResolution": 1,
    "PixelBandwidth": 2605,
    "ProcedureStepDescription": "MR_hersenen_(structuur_alleen)",
    "ProtocolName": "ep2d_1_back",
    "PulseSequenceDetails": "%SiemensSeq%_ep2d_bold",
    "ReceiveCoilActiveElements": "HC1-7;NC1,2",
    "ReceiveCoilName": "HeadNeck_64",
    "ReconMatrixPE": 64,
    "RefLinesPE": 24,
    "RepetitionTime": 2,
    "SAR": 0.0982766,
    "ScanOptions": "FS",
    "ScanningSequence": "EP",
    "SequenceName": "_epfid2d1_64",
    "SequenceVariant": "SK",
    "SeriesDescription": "ep2d_1_back",
    "SeriesNumber": 6,
    "ShimSetting": [
      5142,
      -7525,
      -7714,
      525,
      -160,
      -114,
      -32,
      18
    ],
    "SliceThickness": 3.5,
    "SliceTiming": [
      0.99,
      0,
      1.0425,
      0.0525,
      1.095,
      0.105,
      1.1475,
      0.1575,
      1.2,
      0.21,
      1.2525,
      0.2625,
      1.3025,
      0.3125,
      1.355,
      0.365,
      1.4075,
      0.4175,
      1.46,
      0.47,
      1.5125,
      0.5225,
      1.565,
      0.575,
      1.615,
      0.625,
      1.6675,
      0.6775,
      1.72,
      0.73,
      1.7725,
      0.7825,
      1.825,
      0.835,
      1.8775,
      0.8875,
      1.9275,
      0.9375
    ],
    "SoftwareVersions": "syngo_MR_E11",
    "SpacingBetweenSlices": 3.85,
    "StationName": "AWP167045",
    "TaskName": "1back",
    "TotalReadoutTime": 0.0154349,
    "TxRefAmp": 217.546,
    "dataset": "ds002938",
    "modality": "bold",
    "subject_id": "19",
    "task_id": "1back"
  },
  "dummy_trs": 1,
  "dvars_nstd": 23.498611510636064,
  "dvars_std": 1.1611314427208481,
  "dvars_vstd": 1.0403280343816255,
  "efc": 0.458143499258449,
  "fber": 689.333740234375,
  "fd_mean": 0.19940764847098014,
  "fd_num": 75,
  "fd_perc": 26.408450704225352,
  "fwhm_avg": 2.6632485932527925,
  "fwhm_x": 2.5403085714285716,
  "fwhm_y": 2.806294285714286,
  "fwhm_z": 2.64314292261552,
  "gcor": 0.0325774,
  "gsr_x": -0.004200710449367762,
  "gsr_y": 0.025280283764004707,
  "provenance": {
    "md5sum": "b62744ab9cfd42f91bf13e0eff607109",
    "settings": {
      "fd_thres": 0.2,
      "testing": false
    },
    "software": "mriqc",
    "version": "23.0.1",
    "webapi_port": null,
    "webapi_url": "https://mriqc.nimh.nih.gov/api/v1"
  },
  "size_t": 284,
  "size_x": 64,
  "size_y": 64,
  "size_z": 38,
  "snr": 2.669985469216219,
  "spacing_tr": 2.0,
  "spacing_x": 3.5,
  "spacing_y": 3.5,
  "spacing_z": 3.8499999046325684,
  "summary_bg_k": 38.755169902688095,
  "summary_bg_mad": 5.622403443729493,
  "summary_bg_mean": 55.30744934082031,
  "summary_bg_median": 30.556337356567383,
  "summary_bg_n": 108532.0,
  "summary_bg_p05": 25.58098602294922,
  "summary_bg_p95": 183.91513748168944,
  "summary_bg_stdv": 80.81803894042969,
  "summary_fg_k": 0.8190811807847136,
  "summary_fg_mad": 293.14020294360284,
  "summary_fg_mean": 857.4303588867188,
  "summary_fg_median": 811.0369873046875,
  "summary_fg_n": 17062.0,
  "summary_fg_p05": 450.57711334228514,
  "summary_fg_p95": 1435.9361145019532,
  "summary_fg_stdv": 303.7519226074219,
  "tsnr": 50.615097084781155
}