{
  "bids_meta": {
    "AcquisitionMatrixPE": 256,
    "AcquisitionNumber": 1,
    "AcquisitionTime": "14:01:22.872500",
    "BaseResolution": 256,
    "BodyPartExamined": "BRAIN",
    "ConsistencyInfo": "N4_VE11C_LATEST_20160120",
    "ConversionSoftware": "dcm2niix",
    "ConversionSoftwareVersion": "v1.0.20190410  GCC6.3.0",
    "DeviceSerialNumber": "167045",
    "DwellTime": 1.3e-05,
    "EchoTime": 0.00418,
    "FlipAngle": 9,
    "ImageOrientationPatientDICOM": [
      0.00523775,
      0.999986,
      -9.8522e-09,
      0.0296369,
      -0.000155243,
      -0.999561
    ],
    "ImageType": [
      "ORIGINAL",
      "PRIMARY",
      "M",
      "ND",
      "NORM"
    ],
    "ImagingFrequency": 123.26,
    "InPlanePhaseEncodingDirectionDICOM": "ROW",
    "InstitutionAddress": "De_Pintelaan_185_Gent_District_BE_9000",
    "InstitutionName": "UGent",
    "InstitutionalDepartmentName": "Department",
    "InversionTime": 0.9,
    "MRAcquisitionType": "3D",
    "MagneticFieldStrength": 3,
    "Manufacturer": "Siemens",
    "ManufacturersModelName": "Prisma_fit",
    "Modality": "MR",
    "PartialFourier": 1,
    "PatientPosition": "HFS",
    "PercentPhaseFOV": 100,
    "PhaseEncodingSteps": 255,
    "PhaseResolution": 1,
    "PixelBandwidth": 150,
    "ProcedureStepDescription": "MR_hersenen_(structuur_alleen)",
    "ProtocolName": "T1_mprage",
    "PulseSequenceDetails": "%SiemensSeq%_tfl",
    "ReceiveCoilActiveElements": "HC1-7;NC1",
    "ReceiveCoilName": "HeadNeck_64",
    "ReconMatrixPE": 256,
    "RefLinesPE": 24,
    "RepetitionTime": 2.25,
    "SAR": 0.0401026,
    "ScanOptions": "IR",
    "ScanningSequence": "GR_IR",
    "SequenceName": "_tfl3d1_16ns",
    "SequenceVariant": "SK_SP_MP",
    "SeriesDescription": "T1_mprage",
    "SeriesNumber": 2,
    "ShimSetting": [
      5159,
      -7504,
      -7964,
      40,
      -67,
      39,
      -5,
      -10
    ],
    "SliceThickness": 1,
    "SoftwareVersions": "syngo_MR_E11",
    "StationName": "AWP167045",
    "TxRefAmp": 209.859,
    "dataset": "ds002938",
    "modality": "T1w",
    "subject_id": "28"
  },
  "cjv": 0.3235824998731711,
  "cnr": 4.179307567601284,
  "efc": 0.5257719678275983,
  "fber": 20289.055365636148,
  "fwhm_avg": 4.1533533333333335,
  "fwhm_x": 4.21378,
  "fwhm_y": 4.30544,
  "fwhm_z": 3.94084,
  "icvs_csf": 0.21152202057176647,
  "icvs_gm": 0.44439265188460525,
  "icvs_wm": 0.34408532754362825,
  "inu_med": 0.5032175779342651,
  "inu_range": 0.2217905402183532,
  "provenance": {
    "md5sum": "40c76d51e7fa5f257746738e08c006c0",
    "settings": {
      "testing": false
    },
    "software": "mriqc",
    "version": "23.0.1",
    "warnings": {
      "large_rot_frame": true,
      "small_air_mask": false
    },
    "webapi_port": null,
    "webapi_url": "https://mriqc.nimh.nih.gov/api/v1"
  },
  "qi_1": 0.0,
  "qi_2": 0.008659483844964061,
  "rpve_csf": 27.035117628610976,
  "rpve_gm": 13.502543832834519,
  "rpve_wm": 19.582394607972915,
  "size_x": 176,
  "size_y": 256,
  "size_z": 256,
  "snr_csf": 1.853888048484847,
  "snr_gm": 10.392357757840868,
  "snr_total": 12.079087413239778,
  "snr_wm": 23.99101643339362,
  "snrd_csf": 23.86636117999986,
  "snrd_gm": 71.94844151602706,
  "snrd_total": 67.41193490650613,
  "snrd_wm": 106.42100202349148,
  "spacing_x": 1.0,
  "spacing_y": 1.0,
  "spacing_z": 1.0,
  "summary_bg_k": 13.069816259803854,
  "summary_bg_mad": 0.0,
  "summary_bg_mean": 3.6206126788386594,
  "summary_bg_median": 0.0,
  "summary_bg_n": 2844056.0,
  "summary_bg_p05": 0.0,
  "summary_bg_p95": 15.48897297680378,
  "summary_bg_stdv": 6.156081960522755,
  "summary_csf_k": 0.07091248471880407,
  "summary_csf_mad": 130.33540828706356,
  "summary_csf_mean": 229.38680853291356,
  "summary_csf_median": 224.2636426910758,
  "summary_csf_n": 41328.0,
  "summary_csf_p05": 56.70886628404259,
  "summary_csf_p95": 444.75479547679424,
  "summary_csf_stdv": 120.96789212337275,
  "summary_gm_k": -0.04011050584042275,
  "summary_gm_mad": 65.50382805597005,
  "summary_gm_mean": 677.3315766251337,
  "summary_gm_median": 676.0737197697163,
  "summary_gm_n": 54814.0,
  "summary_gm_p05": 571.8949600756168,
  "summary_gm_p95": 785.8386664390564,
  "summary_gm_stdv": 65.05429937216851,
  "summary_wm_k": 0.535819866678847,
  "summary_wm_mad": 39.31305279878005,
  "summary_wm_mean": 999.1424084240975,
  "summary_wm_median": 1000.000016450882,
  "summary_wm_n": 180668.0,
  "summary_wm_p05": 928.7579955458641,
  "summary_wm_p95": 1065.438206732273,
  "summary_wm_stdv": 41.6821543062193,
  "tpm_overlap_csf": 0.14420683227117095,
  "tpm_overlap_gm": 0.4854831497965449,
  "tpm_overlap_wm": 0.5077190642816626,
  "wm2max": 0.5934600564010936
}