{
  "aor": 0.0017358666666666665,
  "aqi": 0.004006039111111111,
  "bids_meta": {
    "AcquisitionMatrixPE": 64,
    "AcquisitionNumber": 1,
    "AcquisitionTime": "14:39:33.007500",
    "BandwidthPerPixelPhaseEncode": 63.776,
    "BaseResolution": 64,
    "BodyPartExamined": "BRAIN",
    "CoilString": "HC1_2_4-7;NC1_2",
    "ConsistencyInfo": "N4_VE11C_LATEST_20160120",
    "ConversionSoftware": "dcm2niix",
    "ConversionSoftwareVersion": "v1.0.20190410  GCC6.3.0",
    "DerivedVendorReportedEchoSpacing": 0.000489996,
    "DeviceSerialNumber": "167045",
    "DwellTime": 3e-06,
    "EchoTime": 0.029,
    "EchoTrainLength": 31,
    "EffectiveEchoSpacing": 0.000244998,
    "FlipAngle": 90,
    "ImageOrientationPatientDICOM": [
      0.999997,
      0.000287977,
      0.00237948,
      4.70771e-08,
      0.992754,
      -0.120168
    ],
    "ImageType": [
      "ORIGINAL",
      "PRIMARY",
      "M",
      "ND",
      "MOSAIC"
    ],
    "ImagingFrequency": 123.26,
    "InPlanePhaseEncodingDirectionDICOM": "COL",
    "InstitutionAddress": "De_Pintelaan_185_Gent_District_BE_9000",
    "InstitutionName": "Experimental_Psychology",
    "InstitutionalDepartmentName": "Department",
    "MRAcquisitionType": "2D",
    "MagneticFieldStrength": 3,
    "Manufacturer": "Siemens",
    "ManufacturersModelName": "Prisma_fit",
    "Modality": "MR",
    "ParallelReductionFactorInPlane": 2,
    "PartialFourier": 1,
    "PatientPosition": "HFS",
    "PercentPhaseFOV": 100,
    "PhaseEncodingDirection": "j-",
    "PhaseEncodingSteps": 63,
    "PhaseResolution": 1,
    "PixelBandwidth": 2605,
    "ProcedureStepDescription": "MR_hersenen_(structuur_alleen)",
    "ProtocolName": "ep2d_main_effort",
    "PulseSequenceDetails": "%SiemensSeq%_ep2d_bold",
    "ReceiveCoilActiveElements": "HC1,2,4-7;NC1,2",
    "ReceiveCoilName": "HeadNeck_64",
    "ReconMatrixPE": 64,
    "RefLinesPE": 24,
    "RepetitionTime": 2,
    "SAR": 0.101423,
    "ScanOptions": "FS",
    "ScanningSequence": "EP",
    "SequenceName": "_epfid2d1_64",
    "SequenceVariant": "SK",
    "SeriesDescription": "ep2d_main_effort",
    "SeriesNumber": 5,
    "ShimSetting": [
      5146,
      -7463,
      -7721,
      405,
      -101,
      95,
      101,
      -34
    ],
    "SliceThickness": 3.5,
    "SliceTiming": [
      0.99,
      0,
      1.04,
      0.0525,
      1.0925,
      0.1025,
      1.145,
      0.155,
      1.1975,
      0.2075,
      1.25,
      0.26,
      1.3025,
      0.3125,
      1.355,
      0.365,
      1.405,
      0.415,
      1.4575,
      0.4675,
      1.51,
      0.52,
      1.5625,
      0.5725,
      1.615,
      0.625,
      1.6675,
      0.6775,
      1.7175,
      0.7275,
      1.77,
      0.78,
      1.8225,
      0.8325,
      1.875,
      0.885,
      1.9275,
      0.9375
    ],
    "SoftwareVersions": "syngo_MR_E11",
    "SpacingBetweenSlices": 3.85,
    "StationName": "AWP167045",
    "TaskName": "effort",
    "TotalReadoutTime": 0.0154349,
    "TxRefAmp": 228.827,
    "dataset": "ds002938",
    "modality": "bold",
    "subject_id": "04",
    "task_id": "effort"
  },
  "dummy_trs": 0,
  "dvars_nstd": 19.020810399933264,
  "dvars_std": 1.037432334571746,
  "dvars_vstd": 0.9534625721913226,
  "efc": 0.48593739683586146,
  "fber": 557.7348022460938,
  "fd_mean": 0.09466956733407207,
  "fd_num": 82,
  "fd_perc": 9.11111111111111,
  "fwhm_avg": 2.8076880165808746,
  "fwhm_x": 2.5988485714285714,
  "fwhm_y": 2.968657142857143,
  "fwhm_z": 2.85555833545691,
  "gcor": 0.0221479,
  "gsr_x": -0.008313928730785847,
  "gsr_y": 0.02153700403869152,
  "provenance": {
    "md5sum": "27d979802996d6ef7323554a003dae00",
    "settings": {
      "fd_thres": 0.2,
      "testing": false
    },
    "software": "mriqc",
    "version": "23.0.1",
    "webapi_port": null,
    "webapi_url": "https://mriqc.nimh.nih.gov/api/v1"
  },
  "size_t": 900,
  "size_x": 64,
  "size_y": 64,
  "size_z": 38,
  "snr": 2.4693040991536543,
  "spacing_tr": 2.0,
  "spacing_x": 3.5,
  "spacing_y": 3.5,
  "spacing_z": 3.8500001430511475,
  "summary_bg_k": 39.22526384423837,
  "summary_bg_mad": 5.9501782986698775,
  "summary_bg_mean": 53.9384651184082,
  "summary_bg_median": 29.861112594604492,
  "summary_bg_n": 103061.0,
  "summary_bg_p05": 24.43111228942871,
  "summary_bg_p95": 182.6888885498047,
  "summary_bg_stdv": 74.55286407470703,
  "summary_fg_k": 0.5825858681513343,
  "summary_fg_mad": 265.78033725365776,
  "summary_fg_mean": 765.1332397460938,
  "summary_fg_median": 702.9205322265625,
  "summary_fg_n": 21722.0,
  "summary_fg_p05": 405.3938415527344,
  "summary_fg_p95": 1313.383276367188,
  "summary_fg_stdv": 284.6568603515625,
  "tsnr": 61.97281755041331
}