{
  "bids_meta": {
    "AcquisitionMatrixPE": 256,
    "AcquisitionNumber": 1,
    "AcquisitionTime": "16:41:21.242500",
    "BaseResolution": 256,
    "BodyPartExamined": "BRAIN",
    "ConsistencyInfo": "N4_VE11C_LATEST_20160120",
    "ConversionSoftware": "dcm2niix",
    "ConversionSoftwareVersion": "v1.0.20190410  GCC6.3.0",
    "DeviceSerialNumber": "167045",
    "DwellTime": 1.3e-05,
    "EchoTime": 0.00418,
    "FlipAngle": 9,
    "ImageOrientationPatientDICOM": [
      -0.0104678,
      0.999945,
      -2.04083e-08,
      0.0191623,
      0.000200578,
      -0.999816
    ],
    "ImageType": [
      "ORIGINAL",
      "PRIMARY",
      "M",
      "ND",
      "NORM"
    ],
    "ImagingFrequency": 123.26,
    "InPlanePhaseEncodingDirectionDICOM": "ROW",
    "InstitutionAddress": "De_Pintelaan_185_Gent_District_BE_9000",
    "InstitutionName": "Experimental_Psychology",
    "InstitutionalDepartmentName": "Department",
    "InversionTime": 0.9,
    "MRAcquisitionType": "3D",
    "MagneticFieldStrength": 3,
    "Manufacturer": "Siemens",
    "ManufacturersModelName": "Prisma_fit",
    "Modality": "MR",
    "PartialFourier": 1,
    "PatientPosition": "HFS",
    "PercentPhaseFOV": 100,
    "PhaseEncodingSteps": 255,
    "PhaseResolution": 1,
    "PixelBandwidth": 150,
    "ProcedureStepDescription": "MR_hersenen_(structuur_alleen)",
    "ProtocolName": "T1_mprage",
    "PulseSequenceDetails": "%SiemensSeq%_tfl",
    "ReceiveCoilActiveElements": "HC1-7;NC1",
    "ReceiveCoilName": "HeadNeck_64",
    "ReconMatrixPE": 256,
    "RefLinesPE": 24,
    "RepetitionTime": 2.25,
    "SAR": 0.0484567,
    "ScanOptions": "IR",
    "ScanningSequence": "GR_IR",
    "SequenceName": "_tfl3d1_16ns",
    "SequenceVariant": "SK_SP_MP",
    "SeriesDescription": "T1_mprage",
    "SeriesNumber": 2,
    "ShimSetting": [
      5159,
      -7504,
      -7964,
      40,
      -67,
      39,
      -5,
      -10
    ],
    "SliceThickness": 1,
    "SoftwareVersions": "syngo_MR_E11",
    "StationName": "AWP167045",
    "TxRefAmp": 232.277,
    "dataset": "ds002938",
    "modality": "T1w",
    "subject_id": "11"
  },
  "cjv": 0.3313739989588444,
  "cnr": 3.9837488168031383,
  "efc": 0.5480856739426945,
  "fber": -1.0,
  "fwhm_avg": 3.9486866666666667,
  "fwhm_x": 4.10702,
  "fwhm_y": 4.03677,
  "fwhm_z": 3.70227,
  "icvs_csf": 0.18512903197356742,
  "icvs_gm": 0.46217238899369734,
  "icvs_wm": 0.35269857903273527,
  "inu_med": 0.5680399537086487,
  "inu_range": 0.29398229718208313,
  "provenance": {
    "md5sum": "a43dded32ca6e2b2658bf0e9e5c70782",
    "settings": {
      "testing": false
    },
    "software": "mriqc",
    "version": "23.0.1",
    "warnings": {
      "large_rot_frame": true,
      "small_air_mask": false
    },
    "webapi_port": null,
    "webapi_url": "https://mriqc.nimh.nih.gov/api/v1"
  },
  "qi_1": 2.7205190518817453e-05,
  "qi_2": 0.008859176501817022,
  "rpve_csf": 26.800512651404063,
  "rpve_gm": 11.796022216048794,
  "rpve_wm": 17.165260149478982,
  "size_x": 176,
  "size_y": 256,
  "size_z": 256,
  "snr_csf": 2.09952304865228,
  "snr_gm": 11.23423917220103,
  "snr_total": 11.88614054092985,
  "snr_wm": 22.324659401936238,
  "snrd_csf": 29.359910806516606,
  "snrd_gm": 74.91815428821717,
  "snrd_total": 70.70063201408847,
  "snrd_wm": 107.82383094753163,
  "spacing_x": 1.0,
  "spacing_y": 1.0,
  "spacing_z": 1.0,
  "summary_bg_k": 19.04683221680137,
  "summary_bg_mad": 0.0,
  "summary_bg_mean": 2.906894683031393,
  "summary_bg_median": 0.0,
  "summary_bg_n": 3224777.0,
  "summary_bg_p05": 0.0,
  "summary_bg_p95": 14.226532969623804,
  "summary_bg_stdv": 6.075989039158885,
  "summary_csf_k": 0.6156217509072341,
  "summary_csf_mad": 122.24481464250756,
  "summary_csf_mean": 275.9189049447831,
  "summary_csf_median": 272.29519875720143,
  "summary_csf_n": 27550.0,
  "summary_csf_p05": 70.29769903048873,
  "summary_csf_p95": 502.73131309170276,
  "summary_csf_stdv": 129.69148257291394,
  "summary_gm_k": 0.2014940896615287,
  "summary_gm_mad": 59.420264332560635,
  "summary_gm_mean": 695.5300157343129,
  "summary_gm_median": 694.8200165480375,
  "summary_gm_n": 48314.0,
  "summary_gm_p05": 593.9705971097574,
  "summary_gm_p95": 799.0092992568389,
  "summary_gm_stdv": 61.847786502586786,
  "summary_wm_k": 0.544672241480531,
  "summary_wm_mad": 41.70845477189352,
  "summary_wm_mean": 1000.1180635511217,
  "summary_wm_median": 1000.0000228919089,
  "summary_wm_n": 200785.0,
  "summary_wm_p05": 926.6836012899876,
  "summary_wm_p95": 1074.1192962415516,
  "summary_wm_stdv": 44.79340601165709,
  "tpm_overlap_csf": 0.1497405049714457,
  "tpm_overlap_gm": 0.482145967302006,
  "tpm_overlap_wm": 0.5087915436342718,
  "wm2max": 0.6104150362558115
}