{
  "aor": 0.0019768062827225127,
  "aqi": 0.003361744452356021,
  "bids_meta": {
    "AcquisitionMatrixPE": 64,
    "AcquisitionNumber": 1,
    "AcquisitionTime": "14:18:17.972500",
    "BandwidthPerPixelPhaseEncode": 63.776,
    "BaseResolution": 64,
    "BodyPartExamined": "BRAIN",
    "CoilString": "HC1-7;NC1_2",
    "ConsistencyInfo": "N4_VE11C_LATEST_20160120",
    "ConversionSoftware": "dcm2niix",
    "ConversionSoftwareVersion": "v1.0.20190410  GCC6.3.0",
    "DerivedVendorReportedEchoSpacing": 0.000489996,
    "DeviceSerialNumber": "167045",
    "DwellTime": 3e-06,
    "EchoTime": 0.029,
    "EchoTrainLength": 31,
    "EffectiveEchoSpacing": 0.000244998,
    "FlipAngle": 90,
    "ImageOrientationPatientDICOM": [
      1,
      0,
      0,
      0,
      0.997801,
      -0.0662739
    ],
    "ImageType": [
      "ORIGINAL",
      "PRIMARY",
      "M",
      "ND",
      "MOSAIC"
    ],
    "ImagingFrequency": 123.26,
    "InPlanePhaseEncodingDirectionDICOM": "COL",
    "InstitutionAddress": "De_Pintelaan_185_Gent_District_BE_9000",
    "InstitutionName": "Experimental_Psychology",
    "InstitutionalDepartmentName": "Department",
    "MRAcquisitionType": "2D",
    "MagneticFieldStrength": 3,
    "Manufacturer": "Siemens",
    "ManufacturersModelName": "Prisma_fit",
    "Modality": "MR",
    "ParallelReductionFactorInPlane": 2,
    "PartialFourier": 1,
    "PatientPosition": "HFS",
    "PercentPhaseFOV": 100,
    "PhaseEncodingDirection": "j-",
    "PhaseEncodingSteps": 63,
    "PhaseResolution": 1,
    "PixelBandwidth": 2605,
    "ProcedureStepDescription": "MR_hersenen_(structuur_alleen)",
    "ProtocolName": "ep2d_main_effort",
    "PulseSequenceDetails": "%SiemensSeq%_ep2d_bold",
    "ReceiveCoilActiveElements": "HC1-7;NC1,2",
    "ReceiveCoilName": "HeadNeck_64",
    "ReconMatrixPE": 64,
    "RefLinesPE": 24,
    "RepetitionTime": 2,
    "SAR": 0.0897169,
    "ScanOptions": "FS",
    "ScanningSequence": "EP",
    "SequenceName": "_epfid2d1_64",
    "SequenceVariant": "SK",
    "SeriesDescription": "ep2d_main_effort",
    "SeriesNumber": 5,
    "ShimSetting": [
      5126,
      -7501,
      -7702,
      554,
      -84,
      83,
      128,
      -56
    ],
    "SliceThickness": 3.5,
    "SliceTiming": [
      0.99,
      0,
      1.04,
      0.05,
      1.0925,
      0.1025,
      1.145,
      0.155,
      1.1975,
      0.2075,
      1.25,
      0.26,
      1.3025,
      0.3125,
      1.3525,
      0.365,
      1.405,
      0.415,
      1.4575,
      0.4675,
      1.51,
      0.52,
      1.5625,
      0.5725,
      1.615,
      0.625,
      1.6675,
      0.6775,
      1.7175,
      0.7275,
      1.77,
      0.78,
      1.8225,
      0.8325,
      1.875,
      0.885,
      1.9275,
      0.9375
    ],
    "SoftwareVersions": "syngo_MR_E11",
    "SpacingBetweenSlices": 3.85,
    "StationName": "AWP167045",
    "TaskName": "effort",
    "TotalReadoutTime": 0.0154349,
    "TxRefAmp": 208.048,
    "dataset": "ds002938",
    "modality": "bold",
    "subject_id": "16",
    "task_id": "effort"
  },
  "dummy_trs": 0,
  "dvars_nstd": 22.116232750020927,
  "dvars_std": 1.1517169445702293,
  "dvars_vstd": 0.9944801705765194,
  "efc": 0.4649462394693232,
  "fber": 657.8655395507812,
  "fd_mean": 0.130566718022321,
  "fd_num": 102,
  "fd_perc": 10.680628272251308,
  "fwhm_avg": 2.637509719070364,
  "fwhm_x": 2.4949000000000003,
  "fwhm_y": 2.741005714285714,
  "fwhm_z": 2.6766234429253775,
  "gcor": 0.015015,
  "gsr_x": -0.009883102960884571,
  "gsr_y": 0.031674787402153015,
  "provenance": {
    "md5sum": "71c132e7dd0d7f55bc47b91e232e0680",
    "settings": {
      "fd_thres": 0.2,
      "testing": false
    },
    "software": "mriqc",
    "version": "23.0.1",
    "webapi_port": null,
    "webapi_url": "https://mriqc.nimh.nih.gov/api/v1"
  },
  "size_t": 955,
  "size_x": 64,
  "size_y": 64,
  "size_z": 38,
  "snr": 2.5714268323624885,
  "spacing_tr": 2.0,
  "spacing_x": 3.5,
  "spacing_y": 3.5,
  "spacing_z": 3.8499999046325684,
  "summary_bg_k": 101.16988067765335,
  "summary_bg_mad": 5.259747190845103,
  "summary_bg_mean": 47.14860916137695,
  "summary_bg_median": 30.276439666748047,
  "summary_bg_n": 103429.0,
  "summary_bg_p05": 25.280628204345703,
  "summary_bg_p95": 128.24565429687485,
  "summary_bg_stdv": 58.72014617919922,
  "summary_fg_k": 0.6842806819748448,
  "summary_fg_mad": 284.7310232400873,
  "summary_fg_mean": 836.1937866210938,
  "summary_fg_median": 778.6649169921875,
  "summary_fg_n": 20479.0,
  "summary_fg_p05": 443.8257537841797,
  "summary_fg_p95": 1417.461816406249,
  "summary_fg_stdv": 302.80694580078125,
  "tsnr": 63.29718238580972
}