{
  "aor": 0.0003267368421052632,
  "aqi": 0.0022047922842105263,
  "bids_meta": {
    "AcquisitionMatrixPE": 64,
    "AcquisitionNumber": 1,
    "AcquisitionTime": "14:51:8.947500",
    "BandwidthPerPixelPhaseEncode": 63.776,
    "BaseResolution": 64,
    "BodyPartExamined": "BRAIN",
    "CoilString": "HC1-7;NC1_2",
    "ConsistencyInfo": "N4_VE11C_LATEST_20160120",
    "ConversionSoftware": "dcm2niix",
    "ConversionSoftwareVersion": "v1.0.20190410  GCC6.3.0",
    "DerivedVendorReportedEchoSpacing": 0.000489996,
    "DeviceSerialNumber": "167045",
    "DwellTime": 3e-06,
    "EchoTime": 0.029,
    "EchoTrainLength": 31,
    "EffectiveEchoSpacing": 0.000244998,
    "FlipAngle": 90,
    "ImageOrientationPatientDICOM": [
      1,
      0,
      0,
      0,
      0.997801,
      -0.0662739
    ],
    "ImageType": [
      "ORIGINAL",
      "PRIMARY",
      "M",
      "ND",
      "MOSAIC"
    ],
    "ImagingFrequency": 123.26,
    "InPlanePhaseEncodingDirectionDICOM": "COL",
    "InstitutionAddress": "De_Pintelaan_185_Gent_District_BE_9000",
    "InstitutionName": "Experimental_Psychology",
    "InstitutionalDepartmentName": "Department",
    "MRAcquisitionType": "2D",
    "MagneticFieldStrength": 3,
    "Manufacturer": "Siemens",
    "ManufacturersModelName": "Prisma_fit",
    "Modality": "MR",
    "ParallelReductionFactorInPlane": 2,
    "PartialFourier": 1,
    "PatientPosition": "HFS",
    "PercentPhaseFOV": 100,
    "PhaseEncodingDirection": "j-",
    "PhaseEncodingSteps": 63,
    "PhaseResolution": 1,
    "PixelBandwidth": 2605,
    "ProcedureStepDescription": "MR_hersenen_(structuur_alleen)",
    "ProtocolName": "ep2d_1_back",
    "PulseSequenceDetails": "%SiemensSeq%_ep2d_bold",
    "ReceiveCoilActiveElements": "HC1-7;NC1,2",
    "ReceiveCoilName": "HeadNeck_64",
    "ReconMatrixPE": 64,
    "RefLinesPE": 24,
    "RepetitionTime": 2,
    "SAR": 0.0897169,
    "ScanOptions": "FS",
    "ScanningSequence": "EP",
    "SequenceName": "_epfid2d1_64",
    "SequenceVariant": "SK",
    "SeriesDescription": "ep2d_1_back",
    "SeriesNumber": 6,
    "ShimSetting": [
      5126,
      -7501,
      -7702,
      554,
      -84,
      83,
      128,
      -56
    ],
    "SliceThickness": 3.5,
    "SliceTiming": [
      0.99,
      0,
      1.0425,
      0.0525,
      1.095,
      0.105,
      1.145,
      0.155,
      1.1975,
      0.2075,
      1.25,
      0.26,
      1.3025,
      0.3125,
      1.355,
      0.365,
      1.4075,
      0.4175,
      1.4575,
      0.4675,
      1.51,
      0.52,
      1.5625,
      0.5725,
      1.615,
      0.625,
      1.6675,
      0.6775,
      1.72,
      0.73,
      1.77,
      0.7825,
      1.8225,
      0.8325,
      1.875,
      0.885,
      1.9275,
      0.9375
    ],
    "SoftwareVersions": "syngo_MR_E11",
    "SpacingBetweenSlices": 3.85,
    "StationName": "AWP167045",
    "TaskName": "1back",
    "TotalReadoutTime": 0.0154349,
    "TxRefAmp": 208.048,
    "dataset": "ds002938",
    "modality": "bold",
    "subject_id": "16",
    "task_id": "1back"
  },
  "dummy_trs": 0,
  "dvars_nstd": 20.965157515739435,
  "dvars_std": 1.1005538523591556,
  "dvars_vstd": 0.948363059612676,
  "efc": 0.4667158577484129,
  "fber": 642.6912231445312,
  "fd_mean": 0.08541913127526347,
  "fd_num": 0,
  "fd_perc": 0.0,
  "fwhm_avg": 2.5976873806893095,
  "fwhm_x": 2.4857828571428575,
  "fwhm_y": 2.7177000000000002,
  "fwhm_z": 2.5895792849250716,
  "gcor": 0.0279208,
  "gsr_x": -0.009663457982242107,
  "gsr_y": 0.031018739566206932,
  "provenance": {
    "md5sum": "27b66254c55949f58b19ade5be416f9e",
    "settings": {
      "fd_thres": 0.2,
      "testing": false
    },
    "software": "mriqc",
    "version": "23.0.1",
    "webapi_port": null,
    "webapi_url": "https://mriqc.nimh.nih.gov/api/v1"
  },
  "size_t": 285,
  "size_x": 64,
  "size_y": 64,
  "size_z": 38,
  "snr": 2.569322599970268,
  "spacing_tr": 2.0,
  "spacing_x": 3.5,
  "spacing_y": 3.5,
  "spacing_z": 3.8499999046325684,
  "summary_bg_k": 90.36192373977478,
  "summary_bg_mad": 4.942005509792463,
  "summary_bg_mean": 47.46875,
  "summary_bg_median": 30.294736862182617,
  "summary_bg_n": 103339.0,
  "summary_bg_p05": 25.652631759643555,
  "summary_bg_p95": 132.13087463378898,
  "summary_bg_stdv": 58.461585998535156,
  "summary_fg_k": 0.6289292592123368,
  "summary_fg_mad": 281.9285213658736,
  "summary_fg_mean": 825.8535766601562,
  "summary_fg_median": 769.696533203125,
  "summary_fg_n": 20628.0,
  "summary_fg_p05": 435.8266799926758,
  "summary_fg_p95": 1401.6407165527344,
  "summary_fg_stdv": 299.56451416015625,
  "tsnr": 70.52275481633842
}