{
  "aor": 0.003354471830985915,
  "aqi": 0.0017590865035211267,
  "bids_meta": {
    "AcquisitionMatrixPE": 64,
    "AcquisitionNumber": 1,
    "AcquisitionTime": "14:41:0.027500",
    "BandwidthPerPixelPhaseEncode": 63.776,
    "BaseResolution": 64,
    "BodyPartExamined": "BRAIN",
    "CoilString": "HC1-7;NC1_2",
    "ConsistencyInfo": "N4_VE11C_LATEST_20160120",
    "ConversionSoftware": "dcm2niix",
    "ConversionSoftwareVersion": "v1.0.20190410  GCC6.3.0",
    "DerivedVendorReportedEchoSpacing": 0.000489996,
    "DeviceSerialNumber": "167045",
    "DwellTime": 3e-06,
    "EchoTime": 0.029,
    "EchoTrainLength": 31,
    "EffectiveEchoSpacing": 0.000244998,
    "FlipAngle": 90,
    "ImageOrientationPatientDICOM": [
      0.999263,
      0.00334799,
      0.0382379,
      -5.26387e-08,
      0.996189,
      -0.0872218
    ],
    "ImageType": [
      "ORIGINAL",
      "PRIMARY",
      "M",
      "ND",
      "MOSAIC"
    ],
    "ImagingFrequency": 123.26,
    "InPlanePhaseEncodingDirectionDICOM": "COL",
    "InstitutionAddress": "De_Pintelaan_185_Gent_District_BE_9000",
    "InstitutionName": "UGent",
    "InstitutionalDepartmentName": "Department",
    "MRAcquisitionType": "2D",
    "MagneticFieldStrength": 3,
    "Manufacturer": "Siemens",
    "ManufacturersModelName": "Prisma_fit",
    "Modality": "MR",
    "ParallelReductionFactorInPlane": 2,
    "PartialFourier": 1,
    "PatientPosition": "HFS",
    "PercentPhaseFOV": 100,
    "PhaseEncodingDirection": "j-",
    "PhaseEncodingSteps": 63,
    "PhaseResolution": 1,
    "PixelBandwidth": 2605,
    "ProcedureStepDescription": "MR_hersenen_(structuur_alleen)",
    "ProtocolName": "ep2d_1_back",
    "PulseSequenceDetails": "%SiemensSeq%_ep2d_bold",
    "ReceiveCoilActiveElements": "HC1-7;NC1,2",
    "ReceiveCoilName": "HeadNeck_64",
    "ReconMatrixPE": 64,
    "RefLinesPE": 24,
    "RepetitionTime": 2,
    "SAR": 0.0834992,
    "ScanOptions": "FS",
    "ScanningSequence": "EP",
    "SequenceName": "_epfid2d1_64",
    "SequenceVariant": "SK",
    "SeriesDescription": "ep2d_1_back",
    "SeriesNumber": 6,
    "ShimSetting": [
      5128,
      -7530,
      -7736,
      443,
      -245,
      -213,
      -52,
      33
    ],
    "SliceThickness": 3.5,
    "SliceTiming": [
      0.99,
      0,
      1.0425,
      0.0525,
      1.095,
      0.105,
      1.145,
      0.155,
      1.1975,
      0.2075,
      1.25,
      0.26,
      1.3025,
      0.3125,
      1.355,
      0.365,
      1.4075,
      0.4175,
      1.4575,
      0.4675,
      1.51,
      0.52,
      1.5625,
      0.5725,
      1.615,
      0.625,
      1.6675,
      0.6775,
      1.72,
      0.73,
      1.77,
      0.7825,
      1.8225,
      0.8325,
      1.875,
      0.885,
      1.9275,
      0.9375
    ],
    "SoftwareVersions": "syngo_MR_E11",
    "SpacingBetweenSlices": 3.85,
    "StationName": "AWP167045",
    "TaskName": "1back",
    "TotalReadoutTime": 0.0154349,
    "TxRefAmp": 209.859,
    "dataset": "ds002938",
    "modality": "bold",
    "subject_id": "28",
    "task_id": "1back"
  },
  "dummy_trs": 0,
  "dvars_nstd": 18.944905452932865,
  "dvars_std": 1.1384135586925788,
  "dvars_vstd": 0.9997070164310957,
  "efc": 0.4557465847372776,
  "fber": 683.0949096679688,
  "fd_mean": 0.08296659755519323,
  "fd_num": 23,
  "fd_perc": 8.098591549295774,
  "fwhm_avg": 2.790683745565112,
  "fwhm_x": 2.6885057142857143,
  "fwhm_y": 2.943857142857143,
  "fwhm_z": 2.7396883795524793,
  "gcor": 0.0231275,
  "gsr_x": -0.009971413761377335,
  "gsr_y": 0.02156430296599865,
  "provenance": {
    "md5sum": "dd2690cb8714e23caa674302915f494e",
    "settings": {
      "fd_thres": 0.2,
      "testing": false
    },
    "software": "mriqc",
    "version": "23.0.1",
    "webapi_port": null,
    "webapi_url": "https://mriqc.nimh.nih.gov/api/v1"
  },
  "size_t": 284,
  "size_x": 64,
  "size_y": 64,
  "size_z": 38,
  "snr": 2.42903180357807,
  "spacing_tr": 2.0,
  "spacing_x": 3.5,
  "spacing_y": 3.5,
  "spacing_z": 3.8499999046325684,
  "summary_bg_k": 42.053261161907955,
  "summary_bg_mad": 6.019157783067779,
  "summary_bg_mean": 51.4927978515625,
  "summary_bg_median": 31.83098602294922,
  "summary_bg_n": 105365.0,
  "summary_bg_p05": 26.38380241394043,
  "summary_bg_p95": 152.6359069824218,
  "summary_bg_stdv": 61.83190155029297,
  "summary_fg_k": 1.3139651582090828,
  "summary_fg_mad": 321.65676802673926,
  "summary_fg_mean": 901.794921875,
  "summary_fg_median": 835.6619873046875,
  "summary_fg_n": 19212.0,
  "summary_fg_p05": 468.39629516601565,
  "summary_fg_p95": 1560.614196777344,
  "summary_fg_stdv": 344.0219421386719,
  "tsnr": 77.89216621569358
}