{
  "aor": 0.0007186536248561566,
  "aqi": 0.002750157304948216,
  "bids_meta": {
    "AcquisitionMatrixPE": 64,
    "AcquisitionNumber": 1,
    "AcquisitionTime": "14:10:58.295000",
    "BandwidthPerPixelPhaseEncode": 63.776,
    "BaseResolution": 64,
    "BodyPartExamined": "BRAIN",
    "CoilString": "HC1-7;NC1_2",
    "ConsistencyInfo": "N4_VE11C_LATEST_20160120",
    "ConversionSoftware": "dcm2niix",
    "ConversionSoftwareVersion": "v1.0.20190410  GCC6.3.0",
    "DerivedVendorReportedEchoSpacing": 0.000489996,
    "DeviceSerialNumber": "167045",
    "DwellTime": 3e-06,
    "EchoTime": 0.029,
    "EchoTrainLength": 31,
    "EffectiveEchoSpacing": 0.000244998,
    "FlipAngle": 90,
    "ImageOrientationPatientDICOM": [
      0.999263,
      0.00334799,
      0.0382379,
      -5.26387e-08,
      0.996189,
      -0.0872218
    ],
    "ImageType": [
      "ORIGINAL",
      "PRIMARY",
      "M",
      "ND",
      "MOSAIC"
    ],
    "ImagingFrequency": 123.26,
    "InPlanePhaseEncodingDirectionDICOM": "COL",
    "InstitutionAddress": "De_Pintelaan_185_Gent_District_BE_9000",
    "InstitutionName": "UGent",
    "InstitutionalDepartmentName": "Department",
    "MRAcquisitionType": "2D",
    "MagneticFieldStrength": 3,
    "Manufacturer": "Siemens",
    "ManufacturersModelName": "Prisma_fit",
    "Modality": "MR",
    "ParallelReductionFactorInPlane": 2,
    "PartialFourier": 1,
    "PatientPosition": "HFS",
    "PercentPhaseFOV": 100,
    "PhaseEncodingDirection": "j-",
    "PhaseEncodingSteps": 63,
    "PhaseResolution": 1,
    "PixelBandwidth": 2605,
    "ProcedureStepDescription": "MR_hersenen_(structuur_alleen)",
    "ProtocolName": "ep2d_main_effort",
    "PulseSequenceDetails": "%SiemensSeq%_ep2d_bold",
    "ReceiveCoilActiveElements": "HC1-7;NC1,2",
    "ReceiveCoilName": "HeadNeck_64",
    "ReconMatrixPE": 64,
    "RefLinesPE": 24,
    "RepetitionTime": 2,
    "SAR": 0.0834992,
    "ScanOptions": "FS",
    "ScanningSequence": "EP",
    "SequenceName": "_epfid2d1_64",
    "SequenceVariant": "SK",
    "SeriesDescription": "ep2d_main_effort",
    "SeriesNumber": 5,
    "ShimSetting": [
      5128,
      -7530,
      -7736,
      443,
      -245,
      -213,
      -52,
      33
    ],
    "SliceThickness": 3.5,
    "SliceTiming": [
      0.99,
      0,
      1.0425,
      0.0525,
      1.095,
      0.105,
      1.1475,
      0.1575,
      1.2,
      0.21,
      1.2525,
      0.2625,
      1.3025,
      0.3125,
      1.355,
      0.365,
      1.4075,
      0.4175,
      1.46,
      0.47,
      1.5125,
      0.5225,
      1.565,
      0.575,
      1.615,
      0.625,
      1.6675,
      0.6775,
      1.72,
      0.73,
      1.7725,
      0.7825,
      1.825,
      0.835,
      1.8775,
      0.8875,
      1.9275,
      0.94
    ],
    "SoftwareVersions": "syngo_MR_E11",
    "SpacingBetweenSlices": 3.85,
    "StationName": "AWP167045",
    "TaskName": "effort",
    "TotalReadoutTime": 0.0154349,
    "TxRefAmp": 209.859,
    "dataset": "ds002938",
    "modality": "bold",
    "subject_id": "28",
    "task_id": "effort"
  },
  "dummy_trs": 0,
  "dvars_nstd": 20.758800550437762,
  "dvars_std": 1.1140599168894005,
  "dvars_vstd": 0.9614142099308756,
  "efc": 0.45448350338574056,
  "fber": 684.59716796875,
  "fd_mean": 0.09697518320507044,
  "fd_num": 64,
  "fd_perc": 7.3647871116225545,
  "fwhm_avg": 2.7966726632700643,
  "fwhm_x": 2.7165399999999997,
  "fwhm_y": 2.9391142857142856,
  "fwhm_z": 2.7343637040959075,
  "gcor": 0.026341,
  "gsr_x": -0.009461692534387112,
  "gsr_y": 0.022188961505889893,
  "provenance": {
    "md5sum": "135de216abf4fe0f4bcfe975d9a560d9",
    "settings": {
      "fd_thres": 0.2,
      "testing": false
    },
    "software": "mriqc",
    "version": "23.0.1",
    "webapi_port": null,
    "webapi_url": "https://mriqc.nimh.nih.gov/api/v1"
  },
  "size_t": 869,
  "size_x": 64,
  "size_y": 64,
  "size_z": 38,
  "snr": 2.4201776172143328,
  "spacing_tr": 2.0,
  "spacing_x": 3.5,
  "spacing_y": 3.5,
  "spacing_z": 3.8499999046325684,
  "summary_bg_k": 43.185395470254335,
  "summary_bg_mad": 6.3296375727608565,
  "summary_bg_mean": 50.98779296875,
  "summary_bg_median": 31.9378604888916,
  "summary_bg_n": 105510.0,
  "summary_bg_p05": 26.017261505126953,
  "summary_bg_p95": 149.44021911621064,
  "summary_bg_stdv": 60.37710952758789,
  "summary_fg_k": 1.4221402042530604,
  "summary_fg_mad": 325.0123047800056,
  "summary_fg_mean": 905.2191772460938,
  "summary_fg_median": 839.8469848632812,
  "summary_fg_n": 19141.0,
  "summary_fg_p05": 470.4637451171875,
  "summary_fg_p95": 1569.39697265625,
  "summary_fg_stdv": 347.0096740722656,
  "tsnr": 66.54655341641046
}