{
  "aor": 0.0006612553191489364,
  "aqi": 0.008511452191489362,
  "bids_meta": {
    "AcquisitionMatrixPE": 64,
    "AcquisitionNumber": 1,
    "AcquisitionTime": "12:18:27.162500",
    "BandwidthPerPixelPhaseEncode": 63.776,
    "BaseResolution": 64,
    "BodyPartExamined": "BRAIN",
    "CoilString": "HC1-7;NC1_2",
    "ConsistencyInfo": "N4_VE11C_LATEST_20160120",
    "ConversionSoftware": "dcm2niix",
    "ConversionSoftwareVersion": "v1.0.20190410  GCC6.3.0",
    "DerivedVendorReportedEchoSpacing": 0.000489996,
    "DeviceSerialNumber": "167045",
    "DwellTime": 3e-06,
    "EchoTime": 0.029,
    "EchoTrainLength": 31,
    "EffectiveEchoSpacing": 0.000244998,
    "FlipAngle": 90,
    "ImageOrientationPatientDICOM": [
      0.999204,
      0.00297844,
      0.0397913,
      -2.13596e-08,
      0.99721,
      -0.0746421
    ],
    "ImageType": [
      "ORIGINAL",
      "PRIMARY",
      "M",
      "ND",
      "MOSAIC"
    ],
    "ImagingFrequency": 123.26,
    "InPlanePhaseEncodingDirectionDICOM": "COL",
    "InstitutionAddress": "De_Pintelaan_185_Gent_District_BE_9000",
    "InstitutionName": "Experimental_Psychology",
    "InstitutionalDepartmentName": "Department",
    "MRAcquisitionType": "2D",
    "MagneticFieldStrength": 3,
    "Manufacturer": "Siemens",
    "ManufacturersModelName": "Prisma_fit",
    "Modality": "MR",
    "ParallelReductionFactorInPlane": 2,
    "PartialFourier": 1,
    "PatientPosition": "HFS",
    "PercentPhaseFOV": 100,
    "PhaseEncodingDirection": "j-",
    "PhaseEncodingSteps": 63,
    "PhaseResolution": 1,
    "PixelBandwidth": 2605,
    "ProcedureStepDescription": "MR_hersenen_(structuur_alleen)",
    "ProtocolName": "ep2d_main_effort",
    "PulseSequenceDetails": "%SiemensSeq%_ep2d_bold",
    "ReceiveCoilActiveElements": "HC1-7;NC1,2",
    "ReceiveCoilName": "HeadNeck_64",
    "ReconMatrixPE": 64,
    "RefLinesPE": 24,
    "RepetitionTime": 2,
    "SAR": 0.107843,
    "ScanOptions": "FS",
    "ScanningSequence": "EP",
    "SequenceName": "_epfid2d1_64",
    "SequenceVariant": "SK",
    "SeriesDescription": "ep2d_main_effort",
    "SeriesNumber": 6,
    "ShimSetting": [
      5147,
      -7517,
      -7740,
      440,
      -120,
      25,
      39,
      21
    ],
    "SliceThickness": 3.5,
    "SliceTiming": [
      0.99,
      0,
      1.0425,
      0.0525,
      1.0925,
      0.1025,
      1.145,
      0.155,
      1.1975,
      0.2075,
      1.25,
      0.26,
      1.3025,
      0.3125,
      1.355,
      0.365,
      1.405,
      0.415,
      1.4575,
      0.4675,
      1.51,
      0.52,
      1.5625,
      0.5725,
      1.615,
      0.625,
      1.6675,
      0.6775,
      1.7175,
      0.73,
      1.77,
      0.78,
      1.8225,
      0.8325,
      1.875,
      0.885,
      1.9275,
      0.9375
    ],
    "SoftwareVersions": "syngo_MR_E11",
    "SpacingBetweenSlices": 3.85,
    "StationName": "AWP167045",
    "TaskName": "effort",
    "TotalReadoutTime": 0.0154349,
    "TxRefAmp": 240.534,
    "dataset": "ds002938",
    "modality": "bold",
    "subject_id": "02",
    "task_id": "effort"
  },
  "dummy_trs": 0,
  "dvars_nstd": 21.349657948328023,
  "dvars_std": 1.0151663612140558,
  "dvars_vstd": 0.883051606506924,
  "efc": 0.533284002851068,
  "fber": 522.0330810546875,
  "fd_mean": 0.09733349952170309,
  "fd_num": 25,
  "fd_perc": 2.6595744680851063,
  "fwhm_avg": 2.608166862104441,
  "fwhm_x": 2.381017142857143,
  "fwhm_y": 2.7454314285714285,
  "fwhm_z": 2.698052014884751,
  "gcor": 0.020689,
  "gsr_x": -0.010356887243688107,
  "gsr_y": 0.06855493783950806,
  "provenance": {
    "md5sum": "8f2d353e500794ac04fb723fac6ddbbd",
    "settings": {
      "fd_thres": 0.2,
      "testing": false
    },
    "software": "mriqc",
    "version": "23.0.1",
    "webapi_port": null,
    "webapi_url": "https://mriqc.nimh.nih.gov/api/v1"
  },
  "size_t": 940,
  "size_x": 64,
  "size_y": 64,
  "size_z": 38,
  "snr": 2.3976938695702508,
  "spacing_tr": 2.0,
  "spacing_x": 3.5,
  "spacing_y": 3.5,
  "spacing_z": 3.8499999046325684,
  "summary_bg_k": 21.861664128098802,
  "summary_bg_mad": 9.056491917473206,
  "summary_bg_mean": 76.47974395751953,
  "summary_bg_median": 34.317020416259766,
  "summary_bg_n": 92753.0,
  "summary_bg_p05": 26.041062927246095,
  "summary_bg_p95": 319.6284912109371,
  "summary_bg_stdv": 119.69225311279297,
  "summary_fg_k": 0.6168021828556451,
  "summary_fg_mad": 331.7188537436351,
  "summary_fg_mean": 871.6121826171875,
  "summary_fg_median": 807.694091796875,
  "summary_fg_n": 26630.0,
  "summary_fg_p05": 447.2589736938477,
  "summary_fg_p95": 1506.653094482422,
  "summary_fg_stdv": 336.8565673828125,
  "tsnr": 41.17982551618479
}