{
  "aor": 0.001148140350877193,
  "aqi": 0.0018938765052631578,
  "bids_meta": {
    "AcquisitionMatrixPE": 64,
    "AcquisitionNumber": 1,
    "AcquisitionTime": "18:32:33.072500",
    "BandwidthPerPixelPhaseEncode": 63.776,
    "BaseResolution": 64,
    "BodyPartExamined": "BRAIN",
    "CoilString": "HC1-7;NC1_2",
    "ConsistencyInfo": "N4_VE11C_LATEST_20160120",
    "ConversionSoftware": "dcm2niix",
    "ConversionSoftwareVersion": "v1.0.20190410  GCC6.3.0",
    "DerivedVendorReportedEchoSpacing": 0.000489996,
    "DeviceSerialNumber": "167045",
    "DwellTime": 3e-06,
    "EchoTime": 0.029,
    "EchoTrainLength": 31,
    "EffectiveEchoSpacing": 0.000244998,
    "FlipAngle": 90,
    "ImageOrientationPatientDICOM": [
      0.99944,
      -0.000178293,
      -0.0334529,
      -0.00348878,
      0.993978,
      -0.109529
    ],
    "ImageType": [
      "ORIGINAL",
      "PRIMARY",
      "M",
      "ND",
      "MOSAIC"
    ],
    "ImagingFrequency": 123.26,
    "InPlanePhaseEncodingDirectionDICOM": "COL",
    "InstitutionAddress": "De_Pintelaan_185_Gent_District_BE_9000",
    "InstitutionName": "Experimental_Psychology",
    "InstitutionalDepartmentName": "Department",
    "MRAcquisitionType": "2D",
    "MagneticFieldStrength": 3,
    "Manufacturer": "Siemens",
    "ManufacturersModelName": "Prisma_fit",
    "Modality": "MR",
    "ParallelReductionFactorInPlane": 2,
    "PartialFourier": 1,
    "PatientPosition": "HFS",
    "PercentPhaseFOV": 100,
    "PhaseEncodingDirection": "j-",
    "PhaseEncodingSteps": 63,
    "PhaseResolution": 1,
    "PixelBandwidth": 2605,
    "ProcedureStepDescription": "MR_hersenen_(structuur_alleen)",
    "ProtocolName": "ep2d_1_back",
    "PulseSequenceDetails": "%SiemensSeq%_ep2d_bold",
    "ReceiveCoilActiveElements": "HC1-7;NC1,2",
    "ReceiveCoilName": "HeadNeck_64",
    "ReconMatrixPE": 64,
    "RefLinesPE": 24,
    "RepetitionTime": 2,
    "SAR": 0.0813855,
    "ScanOptions": "FS",
    "ScanningSequence": "EP",
    "SequenceName": "_epfid2d1_64",
    "SequenceVariant": "SK",
    "SeriesDescription": "ep2d_1_back",
    "SeriesNumber": 6,
    "ShimSetting": [
      5121,
      -7447,
      -7803,
      244,
      -181,
      -79,
      -96,
      10
    ],
    "SliceThickness": 3.5,
    "SliceTiming": [
      0.99,
      0,
      1.04,
      0.05,
      1.0925,
      0.1025,
      1.145,
      0.155,
      1.1975,
      0.2075,
      1.25,
      0.26,
      1.3025,
      0.3125,
      1.3525,
      0.3625,
      1.405,
      0.415,
      1.4575,
      0.4675,
      1.51,
      0.52,
      1.5625,
      0.5725,
      1.615,
      0.625,
      1.665,
      0.6775,
      1.7175,
      0.7275,
      1.77,
      0.78,
      1.8225,
      0.8325,
      1.875,
      0.885,
      1.9275,
      0.9375
    ],
    "SoftwareVersions": "syngo_MR_E11",
    "SpacingBetweenSlices": 3.85,
    "StationName": "AWP167045",
    "TaskName": "1back",
    "TotalReadoutTime": 0.0154349,
    "TxRefAmp": 207.471,
    "dataset": "ds002938",
    "modality": "bold",
    "subject_id": "20",
    "task_id": "1back"
  },
  "dummy_trs": 0,
  "dvars_nstd": 16.19489615038734,
  "dvars_std": 1.0740024788028175,
  "dvars_vstd": 0.9854632797183099,
  "efc": 0.451885133548604,
  "fber": 713.6441040039062,
  "fd_mean": 0.05506727072214251,
  "fd_num": 1,
  "fd_perc": 0.3508771929824561,
  "fwhm_avg": 2.6667591870054146,
  "fwhm_x": 2.5626542857142858,
  "fwhm_y": 2.710714285714286,
  "fwhm_z": 2.7269089895876726,
  "gcor": 0.0229297,
  "gsr_x": -0.017625726759433746,
  "gsr_y": 0.026385944336652756,
  "provenance": {
    "md5sum": "cbe10846e1529316654a4af85e600c3b",
    "settings": {
      "fd_thres": 0.2,
      "testing": false
    },
    "software": "mriqc",
    "version": "23.0.1",
    "webapi_port": null,
    "webapi_url": "https://mriqc.nimh.nih.gov/api/v1"
  },
  "size_t": 285,
  "size_x": 64,
  "size_y": 64,
  "size_z": 38,
  "snr": 2.6213109136555306,
  "spacing_tr": 2.0,
  "spacing_x": 3.5,
  "spacing_y": 3.5,
  "spacing_z": 3.8500001430511475,
  "summary_bg_k": 44.704197600777796,
  "summary_bg_mad": 5.064255831196379,
  "summary_bg_mean": 49.72075653076172,
  "summary_bg_median": 29.90175437927246,
  "summary_bg_n": 107650.0,
  "summary_bg_p05": 25.291229248046875,
  "summary_bg_p95": 147.47211456298825,
  "summary_bg_stdv": 66.43202209472656,
  "summary_fg_k": 1.6033342844092777,
  "summary_fg_mad": 282.7088240349516,
  "summary_fg_mean": 852.1415405273438,
  "summary_fg_median": 800.5894775390625,
  "summary_fg_n": 17790.0,
  "summary_fg_p05": 456.20562744140625,
  "summary_fg_p95": 1430.7263427734374,
  "summary_fg_stdv": 305.4071044921875,
  "tsnr": 80.35509570501745
}