{
  "aor": 0.004331161290322581,
  "aqi": 0.009251245634408602,
  "bids_meta": {
    "AcquisitionMatrixPE": 64,
    "AcquisitionNumber": 1,
    "AcquisitionTime": "09:34:3.532500",
    "BandwidthPerPixelPhaseEncode": 63.776,
    "BaseResolution": 64,
    "BodyPartExamined": "BRAIN",
    "CoilString": "HC1-7;NC1_2",
    "ConsistencyInfo": "N4_VE11C_LATEST_20160120",
    "ConversionSoftware": "dcm2niix",
    "ConversionSoftwareVersion": "v1.0.20190410  GCC6.3.0",
    "DerivedVendorReportedEchoSpacing": 0.000489996,
    "DeviceSerialNumber": "167045",
    "DwellTime": 3e-06,
    "EchoTime": 0.029,
    "EchoTrainLength": 31,
    "EffectiveEchoSpacing": 0.000244998,
    "FlipAngle": 90,
    "ImageOrientationPatientDICOM": [
      0.999999,
      7.51514e-05,
      0.00143286,
      -1.27374e-08,
      0.998628,
      -0.0523678
    ],
    "ImageType": [
      "ORIGINAL",
      "PRIMARY",
      "M",
      "ND",
      "MOSAIC"
    ],
    "ImagingFrequency": 123.26,
    "InPlanePhaseEncodingDirectionDICOM": "COL",
    "InstitutionAddress": "De_Pintelaan_185_Gent_District_BE_9000",
    "InstitutionName": "UGent",
    "InstitutionalDepartmentName": "Department",
    "MRAcquisitionType": "2D",
    "MagneticFieldStrength": 3,
    "Manufacturer": "Siemens",
    "ManufacturersModelName": "Prisma_fit",
    "Modality": "MR",
    "ParallelReductionFactorInPlane": 2,
    "PartialFourier": 1,
    "PatientPosition": "HFS",
    "PercentPhaseFOV": 100,
    "PhaseEncodingDirection": "j-",
    "PhaseEncodingSteps": 63,
    "PhaseResolution": 1,
    "PixelBandwidth": 2605,
    "ProcedureStepDescription": "MR_hersenen_(structuur_alleen)",
    "ProtocolName": "ep2d_main_effort",
    "PulseSequenceDetails": "%SiemensSeq%_ep2d_bold",
    "ReceiveCoilActiveElements": "HC1-7;NC1,2",
    "ReceiveCoilName": "HeadNeck_64",
    "ReconMatrixPE": 64,
    "RefLinesPE": 24,
    "RepetitionTime": 2,
    "SAR": 0.13208,
    "ScanOptions": "FS",
    "ScanningSequence": "EP",
    "SequenceName": "_epfid2d1_64",
    "SequenceVariant": "SK",
    "SeriesDescription": "ep2d_main_effort",
    "SeriesNumber": 5,
    "ShimSetting": [
      5130,
      -7511,
      -7737,
      333,
      -146,
      52,
      53,
      57
    ],
    "SliceThickness": 3.5,
    "SliceTiming": [
      0.99,
      0,
      1.0425,
      0.0525,
      1.095,
      0.105,
      1.145,
      0.1575,
      1.1975,
      0.2075,
      1.25,
      0.26,
      1.3025,
      0.3125,
      1.355,
      0.365,
      1.4075,
      0.4175,
      1.46,
      0.47,
      1.51,
      0.52,
      1.5625,
      0.5725,
      1.615,
      0.625,
      1.6675,
      0.6775,
      1.72,
      0.73,
      1.7725,
      0.7825,
      1.8225,
      0.8325,
      1.875,
      0.885,
      1.9275,
      0.9375
    ],
    "SoftwareVersions": "syngo_MR_E11",
    "SpacingBetweenSlices": 3.85,
    "StationName": "AWP167045",
    "TaskName": "effort",
    "TotalReadoutTime": 0.0154349,
    "TxRefAmp": 261.044,
    "dataset": "ds002938",
    "modality": "bold",
    "subject_id": "26",
    "task_id": "effort"
  },
  "dummy_trs": 2,
  "dvars_nstd": 22.210554703767503,
  "dvars_std": 1.0449537413132384,
  "dvars_vstd": 0.9394067881485474,
  "efc": 0.520810285143497,
  "fber": 514.2470703125,
  "fd_mean": 0.10936505374590944,
  "fd_num": 76,
  "fd_perc": 8.172043010752688,
  "fwhm_avg": 2.666164091456956,
  "fwhm_x": 2.500005714285714,
  "fwhm_y": 2.8106942857142854,
  "fwhm_z": 2.687792274370869,
  "gcor": 0.0346556,
  "gsr_x": -0.005469040013849735,
  "gsr_y": 0.04982830584049225,
  "provenance": {
    "md5sum": "fa0fcdad8641fea32f6973ba8ba58628",
    "settings": {
      "fd_thres": 0.2,
      "testing": false
    },
    "software": "mriqc",
    "version": "23.0.1",
    "webapi_port": null,
    "webapi_url": "https://mriqc.nimh.nih.gov/api/v1"
  },
  "size_t": 930,
  "size_x": 64,
  "size_y": 64,
  "size_z": 38,
  "snr": 2.4369653971766367,
  "spacing_tr": 2.0,
  "spacing_x": 3.5,
  "spacing_y": 3.5,
  "spacing_z": 3.8499999046325684,
  "summary_bg_k": 27.768391819545766,
  "summary_bg_mad": 9.944597476897478,
  "summary_bg_mean": 72.2273941040039,
  "summary_bg_median": 35.738712310791016,
  "summary_bg_n": 95025.0,
  "summary_bg_p05": 26.74408721923828,
  "summary_bg_p95": 277.9376525878907,
  "summary_bg_stdv": 105.72913360595703,
  "summary_fg_k": 0.7380641394675749,
  "summary_fg_mad": 333.5919240146829,
  "summary_fg_mean": 896.7313232421875,
  "summary_fg_median": 835.0709838867188,
  "summary_fg_n": 25351.0,
  "summary_fg_p05": 450.6559295654297,
  "summary_fg_p95": 1536.539306640625,
  "summary_fg_stdv": 342.66162109375,
  "tsnr": 38.3680189861916
}