{
  "bids_meta": {
    "AcquisitionMatrixPE": 256,
    "AcquisitionNumber": 1,
    "AcquisitionTime": "16:44:55.920000",
    "BaseResolution": 256,
    "BodyPartExamined": "BRAIN",
    "ConsistencyInfo": "N4_VE11C_LATEST_20160120",
    "ConversionSoftware": "dcm2niix",
    "ConversionSoftwareVersion": "v1.0.20190410  GCC6.3.0",
    "DeviceSerialNumber": "167045",
    "DwellTime": 1.3e-05,
    "EchoTime": 0.00418,
    "FlipAngle": 9,
    "ImageOrientationPatientDICOM": [
      -0.0505857,
      0.99872,
      3.62213e-09,
      0.0226207,
      0.00114575,
      -0.999743
    ],
    "ImageType": [
      "ORIGINAL",
      "PRIMARY",
      "M",
      "ND",
      "NORM"
    ],
    "ImagingFrequency": 123.26,
    "InPlanePhaseEncodingDirectionDICOM": "ROW",
    "InstitutionAddress": "De_Pintelaan_185_Gent_District_BE_9000",
    "InstitutionName": "Experimental_Psychology",
    "InstitutionalDepartmentName": "Department",
    "InversionTime": 0.9,
    "MRAcquisitionType": "3D",
    "MagneticFieldStrength": 3,
    "Manufacturer": "Siemens",
    "ManufacturersModelName": "Prisma_fit",
    "Modality": "MR",
    "PartialFourier": 1,
    "PatientPosition": "HFS",
    "PercentPhaseFOV": 100,
    "PhaseEncodingSteps": 255,
    "PhaseResolution": 1,
    "PixelBandwidth": 150,
    "ProcedureStepDescription": "MR_hersenen_(structuur_alleen)",
    "ProtocolName": "T1_mprage",
    "PulseSequenceDetails": "%SiemensSeq%_tfl",
    "ReceiveCoilActiveElements": "HC1-7;NC1",
    "ReceiveCoilName": "HeadNeck_64",
    "ReconMatrixPE": 256,
    "RefLinesPE": 24,
    "RepetitionTime": 2.25,
    "SAR": 0.0471998,
    "ScanOptions": "IR",
    "ScanningSequence": "GR_IR",
    "SequenceName": "_tfl3d1_16ns",
    "SequenceVariant": "SK_SP_MP",
    "SeriesDescription": "T1_mprage",
    "SeriesNumber": 2,
    "ShimSetting": [
      5159,
      -7504,
      -7964,
      40,
      -67,
      39,
      -5,
      -10
    ],
    "SliceThickness": 1,
    "SoftwareVersions": "syngo_MR_E11",
    "StationName": "AWP167045",
    "TxRefAmp": 217.546,
    "dataset": "ds002938",
    "modality": "T1w",
    "subject_id": "19"
  },
  "cjv": 0.33400958446653667,
  "cnr": 3.943118660642076,
  "efc": 0.5209227815180606,
  "fber": -1.0,
  "fwhm_avg": 3.8817500000000003,
  "fwhm_x": 3.99725,
  "fwhm_y": 3.9908,
  "fwhm_z": 3.6572,
  "icvs_csf": 0.21338435878430273,
  "icvs_gm": 0.462325433971441,
  "icvs_wm": 0.3242902072442563,
  "inu_med": 0.54179447889328,
  "inu_range": 0.2548365712165833,
  "provenance": {
    "md5sum": "ef5dc3f91075fcb455b10430fb429836",
    "settings": {
      "testing": false
    },
    "software": "mriqc",
    "version": "23.0.1",
    "warnings": {
      "large_rot_frame": true,
      "small_air_mask": false
    },
    "webapi_port": null,
    "webapi_url": "https://mriqc.nimh.nih.gov/api/v1"
  },
  "qi_1": 1.7415729638213098e-05,
  "qi_2": 0.013308426220235434,
  "rpve_csf": 29.36099734818622,
  "rpve_gm": 14.418557738247213,
  "rpve_wm": 22.514621042444894,
  "size_x": 176,
  "size_y": 256,
  "size_z": 256,
  "snr_csf": 2.008477472977775,
  "snr_gm": 11.637882246496968,
  "snr_total": 12.092563626725727,
  "snr_wm": 22.63133116070244,
  "snrd_csf": 24.08996216457192,
  "snrd_gm": 67.67246583952615,
  "snrd_total": 62.65086868778889,
  "snrd_wm": 96.19017805926862,
  "spacing_x": 1.0,
  "spacing_y": 1.0,
  "spacing_z": 1.0,
  "summary_bg_k": 55.01473135017958,
  "summary_bg_mad": 0.0,
  "summary_bg_mean": 3.395236587884527,
  "summary_bg_median": 0.0,
  "summary_bg_n": 3003630.0,
  "summary_bg_p05": 0.0,
  "summary_bg_p95": 16.858886778354645,
  "summary_bg_stdv": 6.810844826244392,
  "summary_csf_k": 0.3236861583989339,
  "summary_csf_mad": 123.96927876245286,
  "summary_csf_mean": 260.5264363629149,
  "summary_csf_median": 250.44096797704697,
  "summary_csf_n": 29579.0,
  "summary_csf_p05": 71.40094724297523,
  "summary_csf_p95": 482.3303762376308,
  "summary_csf_stdv": 124.68983988392334,
  "summary_gm_k": 0.17579652715437533,
  "summary_gm_mad": 58.23790053019084,
  "summary_gm_mean": 702.8984739209984,
  "summary_gm_median": 703.5277903079987,
  "summary_gm_n": 40040.0,
  "summary_gm_p05": 602.306627035141,
  "summary_gm_p95": 802.9172033071518,
  "summary_gm_stdv": 60.45077532493842,
  "summary_wm_k": 0.6167219849956158,
  "summary_wm_mad": 40.786647089796865,
  "summary_wm_mean": 999.8603963042833,
  "summary_wm_median": 999.9999642372131,
  "summary_wm_n": 145200.0,
  "summary_wm_p05": 926.1872124671936,
  "summary_wm_p95": 1071.9809657335281,
  "summary_wm_stdv": 44.18637655930966,
  "tpm_overlap_csf": 0.1532007039806385,
  "tpm_overlap_gm": 0.49491159864584483,
  "tpm_overlap_wm": 0.5090034509897752,
  "wm2max": 0.6161713738128969
}