{
  "bids_meta": {
    "AcquisitionMatrixPE": 256,
    "AcquisitionNumber": 1,
    "AcquisitionTime": "15:37:6.555000",
    "BaseResolution": 256,
    "BodyPartExamined": "BRAIN",
    "ConsistencyInfo": "N4_VE11C_LATEST_20160120",
    "ConversionSoftware": "dcm2niix",
    "ConversionSoftwareVersion": "v1.0.20190410  GCC6.3.0",
    "DeviceSerialNumber": "167045",
    "DwellTime": 1.3e-05,
    "EchoTime": 0.00418,
    "FlipAngle": 9,
    "ImageOrientationPatientDICOM": [
      -0.0610446,
      0.998135,
      -1.04377e-08,
      0.0191276,
      0.00116981,
      -0.999816
    ],
    "ImageType": [
      "ORIGINAL",
      "PRIMARY",
      "M",
      "ND",
      "NORM"
    ],
    "ImagingFrequency": 123.26,
    "InPlanePhaseEncodingDirectionDICOM": "ROW",
    "InstitutionAddress": "De_Pintelaan_185_Gent_District_BE_9000",
    "InstitutionName": "Experimental_Psychology",
    "InstitutionalDepartmentName": "Department",
    "InversionTime": 0.9,
    "MRAcquisitionType": "3D",
    "MagneticFieldStrength": 3,
    "Manufacturer": "Siemens",
    "ManufacturersModelName": "Prisma_fit",
    "Modality": "MR",
    "PartialFourier": 1,
    "PatientPosition": "HFS",
    "PercentPhaseFOV": 100,
    "PhaseEncodingSteps": 255,
    "PhaseResolution": 1,
    "PixelBandwidth": 150,
    "ProcedureStepDescription": "MR_hersenen_(structuur_alleen)",
    "ProtocolName": "T1_mprage",
    "PulseSequenceDetails": "%SiemensSeq%_tfl",
    "ReceiveCoilActiveElements": "HC1-7;NC1",
    "ReceiveCoilName": "HeadNeck_64",
    "ReconMatrixPE": 256,
    "RefLinesPE": 24,
    "RepetitionTime": 2.25,
    "SAR": 0.0619091,
    "ScanOptions": "IR",
    "ScanningSequence": "GR_IR",
    "SequenceName": "_tfl3d1_16ns",
    "SequenceVariant": "SK_SP_MP",
    "SeriesDescription": "T1_mprage",
    "SeriesNumber": 2,
    "ShimSetting": [
      5159,
      -7504,
      -7964,
      40,
      -67,
      39,
      -5,
      -10
    ],
    "SliceThickness": 1,
    "SoftwareVersions": "syngo_MR_E11",
    "StationName": "AWP167045",
    "TxRefAmp": 237.742,
    "dataset": "ds002938",
    "modality": "T1w",
    "subject_id": "05"
  },
  "cjv": 0.419554238397716,
  "cnr": 3.2017608556705586,
  "efc": 0.5313141126946007,
  "fber": 12444.955776317898,
  "fwhm_avg": 3.9392266666666664,
  "fwhm_x": 4.02722,
  "fwhm_y": 4.04119,
  "fwhm_z": 3.74927,
  "icvs_csf": 0.2452537953116603,
  "icvs_gm": 0.3980469716258927,
  "icvs_wm": 0.356699233062447,
  "inu_med": 0.6903067827224731,
  "inu_range": 0.34324792623519895,
  "provenance": {
    "md5sum": "fc375976b42ef5292703999b3407b005",
    "settings": {
      "testing": false
    },
    "software": "mriqc",
    "version": "23.0.1",
    "warnings": {
      "large_rot_frame": true,
      "small_air_mask": false
    },
    "webapi_port": null,
    "webapi_url": "https://mriqc.nimh.nih.gov/api/v1"
  },
  "qi_1": 2.8339683886844325e-05,
  "qi_2": 0.006004544975628613,
  "rpve_csf": 24.601464558583416,
  "rpve_gm": 14.14013578562571,
  "rpve_wm": 17.965821356315814,
  "size_x": 176,
  "size_y": 256,
  "size_z": 256,
  "snr_csf": 2.38781469633767,
  "snr_gm": 11.326445855168766,
  "snr_total": 10.300153576121795,
  "snr_wm": 17.186200176858954,
  "snrd_csf": 9.80193279406075,
  "snrd_gm": 27.00304950322178,
  "snrd_total": 24.791480825226017,
  "snrd_wm": 37.56946017839552,
  "spacing_x": 1.0,
  "spacing_y": 1.0,
  "spacing_z": 1.0,
  "summary_bg_k": 13.102967090058474,
  "summary_bg_mad": 0.0,
  "summary_bg_mean": 9.330280960346002,
  "summary_bg_median": 0.0,
  "summary_bg_n": 3819222.0,
  "summary_bg_p05": 0.0,
  "summary_bg_p95": 44.89020052179694,
  "summary_bg_stdv": 17.43935765603713,
  "summary_csf_k": 0.8220600170524608,
  "summary_csf_mad": 107.45328671480408,
  "summary_csf_mean": 266.2687192542311,
  "summary_csf_median": 260.92186560854316,
  "summary_csf_n": 60658.0,
  "summary_csf_p05": 96.8417809009552,
  "summary_csf_p95": 451.9341306896878,
  "summary_csf_stdv": 109.2713413807522,
  "summary_gm_k": 0.18547483696919498,
  "summary_gm_mad": 61.86617230287569,
  "summary_gm_mean": 717.5569153798633,
  "summary_gm_median": 718.8057908099145,
  "summary_gm_n": 13060.0,
  "summary_gm_p05": 609.4494600573555,
  "summary_gm_p95": 819.5099912976846,
  "summary_gm_stdv": 63.4601780743936,
  "summary_wm_k": 0.3928258213959652,
  "summary_wm_mad": 56.142616613302344,
  "summary_wm_mean": 1003.4273700960731,
  "summary_wm_median": 1000.0776219964027,
  "summary_wm_n": 157548.0,
  "summary_wm_p05": 913.9831060431898,
  "summary_wm_p95": 1104.2135754972696,
  "summary_wm_stdv": 58.190550431016234,
  "tpm_overlap_csf": 0.1541837695040742,
  "tpm_overlap_gm": 0.4478627494344946,
  "tpm_overlap_wm": 0.4846671923280521,
  "wm2max": 0.5251958672814651
}