{
  "aor": 0.0017377457264957264,
  "aqi": 0.0038204672008547006,
  "bids_meta": {
    "AcquisitionMatrixPE": 64,
    "AcquisitionNumber": 1,
    "AcquisitionTime": "14:25:54.455000",
    "BandwidthPerPixelPhaseEncode": 63.776,
    "BaseResolution": 64,
    "BodyPartExamined": "BRAIN",
    "CoilString": "HC1-7;NC1_2",
    "ConsistencyInfo": "N4_VE11C_LATEST_20160120",
    "ConversionSoftware": "dcm2niix",
    "ConversionSoftwareVersion": "v1.0.20190410  GCC6.3.0",
    "DerivedVendorReportedEchoSpacing": 0.000489996,
    "DeviceSerialNumber": "167045",
    "DwellTime": 3e-06,
    "EchoTime": 0.029,
    "EchoTrainLength": 31,
    "EffectiveEchoSpacing": 0.000244998,
    "FlipAngle": 90,
    "ImageOrientationPatientDICOM": [
      1,
      0,
      0,
      0,
      0.997684,
      -0.0680153
    ],
    "ImageType": [
      "ORIGINAL",
      "PRIMARY",
      "M",
      "ND",
      "MOSAIC"
    ],
    "ImagingFrequency": 123.26,
    "InPlanePhaseEncodingDirectionDICOM": "COL",
    "InstitutionAddress": "De_Pintelaan_185_Gent_District_BE_9000",
    "InstitutionName": "Experimental_Psychology",
    "InstitutionalDepartmentName": "Department",
    "MRAcquisitionType": "2D",
    "MagneticFieldStrength": 3,
    "Manufacturer": "Siemens",
    "ManufacturersModelName": "Prisma_fit",
    "Modality": "MR",
    "ParallelReductionFactorInPlane": 2,
    "PartialFourier": 1,
    "PatientPosition": "HFS",
    "PercentPhaseFOV": 100,
    "PhaseEncodingDirection": "j-",
    "PhaseEncodingSteps": 63,
    "PhaseResolution": 1,
    "PixelBandwidth": 2605,
    "ProcedureStepDescription": "MR_hersenen_(structuur_alleen)",
    "ProtocolName": "ep2d_main_effort",
    "PulseSequenceDetails": "%SiemensSeq%_ep2d_bold",
    "ReceiveCoilActiveElements": "HC1-7;NC1,2",
    "ReceiveCoilName": "HeadNeck_64",
    "ReconMatrixPE": 64,
    "RefLinesPE": 24,
    "RepetitionTime": 2,
    "SAR": 0.0924364,
    "ScanOptions": "FS",
    "ScanningSequence": "EP",
    "SequenceName": "_epfid2d1_64",
    "SequenceVariant": "SK",
    "SeriesDescription": "ep2d_main_effort",
    "SeriesNumber": 5,
    "ShimSetting": [
      5130,
      -7482,
      -7952,
      130,
      -95,
      99,
      -130,
      81
    ],
    "SliceThickness": 3.5,
    "SliceTiming": [
      0.99,
      0,
      1.0425,
      0.0525,
      1.095,
      0.105,
      1.1475,
      0.1575,
      1.2,
      0.21,
      1.2525,
      0.2625,
      1.3025,
      0.315,
      1.355,
      0.365,
      1.4075,
      0.4175,
      1.46,
      0.47,
      1.5125,
      0.5225,
      1.565,
      0.575,
      1.6175,
      0.6275,
      1.6675,
      0.6775,
      1.72,
      0.73,
      1.7725,
      0.7825,
      1.825,
      0.835,
      1.8775,
      0.8875,
      1.93,
      0.94
    ],
    "SoftwareVersions": "syngo_MR_E11",
    "SpacingBetweenSlices": 3.85,
    "StationName": "AWP167045",
    "TaskName": "effort",
    "TotalReadoutTime": 0.0154349,
    "TxRefAmp": 211.255,
    "dataset": "ds002938",
    "modality": "bold",
    "subject_id": "09",
    "task_id": "effort"
  },
  "dummy_trs": 0,
  "dvars_nstd": 23.14059889878074,
  "dvars_std": 1.1355046772834214,
  "dvars_vstd": 0.979137998545454,
  "efc": 0.47098208297892813,
  "fber": 666.2972412109375,
  "fd_mean": 0.11594244141387801,
  "fd_num": 45,
  "fd_perc": 4.8076923076923075,
  "fwhm_avg": 2.661752056929581,
  "fwhm_x": 2.5594457142857143,
  "fwhm_y": 2.725342857142857,
  "fwhm_z": 2.7004675993601714,
  "gcor": 0.0168797,
  "gsr_x": 0.00434994138777256,
  "gsr_y": 0.024310698732733727,
  "provenance": {
    "md5sum": "81d371cedf65eaa625733a7dd961d606",
    "settings": {
      "fd_thres": 0.2,
      "testing": false
    },
    "software": "mriqc",
    "version": "23.0.1",
    "webapi_port": null,
    "webapi_url": "https://mriqc.nimh.nih.gov/api/v1"
  },
  "size_t": 936,
  "size_x": 64,
  "size_y": 64,
  "size_z": 38,
  "snr": 2.504983162980028,
  "spacing_tr": 2.0,
  "spacing_x": 3.5,
  "spacing_y": 3.5,
  "spacing_z": 3.8499999046325684,
  "summary_bg_k": 60.86663225064356,
  "summary_bg_mad": 5.920904506086469,
  "summary_bg_mean": 50.43801498413086,
  "summary_bg_median": 30.791667938232422,
  "summary_bg_n": 103173.0,
  "summary_bg_p05": 25.266027450561523,
  "summary_bg_p95": 150.0615447998046,
  "summary_bg_stdv": 67.16293334960938,
  "summary_fg_k": 0.9320659988233704,
  "summary_fg_mad": 298.8093194649681,
  "summary_fg_mean": 854.912109375,
  "summary_fg_median": 796.3654174804688,
  "summary_fg_n": 21067.0,
  "summary_fg_p05": 445.7821807861328,
  "summary_fg_p95": 1472.503894042969,
  "summary_fg_stdv": 317.9049377441406,
  "tsnr": 60.9692308427766
}