{
  "aor": 0.0008194755244755246,
  "aqi": 0.0024355095209790214,
  "bids_meta": {
    "AcquisitionMatrixPE": 64,
    "AcquisitionNumber": 1,
    "AcquisitionTime": "14:58:3.280000",
    "BandwidthPerPixelPhaseEncode": 63.776,
    "BaseResolution": 64,
    "BodyPartExamined": "BRAIN",
    "CoilString": "HC1-7;NC1_2",
    "ConsistencyInfo": "N4_VE11C_LATEST_20160120",
    "ConversionSoftware": "dcm2niix",
    "ConversionSoftwareVersion": "v1.0.20190410  GCC6.3.0",
    "DerivedVendorReportedEchoSpacing": 0.000489996,
    "DeviceSerialNumber": "167045",
    "DwellTime": 3e-06,
    "EchoTime": 0.029,
    "EchoTrainLength": 31,
    "EffectiveEchoSpacing": 0.000244998,
    "FlipAngle": 90,
    "ImageOrientationPatientDICOM": [
      1,
      0,
      0,
      0,
      0.997684,
      -0.0680153
    ],
    "ImageType": [
      "ORIGINAL",
      "PRIMARY",
      "M",
      "ND",
      "MOSAIC"
    ],
    "ImagingFrequency": 123.26,
    "InPlanePhaseEncodingDirectionDICOM": "COL",
    "InstitutionAddress": "De_Pintelaan_185_Gent_District_BE_9000",
    "InstitutionName": "Experimental_Psychology",
    "InstitutionalDepartmentName": "Department",
    "MRAcquisitionType": "2D",
    "MagneticFieldStrength": 3,
    "Manufacturer": "Siemens",
    "ManufacturersModelName": "Prisma_fit",
    "Modality": "MR",
    "ParallelReductionFactorInPlane": 2,
    "PartialFourier": 1,
    "PatientPosition": "HFS",
    "PercentPhaseFOV": 100,
    "PhaseEncodingDirection": "j-",
    "PhaseEncodingSteps": 63,
    "PhaseResolution": 1,
    "PixelBandwidth": 2605,
    "ProcedureStepDescription": "MR_hersenen_(structuur_alleen)",
    "ProtocolName": "ep2d_1_back",
    "PulseSequenceDetails": "%SiemensSeq%_ep2d_bold",
    "ReceiveCoilActiveElements": "HC1-7;NC1,2",
    "ReceiveCoilName": "HeadNeck_64",
    "ReconMatrixPE": 64,
    "RefLinesPE": 24,
    "RepetitionTime": 2,
    "SAR": 0.0924364,
    "ScanOptions": "FS",
    "ScanningSequence": "EP",
    "SequenceName": "_epfid2d1_64",
    "SequenceVariant": "SK",
    "SeriesDescription": "ep2d_1_back",
    "SeriesNumber": 6,
    "ShimSetting": [
      5130,
      -7482,
      -7952,
      130,
      -95,
      99,
      -130,
      81
    ],
    "SliceThickness": 3.5,
    "SliceTiming": [
      0.99,
      0,
      1.04,
      0.05,
      1.0925,
      0.1025,
      1.145,
      0.155,
      1.1975,
      0.2075,
      1.25,
      0.26,
      1.3025,
      0.3125,
      1.3525,
      0.3625,
      1.405,
      0.415,
      1.4575,
      0.4675,
      1.51,
      0.52,
      1.5625,
      0.5725,
      1.615,
      0.625,
      1.665,
      0.6775,
      1.7175,
      0.7275,
      1.77,
      0.78,
      1.8225,
      0.8325,
      1.875,
      0.885,
      1.9275,
      0.9375
    ],
    "SoftwareVersions": "syngo_MR_E11",
    "SpacingBetweenSlices": 3.85,
    "StationName": "AWP167045",
    "TaskName": "1back",
    "TotalReadoutTime": 0.0154349,
    "TxRefAmp": 211.255,
    "dataset": "ds002938",
    "modality": "bold",
    "subject_id": "09",
    "task_id": "1back"
  },
  "dummy_trs": 0,
  "dvars_nstd": 22.70376398828069,
  "dvars_std": 1.123892212035088,
  "dvars_vstd": 0.9668897046666661,
  "efc": 0.47151455236107964,
  "fber": 662.5696411132812,
  "fd_mean": 0.11018597311224218,
  "fd_num": 9,
  "fd_perc": 3.1468531468531467,
  "fwhm_avg": 2.676888594069048,
  "fwhm_x": 2.553057142857143,
  "fwhm_y": 2.7356085714285716,
  "fwhm_z": 2.7420000679214294,
  "gcor": 0.019843,
  "gsr_x": 0.0038048052228987217,
  "gsr_y": 0.023338666185736656,
  "provenance": {
    "md5sum": "084c708ed248553c7c8e067919c11592",
    "settings": {
      "fd_thres": 0.2,
      "testing": false
    },
    "software": "mriqc",
    "version": "23.0.1",
    "webapi_port": null,
    "webapi_url": "https://mriqc.nimh.nih.gov/api/v1"
  },
  "size_t": 286,
  "size_x": 64,
  "size_y": 64,
  "size_z": 38,
  "snr": 2.5003826773025253,
  "spacing_tr": 2.0,
  "spacing_x": 3.5,
  "spacing_y": 3.5,
  "spacing_z": 3.8499999046325684,
  "summary_bg_k": 57.86579926752089,
  "summary_bg_mad": 5.837098660162794,
  "summary_bg_mean": 50.929046630859375,
  "summary_bg_median": 31.003496170043945,
  "summary_bg_n": 103159.0,
  "summary_bg_p05": 25.685314178466797,
  "summary_bg_p95": 153.6332092285156,
  "summary_bg_stdv": 67.49783325195312,
  "summary_fg_k": 0.9035352501762004,
  "summary_fg_mad": 301.7666059518988,
  "summary_fg_mean": 858.5921630859375,
  "summary_fg_median": 799.281494140625,
  "summary_fg_n": 21032.0,
  "summary_fg_p05": 448.8375762939453,
  "summary_fg_p95": 1481.2421081542968,
  "summary_fg_stdv": 319.65606689453125,
  "tsnr": 69.7050416363636
}