{
  "bids_meta": {
    "AcquisitionMatrixPE": 256,
    "AcquisitionNumber": 1,
    "AcquisitionTime": "09:03:19.940000",
    "BaseResolution": 256,
    "BodyPartExamined": "BRAIN",
    "ConsistencyInfo": "N4_VE11C_LATEST_20160120",
    "ConversionSoftware": "dcm2niix",
    "ConversionSoftwareVersion": "v1.0.20190410  GCC6.3.0",
    "DeviceSerialNumber": "167045",
    "DwellTime": 1.3e-05,
    "EchoTime": 0.00418,
    "FlipAngle": 9,
    "ImageOrientationPatientDICOM": [
      0.0456792,
      0.998956,
      -2.80623e-08,
      0.118144,
      -0.00540241,
      -0.992982
    ],
    "ImageType": [
      "ORIGINAL",
      "PRIMARY",
      "M",
      "ND",
      "NORM"
    ],
    "ImagingFrequency": 123.26,
    "InPlanePhaseEncodingDirectionDICOM": "ROW",
    "InstitutionAddress": "De_Pintelaan_185_Gent_District_BE_9000",
    "InstitutionName": "Experimental_Psychology",
    "InstitutionalDepartmentName": "Department",
    "InversionTime": 0.9,
    "MRAcquisitionType": "3D",
    "MagneticFieldStrength": 3,
    "Manufacturer": "Siemens",
    "ManufacturersModelName": "Prisma_fit",
    "Modality": "MR",
    "PartialFourier": 1,
    "PatientPosition": "HFS",
    "PercentPhaseFOV": 100,
    "PhaseEncodingSteps": 255,
    "PhaseResolution": 1,
    "PixelBandwidth": 150,
    "ProcedureStepDescription": "MR_hersenen_(structuur_alleen)",
    "ProtocolName": "T1_mprage",
    "PulseSequenceDetails": "%SiemensSeq%_tfl",
    "ReceiveCoilActiveElements": "HC1-7;NC1",
    "ReceiveCoilName": "HeadNeck_64",
    "ReconMatrixPE": 256,
    "RefLinesPE": 24,
    "RepetitionTime": 2.25,
    "SAR": 0.0433551,
    "ScanOptions": "IR",
    "ScanningSequence": "GR_IR",
    "SequenceName": "_tfl3d1_16ns",
    "SequenceVariant": "SK_SP_MP",
    "SeriesDescription": "T1_mprage",
    "SeriesNumber": 2,
    "ShimSetting": [
      5159,
      -7504,
      -7964,
      40,
      -67,
      39,
      -5,
      -10
    ],
    "SliceThickness": 1,
    "SoftwareVersions": "syngo_MR_E11",
    "StationName": "AWP167045",
    "TxRefAmp": 215.268,
    "dataset": "ds002938",
    "modality": "T1w",
    "subject_id": "12"
  },
  "cjv": 0.32250858603699445,
  "cnr": 4.0889577780684725,
  "efc": 0.512776200543353,
  "fber": -1.0,
  "fwhm_avg": 3.9518866666666668,
  "fwhm_x": 4.06681,
  "fwhm_y": 4.0299,
  "fwhm_z": 3.75895,
  "icvs_csf": 0.21093341967450158,
  "icvs_gm": 0.45945688154790576,
  "icvs_wm": 0.3296096987775926,
  "inu_med": 0.5786034762859344,
  "inu_range": 0.26548206657171247,
  "provenance": {
    "md5sum": "07b23875f09c7d3cfb966250e6d8672a",
    "settings": {
      "testing": false
    },
    "software": "mriqc",
    "version": "23.0.1",
    "warnings": {
      "large_rot_frame": true,
      "small_air_mask": false
    },
    "webapi_port": null,
    "webapi_url": "https://mriqc.nimh.nih.gov/api/v1"
  },
  "qi_1": 0.0,
  "qi_2": 0.00806468971011547,
  "rpve_csf": 28.13270702511774,
  "rpve_gm": 13.611141954193844,
  "rpve_wm": 20.81264205473782,
  "size_x": 176,
  "size_y": 256,
  "size_z": 256,
  "snr_csf": 1.892950866665713,
  "snr_gm": 11.906837346403625,
  "snr_total": 12.344180514220172,
  "snr_wm": 23.23275332959118,
  "snrd_csf": 24.57328710037602,
  "snrd_gm": 72.68519658111222,
  "snrd_total": 66.99454062102514,
  "snrd_wm": 103.7251381815872,
  "spacing_x": 1.0,
  "spacing_y": 1.0,
  "spacing_z": 1.0,
  "summary_bg_k": 22.338078403417327,
  "summary_bg_mad": 0.0,
  "summary_bg_mean": 3.0890197597570146,
  "summary_bg_median": 0.0,
  "summary_bg_n": 3276668.0,
  "summary_bg_p05": 0.0,
  "summary_bg_p95": 16.109152484685183,
  "summary_bg_stdv": 6.316081276645289,
  "summary_csf_k": 0.726413301254714,
  "summary_csf_mad": 124.51699834746458,
  "summary_csf_mean": 244.8634014345708,
  "summary_csf_median": 236.90773182548583,
  "summary_csf_n": 35181.0,
  "summary_csf_p05": 59.01911915652454,
  "summary_csf_p95": 464.04104906506836,
  "summary_csf_stdv": 125.15082614626795,
  "summary_gm_k": 0.41305279314002963,
  "summary_gm_mad": 55.62892520028367,
  "summary_gm_mean": 700.3967860629106,
  "summary_gm_median": 700.7481330838054,
  "summary_gm_n": 41916.0,
  "summary_gm_p05": 603.319290921092,
  "summary_gm_p95": 796.7724405992776,
  "summary_gm_stdv": 58.851880956281654,
  "summary_wm_k": 0.40509398392186524,
  "summary_wm_mad": 40.882372836266526,
  "summary_wm_mean": 1000.6312921672951,
  "summary_wm_median": 1000.0000048633665,
  "summary_wm_n": 162352.0,
  "summary_wm_p05": 931.1491431761533,
  "summary_wm_p95": 1072.4911910444498,
  "summary_wm_stdv": 43.04254906614666,
  "tpm_overlap_csf": 0.1433257535620494,
  "tpm_overlap_gm": 0.49053011463847496,
  "tpm_overlap_wm": 0.5158449454257744,
  "wm2max": 0.6776828576510819
}