{
  "aor": 0.0018815715823466094,
  "aqi": 0.005185388772874058,
  "bids_meta": {
    "AcquisitionMatrixPE": 64,
    "AcquisitionNumber": 1,
    "AcquisitionTime": "10:33:37.955000",
    "BandwidthPerPixelPhaseEncode": 63.776,
    "BaseResolution": 64,
    "BodyPartExamined": "BRAIN",
    "CoilString": "HC1-7;NC1_2",
    "ConsistencyInfo": "N4_VE11C_LATEST_20160120",
    "ConversionSoftware": "dcm2niix",
    "ConversionSoftwareVersion": "v1.0.20190410  GCC6.3.0",
    "DerivedVendorReportedEchoSpacing": 0.000489996,
    "DeviceSerialNumber": "167045",
    "DwellTime": 3e-06,
    "EchoTime": 0.029,
    "EchoTrainLength": 31,
    "EffectiveEchoSpacing": 0.000244998,
    "FlipAngle": 90,
    "ImageOrientationPatientDICOM": [
      1,
      -4.86248e-05,
      -0.00044739,
      2.56524e-08,
      0.994152,
      -0.107993
    ],
    "ImageType": [
      "ORIGINAL",
      "PRIMARY",
      "M",
      "ND",
      "MOSAIC"
    ],
    "ImagingFrequency": 123.26,
    "InPlanePhaseEncodingDirectionDICOM": "COL",
    "InstitutionAddress": "De_Pintelaan_185_Gent_District_BE_9000",
    "InstitutionName": "Experimental_Psychology",
    "InstitutionalDepartmentName": "Department",
    "MRAcquisitionType": "2D",
    "MagneticFieldStrength": 3,
    "Manufacturer": "Siemens",
    "ManufacturersModelName": "Prisma_fit",
    "Modality": "MR",
    "ParallelReductionFactorInPlane": 2,
    "PartialFourier": 1,
    "PatientPosition": "HFS",
    "PercentPhaseFOV": 100,
    "PhaseEncodingDirection": "j-",
    "PhaseEncodingSteps": 63,
    "PhaseResolution": 1,
    "PixelBandwidth": 2605,
    "ProcedureStepDescription": "MR_hersenen_(structuur_alleen)",
    "ProtocolName": "ep2d_main_effort",
    "PulseSequenceDetails": "%SiemensSeq%_ep2d_bold",
    "ReceiveCoilActiveElements": "HC1-7;NC1,2",
    "ReceiveCoilName": "HeadNeck_64",
    "ReconMatrixPE": 64,
    "RefLinesPE": 24,
    "RepetitionTime": 2,
    "SAR": 0.133472,
    "ScanOptions": "FS",
    "ScanningSequence": "EP",
    "SequenceName": "_epfid2d1_64",
    "SequenceVariant": "SK",
    "SeriesDescription": "ep2d_main_effort",
    "SeriesNumber": 5,
    "ShimSetting": [
      5142,
      -7525,
      -7714,
      546,
      -99,
      12,
      217,
      -14
    ],
    "SliceThickness": 3.5,
    "SliceTiming": [
      0.99,
      0,
      1.04,
      0.05,
      1.0925,
      0.1025,
      1.145,
      0.155,
      1.1975,
      0.2075,
      1.25,
      0.26,
      1.3025,
      0.3125,
      1.3525,
      0.365,
      1.405,
      0.415,
      1.4575,
      0.4675,
      1.51,
      0.52,
      1.5625,
      0.5725,
      1.615,
      0.625,
      1.6675,
      0.6775,
      1.7175,
      0.7275,
      1.77,
      0.78,
      1.8225,
      0.8325,
      1.875,
      0.885,
      1.9275,
      0.9375
    ],
    "SoftwareVersions": "syngo_MR_E11",
    "SpacingBetweenSlices": 3.85,
    "StationName": "AWP167045",
    "TaskName": "effort",
    "TotalReadoutTime": 0.0154349,
    "TxRefAmp": 249.217,
    "dataset": "ds002938",
    "modality": "bold",
    "subject_id": "13",
    "task_id": "effort"
  },
  "dummy_trs": 0,
  "dvars_nstd": 20.750733614999994,
  "dvars_std": 1.0616801817887942,
  "dvars_vstd": 0.9722204534590505,
  "efc": 0.49943842277980466,
  "fber": 565.1027221679688,
  "fd_mean": 0.12854673290718244,
  "fd_num": 112,
  "fd_perc": 12.055974165769644,
  "fwhm_avg": 2.6341866019483327,
  "fwhm_x": 2.411017142857143,
  "fwhm_y": 2.843854285714286,
  "fwhm_z": 2.647688377273569,
  "gcor": 0.0393071,
  "gsr_x": 0.004702501930296421,
  "gsr_y": 0.04230746626853943,
  "provenance": {
    "md5sum": "105c81afc4c3d02c80b13cd677c38ec7",
    "settings": {
      "fd_thres": 0.2,
      "testing": false
    },
    "software": "mriqc",
    "version": "23.0.1",
    "webapi_port": null,
    "webapi_url": "https://mriqc.nimh.nih.gov/api/v1"
  },
  "size_t": 929,
  "size_x": 64,
  "size_y": 64,
  "size_z": 38,
  "snr": 2.65344409745523,
  "spacing_tr": 2.0,
  "spacing_x": 3.5,
  "spacing_y": 3.5,
  "spacing_z": 3.8499999046325684,
  "summary_bg_k": 35.33493315857453,
  "summary_bg_mad": 7.259804414148576,
  "summary_bg_mean": 64.61795043945312,
  "summary_bg_median": 33.119483947753906,
  "summary_bg_n": 100963.0,
  "summary_bg_p05": 25.81916046142578,
  "summary_bg_p95": 246.64250793457023,
  "summary_bg_stdv": 94.88676452636719,
  "summary_fg_k": 0.9278388773278521,
  "summary_fg_mad": 285.61231370676376,
  "summary_fg_mean": 836.1857299804688,
  "summary_fg_median": 790.0,
  "summary_fg_n": 21753.0,
  "summary_fg_p05": 435.4910522460938,
  "summary_fg_p95": 1390.2553222656247,
  "summary_fg_stdv": 297.71942138671875,
  "tsnr": 50.563621915876865
}