{
  "aor": 0.0023654895104895106,
  "aqi": 0.0019343145314685314,
  "bids_meta": {
    "AcquisitionMatrixPE": 64,
    "AcquisitionNumber": 1,
    "AcquisitionTime": "11:06:12.720000",
    "BandwidthPerPixelPhaseEncode": 63.776,
    "BaseResolution": 64,
    "BodyPartExamined": "BRAIN",
    "CoilString": "HC1-7;NC1_2",
    "ConsistencyInfo": "N4_VE11C_LATEST_20160120",
    "ConversionSoftware": "dcm2niix",
    "ConversionSoftwareVersion": "v1.0.20190410  GCC6.3.0",
    "DerivedVendorReportedEchoSpacing": 0.000489996,
    "DeviceSerialNumber": "167045",
    "DwellTime": 3e-06,
    "EchoTime": 0.029,
    "EchoTrainLength": 31,
    "EffectiveEchoSpacing": 0.000244998,
    "FlipAngle": 90,
    "ImageOrientationPatientDICOM": [
      1,
      -4.86248e-05,
      -0.00044739,
      2.56524e-08,
      0.994152,
      -0.107993
    ],
    "ImageType": [
      "ORIGINAL",
      "PRIMARY",
      "M",
      "ND",
      "MOSAIC"
    ],
    "ImagingFrequency": 123.26,
    "InPlanePhaseEncodingDirectionDICOM": "COL",
    "InstitutionAddress": "De_Pintelaan_185_Gent_District_BE_9000",
    "InstitutionName": "Experimental_Psychology",
    "InstitutionalDepartmentName": "Department",
    "MRAcquisitionType": "2D",
    "MagneticFieldStrength": 3,
    "Manufacturer": "Siemens",
    "ManufacturersModelName": "Prisma_fit",
    "Modality": "MR",
    "ParallelReductionFactorInPlane": 2,
    "PartialFourier": 1,
    "PatientPosition": "HFS",
    "PercentPhaseFOV": 100,
    "PhaseEncodingDirection": "j-",
    "PhaseEncodingSteps": 63,
    "PhaseResolution": 1,
    "PixelBandwidth": 2605,
    "ProcedureStepDescription": "MR_hersenen_(structuur_alleen)",
    "ProtocolName": "ep2d_1_back",
    "PulseSequenceDetails": "%SiemensSeq%_ep2d_bold",
    "ReceiveCoilActiveElements": "HC1-7;NC1,2",
    "ReceiveCoilName": "HeadNeck_64",
    "ReconMatrixPE": 64,
    "RefLinesPE": 24,
    "RepetitionTime": 2,
    "SAR": 0.133472,
    "ScanOptions": "FS",
    "ScanningSequence": "EP",
    "SequenceName": "_epfid2d1_64",
    "SequenceVariant": "SK",
    "SeriesDescription": "ep2d_1_back",
    "SeriesNumber": 6,
    "ShimSetting": [
      5142,
      -7525,
      -7714,
      546,
      -99,
      12,
      217,
      -14
    ],
    "SliceThickness": 3.5,
    "SliceTiming": [
      0.99,
      0,
      1.04,
      0.05,
      1.0925,
      0.1025,
      1.145,
      0.155,
      1.1975,
      0.2075,
      1.25,
      0.26,
      1.3025,
      0.3125,
      1.3525,
      0.3625,
      1.405,
      0.415,
      1.4575,
      0.4675,
      1.51,
      0.52,
      1.5625,
      0.5725,
      1.615,
      0.625,
      1.665,
      0.675,
      1.7175,
      0.7275,
      1.77,
      0.78,
      1.8225,
      0.8325,
      1.875,
      0.885,
      1.9275,
      0.9375
    ],
    "SoftwareVersions": "syngo_MR_E11",
    "SpacingBetweenSlices": 3.85,
    "StationName": "AWP167045",
    "TaskName": "1back",
    "TotalReadoutTime": 0.0154349,
    "TxRefAmp": 249.217,
    "dataset": "ds002938",
    "modality": "bold",
    "subject_id": "13",
    "task_id": "1back"
  },
  "dummy_trs": 0,
  "dvars_nstd": 18.952798933649117,
  "dvars_std": 1.1337825082105262,
  "dvars_vstd": 1.0197050620000006,
  "efc": 0.5003795483077796,
  "fber": 565.802978515625,
  "fd_mean": 0.07657779979503022,
  "fd_num": 9,
  "fd_perc": 3.1468531468531467,
  "fwhm_avg": 2.630773701839704,
  "fwhm_x": 2.3808285714285717,
  "fwhm_y": 2.8245314285714285,
  "fwhm_z": 2.6869611055191114,
  "gcor": 0.0230651,
  "gsr_x": 0.003030352061614394,
  "gsr_y": 0.04418044164776802,
  "provenance": {
    "md5sum": "ebbb859280b86f0289e987ff29c758aa",
    "settings": {
      "fd_thres": 0.2,
      "testing": false
    },
    "software": "mriqc",
    "version": "23.0.1",
    "webapi_port": null,
    "webapi_url": "https://mriqc.nimh.nih.gov/api/v1"
  },
  "size_t": 286,
  "size_x": 64,
  "size_y": 64,
  "size_z": 38,
  "snr": 2.653057524457675,
  "spacing_tr": 2.0,
  "spacing_x": 3.5,
  "spacing_y": 3.5,
  "spacing_z": 3.8499999046325684,
  "summary_bg_k": 34.17711971520568,
  "summary_bg_mad": 7.0708679860307955,
  "summary_bg_mean": 65.45853424072266,
  "summary_bg_median": 33.00349426269531,
  "summary_bg_n": 101000.0,
  "summary_bg_p05": 26.139860153198242,
  "summary_bg_p95": 254.87482910156234,
  "summary_bg_stdv": 97.55266571044922,
  "summary_fg_k": 1.004382532842219,
  "summary_fg_mad": 284.61297791574407,
  "summary_fg_mean": 834.555419921875,
  "summary_fg_median": 788.7587280273438,
  "summary_fg_n": 21768.0,
  "summary_fg_p05": 436.2522598266602,
  "summary_fg_p95": 1386.9141479492184,
  "summary_fg_stdv": 297.2949523925781,
  "tsnr": 76.67560154478997
}