{
  "bids_meta": {
    "AcquisitionMatrixPE": 256,
    "AcquisitionNumber": 1,
    "AcquisitionTime": "15:29:6.690000",
    "BaseResolution": 256,
    "BodyPartExamined": "BRAIN",
    "ConsistencyInfo": "N4_VE11C_LATEST_20160120",
    "ConversionSoftware": "dcm2niix",
    "ConversionSoftwareVersion": "v1.0.20190410  GCC6.3.0",
    "DeviceSerialNumber": "167045",
    "DwellTime": 1.3e-05,
    "EchoTime": 0.00418,
    "FlipAngle": 9,
    "ImageOrientationPatientDICOM": [
      0.0122132,
      0.999925,
      2.49797e-08,
      0.00521581,
      -6.36813e-05,
      -0.999986
    ],
    "ImageType": [
      "ORIGINAL",
      "PRIMARY",
      "M",
      "ND",
      "NORM"
    ],
    "ImagingFrequency": 123.26,
    "InPlanePhaseEncodingDirectionDICOM": "ROW",
    "InstitutionAddress": "De_Pintelaan_185_Gent_District_BE_9000",
    "InstitutionName": "UGent",
    "InstitutionalDepartmentName": "Department",
    "InversionTime": 0.9,
    "MRAcquisitionType": "3D",
    "MagneticFieldStrength": 3,
    "Manufacturer": "Siemens",
    "ManufacturersModelName": "Prisma_fit",
    "Modality": "MR",
    "PartialFourier": 1,
    "PatientPosition": "HFS",
    "PercentPhaseFOV": 100,
    "PhaseEncodingSteps": 255,
    "PhaseResolution": 1,
    "PixelBandwidth": 150,
    "ProcedureStepDescription": "MR_hersenen_(structuur_alleen)",
    "ProtocolName": "T1_mprage",
    "PulseSequenceDetails": "%SiemensSeq%_tfl",
    "ReceiveCoilActiveElements": "HC1-7;NC1",
    "ReceiveCoilName": "HeadNeck_64",
    "ReconMatrixPE": 256,
    "RefLinesPE": 24,
    "RepetitionTime": 2.25,
    "SAR": 0.0461413,
    "ScanOptions": "IR",
    "ScanningSequence": "GR_IR",
    "SequenceName": "_tfl3d1_16ns",
    "SequenceVariant": "SK_SP_MP",
    "SeriesDescription": "T1_mprage",
    "SeriesNumber": 2,
    "ShimSetting": [
      5159,
      -7504,
      -7964,
      40,
      -67,
      39,
      -5,
      -10
    ],
    "SliceThickness": 1,
    "SoftwareVersions": "syngo_MR_E11",
    "StationName": "AWP167045",
    "TxRefAmp": 232.875,
    "dataset": "ds002938",
    "modality": "T1w",
    "subject_id": "29"
  },
  "cjv": 0.3521417561239298,
  "cnr": 3.7190468369949703,
  "efc": 0.5376950912832763,
  "fber": -1.0,
  "fwhm_avg": 3.9179,
  "fwhm_x": 4.03853,
  "fwhm_y": 4.04711,
  "fwhm_z": 3.66806,
  "icvs_csf": 0.23743139905199817,
  "icvs_gm": 0.4310332396021614,
  "icvs_wm": 0.33153536134584044,
  "inu_med": 0.5379971265792847,
  "inu_range": 0.24075770378112793,
  "provenance": {
    "md5sum": "cae25eeacf23c00593f1aa13d3483528",
    "settings": {
      "testing": false
    },
    "software": "mriqc",
    "version": "23.0.1",
    "warnings": {
      "large_rot_frame": true,
      "small_air_mask": false
    },
    "webapi_port": null,
    "webapi_url": "https://mriqc.nimh.nih.gov/api/v1"
  },
  "qi_1": 4.997021592313118e-05,
  "qi_2": 0.014503052038545027,
  "rpve_csf": 23.444323260268142,
  "rpve_gm": 13.106110342509742,
  "rpve_wm": 19.409431713123663,
  "size_x": 176,
  "size_y": 256,
  "size_z": 256,
  "snr_csf": 2.033112631417657,
  "snr_gm": 10.323818786540384,
  "snr_total": 12.144451631075333,
  "snr_wm": 24.07642347526795,
  "snrd_csf": 26.47372412273125,
  "snrd_gm": 78.89270818491305,
  "snrd_total": 72.54725221949104,
  "snrd_wm": 112.27532435082881,
  "spacing_x": 1.0,
  "spacing_y": 1.0,
  "spacing_z": 1.0,
  "summary_bg_k": 16.480488595390906,
  "summary_bg_mad": 0.0,
  "summary_bg_mean": 3.26524948596534,
  "summary_bg_median": 0.0,
  "summary_bg_n": 3062565.0,
  "summary_bg_p05": 0.0,
  "summary_bg_p95": 14.432062212377787,
  "summary_bg_stdv": 5.835088097318841,
  "summary_csf_k": 0.5012519899071828,
  "summary_csf_mad": 116.32377913068942,
  "summary_csf_mean": 238.82354203244944,
  "summary_csf_median": 235.7929013259709,
  "summary_csf_n": 51499.0,
  "summary_csf_p05": 59.593688065931204,
  "summary_csf_p95": 439.6103055823594,
  "summary_csf_stdv": 115.97518424472281,
  "summary_gm_k": 0.1895459351135247,
  "summary_gm_mad": 65.55078422560905,
  "summary_gm_mean": 701.8684509021696,
  "summary_gm_median": 702.6718443594873,
  "summary_gm_n": 30490.0,
  "summary_gm_p05": 588.1809450674803,
  "summary_gm_p95": 812.9559878675267,
  "summary_gm_stdv": 68.06205492414308,
  "summary_wm_k": 0.6458232651219613,
  "summary_wm_mad": 39.15087934570623,
  "summary_wm_mean": 999.2474323556644,
  "summary_wm_median": 1000.0000133439898,
  "summary_wm_n": 172023.0,
  "summary_wm_p05": 929.6739931628108,
  "summary_wm_p95": 1065.2730812877417,
  "summary_wm_stdv": 41.534288004980574,
  "tpm_overlap_csf": 0.15839476337950378,
  "tpm_overlap_gm": 0.47053583123043646,
  "tpm_overlap_wm": 0.5185975143402746,
  "wm2max": 0.6010984494784346
}