{
  "aor": 0.005459032967032967,
  "aqi": 0.005390793571428572,
  "bids_meta": {
    "AcquisitionMatrixPE": 64,
    "AcquisitionNumber": 1,
    "AcquisitionTime": "10:36:45.795000",
    "BandwidthPerPixelPhaseEncode": 63.776,
    "BaseResolution": 64,
    "BodyPartExamined": "BRAIN",
    "CoilString": "HC1-7;NC1_2",
    "ConsistencyInfo": "N4_VE11C_LATEST_20160120",
    "ConversionSoftware": "dcm2niix",
    "ConversionSoftwareVersion": "v1.0.20190410  GCC6.3.0",
    "DerivedVendorReportedEchoSpacing": 0.000489996,
    "DeviceSerialNumber": "167045",
    "DwellTime": 3e-06,
    "EchoTime": 0.029,
    "EchoTrainLength": 31,
    "EffectiveEchoSpacing": 0.000244998,
    "FlipAngle": 90,
    "ImageOrientationPatientDICOM": [
      1,
      0,
      0,
      0,
      0.993171,
      -0.116671
    ],
    "ImageType": [
      "ORIGINAL",
      "PRIMARY",
      "M",
      "ND",
      "MOSAIC"
    ],
    "ImagingFrequency": 123.26,
    "InPlanePhaseEncodingDirectionDICOM": "COL",
    "InstitutionAddress": "De_Pintelaan_185_Gent_District_BE_9000",
    "InstitutionName": "Experimental_Psychology",
    "InstitutionalDepartmentName": "Department",
    "MRAcquisitionType": "2D",
    "MagneticFieldStrength": 3,
    "Manufacturer": "Siemens",
    "ManufacturersModelName": "Prisma_fit",
    "Modality": "MR",
    "ParallelReductionFactorInPlane": 2,
    "PartialFourier": 1,
    "PatientPosition": "HFS",
    "PercentPhaseFOV": 100,
    "PhaseEncodingDirection": "j-",
    "PhaseEncodingSteps": 63,
    "PhaseResolution": 1,
    "PixelBandwidth": 2605,
    "ProcedureStepDescription": "MR_hersenen_(structuur_alleen)",
    "ProtocolName": "ep2d_main_effort",
    "PulseSequenceDetails": "%SiemensSeq%_ep2d_bold",
    "ReceiveCoilActiveElements": "HC1-7;NC1,2",
    "ReceiveCoilName": "HeadNeck_64",
    "ReconMatrixPE": 64,
    "RefLinesPE": 24,
    "RepetitionTime": 2,
    "SAR": 0.105221,
    "ScanOptions": "FS",
    "ScanningSequence": "EP",
    "SequenceName": "_epfid2d1_64",
    "SequenceVariant": "SK",
    "SeriesDescription": "ep2d_main_effort",
    "SeriesNumber": 5,
    "ShimSetting": [
      5146,
      -7474,
      -7776,
      350,
      -117,
      52,
      -28,
      11
    ],
    "SliceThickness": 3.5,
    "SliceTiming": [
      0.99,
      0,
      1.04,
      0.05,
      1.0925,
      0.1025,
      1.145,
      0.155,
      1.1975,
      0.2075,
      1.25,
      0.26,
      1.3025,
      0.3125,
      1.3525,
      0.365,
      1.405,
      0.415,
      1.4575,
      0.4675,
      1.51,
      0.52,
      1.5625,
      0.5725,
      1.615,
      0.625,
      1.6675,
      0.6775,
      1.7175,
      0.7275,
      1.77,
      0.78,
      1.8225,
      0.8325,
      1.875,
      0.885,
      1.9275,
      0.9375
    ],
    "SoftwareVersions": "syngo_MR_E11",
    "SpacingBetweenSlices": 3.85,
    "StationName": "AWP167045",
    "TaskName": "effort",
    "TotalReadoutTime": 0.0154349,
    "TxRefAmp": 230.835,
    "dataset": "ds002938",
    "modality": "bold",
    "subject_id": "23",
    "task_id": "effort"
  },
  "dummy_trs": 0,
  "dvars_nstd": 19.857856868107817,
  "dvars_std": 1.1236918077777778,
  "dvars_vstd": 1.0347257693399345,
  "efc": 0.4963011651485999,
  "fber": 559.48095703125,
  "fd_mean": 0.10686284253367978,
  "fd_num": 75,
  "fd_perc": 8.241758241758241,
  "fwhm_avg": 2.596379621390485,
  "fwhm_x": 2.474177142857143,
  "fwhm_y": 2.707922857142857,
  "fwhm_z": 2.6070388641714546,
  "gcor": 0.0238965,
  "gsr_x": 0.015080386772751808,
  "gsr_y": 0.020935455337166786,
  "provenance": {
    "md5sum": "68ea8f72b6496e13a708a2683ed6be1e",
    "settings": {
      "fd_thres": 0.2,
      "testing": false
    },
    "software": "mriqc",
    "version": "23.0.1",
    "webapi_port": null,
    "webapi_url": "https://mriqc.nimh.nih.gov/api/v1"
  },
  "size_t": 910,
  "size_x": 64,
  "size_y": 64,
  "size_z": 38,
  "snr": 2.712854157937143,
  "spacing_tr": 2.0,
  "spacing_x": 3.5,
  "spacing_y": 3.5,
  "spacing_z": 3.8500001430511475,
  "summary_bg_k": 52.97277667436313,
  "summary_bg_mad": 8.348188865180973,
  "summary_bg_mean": 57.149024963378906,
  "summary_bg_median": 32.84725570678711,
  "summary_bg_n": 100117.0,
  "summary_bg_p05": 24.15912208557129,
  "summary_bg_p95": 172.50660705566403,
  "summary_bg_stdv": 78.84840393066406,
  "summary_fg_k": 0.46325229423943615,
  "summary_fg_mad": 289.0691549756317,
  "summary_fg_mean": 838.4093627929688,
  "summary_fg_median": 791.3522338867188,
  "summary_fg_n": 22054.0,
  "summary_fg_p05": 442.08019561767577,
  "summary_fg_p95": 1375.7741760253905,
  "summary_fg_stdv": 291.69805908203125,
  "tsnr": 50.23890384705737
}