{
  "bids_meta": {
    "AcquisitionMatrixPE": 256,
    "AcquisitionNumber": 1,
    "AcquisitionTime": "10:27:9.360000",
    "BaseResolution": 256,
    "BodyPartExamined": "BRAIN",
    "CoilString": "HC1-7;NC1_2",
    "ConsistencyInfo": "N4_VE11C_LATEST_20160120",
    "ConversionSoftware": "dcm2niix",
    "ConversionSoftwareVersion": "v1.0.20190410  GCC6.3.0",
    "DeviceSerialNumber": "167045",
    "DwellTime": 1.3e-05,
    "EchoTime": 0.00418,
    "FlipAngle": 9,
    "ImageOrientationPatientDICOM": [
      -0.0348956,
      0.999391,
      1.77454e-08,
      0.0191517,
      0.000668733,
      -0.999816
    ],
    "ImageType": [
      "ORIGINAL",
      "PRIMARY",
      "M",
      "ND",
      "NORM"
    ],
    "ImagingFrequency": 123.26,
    "InPlanePhaseEncodingDirectionDICOM": "ROW",
    "InstitutionAddress": "De_Pintelaan_185_Gent_District_BE_9000",
    "InstitutionName": "Experimental_Psychology",
    "InstitutionalDepartmentName": "Department",
    "InversionTime": 0.9,
    "MRAcquisitionType": "3D",
    "MagneticFieldStrength": 3,
    "Manufacturer": "Siemens",
    "ManufacturersModelName": "Prisma_fit",
    "Modality": "MR",
    "PartialFourier": 1,
    "PatientPosition": "HFS",
    "PercentPhaseFOV": 100,
    "PhaseEncodingSteps": 255,
    "PhaseResolution": 1,
    "PixelBandwidth": 150,
    "ProcedureStepDescription": "MR_hersenen_(structuur_alleen)",
    "ProtocolName": "T1_mprage",
    "PulseSequenceDetails": "%SiemensSeq%_tfl",
    "ReceiveCoilActiveElements": "HC1-7;NC1,2",
    "ReceiveCoilName": "HeadNeck_64",
    "ReconMatrixPE": 256,
    "RefLinesPE": 24,
    "RepetitionTime": 2.25,
    "SAR": 0.050535,
    "ScanOptions": "IR",
    "ScanningSequence": "GR_IR",
    "SequenceName": "_tfl3d1_16ns",
    "SequenceVariant": "SK_SP_MP",
    "SeriesDescription": "T1_mprage",
    "SeriesNumber": 2,
    "ShimSetting": [
      5159,
      -7504,
      -7964,
      40,
      -67,
      39,
      -5,
      -10
    ],
    "SliceThickness": 1,
    "SoftwareVersions": "syngo_MR_E11",
    "StationName": "AWP167045",
    "TxRefAmp": 230.835,
    "dataset": "ds002938",
    "modality": "T1w",
    "subject_id": "23"
  },
  "cjv": 0.3101832785914584,
  "cnr": 4.210471874385725,
  "efc": 0.545449351426127,
  "fber": -1.0,
  "fwhm_avg": 4.029683333333334,
  "fwhm_x": 4.18707,
  "fwhm_y": 4.17423,
  "fwhm_z": 3.72775,
  "icvs_csf": 0.21246433294193706,
  "icvs_gm": 0.4272862808844596,
  "icvs_wm": 0.36024938617360336,
  "inu_med": 0.4995279461145401,
  "inu_range": 0.22533132284879676,
  "provenance": {
    "md5sum": "7e561c79b32ae777d9e85bf2f0570c90",
    "settings": {
      "testing": false
    },
    "software": "mriqc",
    "version": "23.0.1",
    "warnings": {
      "large_rot_frame": true,
      "small_air_mask": false
    },
    "webapi_port": null,
    "webapi_url": "https://mriqc.nimh.nih.gov/api/v1"
  },
  "qi_1": 1.051183728440381e-05,
  "qi_2": 0.015888098510445845,
  "rpve_csf": 23.71017231174228,
  "rpve_gm": 12.272287447406917,
  "rpve_wm": 16.763167016968044,
  "size_x": 176,
  "size_y": 256,
  "size_z": 256,
  "snr_csf": 2.1281433022482235,
  "snr_gm": 11.355433619358653,
  "snr_total": 13.096412622762756,
  "snr_wm": 25.805660946681392,
  "snrd_csf": 29.50612318930532,
  "snrd_gm": 83.4388502280898,
  "snrd_total": 77.70507160912655,
  "snrd_wm": 120.17024140998451,
  "spacing_x": 1.0,
  "spacing_y": 1.0,
  "spacing_z": 1.0,
  "summary_bg_k": 13.400507700753337,
  "summary_bg_mad": 0.0,
  "summary_bg_mean": 2.9570160995422765,
  "summary_bg_median": 0.0,
  "summary_bg_n": 2913180.0,
  "summary_bg_p05": 0.0,
  "summary_bg_p95": 13.841788470745087,
  "summary_bg_stdv": 5.45173578416269,
  "summary_csf_k": 0.37360776764068104,
  "summary_csf_mad": 120.74553081209969,
  "summary_csf_mean": 247.5807181514631,
  "summary_csf_median": 245.5360252354294,
  "summary_csf_n": 49420.0,
  "summary_csf_p05": 77.02955283969641,
  "summary_csf_p95": 448.16423643510774,
  "summary_csf_stdv": 115.3745336541824,
  "summary_gm_k": 0.384313635904014,
  "summary_gm_mad": 57.56383495694746,
  "summary_gm_mean": 695.1009749906929,
  "summary_gm_median": 694.3387141637504,
  "summary_gm_n": 41563.0,
  "summary_gm_p05": 595.7159713096917,
  "summary_gm_p95": 797.629600179568,
  "summary_gm_stdv": 61.145208940622645,
  "summary_wm_k": 0.41448778224949345,
  "summary_wm_mad": 37.24718732508365,
  "summary_wm_mean": 999.6182522230565,
  "summary_wm_median": 1000.0000080689788,
  "summary_wm_n": 230798.0,
  "summary_wm_p05": 935.4972737953067,
  "summary_wm_p95": 1062.184242773801,
  "summary_wm_stdv": 38.75110363327567,
  "tpm_overlap_csf": 0.17442222994033893,
  "tpm_overlap_gm": 0.4826076104095181,
  "tpm_overlap_wm": 0.5285939707716464,
  "wm2max": 0.577963872357912
}