{
  "aor": 0.0003222799097065463,
  "aqi": 0.004306006480812641,
  "bids_meta": {
    "AcquisitionMatrixPE": 64,
    "AcquisitionNumber": 1,
    "AcquisitionTime": "18:01:54.317500",
    "BandwidthPerPixelPhaseEncode": 63.776,
    "BaseResolution": 64,
    "BodyPartExamined": "BRAIN",
    "CoilString": "HC1-7;NC1_2",
    "ConsistencyInfo": "N4_VE11C_LATEST_20160120",
    "ConversionSoftware": "dcm2niix",
    "ConversionSoftwareVersion": "v1.0.20190410  GCC6.3.0",
    "DerivedVendorReportedEchoSpacing": 0.000489996,
    "DeviceSerialNumber": "167045",
    "DwellTime": 3e-06,
    "EchoTime": 0.029,
    "EchoTrainLength": 31,
    "EffectiveEchoSpacing": 0.000244998,
    "FlipAngle": 90,
    "ImageOrientationPatientDICOM": [
      0.99944,
      -0.000178293,
      -0.0334529,
      -0.00348878,
      0.993978,
      -0.109529
    ],
    "ImageType": [
      "ORIGINAL",
      "PRIMARY",
      "M",
      "ND",
      "MOSAIC"
    ],
    "ImagingFrequency": 123.26,
    "InPlanePhaseEncodingDirectionDICOM": "COL",
    "InstitutionAddress": "De_Pintelaan_185_Gent_District_BE_9000",
    "InstitutionName": "Experimental_Psychology",
    "InstitutionalDepartmentName": "Department",
    "MRAcquisitionType": "2D",
    "MagneticFieldStrength": 3,
    "Manufacturer": "Siemens",
    "ManufacturersModelName": "Prisma_fit",
    "Modality": "MR",
    "ParallelReductionFactorInPlane": 2,
    "PartialFourier": 1,
    "PatientPosition": "HFS",
    "PercentPhaseFOV": 100,
    "PhaseEncodingDirection": "j-",
    "PhaseEncodingSteps": 63,
    "PhaseResolution": 1,
    "PixelBandwidth": 2605,
    "ProcedureStepDescription": "MR_hersenen_(structuur_alleen)",
    "ProtocolName": "ep2d_main_effort",
    "PulseSequenceDetails": "%SiemensSeq%_ep2d_bold",
    "ReceiveCoilActiveElements": "HC1-7;NC1,2",
    "ReceiveCoilName": "HeadNeck_64",
    "ReconMatrixPE": 64,
    "RefLinesPE": 24,
    "RepetitionTime": 2,
    "SAR": 0.0813855,
    "ScanOptions": "FS",
    "ScanningSequence": "EP",
    "SequenceName": "_epfid2d1_64",
    "SequenceVariant": "SK",
    "SeriesDescription": "ep2d_main_effort",
    "SeriesNumber": 5,
    "ShimSetting": [
      5121,
      -7447,
      -7803,
      244,
      -181,
      -79,
      -96,
      10
    ],
    "SliceThickness": 3.5,
    "SliceTiming": [
      0.99,
      0,
      1.0425,
      0.0525,
      1.095,
      0.105,
      1.1475,
      0.1575,
      1.1975,
      0.2075,
      1.25,
      0.26,
      1.3025,
      0.3125,
      1.355,
      0.365,
      1.4075,
      0.4175,
      1.46,
      0.47,
      1.51,
      0.5225,
      1.5625,
      0.5725,
      1.615,
      0.625,
      1.6675,
      0.6775,
      1.72,
      0.73,
      1.7725,
      0.7825,
      1.825,
      0.835,
      1.875,
      0.885,
      1.9275,
      0.9375
    ],
    "SoftwareVersions": "syngo_MR_E11",
    "SpacingBetweenSlices": 3.85,
    "StationName": "AWP167045",
    "TaskName": "effort",
    "TotalReadoutTime": 0.0154349,
    "TxRefAmp": 207.471,
    "dataset": "ds002938",
    "modality": "bold",
    "subject_id": "20",
    "task_id": "effort"
  },
  "dummy_trs": 0,
  "dvars_nstd": 17.359144129129945,
  "dvars_std": 1.018773878372881,
  "dvars_vstd": 0.9316672871073428,
  "efc": 0.4506919300687404,
  "fber": 712.6290893554688,
  "fd_mean": 0.05969917646607967,
  "fd_num": 3,
  "fd_perc": 0.33860045146726864,
  "fwhm_avg": 2.67166619991329,
  "fwhm_x": 2.5580857142857143,
  "fwhm_y": 2.723614285714286,
  "fwhm_z": 2.7332985997398698,
  "gcor": 0.0287833,
  "gsr_x": -0.017352454364299774,
  "gsr_y": 0.026854323223233223,
  "provenance": {
    "md5sum": "8793793809b5dbbabee3043f374775f3",
    "settings": {
      "fd_thres": 0.2,
      "testing": false
    },
    "software": "mriqc",
    "version": "23.0.1",
    "webapi_port": null,
    "webapi_url": "https://mriqc.nimh.nih.gov/api/v1"
  },
  "size_t": 886,
  "size_x": 64,
  "size_y": 64,
  "size_z": 38,
  "snr": 2.6423944341906553,
  "spacing_tr": 2.0,
  "spacing_x": 3.5,
  "spacing_y": 3.5,
  "spacing_z": 3.8500001430511475,
  "summary_bg_k": 45.28753394056696,
  "summary_bg_mad": 4.899616198468537,
  "summary_bg_mean": 47.92143630981445,
  "summary_bg_median": 29.5,
  "summary_bg_n": 107759.0,
  "summary_bg_p05": 24.812641143798828,
  "summary_bg_p95": 137.7274322509765,
  "summary_bg_stdv": 61.913780212402344,
  "summary_fg_k": 1.4761888300638129,
  "summary_fg_mad": 278.58533661473285,
  "summary_fg_mean": 844.6550903320312,
  "summary_fg_median": 794.7584838867188,
  "summary_fg_n": 17875.0,
  "summary_fg_p05": 455.3877197265625,
  "summary_fg_p95": 1417.6011596679684,
  "summary_fg_stdv": 300.763671875,
  "tsnr": 55.79410845786333
}