{
  "aor": 0.001729128919860627,
  "aqi": 0.0022943105226480836,
  "bids_meta": {
    "AcquisitionMatrixPE": 64,
    "AcquisitionNumber": 1,
    "AcquisitionTime": "11:07:35.210000",
    "BandwidthPerPixelPhaseEncode": 63.776,
    "BaseResolution": 64,
    "BodyPartExamined": "BRAIN",
    "CoilString": "HC1-7;NC1_2",
    "ConsistencyInfo": "N4_VE11C_LATEST_20160120",
    "ConversionSoftware": "dcm2niix",
    "ConversionSoftwareVersion": "v1.0.20190410  GCC6.3.0",
    "DerivedVendorReportedEchoSpacing": 0.000489996,
    "DeviceSerialNumber": "167045",
    "DwellTime": 3e-06,
    "EchoTime": 0.029,
    "EchoTrainLength": 31,
    "EffectiveEchoSpacing": 0.000244998,
    "FlipAngle": 90,
    "ImageOrientationPatientDICOM": [
      0.999387,
      -0.00383828,
      -0.0347937,
      -3.11694e-08,
      0.99397,
      -0.109651
    ],
    "ImageType": [
      "ORIGINAL",
      "PRIMARY",
      "M",
      "ND",
      "MOSAIC"
    ],
    "ImagingFrequency": 123.26,
    "InPlanePhaseEncodingDirectionDICOM": "COL",
    "InstitutionAddress": "De_Pintelaan_185_Gent_District_BE_9000",
    "InstitutionName": "Experimental_Psychology",
    "InstitutionalDepartmentName": "Department",
    "MRAcquisitionType": "2D",
    "MagneticFieldStrength": 3,
    "Manufacturer": "Siemens",
    "ManufacturersModelName": "Prisma_fit",
    "Modality": "MR",
    "ParallelReductionFactorInPlane": 2,
    "PartialFourier": 1,
    "PatientPosition": "HFS",
    "PercentPhaseFOV": 100,
    "PhaseEncodingDirection": "j-",
    "PhaseEncodingSteps": 63,
    "PhaseResolution": 1,
    "PixelBandwidth": 2605,
    "ProcedureStepDescription": "MR_hersenen_(structuur_alleen)",
    "ProtocolName": "ep2d_1_back",
    "PulseSequenceDetails": "%SiemensSeq%_ep2d_bold",
    "ReceiveCoilActiveElements": "HC1-7;NC1,2",
    "ReceiveCoilName": "HeadNeck_64",
    "ReconMatrixPE": 64,
    "RefLinesPE": 24,
    "RepetitionTime": 2,
    "SAR": 0.0923937,
    "ScanOptions": "FS",
    "ScanningSequence": "EP",
    "SequenceName": "_epfid2d1_64",
    "SequenceVariant": "SK",
    "SeriesDescription": "ep2d_1_back",
    "SeriesNumber": 6,
    "ShimSetting": [
      5130,
      -7506,
      -7730,
      364,
      -142,
      -176,
      48,
      -16
    ],
    "SliceThickness": 3.5,
    "SliceTiming": [
      0.99,
      0,
      1.0425,
      0.0525,
      1.0925,
      0.1025,
      1.145,
      0.155,
      1.1975,
      0.2075,
      1.25,
      0.26,
      1.3025,
      0.3125,
      1.355,
      0.365,
      1.405,
      0.4175,
      1.4575,
      0.4675,
      1.51,
      0.52,
      1.5625,
      0.5725,
      1.615,
      0.625,
      1.6675,
      0.6775,
      1.72,
      0.73,
      1.77,
      0.78,
      1.8225,
      0.8325,
      1.875,
      0.885,
      1.9275,
      0.9375
    ],
    "SoftwareVersions": "syngo_MR_E11",
    "SpacingBetweenSlices": 3.85,
    "StationName": "AWP167045",
    "TaskName": "1back",
    "TotalReadoutTime": 0.0154349,
    "TxRefAmp": 242.477,
    "dataset": "ds002938",
    "modality": "bold",
    "subject_id": "06",
    "task_id": "1back"
  },
  "dummy_trs": 0,
  "dvars_nstd": 21.924616773636366,
  "dvars_std": 1.1712776546153851,
  "dvars_vstd": 1.0092320541608397,
  "efc": 0.475249239914399,
  "fber": 541.5371704101562,
  "fd_mean": 0.08995731412129618,
  "fd_num": 3,
  "fd_perc": 1.0452961672473868,
  "fwhm_avg": 2.4995711028594987,
  "fwhm_x": 2.4004371428571427,
  "fwhm_y": 2.60238,
  "fwhm_z": 2.4958961657213523,
  "gcor": 0.025425,
  "gsr_x": -0.0076281847432255745,
  "gsr_y": 0.022131526842713356,
  "provenance": {
    "md5sum": "d25ef9becaee79bf932becccee259634",
    "settings": {
      "fd_thres": 0.2,
      "testing": false
    },
    "software": "mriqc",
    "version": "23.0.1",
    "webapi_port": null,
    "webapi_url": "https://mriqc.nimh.nih.gov/api/v1"
  },
  "size_t": 287,
  "size_x": 64,
  "size_y": 64,
  "size_z": 38,
  "snr": 2.909333491589832,
  "spacing_tr": 2.0,
  "spacing_x": 3.5,
  "spacing_y": 3.5,
  "spacing_z": 3.8499999046325684,
  "summary_bg_k": 32.58601140490741,
  "summary_bg_mad": 5.765101871216351,
  "summary_bg_mean": 50.48516845703125,
  "summary_bg_median": 31.5958194732666,
  "summary_bg_n": 106323.0,
  "summary_bg_p05": 26.006969451904297,
  "summary_bg_p95": 145.0724700927734,
  "summary_bg_stdv": 60.52091598510742,
  "summary_fg_k": 0.3408051407981154,
  "summary_fg_mad": 249.3871038978072,
  "summary_fg_mean": 772.4010620117188,
  "summary_fg_median": 736.087158203125,
  "summary_fg_n": 18722.0,
  "summary_fg_p05": 418.65784759521483,
  "summary_fg_p95": 1235.2092590332034,
  "summary_fg_stdv": 253.00210571289062,
  "tsnr": 66.77287820796482
}