{
  "bids_meta": {
    "AcquisitionMatrixPE": 256,
    "AcquisitionNumber": 1,
    "AcquisitionTime": "10:23:43.642500",
    "BaseResolution": 256,
    "BodyPartExamined": "BRAIN",
    "ConsistencyInfo": "N4_VE11C_LATEST_20160120",
    "ConversionSoftware": "dcm2niix",
    "ConversionSoftwareVersion": "v1.0.20190410  GCC6.3.0",
    "DeviceSerialNumber": "167045",
    "DwellTime": 1.3e-05,
    "EchoTime": 0.00418,
    "FlipAngle": 9,
    "ImageOrientationPatientDICOM": [
      0.027919,
      0.99961,
      1.01522e-10,
      0.00869974,
      -0.000242982,
      -0.999962
    ],
    "ImageType": [
      "ORIGINAL",
      "PRIMARY",
      "M",
      "ND",
      "NORM"
    ],
    "ImagingFrequency": 123.26,
    "InPlanePhaseEncodingDirectionDICOM": "ROW",
    "InstitutionAddress": "De_Pintelaan_185_Gent_District_BE_9000",
    "InstitutionName": "Experimental_Psychology",
    "InstitutionalDepartmentName": "Department",
    "InversionTime": 0.9,
    "MRAcquisitionType": "3D",
    "MagneticFieldStrength": 3,
    "Manufacturer": "Siemens",
    "ManufacturersModelName": "Prisma_fit",
    "Modality": "MR",
    "PartialFourier": 1,
    "PatientPosition": "HFS",
    "PercentPhaseFOV": 100,
    "PhaseEncodingSteps": 255,
    "PhaseResolution": 1,
    "PixelBandwidth": 150,
    "ProcedureStepDescription": "MR_hersenen_(structuur_alleen)",
    "ProtocolName": "T1_mprage",
    "PulseSequenceDetails": "%SiemensSeq%_tfl",
    "ReceiveCoilActiveElements": "HC1-7;NC1",
    "ReceiveCoilName": "HeadNeck_64",
    "ReconMatrixPE": 256,
    "RefLinesPE": 24,
    "RepetitionTime": 2.25,
    "SAR": 0.0641034,
    "ScanOptions": "IR",
    "ScanningSequence": "GR_IR",
    "SequenceName": "_tfl3d1_16ns",
    "SequenceVariant": "SK_SP_MP",
    "SeriesDescription": "T1_mprage",
    "SeriesNumber": 2,
    "ShimSetting": [
      5159,
      -7504,
      -7964,
      40,
      -67,
      39,
      -5,
      -10
    ],
    "SliceThickness": 1,
    "SoftwareVersions": "syngo_MR_E11",
    "StationName": "AWP167045",
    "TxRefAmp": 249.217,
    "dataset": "ds002938",
    "modality": "T1w",
    "subject_id": "13"
  },
  "cjv": 0.34993890551135454,
  "cnr": 3.7593641914282925,
  "efc": 0.546327368844139,
  "fber": -1.0,
  "fwhm_avg": 3.8637533333333334,
  "fwhm_x": 3.98147,
  "fwhm_y": 4.00512,
  "fwhm_z": 3.60467,
  "icvs_csf": 0.21905943925712718,
  "icvs_gm": 0.43425122417505296,
  "icvs_wm": 0.34668933656781986,
  "inu_med": 0.5421947240829468,
  "inu_range": 0.2628321349620819,
  "provenance": {
    "md5sum": "44d9e393d89b0fe7bd9e1d8c9e41f01b",
    "settings": {
      "testing": false
    },
    "software": "mriqc",
    "version": "23.0.1",
    "warnings": {
      "large_rot_frame": true,
      "small_air_mask": false
    },
    "webapi_port": null,
    "webapi_url": "https://mriqc.nimh.nih.gov/api/v1"
  },
  "qi_1": 0.00011796522120683933,
  "qi_2": 0.008758447689526916,
  "rpve_csf": 22.60296181934126,
  "rpve_gm": 11.903352745415583,
  "rpve_wm": 17.152277719630032,
  "size_x": 176,
  "size_y": 256,
  "size_z": 256,
  "snr_csf": 2.3098425477756868,
  "snr_gm": 11.286771420940612,
  "snr_total": 12.309729719744224,
  "snr_wm": 23.33257519051637,
  "snrd_csf": 30.156993411542118,
  "snrd_gm": 77.00971437268744,
  "snrd_total": 71.75986542320743,
  "snrd_wm": 108.11288848539276,
  "spacing_x": 1.0,
  "spacing_y": 1.0,
  "spacing_z": 1.0,
  "summary_bg_k": 17.33255668570424,
  "summary_bg_mad": 0.0,
  "summary_bg_mean": 2.9815985885731555,
  "summary_bg_median": 0.0,
  "summary_bg_n": 3392494.0,
  "summary_bg_p05": 0.0,
  "summary_bg_p95": 14.027682974934578,
  "summary_bg_stdv": 6.0597437582535285,
  "summary_csf_k": 1.582115453592321,
  "summary_csf_mad": 110.8201678895081,
  "summary_csf_mean": 284.9757579068025,
  "summary_csf_median": 278.93985526263714,
  "summary_csf_n": 38940.0,
  "summary_csf_p05": 93.56961099430919,
  "summary_csf_p95": 492.76891653984785,
  "summary_csf_stdv": 120.75986471286093,
  "summary_gm_k": 0.21553191166573438,
  "summary_gm_mad": 60.64396150233409,
  "summary_gm_mean": 712.4351631124334,
  "summary_gm_median": 712.3083620369434,
  "summary_gm_n": 36755.0,
  "summary_gm_p05": 608.5283357799053,
  "summary_gm_p95": 817.9815048016608,
  "summary_gm_stdv": 63.10916075589323,
  "summary_wm_k": 0.5449972966913834,
  "summary_wm_mad": 40.03053604478806,
  "summary_wm_mean": 1000.649516948388,
  "summary_wm_median": 1000.0000018104911,
  "summary_wm_n": 208235.0,
  "summary_wm_p05": 931.2581482939422,
  "summary_wm_p95": 1071.9384291023016,
  "summary_wm_stdv": 42.85843257801748,
  "tpm_overlap_csf": 0.16233701927247243,
  "tpm_overlap_gm": 0.47052202105897317,
  "tpm_overlap_wm": 0.5125546619093588,
  "wm2max": 0.6993835735370724
}