{
  "bids_meta": {
    "AcquisitionMatrixPE": 256,
    "AcquisitionNumber": 1,
    "AcquisitionTime": "09:14:2.847500",
    "BaseResolution": 256,
    "BodyPartExamined": "BRAIN",
    "ConsistencyInfo": "N4_VE11C_LATEST_20160120",
    "ConversionSoftware": "dcm2niix",
    "ConversionSoftwareVersion": "v1.0.20190410  GCC6.3.0",
    "DeviceSerialNumber": "167045",
    "DwellTime": 1.3e-05,
    "EchoTime": 0.00418,
    "FlipAngle": 9,
    "ImageOrientationPatientDICOM": [
      0.0227569,
      0.999741,
      3.12786e-08,
      0.0749029,
      -0.00170496,
      -0.997189
    ],
    "ImageType": [
      "ORIGINAL",
      "PRIMARY",
      "M",
      "ND",
      "NORM"
    ],
    "ImagingFrequency": 123.26,
    "InPlanePhaseEncodingDirectionDICOM": "ROW",
    "InstitutionAddress": "De_Pintelaan_185_Gent_District_BE_9000",
    "InstitutionName": "Experimental_Psychology",
    "InstitutionalDepartmentName": "Department",
    "InversionTime": 0.9,
    "MRAcquisitionType": "3D",
    "MagneticFieldStrength": 3,
    "Manufacturer": "Siemens",
    "ManufacturersModelName": "Prisma_fit",
    "Modality": "MR",
    "PartialFourier": 1,
    "PatientPosition": "HFS",
    "PercentPhaseFOV": 100,
    "PhaseEncodingSteps": 255,
    "PhaseResolution": 1,
    "PixelBandwidth": 150,
    "ProcedureStepDescription": "MR_hersenen_(structuur_alleen)",
    "ProtocolName": "T1_mprage",
    "PulseSequenceDetails": "%SiemensSeq%_tfl",
    "ReceiveCoilActiveElements": "HC1-7;NC1",
    "ReceiveCoilName": "HeadNeck_64",
    "ReconMatrixPE": 256,
    "RefLinesPE": 24,
    "RepetitionTime": 2.25,
    "SAR": 0.0429254,
    "ScanOptions": "IR",
    "ScanningSequence": "GR_IR",
    "SequenceName": "_tfl3d1_16ns",
    "SequenceVariant": "SK_SP_MP",
    "SeriesDescription": "T1_mprage",
    "SeriesNumber": 2,
    "ShimSetting": [
      5159,
      -7504,
      -7964,
      40,
      -67,
      39,
      -5,
      -10
    ],
    "SliceThickness": 1,
    "SoftwareVersions": "syngo_MR_E11",
    "StationName": "AWP167045",
    "TxRefAmp": 225.397,
    "dataset": "ds002938",
    "modality": "T1w",
    "subject_id": "22"
  },
  "cjv": 0.41525398087390786,
  "cnr": 3.3255517934660777,
  "efc": 0.5474416857107575,
  "fber": -1.0,
  "fwhm_avg": 3.7867566666666668,
  "fwhm_x": 3.80105,
  "fwhm_y": 3.94527,
  "fwhm_z": 3.61395,
  "icvs_csf": 0.19045200925011654,
  "icvs_gm": 0.4274451727596747,
  "icvs_wm": 0.3821028179902088,
  "inu_med": 0.6007571816444397,
  "inu_range": 0.2999472916126251,
  "provenance": {
    "md5sum": "c40a785947c17bc8336d6dac27b7e479",
    "settings": {
      "testing": false
    },
    "software": "mriqc",
    "version": "23.0.1",
    "warnings": {
      "large_rot_frame": true,
      "small_air_mask": false
    },
    "webapi_port": null,
    "webapi_url": "https://mriqc.nimh.nih.gov/api/v1"
  },
  "qi_1": 3.231965057840632e-05,
  "qi_2": 0.011362520426799732,
  "rpve_csf": 23.99228306464793,
  "rpve_gm": 11.172743571476365,
  "rpve_wm": 14.35387919240704,
  "size_x": 176,
  "size_y": 256,
  "size_z": 256,
  "snr_csf": 2.219086923390694,
  "snr_gm": 11.260412046453139,
  "snr_total": 10.763403725906784,
  "snr_wm": 18.81071220787652,
  "snrd_csf": 25.08451901493153,
  "snrd_gm": 64.24172217341653,
  "snrd_total": 59.43667861839854,
  "snrd_wm": 88.98379466684756,
  "spacing_x": 1.0,
  "spacing_y": 1.0,
  "spacing_z": 1.0,
  "summary_bg_k": 18.57473114998687,
  "summary_bg_mad": 0.0,
  "summary_bg_mean": 3.5481264306841,
  "summary_bg_median": 0.0,
  "summary_bg_n": 3651203.0,
  "summary_bg_p05": 0.0,
  "summary_bg_p95": 18.250014565885067,
  "summary_bg_stdv": 7.363042184779665,
  "summary_csf_k": 1.3181962796294284,
  "summary_csf_mad": 114.62093308839685,
  "summary_csf_mean": 287.7160325832003,
  "summary_csf_median": 281.9235378950834,
  "summary_csf_n": 34565.0,
  "summary_csf_p05": 84.05643211863935,
  "summary_csf_p95": 505.08874668478956,
  "summary_csf_stdv": 127.04299986137833,
  "summary_gm_k": 0.16782709675349938,
  "summary_gm_mad": 62.26962711771886,
  "summary_gm_mean": 720.3447928369148,
  "summary_gm_median": 722.0092035578564,
  "summary_gm_n": 25896.0,
  "summary_gm_p05": 611.2355338577181,
  "summary_gm_p95": 823.0140771176666,
  "summary_gm_stdv": 64.11801449984193,
  "summary_wm_k": 0.1447933973692077,
  "summary_wm_mad": 53.20204062973381,
  "summary_wm_mean": 1001.8903585651358,
  "summary_wm_median": 1000.0840037185699,
  "summary_wm_n": 237532.0,
  "summary_wm_p05": 918.3228188306093,
  "summary_wm_p95": 1091.458635696489,
  "summary_wm_stdv": 53.16555202738305,
  "tpm_overlap_csf": 0.16761053796863404,
  "tpm_overlap_gm": 0.46157089726512396,
  "tpm_overlap_wm": 0.5180747176608301,
  "wm2max": 0.6627281495770886
}