{
  "aor": 0.007365709219858156,
  "aqi": 0.002426906134751773,
  "bids_meta": {
    "AcquisitionMatrixPE": 64,
    "AcquisitionNumber": 1,
    "AcquisitionTime": "09:57:46.325000",
    "BandwidthPerPixelPhaseEncode": 63.776,
    "BaseResolution": 64,
    "BodyPartExamined": "BRAIN",
    "CoilString": "HC1-7;NC1_2",
    "ConsistencyInfo": "N4_VE11C_LATEST_20160120",
    "ConversionSoftware": "dcm2niix",
    "ConversionSoftwareVersion": "v1.0.20190410  GCC6.3.0",
    "DerivedVendorReportedEchoSpacing": 0.000489996,
    "DeviceSerialNumber": "167045",
    "DwellTime": 3e-06,
    "EchoTime": 0.029,
    "EchoTrainLength": 31,
    "EffectiveEchoSpacing": 0.000244998,
    "FlipAngle": 90,
    "ImageOrientationPatientDICOM": [
      0.996397,
      0.007999,
      0.0844297,
      -1.21463e-09,
      0.995542,
      -0.0943191
    ],
    "ImageType": [
      "ORIGINAL",
      "PRIMARY",
      "M",
      "ND",
      "MOSAIC"
    ],
    "ImagingFrequency": 123.26,
    "InPlanePhaseEncodingDirectionDICOM": "COL",
    "InstitutionAddress": "De_Pintelaan_185_Gent_District_BE_9000",
    "InstitutionName": "Experimental_Psychology",
    "InstitutionalDepartmentName": "Department",
    "MRAcquisitionType": "2D",
    "MagneticFieldStrength": 3,
    "Manufacturer": "Siemens",
    "ManufacturersModelName": "Prisma_fit",
    "Modality": "MR",
    "ParallelReductionFactorInPlane": 2,
    "PartialFourier": 1,
    "PatientPosition": "HFS",
    "PercentPhaseFOV": 100,
    "PhaseEncodingDirection": "j-",
    "PhaseEncodingSteps": 63,
    "PhaseResolution": 1,
    "PixelBandwidth": 2605,
    "ProcedureStepDescription": "MR_hersenen_(structuur_alleen)",
    "ProtocolName": "ep2d_1_back",
    "PulseSequenceDetails": "%SiemensSeq%_ep2d_bold",
    "ReceiveCoilActiveElements": "HC1-7;NC1,2",
    "ReceiveCoilName": "HeadNeck_64",
    "ReconMatrixPE": 64,
    "RefLinesPE": 24,
    "RepetitionTime": 2,
    "SAR": 0.0893767,
    "ScanOptions": "FS",
    "ScanningSequence": "EP",
    "SequenceName": "_epfid2d1_64",
    "SequenceVariant": "SK",
    "SeriesDescription": "ep2d_1_back",
    "SeriesNumber": 6,
    "ShimSetting": [
      5139,
      -7479,
      -7789,
      271,
      -168,
      -68,
      69,
      -36
    ],
    "SliceThickness": 3.5,
    "SliceTiming": [
      0.99,
      0,
      1.0425,
      0.0525,
      1.095,
      0.105,
      1.1475,
      0.1575,
      1.2,
      0.21,
      1.25,
      0.26,
      1.3025,
      0.3125,
      1.355,
      0.365,
      1.4075,
      0.4175,
      1.46,
      0.47,
      1.5125,
      0.5225,
      1.5625,
      0.5725,
      1.615,
      0.625,
      1.6675,
      0.6775,
      1.72,
      0.73,
      1.7725,
      0.7825,
      1.825,
      0.835,
      1.875,
      0.8875,
      1.9275,
      0.9375
    ],
    "SoftwareVersions": "syngo_MR_E11",
    "SpacingBetweenSlices": 3.85,
    "StationName": "AWP167045",
    "TaskName": "1back",
    "TotalReadoutTime": 0.0154349,
    "TxRefAmp": 225.397,
    "dataset": "ds002938",
    "modality": "bold",
    "subject_id": "22",
    "task_id": "1back"
  },
  "dummy_trs": 3,
  "dvars_nstd": 21.867541289537378,
  "dvars_std": 1.3280335204270464,
  "dvars_vstd": 1.0758047461921714,
  "efc": 0.5123462632353202,
  "fber": 560.2817993164062,
  "fd_mean": 0.13135070937703408,
  "fd_num": 19,
  "fd_perc": 6.73758865248227,
  "fwhm_avg": 2.723558493227841,
  "fwhm_x": 2.5131971428571425,
  "fwhm_y": 2.838777142857143,
  "fwhm_z": 2.8187011939692366,
  "gcor": 0.062469,
  "gsr_x": -0.0038679149001836777,
  "gsr_y": 0.04691696912050247,
  "provenance": {
    "md5sum": "e7e5195f98fe0cd18502fa7c117e4cfe",
    "settings": {
      "fd_thres": 0.2,
      "testing": false
    },
    "software": "mriqc",
    "version": "23.0.1",
    "webapi_port": null,
    "webapi_url": "https://mriqc.nimh.nih.gov/api/v1"
  },
  "size_t": 282,
  "size_x": 64,
  "size_y": 64,
  "size_z": 38,
  "snr": 2.601850278533357,
  "spacing_tr": 2.0,
  "spacing_x": 3.5,
  "spacing_y": 3.5,
  "spacing_z": 3.8500001430511475,
  "summary_bg_k": 26.331690864158652,
  "summary_bg_mad": 6.834689674325456,
  "summary_bg_mean": 72.08028411865234,
  "summary_bg_median": 33.23049545288086,
  "summary_bg_n": 99088.0,
  "summary_bg_p05": 27.45744514465332,
  "summary_bg_p95": 299.82480621337885,
  "summary_bg_stdv": 116.06178283691406,
  "summary_fg_k": 0.36344507657179026,
  "summary_fg_mad": 307.64520880968007,
  "summary_fg_mean": 843.27294921875,
  "summary_fg_median": 798.5460815429688,
  "summary_fg_n": 23643.0,
  "summary_fg_p05": 425.03260192871096,
  "summary_fg_p95": 1403.117297363281,
  "summary_fg_stdv": 306.908203125,
  "tsnr": 74.9559604045935
}