{
  "aor": 0.0037213038548752834,
  "aqi": 0.0037624192063492063,
  "bids_meta": {
    "AcquisitionMatrixPE": 64,
    "AcquisitionNumber": 1,
    "AcquisitionTime": "09:27:19.965000",
    "BandwidthPerPixelPhaseEncode": 63.776,
    "BaseResolution": 64,
    "BodyPartExamined": "BRAIN",
    "CoilString": "HC1-7;NC1_2",
    "ConsistencyInfo": "N4_VE11C_LATEST_20160120",
    "ConversionSoftware": "dcm2niix",
    "ConversionSoftwareVersion": "v1.0.20190410  GCC6.3.0",
    "DerivedVendorReportedEchoSpacing": 0.000489996,
    "DeviceSerialNumber": "167045",
    "DwellTime": 3e-06,
    "EchoTime": 0.029,
    "EchoTrainLength": 31,
    "EffectiveEchoSpacing": 0.000244998,
    "FlipAngle": 90,
    "ImageOrientationPatientDICOM": [
      0.996397,
      0.007999,
      0.0844297,
      -1.21463e-09,
      0.995542,
      -0.0943191
    ],
    "ImageType": [
      "ORIGINAL",
      "PRIMARY",
      "M",
      "ND",
      "MOSAIC"
    ],
    "ImagingFrequency": 123.26,
    "InPlanePhaseEncodingDirectionDICOM": "COL",
    "InstitutionAddress": "De_Pintelaan_185_Gent_District_BE_9000",
    "InstitutionName": "Experimental_Psychology",
    "InstitutionalDepartmentName": "Department",
    "MRAcquisitionType": "2D",
    "MagneticFieldStrength": 3,
    "Manufacturer": "Siemens",
    "ManufacturersModelName": "Prisma_fit",
    "Modality": "MR",
    "ParallelReductionFactorInPlane": 2,
    "PartialFourier": 1,
    "PatientPosition": "HFS",
    "PercentPhaseFOV": 100,
    "PhaseEncodingDirection": "j-",
    "PhaseEncodingSteps": 63,
    "PhaseResolution": 1,
    "PixelBandwidth": 2605,
    "ProcedureStepDescription": "MR_hersenen_(structuur_alleen)",
    "ProtocolName": "ep2d_main_effort",
    "PulseSequenceDetails": "%SiemensSeq%_ep2d_bold",
    "ReceiveCoilActiveElements": "HC1-7;NC1,2",
    "ReceiveCoilName": "HeadNeck_64",
    "ReconMatrixPE": 64,
    "RefLinesPE": 24,
    "RepetitionTime": 2,
    "SAR": 0.0893767,
    "ScanOptions": "FS",
    "ScanningSequence": "EP",
    "SequenceName": "_epfid2d1_64",
    "SequenceVariant": "SK",
    "SeriesDescription": "ep2d_main_effort",
    "SeriesNumber": 5,
    "ShimSetting": [
      5139,
      -7479,
      -7789,
      271,
      -168,
      -68,
      69,
      -36
    ],
    "SliceThickness": 3.5,
    "SliceTiming": [
      0.99,
      0,
      1.04,
      0.05,
      1.0925,
      0.1025,
      1.145,
      0.155,
      1.1975,
      0.2075,
      1.25,
      0.26,
      1.3025,
      0.3125,
      1.3525,
      0.3625,
      1.405,
      0.415,
      1.4575,
      0.4675,
      1.51,
      0.52,
      1.5625,
      0.5725,
      1.615,
      0.625,
      1.665,
      0.6775,
      1.7175,
      0.7275,
      1.77,
      0.78,
      1.8225,
      0.8325,
      1.875,
      0.885,
      1.9275,
      0.9375
    ],
    "SoftwareVersions": "syngo_MR_E11",
    "SpacingBetweenSlices": 3.85,
    "StationName": "AWP167045",
    "TaskName": "effort",
    "TotalReadoutTime": 0.0154349,
    "TxRefAmp": 225.397,
    "dataset": "ds002938",
    "modality": "bold",
    "subject_id": "22",
    "task_id": "effort"
  },
  "dummy_trs": 0,
  "dvars_nstd": 25.894756862701488,
  "dvars_std": 1.1819879687741217,
  "dvars_vstd": 0.9497425308853583,
  "efc": 0.5106307873664307,
  "fber": 559.388916015625,
  "fd_mean": 0.14599724875421,
  "fd_num": 87,
  "fd_perc": 9.863945578231293,
  "fwhm_avg": 2.714578753278539,
  "fwhm_x": 2.500862857142857,
  "fwhm_y": 2.8492371428571426,
  "fwhm_z": 2.7936362598356173,
  "gcor": 0.0821389,
  "gsr_x": -0.0052545503713190556,
  "gsr_y": 0.045301828533411026,
  "provenance": {
    "md5sum": "40cf181e7607eed2a363a3fb763ae45d",
    "settings": {
      "fd_thres": 0.2,
      "testing": false
    },
    "software": "mriqc",
    "version": "23.0.1",
    "webapi_port": null,
    "webapi_url": "https://mriqc.nimh.nih.gov/api/v1"
  },
  "size_t": 882,
  "size_x": 64,
  "size_y": 64,
  "size_z": 38,
  "snr": 2.6434718226210636,
  "spacing_tr": 2.0,
  "spacing_x": 3.5,
  "spacing_y": 3.5,
  "spacing_z": 3.8500001430511475,
  "summary_bg_k": 28.008472179591145,
  "summary_bg_mad": 7.9921016830241,
  "summary_bg_mean": 70.31822967529297,
  "summary_bg_median": 33.420066833496094,
  "summary_bg_n": 99102.0,
  "summary_bg_p05": 26.410430908203125,
  "summary_bg_p95": 286.8686035156249,
  "summary_bg_stdv": 111.54293823242188,
  "summary_fg_k": 0.3348158384768549,
  "summary_fg_mad": 307.1205428146303,
  "summary_fg_mean": 849.4059448242188,
  "summary_fg_median": 805.2608032226562,
  "summary_fg_n": 23465.0,
  "summary_fg_p05": 433.4047546386719,
  "summary_fg_p95": 1404.1979492187497,
  "summary_fg_stdv": 304.6159362792969,
  "tsnr": 58.63534480659291
}