{
  "aor": 0.006299074733096085,
  "aqi": 0.003839521316725978,
  "bids_meta": {
    "AcquisitionMatrixPE": 64,
    "AcquisitionNumber": 1,
    "AcquisitionTime": "15:10:34.682500",
    "BandwidthPerPixelPhaseEncode": 63.776,
    "BaseResolution": 64,
    "BodyPartExamined": "BRAIN",
    "CoilString": "HC1_2_4-7;NC1_2",
    "ConsistencyInfo": "N4_VE11C_LATEST_20160120",
    "ConversionSoftware": "dcm2niix",
    "ConversionSoftwareVersion": "v1.0.20190410  GCC6.3.0",
    "DerivedVendorReportedEchoSpacing": 0.000489996,
    "DeviceSerialNumber": "167045",
    "DwellTime": 3e-06,
    "EchoTime": 0.029,
    "EchoTrainLength": 31,
    "EffectiveEchoSpacing": 0.000244998,
    "FlipAngle": 90,
    "ImageOrientationPatientDICOM": [
      0.999997,
      0.000287977,
      0.00237948,
      4.70771e-08,
      0.992754,
      -0.120168
    ],
    "ImageType": [
      "ORIGINAL",
      "PRIMARY",
      "M",
      "ND",
      "MOSAIC"
    ],
    "ImagingFrequency": 123.26,
    "InPlanePhaseEncodingDirectionDICOM": "COL",
    "InstitutionAddress": "De_Pintelaan_185_Gent_District_BE_9000",
    "InstitutionName": "Experimental_Psychology",
    "InstitutionalDepartmentName": "Department",
    "MRAcquisitionType": "2D",
    "MagneticFieldStrength": 3,
    "Manufacturer": "Siemens",
    "ManufacturersModelName": "Prisma_fit",
    "Modality": "MR",
    "ParallelReductionFactorInPlane": 2,
    "PartialFourier": 1,
    "PatientPosition": "HFS",
    "PercentPhaseFOV": 100,
    "PhaseEncodingDirection": "j-",
    "PhaseEncodingSteps": 63,
    "PhaseResolution": 1,
    "PixelBandwidth": 2605,
    "ProcedureStepDescription": "MR_hersenen_(structuur_alleen)",
    "ProtocolName": "ep2d_1_back",
    "PulseSequenceDetails": "%SiemensSeq%_ep2d_bold",
    "ReceiveCoilActiveElements": "HC1,2,4-7;NC1,2",
    "ReceiveCoilName": "HeadNeck_64",
    "ReconMatrixPE": 64,
    "RefLinesPE": 24,
    "RepetitionTime": 2,
    "SAR": 0.101423,
    "ScanOptions": "FS",
    "ScanningSequence": "EP",
    "SequenceName": "_epfid2d1_64",
    "SequenceVariant": "SK",
    "SeriesDescription": "ep2d_1_back",
    "SeriesNumber": 6,
    "ShimSetting": [
      5146,
      -7463,
      -7721,
      405,
      -101,
      95,
      101,
      -34
    ],
    "SliceThickness": 3.5,
    "SliceTiming": [
      0.99,
      0,
      1.0425,
      0.0525,
      1.095,
      0.105,
      1.1475,
      0.1575,
      1.2,
      0.21,
      1.25,
      0.26,
      1.3025,
      0.3125,
      1.355,
      0.365,
      1.4075,
      0.4175,
      1.46,
      0.47,
      1.5125,
      0.5225,
      1.5625,
      0.5725,
      1.615,
      0.625,
      1.6675,
      0.6775,
      1.72,
      0.73,
      1.7725,
      0.7825,
      1.825,
      0.835,
      1.875,
      0.8875,
      1.9275,
      0.9375
    ],
    "SoftwareVersions": "syngo_MR_E11",
    "SpacingBetweenSlices": 3.85,
    "StationName": "AWP167045",
    "TaskName": "1back",
    "TotalReadoutTime": 0.0154349,
    "TxRefAmp": 228.827,
    "dataset": "ds002938",
    "modality": "bold",
    "subject_id": "04",
    "task_id": "1back"
  },
  "dummy_trs": 3,
  "dvars_nstd": 28.707357989107127,
  "dvars_std": 1.1662561862857155,
  "dvars_vstd": 1.0147347158571434,
  "efc": 0.4872411626371283,
  "fber": 550.5764770507812,
  "fd_mean": 0.2271955195543461,
  "fd_num": 102,
  "fd_perc": 36.29893238434164,
  "fwhm_avg": 2.7666407448714545,
  "fwhm_x": 2.5940885714285713,
  "fwhm_y": 2.932457142857143,
  "fwhm_z": 2.773376520328651,
  "gcor": 0.0447321,
  "gsr_x": -0.007774943020194769,
  "gsr_y": 0.019778545945882797,
  "provenance": {
    "md5sum": "34e8bbd0928c4873075859f98e409a93",
    "settings": {
      "fd_thres": 0.2,
      "testing": false
    },
    "software": "mriqc",
    "version": "23.0.1",
    "webapi_port": null,
    "webapi_url": "https://mriqc.nimh.nih.gov/api/v1"
  },
  "size_t": 281,
  "size_x": 64,
  "size_y": 64,
  "size_z": 38,
  "snr": 2.449859253430778,
  "spacing_tr": 2.0,
  "spacing_x": 3.5,
  "spacing_y": 3.5,
  "spacing_z": 3.8500001430511475,
  "summary_bg_k": 40.57071236488264,
  "summary_bg_mad": 5.888200544414607,
  "summary_bg_mean": 55.0569953918457,
  "summary_bg_median": 30.0,
  "summary_bg_n": 102954.0,
  "summary_bg_p05": 24.772241592407227,
  "summary_bg_p95": 189.15818099975564,
  "summary_bg_stdv": 77.14669036865234,
  "summary_fg_k": 0.5618043121139529,
  "summary_fg_mad": 267.13218018226223,
  "summary_fg_mean": 765.6588745117188,
  "summary_fg_median": 702.2562255859375,
  "summary_fg_n": 21779.0,
  "summary_fg_p05": 404.0779205322266,
  "summary_fg_p95": 1318.9273803710935,
  "summary_fg_stdv": 286.64508056640625,
  "tsnr": 52.105107402894646
}