{
  "aor": 0.002865909090909091,
  "aqi": 0.0016588368846153843,
  "bids_meta": {
    "AcquisitionMatrixPE": 64,
    "AcquisitionNumber": 1,
    "AcquisitionTime": "15:49:36.207500",
    "BandwidthPerPixelPhaseEncode": 63.776,
    "BaseResolution": 64,
    "BodyPartExamined": "BRAIN",
    "CoilString": "HC1-7;NC1_2",
    "ConsistencyInfo": "N4_VE11C_LATEST_20160120",
    "ConversionSoftware": "dcm2niix",
    "ConversionSoftwareVersion": "v1.0.20190410  GCC6.3.0",
    "DerivedVendorReportedEchoSpacing": 0.000489996,
    "DeviceSerialNumber": "167045",
    "DwellTime": 3e-06,
    "EchoTime": 0.029,
    "EchoTrainLength": 31,
    "EffectiveEchoSpacing": 0.000244998,
    "FlipAngle": 90,
    "ImageOrientationPatientDICOM": [
      0.999994,
      0,
      0.00349065,
      0,
      1,
      0
    ],
    "ImageType": [
      "ORIGINAL",
      "PRIMARY",
      "M",
      "ND",
      "MOSAIC"
    ],
    "ImagingFrequency": 123.26,
    "InPlanePhaseEncodingDirectionDICOM": "COL",
    "InstitutionAddress": "De_Pintelaan_185_Gent_District_BE_9000",
    "InstitutionName": "Experimental_Psychology",
    "InstitutionalDepartmentName": "Department",
    "MRAcquisitionType": "2D",
    "MagneticFieldStrength": 3,
    "Manufacturer": "Siemens",
    "ManufacturersModelName": "Prisma_fit",
    "Modality": "MR",
    "ParallelReductionFactorInPlane": 2,
    "PartialFourier": 1,
    "PatientPosition": "HFS",
    "PercentPhaseFOV": 100,
    "PhaseEncodingDirection": "j-",
    "PhaseEncodingSteps": 63,
    "PhaseResolution": 1,
    "PixelBandwidth": 2605,
    "ProcedureStepDescription": "MR_hersenen_(structuur_alleen)",
    "ProtocolName": "ep2d_1_back",
    "PulseSequenceDetails": "%SiemensSeq%_ep2d_bold",
    "ReceiveCoilActiveElements": "HC1-7;NC1,2",
    "ReceiveCoilName": "HeadNeck_64",
    "ReconMatrixPE": 64,
    "RefLinesPE": 24,
    "RepetitionTime": 2,
    "SAR": 0.108282,
    "ScanOptions": "FS",
    "ScanningSequence": "EP",
    "SequenceName": "_epfid2d1_64",
    "SequenceVariant": "SK",
    "SeriesDescription": "ep2d_1_back",
    "SeriesNumber": 6,
    "ShimSetting": [
      5150,
      -7496,
      -7702,
      413,
      -136,
      -16,
      137,
      -3
    ],
    "SliceThickness": 3.5,
    "SliceTiming": [
      0.99,
      0,
      1.0425,
      0.0525,
      1.095,
      0.105,
      1.145,
      0.155,
      1.1975,
      0.2075,
      1.25,
      0.26,
      1.3025,
      0.3125,
      1.355,
      0.365,
      1.4075,
      0.4175,
      1.4575,
      0.4675,
      1.51,
      0.52,
      1.5625,
      0.5725,
      1.615,
      0.625,
      1.6675,
      0.6775,
      1.72,
      0.73,
      1.77,
      0.7825,
      1.8225,
      0.8325,
      1.875,
      0.885,
      1.9275,
      0.9375
    ],
    "SoftwareVersions": "syngo_MR_E11",
    "SpacingBetweenSlices": 3.85,
    "StationName": "AWP167045",
    "TaskName": "1back",
    "TotalReadoutTime": 0.0154349,
    "TxRefAmp": 233.169,
    "dataset": "ds002938",
    "modality": "bold",
    "subject_id": "18",
    "task_id": "1back"
  },
  "dummy_trs": 0,
  "dvars_nstd": 21.375706749438596,
  "dvars_std": 1.2506153255087726,
  "dvars_vstd": 1.0346013417543856,
  "efc": 0.49707618838753787,
  "fber": 639.4282836914062,
  "fd_mean": 0.06394329883739736,
  "fd_num": 4,
  "fd_perc": 1.3986013986013985,
  "fwhm_avg": 2.751884988253071,
  "fwhm_x": 2.6699485714285713,
  "fwhm_y": 2.889628571428571,
  "fwhm_z": 2.696077821902071,
  "gcor": 0.0338318,
  "gsr_x": -0.003029080107808113,
  "gsr_y": 0.05512987822294235,
  "provenance": {
    "md5sum": "aaa24413c68210eb720d79cdc24b7568",
    "settings": {
      "fd_thres": 0.2,
      "testing": false
    },
    "software": "mriqc",
    "version": "23.0.1",
    "webapi_port": null,
    "webapi_url": "https://mriqc.nimh.nih.gov/api/v1"
  },
  "size_t": 286,
  "size_x": 64,
  "size_y": 64,
  "size_z": 38,
  "snr": 2.11555756776131,
  "spacing_tr": 2.0,
  "spacing_x": 3.5,
  "spacing_y": 3.5,
  "spacing_z": 3.8500001430511475,
  "summary_bg_k": 30.161280141657862,
  "summary_bg_mad": 8.802300269334683,
  "summary_bg_mean": 73.4293441772461,
  "summary_bg_median": 35.25873947143555,
  "summary_bg_n": 96396.0,
  "summary_bg_p05": 27.74125862121582,
  "summary_bg_p95": 297.5576934814453,
  "summary_bg_stdv": 117.13089752197266,
  "summary_fg_k": 1.417880652087022,
  "summary_fg_mad": 383.5247794938938,
  "summary_fg_mean": 1008.7560424804688,
  "summary_fg_median": 907.6608276367188,
  "summary_fg_n": 24422.0,
  "summary_fg_p05": 497.02393798828126,
  "summary_fg_p95": 1856.6877014160161,
  "summary_fg_stdv": 429.03216552734375,
  "tsnr": 84.97107820026577
}