{
  "aor": 0.000690479233226837,
  "aqi": 0.002277200034078807,
  "bids_meta": {
    "AcquisitionMatrixPE": 64,
    "AcquisitionNumber": 1,
    "AcquisitionTime": "15:17:21.225000",
    "BandwidthPerPixelPhaseEncode": 63.776,
    "BaseResolution": 64,
    "BodyPartExamined": "BRAIN",
    "CoilString": "HC1-7;NC1_2",
    "ConsistencyInfo": "N4_VE11C_LATEST_20160120",
    "ConversionSoftware": "dcm2niix",
    "ConversionSoftwareVersion": "v1.0.20190410  GCC6.3.0",
    "DerivedVendorReportedEchoSpacing": 0.000489996,
    "DeviceSerialNumber": "167045",
    "DwellTime": 3e-06,
    "EchoTime": 0.029,
    "EchoTrainLength": 31,
    "EffectiveEchoSpacing": 0.000244998,
    "FlipAngle": 90,
    "ImageOrientationPatientDICOM": [
      0.999994,
      0,
      0.00349065,
      0,
      1,
      0
    ],
    "ImageType": [
      "ORIGINAL",
      "PRIMARY",
      "M",
      "ND",
      "MOSAIC"
    ],
    "ImagingFrequency": 123.26,
    "InPlanePhaseEncodingDirectionDICOM": "COL",
    "InstitutionAddress": "De_Pintelaan_185_Gent_District_BE_9000",
    "InstitutionName": "Experimental_Psychology",
    "InstitutionalDepartmentName": "Department",
    "MRAcquisitionType": "2D",
    "MagneticFieldStrength": 3,
    "Manufacturer": "Siemens",
    "ManufacturersModelName": "Prisma_fit",
    "Modality": "MR",
    "ParallelReductionFactorInPlane": 2,
    "PartialFourier": 1,
    "PatientPosition": "HFS",
    "PercentPhaseFOV": 100,
    "PhaseEncodingDirection": "j-",
    "PhaseEncodingSteps": 63,
    "PhaseResolution": 1,
    "PixelBandwidth": 2605,
    "ProcedureStepDescription": "MR_hersenen_(structuur_alleen)",
    "ProtocolName": "ep2d_main_effort",
    "PulseSequenceDetails": "%SiemensSeq%_ep2d_bold",
    "ReceiveCoilActiveElements": "HC1-7;NC1,2",
    "ReceiveCoilName": "HeadNeck_64",
    "ReconMatrixPE": 64,
    "RefLinesPE": 24,
    "RepetitionTime": 2,
    "SAR": 0.108282,
    "ScanOptions": "FS",
    "ScanningSequence": "EP",
    "SequenceName": "_epfid2d1_64",
    "SequenceVariant": "SK",
    "SeriesDescription": "ep2d_main_effort",
    "SeriesNumber": 5,
    "ShimSetting": [
      5150,
      -7496,
      -7702,
      413,
      -136,
      -16,
      137,
      -3
    ],
    "SliceThickness": 3.5,
    "SliceTiming": [
      0.99,
      0,
      1.0425,
      0.0525,
      1.095,
      0.105,
      1.1475,
      0.1575,
      1.2,
      0.21,
      1.2525,
      0.2625,
      1.3025,
      0.3125,
      1.355,
      0.365,
      1.4075,
      0.4175,
      1.46,
      0.47,
      1.5125,
      0.5225,
      1.565,
      0.575,
      1.615,
      0.625,
      1.6675,
      0.6775,
      1.72,
      0.73,
      1.7725,
      0.7825,
      1.825,
      0.835,
      1.8775,
      0.8875,
      1.9275,
      0.94
    ],
    "SoftwareVersions": "syngo_MR_E11",
    "SpacingBetweenSlices": 3.85,
    "StationName": "AWP167045",
    "TaskName": "effort",
    "TotalReadoutTime": 0.0154349,
    "TxRefAmp": 233.169,
    "dataset": "ds002938",
    "modality": "bold",
    "subject_id": "18",
    "task_id": "effort"
  },
  "dummy_trs": 0,
  "dvars_nstd": 21.770192863955202,
  "dvars_std": 1.20579618434968,
  "dvars_vstd": 0.9974488653304904,
  "efc": 0.49528027532414437,
  "fber": 650.967529296875,
  "fd_mean": 0.07135018026435307,
  "fd_num": 25,
  "fd_perc": 2.6624068157614484,
  "fwhm_avg": 2.7686951176856915,
  "fwhm_x": 2.6745685714285714,
  "fwhm_y": 2.9001142857142854,
  "fwhm_z": 2.731402495914218,
  "gcor": 0.038997,
  "gsr_x": -0.0037678552325814962,
  "gsr_y": 0.05375529080629349,
  "provenance": {
    "md5sum": "d61ee7515ce63ce6f815fb4031c7eed4",
    "settings": {
      "fd_thres": 0.2,
      "testing": false
    },
    "software": "mriqc",
    "version": "23.0.1",
    "webapi_port": null,
    "webapi_url": "https://mriqc.nimh.nih.gov/api/v1"
  },
  "size_t": 939,
  "size_x": 64,
  "size_y": 64,
  "size_z": 38,
  "snr": 2.1089196620972492,
  "spacing_tr": 2.0,
  "spacing_x": 3.5,
  "spacing_y": 3.5,
  "spacing_z": 3.8500001430511475,
  "summary_bg_k": 28.13591432143868,
  "summary_bg_mad": 8.704567314787235,
  "summary_bg_mean": 72.05694580078125,
  "summary_bg_median": 35.17039489746094,
  "summary_bg_n": 96485.0,
  "summary_bg_p05": 27.79233169555664,
  "summary_bg_p95": 291.99594726562503,
  "summary_bg_stdv": 111.90785217285156,
  "summary_fg_k": 1.4249702920609888,
  "summary_fg_mad": 385.3471748844263,
  "summary_fg_mean": 1016.3336791992188,
  "summary_fg_median": 912.6474609375,
  "summary_fg_n": 24293.0,
  "summary_fg_p05": 500.94739379882816,
  "summary_fg_p95": 1871.325463867186,
  "summary_fg_stdv": 432.74700927734375,
  "tsnr": 75.37792475824244
}