{
  "bids_meta": {
    "AcquisitionMatrixPE": 256,
    "AcquisitionNumber": 1,
    "AcquisitionTime": "16:32:25.532500",
    "BaseResolution": 256,
    "BodyPartExamined": "BRAIN",
    "ConsistencyInfo": "N4_VE11C_LATEST_20160120",
    "ConversionSoftware": "dcm2niix",
    "ConversionSoftwareVersion": "v1.0.20190410  GCC6.3.0",
    "DeviceSerialNumber": "167045",
    "DwellTime": 1.3e-05,
    "EchoTime": 0.00418,
    "FlipAngle": 9,
    "ImageOrientationPatientDICOM": [
      0.027919,
      0.99961,
      1.51638e-08,
      -0.00872852,
      0.000243801,
      -0.999962
    ],
    "ImageType": [
      "ORIGINAL",
      "PRIMARY",
      "M",
      "ND",
      "NORM"
    ],
    "ImagingFrequency": 123.26,
    "InPlanePhaseEncodingDirectionDICOM": "ROW",
    "InstitutionAddress": "De_Pintelaan_185_Gent_District_BE_9000",
    "InstitutionName": "UGent",
    "InstitutionalDepartmentName": "Department",
    "InversionTime": 0.9,
    "MRAcquisitionType": "3D",
    "MagneticFieldStrength": 3,
    "Manufacturer": "Siemens",
    "ManufacturersModelName": "Prisma_fit",
    "Modality": "MR",
    "PartialFourier": 1,
    "PatientPosition": "HFS",
    "PercentPhaseFOV": 100,
    "PhaseEncodingSteps": 255,
    "PhaseResolution": 1,
    "PixelBandwidth": 150,
    "ProcedureStepDescription": "MR_hersenen_(structuur_alleen)",
    "ProtocolName": "T1_mprage",
    "PulseSequenceDetails": "%SiemensSeq%_tfl",
    "ReceiveCoilActiveElements": "HC1-7;NC1",
    "ReceiveCoilName": "HeadNeck_64",
    "ReconMatrixPE": 256,
    "RefLinesPE": 24,
    "RepetitionTime": 2.25,
    "SAR": 0.0425847,
    "ScanOptions": "IR",
    "ScanningSequence": "GR_IR",
    "SequenceName": "_tfl3d1_16ns",
    "SequenceVariant": "SK_SP_MP",
    "SeriesDescription": "T1_mprage",
    "SeriesNumber": 2,
    "ShimSetting": [
      5159,
      -7504,
      -7964,
      40,
      -67,
      39,
      -5,
      -10
    ],
    "SliceThickness": 1,
    "SoftwareVersions": "syngo_MR_E11",
    "StationName": "AWP167045",
    "TxRefAmp": 212.598,
    "dataset": "ds002938",
    "modality": "T1w",
    "subject_id": "30"
  },
  "cjv": 0.3248029634595532,
  "cnr": 4.032725942547058,
  "efc": 0.5198939263704105,
  "fber": -1.0,
  "fwhm_avg": 3.87284,
  "fwhm_x": 3.99809,
  "fwhm_y": 3.99686,
  "fwhm_z": 3.62357,
  "icvs_csf": 0.2326248321332548,
  "icvs_gm": 0.4342810853614614,
  "icvs_wm": 0.3330940825052838,
  "inu_med": 0.5070970952510834,
  "inu_range": 0.21805294901132583,
  "provenance": {
    "md5sum": "e2b7ce45062514d29cc6305392ed9498",
    "settings": {
      "testing": false
    },
    "software": "mriqc",
    "version": "23.0.1",
    "warnings": {
      "large_rot_frame": true,
      "small_air_mask": false
    },
    "webapi_port": null,
    "webapi_url": "https://mriqc.nimh.nih.gov/api/v1"
  },
  "qi_1": 1.3857201233352498e-05,
  "qi_2": 0.007588668147694143,
  "rpve_csf": 24.462071335860916,
  "rpve_gm": 13.34696524629656,
  "rpve_wm": 19.974311846689897,
  "size_x": 176,
  "size_y": 256,
  "size_z": 256,
  "snr_csf": 2.280256785179656,
  "snr_gm": 10.957435835555891,
  "snr_total": 13.205548465864046,
  "snr_wm": 26.37895277685659,
  "snrd_csf": 34.689500132683904,
  "snrd_gm": 90.91457873230108,
  "snrd_total": 85.17267798418749,
  "snrd_wm": 129.91395508757748,
  "spacing_x": 1.0,
  "spacing_y": 1.0,
  "spacing_z": 1.0,
  "summary_bg_k": 40.1418712473202,
  "summary_bg_mad": 0.0,
  "summary_bg_mean": 2.289369204575514,
  "summary_bg_median": 0.0,
  "summary_bg_n": 3025238.0,
  "summary_bg_p05": 0.0,
  "summary_bg_p95": 11.235060095787048,
  "summary_bg_stdv": 5.042714759790387,
  "summary_csf_k": 0.34089600225552985,
  "summary_csf_mad": 104.76662204218641,
  "summary_csf_mean": 273.98520091170974,
  "summary_csf_median": 267.01196014881134,
  "summary_csf_n": 37688.0,
  "summary_csf_p05": 80.39840877056122,
  "summary_csf_p95": 479.21116966009146,
  "summary_csf_stdv": 117.0957672225676,
  "summary_gm_k": 0.19210282670256884,
  "summary_gm_mad": 61.03674653839087,
  "summary_gm_mean": 699.8362679834447,
  "summary_gm_median": 699.7875374555588,
  "summary_gm_n": 30878.0,
  "summary_gm_p05": 591.9588489830494,
  "summary_gm_p95": 805.3917902708054,
  "summary_gm_stdv": 63.863135169127645,
  "summary_wm_k": 0.42514796621065587,
  "summary_wm_mad": 36.46453373841932,
  "summary_wm_mean": 998.7064563449673,
  "summary_wm_median": 999.973469376564,
  "summary_wm_n": 172676.0,
  "summary_wm_p05": 933.8645696640015,
  "summary_wm_p95": 1057.5830328464508,
  "summary_wm_stdv": 37.90789506739384,
  "tpm_overlap_csf": 0.15038804659945984,
  "tpm_overlap_gm": 0.4732242482938078,
  "tpm_overlap_wm": 0.49793653709806207,
  "wm2max": 0.7482981603152424
}