{
  "aor": 0.000538096357226792,
  "aqi": 0.0031915183066980025,
  "bids_meta": {
    "AcquisitionMatrixPE": 64,
    "AcquisitionNumber": 1,
    "AcquisitionTime": "19:38:20.377500",
    "BandwidthPerPixelPhaseEncode": 63.776,
    "BaseResolution": 64,
    "BodyPartExamined": "BRAIN",
    "CoilString": "HC1-7;NC1_2",
    "ConsistencyInfo": "N4_VE11C_LATEST_20160120",
    "ConversionSoftware": "dcm2niix",
    "ConversionSoftwareVersion": "v1.0.20190410  GCC6.3.0",
    "DerivedVendorReportedEchoSpacing": 0.000489996,
    "DeviceSerialNumber": "167045",
    "DwellTime": 3e-06,
    "EchoTime": 0.029,
    "EchoTrainLength": 31,
    "EffectiveEchoSpacing": 0.000244998,
    "FlipAngle": 90,
    "ImageOrientationPatientDICOM": [
      0.996827,
      0.00542612,
      0.0794158,
      1.55551e-08,
      0.997674,
      -0.0681666
    ],
    "ImageType": [
      "ORIGINAL",
      "PRIMARY",
      "M",
      "ND",
      "MOSAIC"
    ],
    "ImagingFrequency": 123.26,
    "InPlanePhaseEncodingDirectionDICOM": "COL",
    "InstitutionAddress": "De_Pintelaan_185_Gent_District_BE_9000",
    "InstitutionName": "Experimental_Psychology",
    "InstitutionalDepartmentName": "Department",
    "MRAcquisitionType": "2D",
    "MagneticFieldStrength": 3,
    "Manufacturer": "Siemens",
    "ManufacturersModelName": "Prisma_fit",
    "Modality": "MR",
    "ParallelReductionFactorInPlane": 2,
    "PartialFourier": 1,
    "PatientPosition": "HFS",
    "PercentPhaseFOV": 100,
    "PhaseEncodingDirection": "j-",
    "PhaseEncodingSteps": 63,
    "PhaseResolution": 1,
    "PixelBandwidth": 2605,
    "ProcedureStepDescription": "MR_hersenen_(structuur_alleen)",
    "ProtocolName": "ep2d_main_effort",
    "PulseSequenceDetails": "%SiemensSeq%_ep2d_bold",
    "ReceiveCoilActiveElements": "HC1-7;NC1,2",
    "ReceiveCoilName": "HeadNeck_64",
    "ReconMatrixPE": 64,
    "RefLinesPE": 24,
    "RepetitionTime": 2,
    "SAR": 0.102017,
    "ScanOptions": "FS",
    "ScanningSequence": "EP",
    "SequenceName": "_epfid2d1_64",
    "SequenceVariant": "SK",
    "SeriesDescription": "ep2d_main_effort",
    "SeriesNumber": 5,
    "ShimSetting": [
      5143,
      -7498,
      -7760,
      542,
      -216,
      -192,
      -44,
      -26
    ],
    "SliceThickness": 3.5,
    "SliceTiming": [
      0.99,
      0,
      1.0425,
      0.0525,
      1.0925,
      0.1025,
      1.145,
      0.155,
      1.1975,
      0.2075,
      1.25,
      0.26,
      1.3025,
      0.3125,
      1.355,
      0.365,
      1.405,
      0.415,
      1.4575,
      0.4675,
      1.51,
      0.52,
      1.5625,
      0.5725,
      1.615,
      0.625,
      1.6675,
      0.6775,
      1.7175,
      0.73,
      1.77,
      0.78,
      1.8225,
      0.8325,
      1.875,
      0.885,
      1.9275,
      0.9375
    ],
    "SoftwareVersions": "syngo_MR_E11",
    "SpacingBetweenSlices": 3.85,
    "StationName": "AWP167045",
    "TaskName": "effort",
    "TotalReadoutTime": 0.0154349,
    "TxRefAmp": 208.062,
    "dataset": "ds002938",
    "modality": "bold",
    "subject_id": "21",
    "task_id": "effort"
  },
  "dummy_trs": 0,
  "dvars_nstd": 20.95184562564704,
  "dvars_std": 1.1056510450588244,
  "dvars_vstd": 0.9519987155764701,
  "efc": 0.4593655855919376,
  "fber": 570.2879638671875,
  "fd_mean": 0.09187075127774082,
  "fd_num": 16,
  "fd_perc": 1.8801410105757932,
  "fwhm_avg": 2.6812402254707166,
  "fwhm_x": 2.5136371428571427,
  "fwhm_y": 2.7631485714285717,
  "fwhm_z": 2.766934962126436,
  "gcor": 0.0160716,
  "gsr_x": -0.0029714005067944527,
  "gsr_y": 0.018972011283040047,
  "provenance": {
    "md5sum": "dba764a8a17bc029b14368a450dc598c",
    "settings": {
      "fd_thres": 0.2,
      "testing": false
    },
    "software": "mriqc",
    "version": "23.0.1",
    "webapi_port": null,
    "webapi_url": "https://mriqc.nimh.nih.gov/api/v1"
  },
  "size_t": 851,
  "size_x": 64,
  "size_y": 64,
  "size_z": 38,
  "snr": 2.563999809810268,
  "spacing_tr": 2.0,
  "spacing_x": 3.5,
  "spacing_y": 3.5,
  "spacing_z": 3.8500001430511475,
  "summary_bg_k": 44.149084441501124,
  "summary_bg_mad": 4.834573066396379,
  "summary_bg_mean": 48.54417037963867,
  "summary_bg_median": 29.70857810974121,
  "summary_bg_n": 108511.0,
  "summary_bg_p05": 25.055816650390625,
  "summary_bg_p95": 141.65628051757812,
  "summary_bg_stdv": 63.27084732055664,
  "summary_fg_k": 1.1997654521864112,
  "summary_fg_mad": 254.08946133705547,
  "summary_fg_mean": 761.74267578125,
  "summary_fg_median": 712.0364379882812,
  "summary_fg_n": 17263.0,
  "summary_fg_p05": 405.1123382568359,
  "summary_fg_p95": 1290.1838745117186,
  "summary_fg_stdv": 277.6972961425781,
  "tsnr": 62.655159537214786
}