{
  "aor": 0.0019244405594405591,
  "aqi": 0.0015455931643356645,
  "bids_meta": {
    "AcquisitionMatrixPE": 64,
    "AcquisitionNumber": 1,
    "AcquisitionTime": "20:07:43.972500",
    "BandwidthPerPixelPhaseEncode": 63.776,
    "BaseResolution": 64,
    "BodyPartExamined": "BRAIN",
    "CoilString": "HC1-7;NC1_2",
    "ConsistencyInfo": "N4_VE11C_LATEST_20160120",
    "ConversionSoftware": "dcm2niix",
    "ConversionSoftwareVersion": "v1.0.20190410  GCC6.3.0",
    "DerivedVendorReportedEchoSpacing": 0.000489996,
    "DeviceSerialNumber": "167045",
    "DwellTime": 3e-06,
    "EchoTime": 0.029,
    "EchoTrainLength": 31,
    "EffectiveEchoSpacing": 0.000244998,
    "FlipAngle": 90,
    "ImageOrientationPatientDICOM": [
      0.996827,
      0.00542612,
      0.0794158,
      1.55551e-08,
      0.997674,
      -0.0681666
    ],
    "ImageType": [
      "ORIGINAL",
      "PRIMARY",
      "M",
      "ND",
      "MOSAIC"
    ],
    "ImagingFrequency": 123.26,
    "InPlanePhaseEncodingDirectionDICOM": "COL",
    "InstitutionAddress": "De_Pintelaan_185_Gent_District_BE_9000",
    "InstitutionName": "Experimental_Psychology",
    "InstitutionalDepartmentName": "Department",
    "MRAcquisitionType": "2D",
    "MagneticFieldStrength": 3,
    "Manufacturer": "Siemens",
    "ManufacturersModelName": "Prisma_fit",
    "Modality": "MR",
    "ParallelReductionFactorInPlane": 2,
    "PartialFourier": 1,
    "PatientPosition": "HFS",
    "PercentPhaseFOV": 100,
    "PhaseEncodingDirection": "j-",
    "PhaseEncodingSteps": 63,
    "PhaseResolution": 1,
    "PixelBandwidth": 2605,
    "ProcedureStepDescription": "MR_hersenen_(structuur_alleen)",
    "ProtocolName": "ep2d_1_back",
    "PulseSequenceDetails": "%SiemensSeq%_ep2d_bold",
    "ReceiveCoilActiveElements": "HC1-7;NC1,2",
    "ReceiveCoilName": "HeadNeck_64",
    "ReconMatrixPE": 64,
    "RefLinesPE": 24,
    "RepetitionTime": 2,
    "SAR": 0.102017,
    "ScanOptions": "FS",
    "ScanningSequence": "EP",
    "SequenceName": "_epfid2d1_64",
    "SequenceVariant": "SK",
    "SeriesDescription": "ep2d_1_back",
    "SeriesNumber": 6,
    "ShimSetting": [
      5143,
      -7498,
      -7760,
      542,
      -216,
      -192,
      -44,
      -26
    ],
    "SliceThickness": 3.5,
    "SliceTiming": [
      0.9875,
      0,
      1.04,
      0.05,
      1.0925,
      0.1025,
      1.145,
      0.155,
      1.1975,
      0.2075,
      1.25,
      0.26,
      1.3025,
      0.3125,
      1.3525,
      0.3625,
      1.405,
      0.415,
      1.4575,
      0.4675,
      1.51,
      0.52,
      1.5625,
      0.5725,
      1.615,
      0.625,
      1.665,
      0.675,
      1.7175,
      0.7275,
      1.77,
      0.78,
      1.8225,
      0.8325,
      1.875,
      0.885,
      1.9275,
      0.9375
    ],
    "SoftwareVersions": "syngo_MR_E11",
    "SpacingBetweenSlices": 3.85,
    "StationName": "AWP167045",
    "TaskName": "1back",
    "TotalReadoutTime": 0.0154349,
    "TxRefAmp": 208.062,
    "dataset": "ds002938",
    "modality": "bold",
    "subject_id": "21",
    "task_id": "1back"
  },
  "dummy_trs": 0,
  "dvars_nstd": 21.433422710807026,
  "dvars_std": 1.2078678621052628,
  "dvars_vstd": 1.0253448321754388,
  "efc": 0.4593520241086943,
  "fber": 563.7930297851562,
  "fd_mean": 0.0873102351157099,
  "fd_num": 7,
  "fd_perc": 2.4475524475524475,
  "fwhm_avg": 2.6963185804268743,
  "fwhm_x": 2.5452371428571428,
  "fwhm_y": 2.7749914285714286,
  "fwhm_z": 2.768727169852052,
  "gcor": 0.0283189,
  "gsr_x": -0.003409754717722535,
  "gsr_y": 0.01604536361992359,
  "provenance": {
    "md5sum": "c4e3fdebf2dfeea75ef75322485309fe",
    "settings": {
      "fd_thres": 0.2,
      "testing": false
    },
    "software": "mriqc",
    "version": "23.0.1",
    "webapi_port": null,
    "webapi_url": "https://mriqc.nimh.nih.gov/api/v1"
  },
  "size_t": 286,
  "size_x": 64,
  "size_y": 64,
  "size_z": 38,
  "snr": 2.5311861270166722,
  "spacing_tr": 2.0,
  "spacing_x": 3.5,
  "spacing_y": 3.5,
  "spacing_z": 3.8500001430511475,
  "summary_bg_k": 41.47471085853083,
  "summary_bg_mad": 4.644793942162886,
  "summary_bg_mean": 49.232933044433594,
  "summary_bg_median": 29.909090042114258,
  "summary_bg_n": 108639.0,
  "summary_bg_p05": 25.538461685180664,
  "summary_bg_p95": 146.36013793945312,
  "summary_bg_stdv": 64.60489654541016,
  "summary_fg_k": 1.188392973193026,
  "summary_fg_mad": 255.74888269221634,
  "summary_fg_mean": 758.8961791992188,
  "summary_fg_median": 709.6223754882812,
  "summary_fg_n": 17396.0,
  "summary_fg_p05": 394.4414367675781,
  "summary_fg_p95": 1292.8995056152344,
  "summary_fg_stdv": 280.3436584472656,
  "tsnr": 82.71443777019158
}