{
  "aor": 0.0013967749419953597,
  "aqi": 0.00559732969837587,
  "bids_meta": {
    "AcquisitionMatrixPE": 64,
    "AcquisitionNumber": 1,
    "AcquisitionTime": "13:01:9.240000",
    "BandwidthPerPixelPhaseEncode": 63.776,
    "BaseResolution": 64,
    "BodyPartExamined": "BRAIN",
    "CoilString": "HC1-7;NC1_2",
    "ConsistencyInfo": "N4_VE11C_LATEST_20160120",
    "ConversionSoftware": "dcm2niix",
    "ConversionSoftwareVersion": "v1.0.20190410  GCC6.3.0",
    "DerivedVendorReportedEchoSpacing": 0.000489996,
    "DeviceSerialNumber": "167045",
    "DwellTime": 3e-06,
    "EchoTime": 0.029,
    "EchoTrainLength": 31,
    "EffectiveEchoSpacing": 0.000244998,
    "FlipAngle": 90,
    "ImageOrientationPatientDICOM": [
      0.999926,
      0.00103932,
      0.0121293,
      -5.92723e-08,
      0.996349,
      -0.0853696
    ],
    "ImageType": [
      "ORIGINAL",
      "PRIMARY",
      "M",
      "ND",
      "MOSAIC"
    ],
    "ImagingFrequency": 123.26,
    "InPlanePhaseEncodingDirectionDICOM": "COL",
    "InstitutionAddress": "De_Pintelaan_185_Gent_District_BE_9000",
    "InstitutionName": "Experimental_Psychology",
    "InstitutionalDepartmentName": "Department",
    "MRAcquisitionType": "2D",
    "MagneticFieldStrength": 3,
    "Manufacturer": "Siemens",
    "ManufacturersModelName": "Prisma_fit",
    "Modality": "MR",
    "ParallelReductionFactorInPlane": 2,
    "PartialFourier": 1,
    "PatientPosition": "HFS",
    "PercentPhaseFOV": 100,
    "PhaseEncodingDirection": "j-",
    "PhaseEncodingSteps": 63,
    "PhaseResolution": 1,
    "PixelBandwidth": 2605,
    "ProcedureStepDescription": "MR_hersenen_(structuur_alleen)",
    "ProtocolName": "ep2d_main_effort",
    "PulseSequenceDetails": "%SiemensSeq%_ep2d_bold",
    "ReceiveCoilActiveElements": "HC1-7;NC1,2",
    "ReceiveCoilName": "HeadNeck_64",
    "ReconMatrixPE": 64,
    "RefLinesPE": 24,
    "RepetitionTime": 2,
    "SAR": 0.0973125,
    "ScanOptions": "FS",
    "ScanningSequence": "EP",
    "SequenceName": "_epfid2d1_64",
    "SequenceVariant": "SK",
    "SeriesDescription": "ep2d_main_effort",
    "SeriesNumber": 5,
    "ShimSetting": [
      5155,
      -7429,
      -7740,
      290,
      -179,
      134,
      -52,
      21
    ],
    "SliceThickness": 3.5,
    "SliceTiming": [
      0.99,
      0,
      1.04,
      0.05,
      1.0925,
      0.1025,
      1.145,
      0.155,
      1.1975,
      0.2075,
      1.25,
      0.26,
      1.3025,
      0.3125,
      1.3525,
      0.365,
      1.405,
      0.415,
      1.4575,
      0.4675,
      1.51,
      0.52,
      1.5625,
      0.5725,
      1.615,
      0.625,
      1.6675,
      0.6775,
      1.7175,
      0.7275,
      1.77,
      0.78,
      1.8225,
      0.8325,
      1.875,
      0.885,
      1.9275,
      0.9375
    ],
    "SoftwareVersions": "syngo_MR_E11",
    "SpacingBetweenSlices": 3.85,
    "StationName": "AWP167045",
    "TaskName": "effort",
    "TotalReadoutTime": 0.0154349,
    "TxRefAmp": 215.487,
    "dataset": "ds002938",
    "modality": "bold",
    "subject_id": "08",
    "task_id": "effort"
  },
  "dummy_trs": 1,
  "dvars_nstd": 20.17416332006968,
  "dvars_std": 1.1067671742044114,
  "dvars_vstd": 0.9714089312543551,
  "efc": 0.46302697902207945,
  "fber": 736.9820556640625,
  "fd_mean": 0.1467004511499887,
  "fd_num": 201,
  "fd_perc": 23.317865429234338,
  "fwhm_avg": 2.825504439049727,
  "fwhm_x": 2.7371028571428573,
  "fwhm_y": 2.8975142857142857,
  "fwhm_z": 2.841896174292036,
  "gcor": 0.0619512,
  "gsr_x": -0.009115234017372131,
  "gsr_y": 0.026995360851287842,
  "provenance": {
    "md5sum": "8fb2dc6e7012f6286d2dca1ac19eb17c",
    "settings": {
      "fd_thres": 0.2,
      "testing": false
    },
    "software": "mriqc",
    "version": "23.0.1",
    "webapi_port": null,
    "webapi_url": "https://mriqc.nimh.nih.gov/api/v1"
  },
  "size_t": 862,
  "size_x": 64,
  "size_y": 64,
  "size_z": 38,
  "snr": 2.3891230876501863,
  "spacing_tr": 2.0,
  "spacing_x": 3.5,
  "spacing_y": 3.5,
  "spacing_z": 3.8499999046325684,
  "summary_bg_k": 35.988015899709715,
  "summary_bg_mad": 7.904058319887689,
  "summary_bg_mean": 55.98417282104492,
  "summary_bg_median": 31.885730743408203,
  "summary_bg_n": 103742.0,
  "summary_bg_p05": 23.912992477416992,
  "summary_bg_p95": 182.89088745117186,
  "summary_bg_stdv": 79.0436019897461,
  "summary_fg_k": 1.2175809146964358,
  "summary_fg_mad": 341.91264890444177,
  "summary_fg_mean": 935.4083251953125,
  "summary_fg_median": 867.390380859375,
  "summary_fg_n": 20774.0,
  "summary_fg_p05": 474.9640197753906,
  "summary_fg_p95": 1624.04267578125,
  "summary_fg_stdv": 363.04931640625,
  "tsnr": 48.34924312005751
}