{
  "bids_meta": {
    "AcquisitionMatrixPE": 256,
    "AcquisitionNumber": 1,
    "AcquisitionTime": "14:07:59.915000",
    "BaseResolution": 256,
    "BodyPartExamined": "BRAIN",
    "ConsistencyInfo": "N4_VE11C_LATEST_20160120",
    "ConversionSoftware": "dcm2niix",
    "ConversionSoftwareVersion": "v1.0.20190410  GCC6.3.0",
    "DeviceSerialNumber": "167045",
    "DwellTime": 1.3e-05,
    "EchoTime": 0.00418,
    "FlipAngle": 9,
    "ImageOrientationPatientDICOM": [
      -0.144361,
      0.989525,
      2.42903e-10,
      0.00171105,
      0.000249623,
      -0.999999
    ],
    "ImageType": [
      "ORIGINAL",
      "PRIMARY",
      "M",
      "ND",
      "NORM"
    ],
    "ImagingFrequency": 123.26,
    "InPlanePhaseEncodingDirectionDICOM": "ROW",
    "InstitutionAddress": "De_Pintelaan_185_Gent_District_BE_9000",
    "InstitutionName": "Experimental_Psychology",
    "InstitutionalDepartmentName": "Department",
    "InversionTime": 0.9,
    "MRAcquisitionType": "3D",
    "MagneticFieldStrength": 3,
    "Manufacturer": "Siemens",
    "ManufacturersModelName": "Prisma_fit",
    "Modality": "MR",
    "PartialFourier": 1,
    "PatientPosition": "HFS",
    "PercentPhaseFOV": 100,
    "PhaseEncodingSteps": 255,
    "PhaseResolution": 1,
    "PixelBandwidth": 150,
    "ProcedureStepDescription": "MR_hersenen_(structuur_alleen)",
    "ProtocolName": "T1_mprage",
    "PulseSequenceDetails": "%SiemensSeq%_tfl",
    "ReceiveCoilActiveElements": "HC1-7;NC1",
    "ReceiveCoilName": "HeadNeck_64",
    "ReconMatrixPE": 256,
    "RefLinesPE": 24,
    "RepetitionTime": 2.25,
    "SAR": 0.0430888,
    "ScanOptions": "IR",
    "ScanningSequence": "GR_IR",
    "SequenceName": "_tfl3d1_16ns",
    "SequenceVariant": "SK_SP_MP",
    "SeriesDescription": "T1_mprage",
    "SeriesNumber": 2,
    "ShimSetting": [
      5159,
      -7504,
      -7964,
      40,
      -67,
      39,
      -5,
      -10
    ],
    "SliceThickness": 1,
    "SoftwareVersions": "syngo_MR_E11",
    "StationName": "AWP167045",
    "TxRefAmp": 208.048,
    "dataset": "ds002938",
    "modality": "T1w",
    "subject_id": "16"
  },
  "cjv": 0.35685729774748703,
  "cnr": 3.7028130279238463,
  "efc": 0.5018157359598271,
  "fber": -1.0,
  "fwhm_avg": 4.151306666666666,
  "fwhm_x": 4.28586,
  "fwhm_y": 4.26869,
  "fwhm_z": 3.89937,
  "icvs_csf": 0.24951812322064632,
  "icvs_gm": 0.4123516149132344,
  "icvs_wm": 0.3381302618661193,
  "inu_med": 0.5043261051177979,
  "inu_range": 0.2046152800321579,
  "provenance": {
    "md5sum": "4ea3e46bb18b9d38566e46543f0b4a1c",
    "settings": {
      "testing": false
    },
    "software": "mriqc",
    "version": "23.0.1",
    "warnings": {
      "large_rot_frame": true,
      "small_air_mask": false
    },
    "webapi_port": null,
    "webapi_url": "https://mriqc.nimh.nih.gov/api/v1"
  },
  "qi_1": 0.0,
  "qi_2": 0.01613774769478447,
  "rpve_csf": 23.691716035040866,
  "rpve_gm": 13.966434751058452,
  "rpve_wm": 19.806841640653207,
  "size_x": 176,
  "size_y": 256,
  "size_z": 256,
  "snr_csf": 1.925599366226005,
  "snr_gm": 10.101954254800432,
  "snr_total": 12.4883575529476,
  "snr_wm": 25.437519037816365,
  "snrd_csf": 25.204637625431776,
  "snrd_gm": 91.50883752484143,
  "snrd_total": 82.27247137702447,
  "snrd_wm": 130.10393898080022,
  "spacing_x": 1.0,
  "spacing_y": 1.0,
  "spacing_z": 1.0,
  "summary_bg_k": 20.557395389208704,
  "summary_bg_mad": 0.0,
  "summary_bg_mean": 2.3900980433445294,
  "summary_bg_median": 0.0,
  "summary_bg_n": 3255126.0,
  "summary_bg_p05": 0.0,
  "summary_bg_p95": 12.269372966140509,
  "summary_bg_stdv": 5.035484856784366,
  "summary_csf_k": 0.5638654096611382,
  "summary_csf_mad": 101.80353097873599,
  "summary_csf_mean": 208.05176911700013,
  "summary_csf_median": 193.7269415706396,
  "summary_csf_n": 69532.0,
  "summary_csf_p05": 73.47939892541618,
  "summary_csf_p95": 392.0971796773374,
  "summary_csf_stdv": 100.60532418419297,
  "summary_gm_k": -0.002848305295758191,
  "summary_gm_mad": 69.06956983107256,
  "summary_gm_mean": 703.5962445143173,
  "summary_gm_median": 703.351799134165,
  "summary_gm_n": 28912.0,
  "summary_gm_p05": 589.3465690506622,
  "summary_gm_p95": 819.6125643230971,
  "summary_gm_stdv": 69.62411604954241,
  "summary_wm_k": 0.5697239625522186,
  "summary_wm_mad": 36.79151343476934,
  "summary_wm_mean": 999.1070946155965,
  "summary_wm_median": 1000.0000222027302,
  "summary_wm_n": 172427.0,
  "summary_wm_p05": 932.7183478921652,
  "summary_wm_p95": 1061.5928894989192,
  "summary_wm_stdv": 39.311896766895835,
  "tpm_overlap_csf": 0.14084374079823053,
  "tpm_overlap_gm": 0.44208741060896306,
  "tpm_overlap_wm": 0.48331677326575684,
  "wm2max": 0.6676018978205346
}