{
  "aor": 0.001645543859649123,
  "aqi": 0.001654408856140351,
  "bids_meta": {
    "AcquisitionMatrixPE": 64,
    "AcquisitionNumber": 1,
    "AcquisitionTime": "12:51:51.802500",
    "BandwidthPerPixelPhaseEncode": 63.776,
    "BaseResolution": 64,
    "BodyPartExamined": "BRAIN",
    "CoilString": "HC1-7;NC1_2",
    "ConsistencyInfo": "N4_VE11C_LATEST_20160120",
    "ConversionSoftware": "dcm2niix",
    "ConversionSoftwareVersion": "v1.0.20190410  GCC6.3.0",
    "DerivedVendorReportedEchoSpacing": 0.000489996,
    "DeviceSerialNumber": "167045",
    "DwellTime": 3e-06,
    "EchoTime": 0.029,
    "EchoTrainLength": 31,
    "EffectiveEchoSpacing": 0.000244998,
    "FlipAngle": 90,
    "ImageOrientationPatientDICOM": [
      0.999204,
      0.00297844,
      0.0397913,
      -2.13596e-08,
      0.99721,
      -0.0746421
    ],
    "ImageType": [
      "ORIGINAL",
      "PRIMARY",
      "M",
      "ND",
      "MOSAIC"
    ],
    "ImagingFrequency": 123.26,
    "InPlanePhaseEncodingDirectionDICOM": "COL",
    "InstitutionAddress": "De_Pintelaan_185_Gent_District_BE_9000",
    "InstitutionName": "Experimental_Psychology",
    "InstitutionalDepartmentName": "Department",
    "MRAcquisitionType": "2D",
    "MagneticFieldStrength": 3,
    "Manufacturer": "Siemens",
    "ManufacturersModelName": "Prisma_fit",
    "Modality": "MR",
    "ParallelReductionFactorInPlane": 2,
    "PartialFourier": 1,
    "PatientPosition": "HFS",
    "PercentPhaseFOV": 100,
    "PhaseEncodingDirection": "j-",
    "PhaseEncodingSteps": 63,
    "PhaseResolution": 1,
    "PixelBandwidth": 2605,
    "ProcedureStepDescription": "MR_hersenen_(structuur_alleen)",
    "ProtocolName": "ep2d_1_back",
    "PulseSequenceDetails": "%SiemensSeq%_ep2d_bold",
    "ReceiveCoilActiveElements": "HC1-7;NC1,2",
    "ReceiveCoilName": "HeadNeck_64",
    "ReconMatrixPE": 64,
    "RefLinesPE": 24,
    "RepetitionTime": 2,
    "SAR": 0.107843,
    "ScanOptions": "FS",
    "ScanningSequence": "EP",
    "SequenceName": "_epfid2d1_64",
    "SequenceVariant": "SK",
    "SeriesDescription": "ep2d_1_back",
    "SeriesNumber": 7,
    "ShimSetting": [
      5147,
      -7517,
      -7740,
      440,
      -120,
      25,
      39,
      21
    ],
    "SliceThickness": 3.5,
    "SliceTiming": [
      0.9875,
      0,
      1.04,
      0.05,
      1.0925,
      0.1025,
      1.145,
      0.155,
      1.1975,
      0.2075,
      1.25,
      0.26,
      1.3025,
      0.3125,
      1.3525,
      0.3625,
      1.405,
      0.415,
      1.4575,
      0.4675,
      1.51,
      0.52,
      1.5625,
      0.5725,
      1.615,
      0.625,
      1.665,
      0.675,
      1.7175,
      0.7275,
      1.77,
      0.78,
      1.8225,
      0.8325,
      1.875,
      0.885,
      1.9275,
      0.9375
    ],
    "SoftwareVersions": "syngo_MR_E11",
    "SpacingBetweenSlices": 3.85,
    "StationName": "AWP167045",
    "TaskName": "1back",
    "TotalReadoutTime": 0.0154349,
    "TxRefAmp": 240.534,
    "dataset": "ds002938",
    "modality": "bold",
    "subject_id": "02",
    "task_id": "1back"
  },
  "dummy_trs": 0,
  "dvars_nstd": 21.259370884612686,
  "dvars_std": 1.205452602711267,
  "dvars_vstd": 1.0103206738380284,
  "efc": 0.5333106599650768,
  "fber": 519.9396362304688,
  "fd_mean": 0.08049476121189823,
  "fd_num": 4,
  "fd_perc": 1.4035087719298245,
  "fwhm_avg": 2.572432835534201,
  "fwhm_x": 2.395974285714286,
  "fwhm_y": 2.69548,
  "fwhm_z": 2.625844220888317,
  "gcor": 0.018444,
  "gsr_x": -0.008918936364352703,
  "gsr_y": 0.06904289126396179,
  "provenance": {
    "md5sum": "6bc0e46dd13a2df18281082d30bd9d01",
    "settings": {
      "fd_thres": 0.2,
      "testing": false
    },
    "software": "mriqc",
    "version": "23.0.1",
    "webapi_port": null,
    "webapi_url": "https://mriqc.nimh.nih.gov/api/v1"
  },
  "size_t": 285,
  "size_x": 64,
  "size_y": 64,
  "size_z": 38,
  "snr": 2.3742337696704463,
  "spacing_tr": 2.0,
  "spacing_x": 3.5,
  "spacing_y": 3.5,
  "spacing_z": 3.8499999046325684,
  "summary_bg_k": 26.62245735275309,
  "summary_bg_mad": 8.401414456757953,
  "summary_bg_mean": 78.62667846679688,
  "summary_bg_median": 34.470176696777344,
  "summary_bg_n": 92760.0,
  "summary_bg_p05": 27.501754760742188,
  "summary_bg_p95": 331.43333282470735,
  "summary_bg_stdv": 125.8508071899414,
  "summary_fg_k": 0.7960017655290716,
  "summary_fg_mad": 332.9326528682643,
  "summary_fg_mean": 876.6564331054688,
  "summary_fg_median": 811.431640625,
  "summary_fg_n": 26400.0,
  "summary_fg_p05": 448.5996566772461,
  "summary_fg_p95": 1524.0247131347655,
  "summary_fg_stdv": 341.75921630859375,
  "tsnr": 84.08156679943204
}