{
  "bids_meta": {
    "AcquisitionMatrixPE": 256,
    "AcquisitionNumber": 1,
    "AcquisitionTime": "11:37:37.477500",
    "BaseResolution": 256,
    "BodyPartExamined": "BRAIN",
    "CoilString": "HC1-7;NC1_2",
    "ConsistencyInfo": "N4_VE11C_LATEST_20160120",
    "ConversionSoftware": "dcm2niix",
    "ConversionSoftwareVersion": "v1.0.20190410  GCC6.3.0",
    "DeviceSerialNumber": "167045",
    "DwellTime": 1.3e-05,
    "EchoTime": 0.00418,
    "FlipAngle": 9,
    "ImageOrientationPatientDICOM": [
      -0.00523388,
      0.999986,
      -2.19614e-08,
      0.0418389,
      0.000218961,
      -0.999124
    ],
    "ImageType": [
      "ORIGINAL",
      "PRIMARY",
      "M",
      "ND",
      "NORM"
    ],
    "ImagingFrequency": 123.26,
    "InPlanePhaseEncodingDirectionDICOM": "ROW",
    "InstitutionAddress": "De_Pintelaan_185_Gent_District_BE_9000",
    "InstitutionName": "Experimental_Psychology",
    "InstitutionalDepartmentName": "Department",
    "InversionTime": 0.9,
    "MRAcquisitionType": "3D",
    "MagneticFieldStrength": 3,
    "Manufacturer": "Siemens",
    "ManufacturersModelName": "Prisma_fit",
    "Modality": "MR",
    "PartialFourier": 1,
    "PatientPosition": "HFS",
    "PercentPhaseFOV": 100,
    "PhaseEncodingSteps": 255,
    "PhaseResolution": 1,
    "PixelBandwidth": 150,
    "ProcedureStepDescription": "MR_hersenen_(structuur_alleen)",
    "ProtocolName": "T1_mprage",
    "PulseSequenceDetails": "%SiemensSeq%_tfl",
    "ReceiveCoilActiveElements": "HC1-7;NC1,2",
    "ReceiveCoilName": "HeadNeck_64",
    "ReconMatrixPE": 256,
    "RefLinesPE": 24,
    "RepetitionTime": 2.25,
    "SAR": 0.0580936,
    "ScanOptions": "IR",
    "ScanningSequence": "GR_IR",
    "SequenceName": "_tfl3d1_16ns",
    "SequenceVariant": "SK_SP_MP",
    "SeriesDescription": "T1_mprage",
    "SeriesNumber": 2,
    "ShimSetting": [
      5159,
      -7504,
      -7964,
      40,
      -67,
      39,
      -5,
      -10
    ],
    "SliceThickness": 1,
    "SoftwareVersions": "syngo_MR_E11",
    "StationName": "AWP167045",
    "TxRefAmp": 232.01,
    "dataset": "ds002938",
    "modality": "T1w",
    "subject_id": "24"
  },
  "cjv": 0.33919519403483744,
  "cnr": 3.8109227618608057,
  "efc": 0.5529256428186068,
  "fber": 22026.83840597354,
  "fwhm_avg": 3.8025400000000005,
  "fwhm_x": 3.98243,
  "fwhm_y": 3.86178,
  "fwhm_z": 3.56341,
  "icvs_csf": 0.2302053208072043,
  "icvs_gm": 0.44036815979047234,
  "icvs_wm": 0.32942651940232337,
  "inu_med": 0.5340270102024078,
  "inu_range": 0.23588238656520832,
  "provenance": {
    "md5sum": "d67a99eaeae867823f77b48daee94c20",
    "settings": {
      "testing": false
    },
    "software": "mriqc",
    "version": "23.0.1",
    "warnings": {
      "large_rot_frame": true,
      "small_air_mask": false
    },
    "webapi_port": null,
    "webapi_url": "https://mriqc.nimh.nih.gov/api/v1"
  },
  "qi_1": 0.0,
  "qi_2": 0.010747289783133948,
  "rpve_csf": 22.56165649187297,
  "rpve_gm": 12.178278837634348,
  "rpve_wm": 18.494539257958742,
  "size_x": 176,
  "size_y": 256,
  "size_z": 256,
  "snr_csf": 2.0815158277221246,
  "snr_gm": 10.747269516855201,
  "snr_total": 12.38310287900719,
  "snr_wm": 24.320523292444243,
  "snrd_csf": 25.241284717223504,
  "snrd_gm": 73.12508851202378,
  "snrd_total": 67.40161656756372,
  "snrd_wm": 103.83847647344388,
  "spacing_x": 1.0,
  "spacing_y": 1.0,
  "spacing_z": 1.0,
  "summary_bg_k": 11.611033537812462,
  "summary_bg_mad": 0.0,
  "summary_bg_mean": 4.067929584254764,
  "summary_bg_median": 0.0,
  "summary_bg_n": 2457875.0,
  "summary_bg_p05": 0.0,
  "summary_bg_p95": 15.90257379412651,
  "summary_bg_stdv": 6.309187460905511,
  "summary_csf_k": 2.0686446702926347,
  "summary_csf_mad": 110.76310426549122,
  "summary_csf_mean": 254.5828581148105,
  "summary_csf_median": 243.08219942450523,
  "summary_csf_n": 47416.0,
  "summary_csf_p05": 88.59074335545301,
  "summary_csf_p95": 463.8933470249176,
  "summary_csf_stdv": 116.78010461444606,
  "summary_gm_k": 0.2271400641840713,
  "summary_gm_mad": 62.06267656750355,
  "summary_gm_mean": 703.6887543264597,
  "summary_gm_median": 704.2195968925953,
  "summary_gm_n": 35446.0,
  "summary_gm_p05": 592.8457164913416,
  "summary_gm_p95": 811.6923189684749,
  "summary_gm_stdv": 65.52451876467974,
  "summary_wm_k": 0.5967525092951993,
  "summary_wm_mad": 38.26462176270459,
  "summary_wm_mean": 999.191421896495,
  "summary_wm_median": 1000.0000209510326,
  "summary_wm_n": 186329.0,
  "summary_wm_p05": 930.2447031140327,
  "summary_wm_p95": 1065.3234739601612,
  "summary_wm_stdv": 41.11742685374273,
  "tpm_overlap_csf": 0.15351487502974634,
  "tpm_overlap_gm": 0.4689679080527408,
  "tpm_overlap_wm": 0.498653360194334,
  "wm2max": 0.558536704973526
}