{
  "bids_meta": {
    "AcquisitionMatrixPE": 256,
    "AcquisitionNumber": 1,
    "AcquisitionTime": "11:48:59.620000",
    "BaseResolution": 256,
    "BodyPartExamined": "BRAIN",
    "CoilString": "HC1-7;NC1_2",
    "ConsistencyInfo": "N4_VE11C_LATEST_20160120",
    "ConversionSoftware": "dcm2niix",
    "ConversionSoftwareVersion": "v1.0.20190410  GCC6.3.0",
    "DeviceSerialNumber": "167045",
    "DwellTime": 1.3e-05,
    "EchoTime": 0.00418,
    "FlipAngle": 9,
    "ImageOrientationPatientDICOM": [
      -0.0540833,
      0.998536,
      -2.84921e-08,
      -1.43482e-05,
      -8.05668e-07,
      -1
    ],
    "ImageType": [
      "ORIGINAL",
      "PRIMARY",
      "M",
      "ND",
      "NORM"
    ],
    "ImagingFrequency": 123.26,
    "InPlanePhaseEncodingDirectionDICOM": "ROW",
    "InstitutionAddress": "De_Pintelaan_185_Gent_District_BE_9000",
    "InstitutionName": "UGent",
    "InstitutionalDepartmentName": "Department",
    "InversionTime": 0.9,
    "MRAcquisitionType": "3D",
    "MagneticFieldStrength": 3,
    "Manufacturer": "Siemens",
    "ManufacturersModelName": "Prisma_fit",
    "Modality": "MR",
    "PartialFourier": 1,
    "PatientPosition": "HFS",
    "PercentPhaseFOV": 100,
    "PhaseEncodingSteps": 255,
    "PhaseResolution": 1,
    "PixelBandwidth": 150,
    "ProcedureStepDescription": "MR_hersenen_(structuur_alleen)",
    "ProtocolName": "T1_mprage",
    "PulseSequenceDetails": "%SiemensSeq%_tfl",
    "ReceiveCoilActiveElements": "HC1-7;NC1,2",
    "ReceiveCoilName": "HeadNeck_64",
    "ReconMatrixPE": 256,
    "RefLinesPE": 24,
    "RepetitionTime": 2.25,
    "SAR": 0.0412673,
    "ScanOptions": "IR",
    "ScanningSequence": "GR_IR",
    "SequenceName": "_tfl3d1_16ns",
    "SequenceVariant": "SK_SP_MP",
    "SeriesDescription": "T1_mprage",
    "SeriesNumber": 2,
    "ShimSetting": [
      5159,
      -7504,
      -7964,
      40,
      -67,
      39,
      -5,
      -10
    ],
    "SliceThickness": 1,
    "SoftwareVersions": "syngo_MR_E11",
    "StationName": "AWP167045",
    "TxRefAmp": 209.951,
    "dataset": "ds002938",
    "modality": "T1w",
    "subject_id": "27"
  },
  "cjv": 0.3372782679334196,
  "cnr": 3.968061425000737,
  "efc": 0.5421928245245796,
  "fber": 20969.26775147929,
  "fwhm_avg": 3.996073333333333,
  "fwhm_x": 4.13364,
  "fwhm_y": 4.05106,
  "fwhm_z": 3.80352,
  "icvs_csf": 0.197652276747568,
  "icvs_gm": 0.4599495873298856,
  "icvs_wm": 0.3423981359225464,
  "inu_med": 0.6402446031570435,
  "inu_range": 0.329912805557251,
  "provenance": {
    "md5sum": "edb1102c482cf342d34eb4290de8f44d",
    "settings": {
      "testing": false
    },
    "software": "mriqc",
    "version": "23.0.1",
    "warnings": {
      "large_rot_frame": true,
      "small_air_mask": false
    },
    "webapi_port": null,
    "webapi_url": "https://mriqc.nimh.nih.gov/api/v1"
  },
  "qi_1": 0.0,
  "qi_2": 0.00933709826998694,
  "rpve_csf": 25.994613971005286,
  "rpve_gm": 12.028597916653453,
  "rpve_wm": 17.95083613979386,
  "size_x": 176,
  "size_y": 256,
  "size_z": 256,
  "snr_csf": 2.09686584131823,
  "snr_gm": 11.136689487388637,
  "snr_total": 11.843334104041693,
  "snr_wm": 22.296446983418214,
  "snrd_csf": 18.923089486658533,
  "snrd_gm": 50.498888412084696,
  "snrd_total": 47.4158197307975,
  "snrd_wm": 72.82548129364926,
  "spacing_x": 1.0,
  "spacing_y": 1.0,
  "spacing_z": 1.0,
  "summary_bg_k": 15.852497053447195,
  "summary_bg_mad": 0.0,
  "summary_bg_mean": 5.24464705458705,
  "summary_bg_median": 0.0,
  "summary_bg_n": 2897124.0,
  "summary_bg_p05": 0.0,
  "summary_bg_p95": 23.192862257361412,
  "summary_bg_stdv": 8.996278483767378,
  "summary_csf_k": 0.4785510254766394,
  "summary_csf_mad": 121.61371641137954,
  "summary_csf_mean": 267.94862389133743,
  "summary_csf_median": 259.8502888791263,
  "summary_csf_n": 27402.0,
  "summary_csf_p05": 80.6419830981642,
  "summary_csf_p95": 488.3166916690765,
  "summary_csf_stdv": 123.92092153354429,
  "summary_gm_k": 0.0959426401404202,
  "summary_gm_mad": 60.893565886977164,
  "summary_gm_mean": 694.5962730337856,
  "summary_gm_median": 693.4465300291777,
  "summary_gm_n": 45490.0,
  "summary_gm_p05": 593.2376580957323,
  "summary_gm_p95": 798.7016875546424,
  "summary_gm_stdv": 62.26616166373804,
  "summary_wm_k": 0.524453731219277,
  "summary_wm_mad": 42.511537454049154,
  "summary_wm_mean": 999.5923650217269,
  "summary_wm_median": 1000.0334440767765,
  "summary_wm_n": 188470.0,
  "summary_wm_p05": 925.1746379435062,
  "summary_wm_p95": 1071.5837583318353,
  "summary_wm_stdv": 44.85157620791055,
  "tpm_overlap_csf": 0.1344548057808818,
  "tpm_overlap_gm": 0.46821417664610654,
  "tpm_overlap_wm": 0.49640568258644685,
  "wm2max": 0.6266478522929055
}