{
  "aor": 0.0007061837455830388,
  "aqi": 0.0014198814982332155,
  "bids_meta": {
    "AcquisitionMatrixPE": 64,
    "AcquisitionNumber": 1,
    "AcquisitionTime": "12:11:11.292500",
    "BandwidthPerPixelPhaseEncode": 63.776,
    "BaseResolution": 64,
    "BodyPartExamined": "BRAIN",
    "CoilString": "HC1-7;NC1_2",
    "ConsistencyInfo": "N4_VE11C_LATEST_20160120",
    "ConversionSoftware": "dcm2niix",
    "ConversionSoftwareVersion": "v1.0.20190410  GCC6.3.0",
    "DerivedVendorReportedEchoSpacing": 0.000489996,
    "DeviceSerialNumber": "167045",
    "DwellTime": 3e-06,
    "EchoTime": 0.029,
    "EchoTrainLength": 31,
    "EffectiveEchoSpacing": 0.000244998,
    "FlipAngle": 90,
    "ImageOrientationPatientDICOM": [
      0.99953,
      0.00261829,
      0.0305518,
      -3.87712e-08,
      0.996348,
      -0.0853857
    ],
    "ImageType": [
      "ORIGINAL",
      "PRIMARY",
      "M",
      "ND",
      "MOSAIC"
    ],
    "ImagingFrequency": 123.26,
    "InPlanePhaseEncodingDirectionDICOM": "COL",
    "InstitutionAddress": "De_Pintelaan_185_Gent_District_BE_9000",
    "InstitutionName": "Experimental_Psychology",
    "InstitutionalDepartmentName": "Department",
    "MRAcquisitionType": "2D",
    "MagneticFieldStrength": 3,
    "Manufacturer": "Siemens",
    "ManufacturersModelName": "Prisma_fit",
    "Modality": "MR",
    "ParallelReductionFactorInPlane": 2,
    "PartialFourier": 1,
    "PatientPosition": "HFS",
    "PercentPhaseFOV": 100,
    "PhaseEncodingDirection": "j-",
    "PhaseEncodingSteps": 63,
    "PhaseResolution": 1,
    "PixelBandwidth": 2605,
    "ProcedureStepDescription": "MR_hersenen_(structuur_alleen)",
    "ProtocolName": "ep2d_1_back",
    "PulseSequenceDetails": "%SiemensSeq%_ep2d_bold",
    "ReceiveCoilActiveElements": "HC1-7;NC1,2",
    "ReceiveCoilName": "HeadNeck_64",
    "ReconMatrixPE": 64,
    "RefLinesPE": 24,
    "RepetitionTime": 2,
    "SAR": 0.135993,
    "ScanOptions": "FS",
    "ScanningSequence": "EP",
    "SequenceName": "_epfid2d1_64",
    "SequenceVariant": "SK",
    "SeriesDescription": "ep2d_1_back",
    "SeriesNumber": 6,
    "ShimSetting": [
      5155,
      -7539,
      -7673,
      644,
      -104,
      -22,
      90,
      10
    ],
    "SliceThickness": 3.5,
    "SliceTiming": [
      0.99,
      0,
      1.0425,
      0.0525,
      1.0925,
      0.1025,
      1.145,
      0.155,
      1.1975,
      0.2075,
      1.25,
      0.26,
      1.3025,
      0.3125,
      1.355,
      0.365,
      1.405,
      0.415,
      1.4575,
      0.4675,
      1.51,
      0.52,
      1.5625,
      0.5725,
      1.615,
      0.625,
      1.6675,
      0.6775,
      1.7175,
      0.7275,
      1.77,
      0.78,
      1.8225,
      0.8325,
      1.875,
      0.885,
      1.9275,
      0.9375
    ],
    "SoftwareVersions": "syngo_MR_E11",
    "SpacingBetweenSlices": 3.85,
    "StationName": "AWP167045",
    "TaskName": "1back",
    "TotalReadoutTime": 0.0154349,
    "TxRefAmp": 251.323,
    "dataset": "ds002938",
    "modality": "bold",
    "subject_id": "14",
    "task_id": "1back"
  },
  "dummy_trs": 2,
  "dvars_nstd": 20.864467918616995,
  "dvars_std": 1.237338190390072,
  "dvars_vstd": 1.011846326631205,
  "efc": 0.5051292766488886,
  "fber": 609.9156494140625,
  "fd_mean": 0.050388289774609185,
  "fd_num": 2,
  "fd_perc": 0.7067137809187279,
  "fwhm_avg": 2.7477648141770232,
  "fwhm_x": 2.5923257142857143,
  "fwhm_y": 2.880942857142857,
  "fwhm_z": 2.770025871102499,
  "gcor": 0.0202317,
  "gsr_x": 0.002036494202911854,
  "gsr_y": 0.06680808216333389,
  "provenance": {
    "md5sum": "2e1242aba74a25d44f96bb8b6ddfeb13",
    "settings": {
      "fd_thres": 0.2,
      "testing": false
    },
    "software": "mriqc",
    "version": "23.0.1",
    "webapi_port": null,
    "webapi_url": "https://mriqc.nimh.nih.gov/api/v1"
  },
  "size_t": 283,
  "size_x": 64,
  "size_y": 64,
  "size_z": 38,
  "snr": 2.438285045565649,
  "spacing_tr": 2.0,
  "spacing_x": 3.5,
  "spacing_y": 3.5,
  "spacing_z": 3.8500001430511475,
  "summary_bg_k": 27.115445327867675,
  "summary_bg_mad": 7.722102413117682,
  "summary_bg_mean": 79.44548034667969,
  "summary_bg_median": 34.72438049316406,
  "summary_bg_n": 99402.0,
  "summary_bg_p05": 28.257949829101562,
  "summary_bg_p95": 333.9364013671875,
  "summary_bg_stdv": 134.392578125,
  "summary_fg_k": 0.5915190346673422,
  "summary_fg_mad": 348.8751512601027,
  "summary_fg_mean": 949.1295166015625,
  "summary_fg_median": 882.5494384765625,
  "summary_fg_n": 22286.0,
  "summary_fg_p05": 473.44788360595703,
  "summary_fg_p95": 1633.1722717285156,
  "summary_fg_stdv": 361.9468688964844,
  "tsnr": 91.84814584814012
}