{
  "aor": 0.001115236051502146,
  "aqi": 0.003464084839055794,
  "bids_meta": {
    "AcquisitionMatrixPE": 64,
    "AcquisitionNumber": 1,
    "AcquisitionTime": "11:39:10.272500",
    "BandwidthPerPixelPhaseEncode": 63.776,
    "BaseResolution": 64,
    "BodyPartExamined": "BRAIN",
    "CoilString": "HC1-7;NC1_2",
    "ConsistencyInfo": "N4_VE11C_LATEST_20160120",
    "ConversionSoftware": "dcm2niix",
    "ConversionSoftwareVersion": "v1.0.20190410  GCC6.3.0",
    "DerivedVendorReportedEchoSpacing": 0.000489996,
    "DeviceSerialNumber": "167045",
    "DwellTime": 3e-06,
    "EchoTime": 0.029,
    "EchoTrainLength": 31,
    "EffectiveEchoSpacing": 0.000244998,
    "FlipAngle": 90,
    "ImageOrientationPatientDICOM": [
      0.99953,
      0.00261829,
      0.0305518,
      -3.87712e-08,
      0.996348,
      -0.0853857
    ],
    "ImageType": [
      "ORIGINAL",
      "PRIMARY",
      "M",
      "ND",
      "MOSAIC"
    ],
    "ImagingFrequency": 123.26,
    "InPlanePhaseEncodingDirectionDICOM": "COL",
    "InstitutionAddress": "De_Pintelaan_185_Gent_District_BE_9000",
    "InstitutionName": "Experimental_Psychology",
    "InstitutionalDepartmentName": "Department",
    "MRAcquisitionType": "2D",
    "MagneticFieldStrength": 3,
    "Manufacturer": "Siemens",
    "ManufacturersModelName": "Prisma_fit",
    "Modality": "MR",
    "ParallelReductionFactorInPlane": 2,
    "PartialFourier": 1,
    "PatientPosition": "HFS",
    "PercentPhaseFOV": 100,
    "PhaseEncodingDirection": "j-",
    "PhaseEncodingSteps": 63,
    "PhaseResolution": 1,
    "PixelBandwidth": 2605,
    "ProcedureStepDescription": "MR_hersenen_(structuur_alleen)",
    "ProtocolName": "ep2d_main_effort",
    "PulseSequenceDetails": "%SiemensSeq%_ep2d_bold",
    "ReceiveCoilActiveElements": "HC1-7;NC1,2",
    "ReceiveCoilName": "HeadNeck_64",
    "ReconMatrixPE": 64,
    "RefLinesPE": 24,
    "RepetitionTime": 2,
    "SAR": 0.135993,
    "ScanOptions": "FS",
    "ScanningSequence": "EP",
    "SequenceName": "_epfid2d1_64",
    "SequenceVariant": "SK",
    "SeriesDescription": "ep2d_main_effort",
    "SeriesNumber": 5,
    "ShimSetting": [
      5155,
      -7539,
      -7673,
      644,
      -104,
      -22,
      90,
      10
    ],
    "SliceThickness": 3.5,
    "SliceTiming": [
      0.99,
      0,
      1.0425,
      0.0525,
      1.095,
      0.105,
      1.145,
      0.155,
      1.1975,
      0.2075,
      1.25,
      0.26,
      1.3025,
      0.3125,
      1.355,
      0.365,
      1.4075,
      0.4175,
      1.4575,
      0.4675,
      1.51,
      0.52,
      1.5625,
      0.5725,
      1.615,
      0.625,
      1.6675,
      0.6775,
      1.72,
      0.73,
      1.77,
      0.7825,
      1.8225,
      0.8325,
      1.875,
      0.885,
      1.9275,
      0.9375
    ],
    "SoftwareVersions": "syngo_MR_E11",
    "SpacingBetweenSlices": 3.85,
    "StationName": "AWP167045",
    "TaskName": "effort",
    "TotalReadoutTime": 0.0154349,
    "TxRefAmp": 251.323,
    "dataset": "ds002938",
    "modality": "bold",
    "subject_id": "14",
    "task_id": "effort"
  },
  "dummy_trs": 0,
  "dvars_nstd": 21.66992021769068,
  "dvars_std": 1.190403904328678,
  "dvars_vstd": 0.9871481893984964,
  "efc": 0.5034670632466303,
  "fber": 612.8856201171875,
  "fd_mean": 0.057880235065146696,
  "fd_num": 9,
  "fd_perc": 0.9656652360515021,
  "fwhm_avg": 2.7450598796258405,
  "fwhm_x": 2.631834285714286,
  "fwhm_y": 2.8748,
  "fwhm_z": 2.728545353163235,
  "gcor": 0.0237356,
  "gsr_x": 0.004915044642984867,
  "gsr_y": 0.06422735750675201,
  "provenance": {
    "md5sum": "66b61b35785f22285b74e4d97b94cc64",
    "settings": {
      "fd_thres": 0.2,
      "testing": false
    },
    "software": "mriqc",
    "version": "23.0.1",
    "webapi_port": null,
    "webapi_url": "https://mriqc.nimh.nih.gov/api/v1"
  },
  "size_t": 932,
  "size_x": 64,
  "size_y": 64,
  "size_z": 38,
  "snr": 2.4612918888337765,
  "spacing_tr": 2.0,
  "spacing_x": 3.5,
  "spacing_y": 3.5,
  "spacing_z": 3.8500001430511475,
  "summary_bg_k": 27.852102502124115,
  "summary_bg_mad": 8.195675007433584,
  "summary_bg_mean": 78.7547607421875,
  "summary_bg_median": 34.660945892333984,
  "summary_bg_n": 99837.0,
  "summary_bg_p05": 27.691845703125,
  "summary_bg_p95": 326.64420776367183,
  "summary_bg_stdv": 133.51104736328125,
  "summary_fg_k": 0.6082263255811555,
  "summary_fg_mad": 345.58313908919666,
  "summary_fg_mean": 947.3148803710938,
  "summary_fg_median": 881.50537109375,
  "summary_fg_n": 22137.0,
  "summary_fg_p05": 475.87232666015626,
  "summary_fg_p95": 1621.715185546875,
  "summary_fg_stdv": 358.13934326171875,
  "tsnr": 69.47369100060314
}