{
  "bids_meta": {
    "AcquisitionMatrixPE": 256,
    "AcquisitionNumber": 1,
    "AcquisitionTime": "11:39:46.137500",
    "BaseResolution": 256,
    "BodyPartExamined": "BRAIN",
    "ConsistencyInfo": "N4_VE11C_LATEST_20160120",
    "ConversionSoftware": "dcm2niix",
    "ConversionSoftwareVersion": "v1.0.20190410  GCC6.3.0",
    "DeviceSerialNumber": "167045",
    "DwellTime": 1.3e-05,
    "EchoTime": 0.00418,
    "FlipAngle": 9,
    "ImageOrientationPatientDICOM": [
      -0.158161,
      0.987413,
      -3.51588e-09,
      0.00859365,
      0.0013765,
      -0.999962
    ],
    "ImageType": [
      "ORIGINAL",
      "PRIMARY",
      "M",
      "ND",
      "NORM"
    ],
    "ImagingFrequency": 123.26,
    "InPlanePhaseEncodingDirectionDICOM": "ROW",
    "InstitutionAddress": "De_Pintelaan_185_Gent_District_BE_9000",
    "InstitutionName": "Experimental_Psychology",
    "InstitutionalDepartmentName": "Department",
    "InversionTime": 0.9,
    "MRAcquisitionType": "3D",
    "MagneticFieldStrength": 3,
    "Manufacturer": "Siemens",
    "ManufacturersModelName": "Prisma_fit",
    "Modality": "MR",
    "PartialFourier": 1,
    "PatientPosition": "HFS",
    "PercentPhaseFOV": 100,
    "PhaseEncodingSteps": 255,
    "PhaseResolution": 1,
    "PixelBandwidth": 150,
    "ProcedureStepDescription": "MR_hersenen_(structuur_alleen)",
    "ProtocolName": "T1_mprage",
    "PulseSequenceDetails": "%SiemensSeq%_tfl",
    "ReceiveCoilActiveElements": "HC1-7;NC1",
    "ReceiveCoilName": "HeadNeck_64",
    "ReconMatrixPE": 256,
    "RefLinesPE": 24,
    "RepetitionTime": 2.25,
    "SAR": 0.262754,
    "ScanOptions": "IR",
    "ScanningSequence": "GR_IR",
    "SequenceName": "_tfl3d1_16ns",
    "SequenceVariant": "SK_SP_MP",
    "SeriesDescription": "T1_mprage",
    "SeriesNumber": 2,
    "ShimSetting": [
      5159,
      -7504,
      -7964,
      40,
      -67,
      39,
      -5,
      -10
    ],
    "SliceThickness": 1,
    "SoftwareVersions": "syngo_MR_E11",
    "StationName": "AWP167045",
    "TxRefAmp": 228.593,
    "dataset": "ds002938",
    "modality": "T1w",
    "subject_id": "07"
  },
  "cjv": 0.3565166647458005,
  "cnr": 3.7391147881524276,
  "efc": 0.5256582382709066,
  "fber": 24589.992621813133,
  "fwhm_avg": 3.89184,
  "fwhm_x": 3.94874,
  "fwhm_y": 4.07101,
  "fwhm_z": 3.65577,
  "icvs_csf": 0.20653948657044385,
  "icvs_gm": 0.43839583362231804,
  "icvs_wm": 0.3550646798072381,
  "inu_med": 0.5138643980026245,
  "inu_range": 0.22476981282234193,
  "provenance": {
    "md5sum": "fd3e7172268d5ccbc2798353a40b0e1d",
    "settings": {
      "testing": false
    },
    "software": "mriqc",
    "version": "23.0.1",
    "warnings": {
      "large_rot_frame": true,
      "small_air_mask": false
    },
    "webapi_port": null,
    "webapi_url": "https://mriqc.nimh.nih.gov/api/v1"
  },
  "qi_1": 2.074402290614278e-06,
  "qi_2": 0.009115878911822663,
  "rpve_csf": 25.915009102936686,
  "rpve_gm": 12.869830726134465,
  "rpve_wm": 18.174593255447316,
  "size_x": 176,
  "size_y": 256,
  "size_z": 256,
  "snr_csf": 2.1637610931672633,
  "snr_gm": 10.491219393502979,
  "snr_total": 11.823806705522971,
  "snr_wm": 22.816439629898674,
  "snrd_csf": 26.650880258573643,
  "snrd_gm": 76.8838205891843,
  "snrd_total": 71.09560033636026,
  "snrd_wm": 109.75210016132286,
  "spacing_x": 1.0,
  "spacing_y": 1.0,
  "spacing_z": 1.0,
  "summary_bg_k": 30.46136598445507,
  "summary_bg_mad": 0.0,
  "summary_bg_mean": 3.4476943584528663,
  "summary_bg_median": 0.0,
  "summary_bg_n": 3148422.0,
  "summary_bg_p05": 0.0,
  "summary_bg_p95": 14.499774470925331,
  "summary_bg_stdv": 5.969237693662172,
  "summary_csf_k": 1.9439486827780499,
  "summary_csf_mad": 95.68650810038717,
  "summary_csf_mean": 250.48071755312185,
  "summary_csf_median": 242.82796530425549,
  "summary_csf_n": 37001.0,
  "summary_csf_p05": 74.09073303639889,
  "summary_csf_p95": 450.8772352784872,
  "summary_csf_stdv": 112.22342645801912,
  "summary_gm_k": 0.05139355331686701,
  "summary_gm_mad": 65.92877367774666,
  "summary_gm_mean": 700.8146424655192,
  "summary_gm_median": 700.5225169807673,
  "summary_gm_n": 30984.0,
  "summary_gm_p05": 589.9920165985823,
  "summary_gm_p95": 810.5633471749723,
  "summary_gm_stdv": 66.77119084350369,
  "summary_wm_k": 0.643348971598654,
  "summary_wm_mad": 40.839925173141125,
  "summary_wm_mean": 1000.1540506926523,
  "summary_wm_median": 999.9999591559172,
  "summary_wm_n": 185983.0,
  "summary_wm_p05": 928.4354398101568,
  "summary_wm_p95": 1071.979746505618,
  "summary_wm_stdv": 43.82792788688458,
  "tpm_overlap_csf": 0.15476253632434764,
  "tpm_overlap_gm": 0.4488814560748079,
  "tpm_overlap_wm": 0.4818564258281281,
  "wm2max": 0.6132509921266527
}