{
  "aor": 0.015559452054794523,
  "aqi": 0.004857154004214963,
  "bids_meta": {
    "AcquisitionMatrixPE": 64,
    "AcquisitionNumber": 1,
    "AcquisitionTime": "10:34:56.490000",
    "BandwidthPerPixelPhaseEncode": 63.776,
    "BaseResolution": 64,
    "BodyPartExamined": "BRAIN",
    "CoilString": "HC1-7;NC1_2",
    "ConsistencyInfo": "N4_VE11C_LATEST_20160120",
    "ConversionSoftware": "dcm2niix",
    "ConversionSoftwareVersion": "v1.0.20190410  GCC6.3.0",
    "DerivedVendorReportedEchoSpacing": 0.000489996,
    "DeviceSerialNumber": "167045",
    "DwellTime": 3e-06,
    "EchoTime": 0.029,
    "EchoTrainLength": 31,
    "EffectiveEchoSpacing": 0.000244998,
    "FlipAngle": 90,
    "ImageOrientationPatientDICOM": [
      0.999387,
      -0.00383828,
      -0.0347937,
      -3.11694e-08,
      0.99397,
      -0.109651
    ],
    "ImageType": [
      "ORIGINAL",
      "PRIMARY",
      "M",
      "ND",
      "MOSAIC"
    ],
    "ImagingFrequency": 123.26,
    "InPlanePhaseEncodingDirectionDICOM": "COL",
    "InstitutionAddress": "De_Pintelaan_185_Gent_District_BE_9000",
    "InstitutionName": "Experimental_Psychology",
    "InstitutionalDepartmentName": "Department",
    "MRAcquisitionType": "2D",
    "MagneticFieldStrength": 3,
    "Manufacturer": "Siemens",
    "ManufacturersModelName": "Prisma_fit",
    "Modality": "MR",
    "ParallelReductionFactorInPlane": 2,
    "PartialFourier": 1,
    "PatientPosition": "HFS",
    "PercentPhaseFOV": 100,
    "PhaseEncodingDirection": "j-",
    "PhaseEncodingSteps": 63,
    "PhaseResolution": 1,
    "PixelBandwidth": 2605,
    "ProcedureStepDescription": "MR_hersenen_(structuur_alleen)",
    "ProtocolName": "ep2d_main_effort",
    "PulseSequenceDetails": "%SiemensSeq%_ep2d_bold",
    "ReceiveCoilActiveElements": "HC1-7;NC1,2",
    "ReceiveCoilName": "HeadNeck_64",
    "ReconMatrixPE": 64,
    "RefLinesPE": 24,
    "RepetitionTime": 2,
    "SAR": 0.0923937,
    "ScanOptions": "FS",
    "ScanningSequence": "EP",
    "SequenceName": "_epfid2d1_64",
    "SequenceVariant": "SK",
    "SeriesDescription": "ep2d_main_effort",
    "SeriesNumber": 5,
    "ShimSetting": [
      5130,
      -7506,
      -7730,
      364,
      -142,
      -176,
      48,
      -16
    ],
    "SliceThickness": 3.5,
    "SliceTiming": [
      0.99,
      0,
      1.04,
      0.0525,
      1.0925,
      0.1025,
      1.145,
      0.155,
      1.1975,
      0.2075,
      1.25,
      0.26,
      1.3025,
      0.3125,
      1.355,
      0.365,
      1.405,
      0.415,
      1.4575,
      0.4675,
      1.51,
      0.52,
      1.5625,
      0.5725,
      1.615,
      0.625,
      1.6675,
      0.6775,
      1.7175,
      0.7275,
      1.77,
      0.78,
      1.8225,
      0.8325,
      1.875,
      0.885,
      1.9275,
      0.9375
    ],
    "SoftwareVersions": "syngo_MR_E11",
    "SpacingBetweenSlices": 3.85,
    "StationName": "AWP167045",
    "TaskName": "effort",
    "TotalReadoutTime": 0.0154349,
    "TxRefAmp": 242.477,
    "dataset": "ds002938",
    "modality": "bold",
    "subject_id": "06",
    "task_id": "effort"
  },
  "dummy_trs": 0,
  "dvars_nstd": 22.74261317158227,
  "dvars_std": 1.2644583540717294,
  "dvars_vstd": 1.1771089967616026,
  "efc": 0.4748710194637933,
  "fber": 544.0477294921875,
  "fd_mean": 0.11919336119333813,
  "fd_num": 70,
  "fd_perc": 7.376185458377239,
  "fwhm_avg": 2.5517042632336984,
  "fwhm_x": 2.4633485714285714,
  "fwhm_y": 2.67152,
  "fwhm_z": 2.520244218272524,
  "gcor": 0.024933,
  "gsr_x": -0.006177864503115416,
  "gsr_y": 0.02369726076722145,
  "provenance": {
    "md5sum": "b9cfc8cca46716716a533b2987056e24",
    "settings": {
      "fd_thres": 0.2,
      "testing": false
    },
    "software": "mriqc",
    "version": "23.0.1",
    "webapi_port": null,
    "webapi_url": "https://mriqc.nimh.nih.gov/api/v1"
  },
  "size_t": 949,
  "size_x": 64,
  "size_y": 64,
  "size_z": 38,
  "snr": 2.9037850626024855,
  "spacing_tr": 2.0,
  "spacing_x": 3.5,
  "spacing_y": 3.5,
  "spacing_z": 3.8499999046325684,
  "summary_bg_k": 34.328340297086626,
  "summary_bg_mad": 5.717939167129596,
  "summary_bg_mean": 49.88002395629883,
  "summary_bg_median": 31.366701126098633,
  "summary_bg_n": 106429.0,
  "summary_bg_p05": 25.643835067749023,
  "summary_bg_p95": 141.24678039550741,
  "summary_bg_stdv": 59.90209197998047,
  "summary_fg_k": 0.32007634439322663,
  "summary_fg_mad": 248.54906806128497,
  "summary_fg_mean": 762.5574951171875,
  "summary_fg_median": 729.5731811523438,
  "summary_fg_n": 18907.0,
  "summary_fg_p05": 409.84624938964845,
  "summary_fg_p95": 1221.8448730468751,
  "summary_fg_stdv": 251.2423858642578,
  "tsnr": 47.350821865256876
}