{
  "aor": 0.006261625441696113,
  "aqi": 0.007379077785630154,
  "bids_meta": {
    "AcquisitionMatrixPE": 64,
    "AcquisitionNumber": 1,
    "AcquisitionTime": "13:01:28.322500",
    "BandwidthPerPixelPhaseEncode": 63.776,
    "BaseResolution": 64,
    "BodyPartExamined": "BRAIN",
    "CoilString": "HC1-7;NC1_2",
    "ConsistencyInfo": "N4_VE11C_LATEST_20160120",
    "ConversionSoftware": "dcm2niix",
    "ConversionSoftwareVersion": "v1.0.20190410  GCC6.3.0",
    "DerivedVendorReportedEchoSpacing": 0.000489996,
    "DeviceSerialNumber": "167045",
    "DwellTime": 3e-06,
    "EchoTime": 0.029,
    "EchoTrainLength": 31,
    "EffectiveEchoSpacing": 0.000244998,
    "FlipAngle": 90,
    "ImageOrientationPatientDICOM": [
      0.999903,
      0.000971651,
      0.0138942,
      2.32683e-08,
      0.997564,
      -0.0697632
    ],
    "ImageType": [
      "ORIGINAL",
      "PRIMARY",
      "M",
      "ND",
      "MOSAIC"
    ],
    "ImagingFrequency": 123.26,
    "InPlanePhaseEncodingDirectionDICOM": "COL",
    "InstitutionAddress": "De_Pintelaan_185_Gent_District_BE_9000",
    "InstitutionName": "Experimental_Psychology",
    "InstitutionalDepartmentName": "Department",
    "MRAcquisitionType": "2D",
    "MagneticFieldStrength": 3,
    "Manufacturer": "Siemens",
    "ManufacturersModelName": "Prisma_fit",
    "Modality": "MR",
    "ParallelReductionFactorInPlane": 2,
    "PartialFourier": 1,
    "PatientPosition": "HFS",
    "PercentPhaseFOV": 100,
    "PhaseEncodingDirection": "j-",
    "PhaseEncodingSteps": 63,
    "PhaseResolution": 1,
    "PixelBandwidth": 2605,
    "ProcedureStepDescription": "MR_hersenen_(structuur_alleen)",
    "ProtocolName": "ep2d_main_effort",
    "PulseSequenceDetails": "%SiemensSeq%_ep2d_bold",
    "ReceiveCoilActiveElements": "HC1-7;NC1,2",
    "ReceiveCoilName": "HeadNeck_64",
    "ReconMatrixPE": 64,
    "RefLinesPE": 24,
    "RepetitionTime": 2,
    "SAR": 0.0983836,
    "ScanOptions": "FS",
    "ScanningSequence": "EP",
    "SequenceName": "_epfid2d1_64",
    "SequenceVariant": "SK",
    "SeriesDescription": "ep2d_main_effort",
    "SeriesNumber": 5,
    "ShimSetting": [
      5132,
      -7480,
      -7686,
      484,
      -182,
      102,
      0,
      27
    ],
    "SliceThickness": 3.5,
    "SliceTiming": [
      0.99,
      0,
      1.0425,
      0.0525,
      1.095,
      0.105,
      1.1475,
      0.1575,
      1.1975,
      0.21,
      1.25,
      0.26,
      1.3025,
      0.3125,
      1.355,
      0.365,
      1.4075,
      0.4175,
      1.46,
      0.47,
      1.5125,
      0.5225,
      1.5625,
      0.5725,
      1.615,
      0.625,
      1.6675,
      0.6775,
      1.72,
      0.73,
      1.7725,
      0.7825,
      1.825,
      0.835,
      1.875,
      0.885,
      1.9275,
      0.9375
    ],
    "SoftwareVersions": "syngo_MR_E11",
    "SpacingBetweenSlices": 3.85,
    "StationName": "AWP167045",
    "TaskName": "effort",
    "TotalReadoutTime": 0.0154349,
    "TxRefAmp": 221.445,
    "dataset": "ds002938",
    "modality": "bold",
    "subject_id": "25",
    "task_id": "effort"
  },
  "dummy_trs": 0,
  "dvars_nstd": 20.373247158915074,
  "dvars_std": 1.1005878056957537,
  "dvars_vstd": 1.0015358885377352,
  "efc": 0.48684611973593456,
  "fber": 672.8486938476562,
  "fd_mean": 0.14598563851477547,
  "fd_num": 126,
  "fd_perc": 14.840989399293287,
  "fwhm_avg": 2.6244309641043935,
  "fwhm_x": 2.5250228571428575,
  "fwhm_y": 2.799571428571429,
  "fwhm_z": 2.5486986065988937,
  "gcor": 0.0481162,
  "gsr_x": -0.006927702110260725,
  "gsr_y": 0.04907183349132538,
  "provenance": {
    "md5sum": "8205d7f958e418604f80a36bb7cf5273",
    "settings": {
      "fd_thres": 0.2,
      "testing": false
    },
    "software": "mriqc",
    "version": "23.0.1",
    "webapi_port": null,
    "webapi_url": "https://mriqc.nimh.nih.gov/api/v1"
  },
  "size_t": 849,
  "size_x": 64,
  "size_y": 64,
  "size_z": 38,
  "snr": 2.388430511347665,
  "spacing_tr": 2.0,
  "spacing_x": 3.5,
  "spacing_y": 3.5,
  "spacing_z": 3.8500001430511475,
  "summary_bg_k": 31.51088176222592,
  "summary_bg_mad": 8.583900583399425,
  "summary_bg_mean": 61.80721664428711,
  "summary_bg_median": 33.336280822753906,
  "summary_bg_n": 99266.0,
  "summary_bg_p05": 23.900766849517822,
  "summary_bg_p95": 232.02474212646484,
  "summary_bg_stdv": 89.7243423461914,
  "summary_fg_k": 0.9992264867458394,
  "summary_fg_mad": 339.04092152380974,
  "summary_fg_mean": 950.345947265625,
  "summary_fg_median": 875.0630493164062,
  "summary_fg_n": 22826.0,
  "summary_fg_p05": 485.5680465698242,
  "summary_fg_p95": 1662.3439636230469,
  "summary_fg_stdv": 366.36773681640625,
  "tsnr": 37.178221047855914
}