{
  "bids_meta": {
    "AcquisitionMatrixPE": 256,
    "AcquisitionNumber": 1,
    "AcquisitionTime": "09:23:33.150000",
    "BaseResolution": 256,
    "BodyPartExamined": "BRAIN",
    "ConsistencyInfo": "N4_VE11C_LATEST_20160120",
    "ConversionSoftware": "dcm2niix",
    "ConversionSoftwareVersion": "v1.0.20190410  GCC6.3.0",
    "DeviceSerialNumber": "167045",
    "DwellTime": 1.3e-05,
    "EchoTime": 0.00418,
    "FlipAngle": 9,
    "ImageOrientationPatientDICOM": [
      0.0436153,
      0.999048,
      7.00567e-09,
      -0.00349811,
      0.000152723,
      -0.999994
    ],
    "ImageType": [
      "ORIGINAL",
      "PRIMARY",
      "M",
      "ND",
      "NORM"
    ],
    "ImagingFrequency": 123.26,
    "InPlanePhaseEncodingDirectionDICOM": "ROW",
    "InstitutionAddress": "De_Pintelaan_185_Gent_District_BE_9000",
    "InstitutionName": "UGent",
    "InstitutionalDepartmentName": "Department",
    "InversionTime": 0.9,
    "MRAcquisitionType": "3D",
    "MagneticFieldStrength": 3,
    "Manufacturer": "Siemens",
    "ManufacturersModelName": "Prisma_fit",
    "Modality": "MR",
    "PartialFourier": 1,
    "PatientPosition": "HFS",
    "PercentPhaseFOV": 100,
    "PhaseEncodingSteps": 255,
    "PhaseResolution": 1,
    "PixelBandwidth": 150,
    "ProcedureStepDescription": "MR_hersenen_(structuur_alleen)",
    "ProtocolName": "T1_mprage",
    "PulseSequenceDetails": "%SiemensSeq%_tfl",
    "ReceiveCoilActiveElements": "HC1-7;NC1",
    "ReceiveCoilName": "HeadNeck_64",
    "ReconMatrixPE": 256,
    "RefLinesPE": 24,
    "RepetitionTime": 2.25,
    "SAR": 0.0634349,
    "ScanOptions": "IR",
    "ScanningSequence": "GR_IR",
    "SequenceName": "_tfl3d1_16ns",
    "SequenceVariant": "SK_SP_MP",
    "SeriesDescription": "T1_mprage",
    "SeriesNumber": 2,
    "ShimSetting": [
      5159,
      -7504,
      -7964,
      40,
      -67,
      39,
      -5,
      -10
    ],
    "SliceThickness": 1,
    "SoftwareVersions": "syngo_MR_E11",
    "StationName": "AWP167045",
    "TxRefAmp": 261.044,
    "dataset": "ds002938",
    "modality": "T1w",
    "subject_id": "26"
  },
  "cjv": 0.3649565156234305,
  "cnr": 3.660036505440432,
  "efc": 0.5638695571486784,
  "fber": -1.0,
  "fwhm_avg": 4.022153333333333,
  "fwhm_x": 4.1518,
  "fwhm_y": 4.06669,
  "fwhm_z": 3.84797,
  "icvs_csf": 0.2206043930340648,
  "icvs_gm": 0.42398476221094045,
  "icvs_wm": 0.35541084475499474,
  "inu_med": 0.5523342490196228,
  "inu_range": 0.28386068046092994,
  "provenance": {
    "md5sum": "8dc012108bebec3200600f9bf203588b",
    "settings": {
      "testing": false
    },
    "software": "mriqc",
    "version": "23.0.1",
    "warnings": {
      "large_rot_frame": true,
      "small_air_mask": false
    },
    "webapi_port": null,
    "webapi_url": "https://mriqc.nimh.nih.gov/api/v1"
  },
  "qi_1": 9.712641208558661e-06,
  "qi_2": 0.020159229089807225,
  "rpve_csf": 20.233558110177192,
  "rpve_gm": 10.87038621106697,
  "rpve_wm": 15.006451900381505,
  "size_x": 176,
  "size_y": 256,
  "size_z": 256,
  "snr_csf": 1.9366142568128641,
  "snr_gm": 10.718781670061217,
  "snr_total": 12.168787409584539,
  "snr_wm": 23.850966301879538,
  "snrd_csf": 26.24608463072143,
  "snrd_gm": 82.25921750954733,
  "snrd_total": 74.68954858842291,
  "snrd_wm": 115.56334362499997,
  "spacing_x": 1.0,
  "spacing_y": 1.0,
  "spacing_z": 1.0,
  "summary_bg_k": 14.99483477351075,
  "summary_bg_mad": 0.0,
  "summary_bg_mean": 3.03691737374511,
  "summary_bg_median": 0.0,
  "summary_bg_n": 3159846.0,
  "summary_bg_p05": 0.0,
  "summary_bg_p95": 13.94408494234085,
  "summary_bg_stdv": 5.669067831380228,
  "summary_csf_k": 4.003866157247475,
  "summary_csf_mad": 123.36929785697791,
  "summary_csf_mean": 235.54091744016574,
  "summary_csf_median": 227.1142834983766,
  "summary_csf_n": 58189.0,
  "summary_csf_p05": 72.23036000132561,
  "summary_csf_p95": 435.77357057556503,
  "summary_csf_stdv": 117.27288032118176,
  "summary_gm_k": 0.047809329780171606,
  "summary_gm_mad": 65.53509412762799,
  "summary_gm_mean": 711.2513985244913,
  "summary_gm_median": 711.8106760941446,
  "summary_gm_n": 45792.0,
  "summary_gm_p05": 600.2771696722135,
  "summary_gm_p95": 820.7645268017425,
  "summary_gm_stdv": 66.40707178721227,
  "summary_wm_k": 0.5984064632683621,
  "summary_wm_mad": 39.64149621127024,
  "summary_wm_mean": 999.9055672796555,
  "summary_wm_median": 1000.0000516399741,
  "summary_wm_n": 250727.0,
  "summary_wm_p05": 931.0814118124545,
  "summary_wm_p95": 1067.8031646721065,
  "summary_wm_stdv": 41.92694102117848,
  "tpm_overlap_csf": 0.16352434772619806,
  "tpm_overlap_gm": 0.46650519179732663,
  "tpm_overlap_wm": 0.5042074649761032,
  "wm2max": 0.6044141766792469
}