{
  "aor": 0.0010131483578708948,
  "aqi": 0.007220721687429218,
  "bids_meta": {
    "AcquisitionMatrixPE": 64,
    "AcquisitionNumber": 1,
    "AcquisitionTime": "11:01:3.805000",
    "BandwidthPerPixelPhaseEncode": 63.776,
    "BaseResolution": 64,
    "BodyPartExamined": "BRAIN",
    "CoilString": "HC1-7;NC1_2",
    "ConsistencyInfo": "N4_VE11C_LATEST_20160120",
    "ConversionSoftware": "dcm2niix",
    "ConversionSoftwareVersion": "v1.0.20190410  GCC6.3.0",
    "DerivedVendorReportedEchoSpacing": 0.000489996,
    "DeviceSerialNumber": "167045",
    "DwellTime": 3e-06,
    "EchoTime": 0.029,
    "EchoTrainLength": 31,
    "EffectiveEchoSpacing": 0.000244998,
    "FlipAngle": 90,
    "ImageOrientationPatientDICOM": [
      0.999987,
      -0.000757676,
      -0.00497028,
      -2.80313e-08,
      0.988579,
      -0.150706
    ],
    "ImageType": [
      "ORIGINAL",
      "PRIMARY",
      "M",
      "ND",
      "MOSAIC"
    ],
    "ImagingFrequency": 123.26,
    "InPlanePhaseEncodingDirectionDICOM": "COL",
    "InstitutionAddress": "De_Pintelaan_185_Gent_District_BE_9000",
    "InstitutionName": "Experimental_Psychology",
    "InstitutionalDepartmentName": "Department",
    "MRAcquisitionType": "2D",
    "MagneticFieldStrength": 3,
    "Manufacturer": "Siemens",
    "ManufacturersModelName": "Prisma_fit",
    "Modality": "MR",
    "ParallelReductionFactorInPlane": 2,
    "PartialFourier": 1,
    "PatientPosition": "HFS",
    "PercentPhaseFOV": 100,
    "PhaseEncodingDirection": "j-",
    "PhaseEncodingSteps": 63,
    "PhaseResolution": 1,
    "PixelBandwidth": 2605,
    "ProcedureStepDescription": "MR_hersenen_(structuur_alleen)",
    "ProtocolName": "ep2d_main_effort",
    "PulseSequenceDetails": "%SiemensSeq%_ep2d_bold",
    "ReceiveCoilActiveElements": "HC1-7;NC1,2",
    "ReceiveCoilName": "HeadNeck_64",
    "ReconMatrixPE": 64,
    "RefLinesPE": 24,
    "RepetitionTime": 2,
    "SAR": 0.107343,
    "ScanOptions": "FS",
    "ScanningSequence": "EP",
    "SequenceName": "_epfid2d1_64",
    "SequenceVariant": "SK",
    "SeriesDescription": "ep2d_main_effort",
    "SeriesNumber": 7,
    "ShimSetting": [
      5139,
      -7484,
      -7723,
      407,
      -211,
      -130,
      -58,
      12
    ],
    "SliceThickness": 3.5,
    "SliceTiming": [
      0.9875,
      0,
      1.04,
      0.05,
      1.0925,
      0.1025,
      1.145,
      0.155,
      1.1975,
      0.2075,
      1.25,
      0.26,
      1.3025,
      0.3125,
      1.3525,
      0.3625,
      1.405,
      0.415,
      1.4575,
      0.4675,
      1.51,
      0.52,
      1.5625,
      0.5725,
      1.615,
      0.625,
      1.665,
      0.675,
      1.7175,
      0.7275,
      1.77,
      0.78,
      1.8225,
      0.8325,
      1.875,
      0.885,
      1.9275,
      0.9375
    ],
    "SoftwareVersions": "syngo_MR_E11",
    "SpacingBetweenSlices": 3.85,
    "StationName": "AWP167045",
    "TaskName": "effort",
    "TotalReadoutTime": 0.0154349,
    "TxRefAmp": 246.906,
    "dataset": "ds002938",
    "modality": "bold",
    "subject_id": "01",
    "task_id": "effort"
  },
  "dummy_trs": 0,
  "dvars_nstd": 21.23717634916102,
  "dvars_std": 0.9859242683900228,
  "dvars_vstd": 0.8869064366213147,
  "efc": 0.5211746853039273,
  "fber": 447.69500732421875,
  "fd_mean": 0.14227349234892384,
  "fd_num": 113,
  "fd_perc": 12.797281993204983,
  "fwhm_avg": 2.7763607168493407,
  "fwhm_x": 2.5311028571428573,
  "fwhm_y": 2.866057142857143,
  "fwhm_z": 2.931922150548022,
  "gcor": 0.0291738,
  "gsr_x": -0.003497416852042079,
  "gsr_y": 0.04512200132012367,
  "provenance": {
    "md5sum": "ffb7de353544e775006dccb87ceaa423",
    "settings": {
      "fd_thres": 0.2,
      "testing": false
    },
    "software": "mriqc",
    "version": "23.0.1",
    "webapi_port": null,
    "webapi_url": "https://mriqc.nimh.nih.gov/api/v1"
  },
  "size_t": 883,
  "size_x": 64,
  "size_y": 64,
  "size_z": 38,
  "snr": 2.3680677822985463,
  "spacing_tr": 2.0,
  "spacing_x": 3.5,
  "spacing_y": 3.5,
  "spacing_z": 3.8499999046325684,
  "summary_bg_k": 26.648712933458377,
  "summary_bg_mad": 8.737783115375017,
  "summary_bg_mean": 67.82001495361328,
  "summary_bg_median": 33.8289909362793,
  "summary_bg_n": 96570.0,
  "summary_bg_p05": 26.00843677520752,
  "summary_bg_p95": 249.25237197875978,
  "summary_bg_stdv": 99.63444519042969,
  "summary_fg_k": 1.339608040049546,
  "summary_fg_mad": 279.42183410666803,
  "summary_fg_mean": 803.2972412109375,
  "summary_fg_median": 739.48583984375,
  "summary_fg_n": 23994.0,
  "summary_fg_p05": 412.4976013183594,
  "summary_fg_p95": 1409.452374267577,
  "summary_fg_stdv": 312.2674255371094,
  "tsnr": 42.98991382913664
}