{
  "aor": 0.0023564210526315793,
  "aqi": 0.0023552901052631575,
  "bids_meta": {
    "AcquisitionMatrixPE": 64,
    "AcquisitionNumber": 1,
    "AcquisitionTime": "11:32:30.850000",
    "BandwidthPerPixelPhaseEncode": 63.776,
    "BaseResolution": 64,
    "BodyPartExamined": "BRAIN",
    "CoilString": "HC1-7;NC1_2",
    "ConsistencyInfo": "N4_VE11C_LATEST_20160120",
    "ConversionSoftware": "dcm2niix",
    "ConversionSoftwareVersion": "v1.0.20190410  GCC6.3.0",
    "DerivedVendorReportedEchoSpacing": 0.000489996,
    "DeviceSerialNumber": "167045",
    "DwellTime": 3e-06,
    "EchoTime": 0.029,
    "EchoTrainLength": 31,
    "EffectiveEchoSpacing": 0.000244998,
    "FlipAngle": 90,
    "ImageOrientationPatientDICOM": [
      0.999987,
      -0.000757676,
      -0.00497028,
      -2.80313e-08,
      0.988579,
      -0.150706
    ],
    "ImageType": [
      "ORIGINAL",
      "PRIMARY",
      "M",
      "ND",
      "MOSAIC"
    ],
    "ImagingFrequency": 123.26,
    "InPlanePhaseEncodingDirectionDICOM": "COL",
    "InstitutionAddress": "De_Pintelaan_185_Gent_District_BE_9000",
    "InstitutionName": "Experimental_Psychology",
    "InstitutionalDepartmentName": "Department",
    "MRAcquisitionType": "2D",
    "MagneticFieldStrength": 3,
    "Manufacturer": "Siemens",
    "ManufacturersModelName": "Prisma_fit",
    "Modality": "MR",
    "ParallelReductionFactorInPlane": 2,
    "PartialFourier": 1,
    "PatientPosition": "HFS",
    "PercentPhaseFOV": 100,
    "PhaseEncodingDirection": "j-",
    "PhaseEncodingSteps": 63,
    "PhaseResolution": 1,
    "PixelBandwidth": 2605,
    "ProcedureStepDescription": "MR_hersenen_(structuur_alleen)",
    "ProtocolName": "ep2d_1_back",
    "PulseSequenceDetails": "%SiemensSeq%_ep2d_bold",
    "ReceiveCoilActiveElements": "HC1-7;NC1,2",
    "ReceiveCoilName": "HeadNeck_64",
    "ReconMatrixPE": 64,
    "RefLinesPE": 24,
    "RepetitionTime": 2,
    "SAR": 0.107343,
    "ScanOptions": "FS",
    "ScanningSequence": "EP",
    "SequenceName": "_epfid2d1_64",
    "SequenceVariant": "SK",
    "SeriesDescription": "ep2d_1_back",
    "SeriesNumber": 8,
    "ShimSetting": [
      5139,
      -7484,
      -7723,
      407,
      -211,
      -130,
      -58,
      12
    ],
    "SliceThickness": 3.5,
    "SliceTiming": [
      0.99,
      0,
      1.0425,
      0.0525,
      1.095,
      0.105,
      1.145,
      0.1575,
      1.1975,
      0.2075,
      1.25,
      0.26,
      1.3025,
      0.3125,
      1.355,
      0.365,
      1.4075,
      0.4175,
      1.46,
      0.47,
      1.51,
      0.52,
      1.5625,
      0.5725,
      1.615,
      0.625,
      1.6675,
      0.6775,
      1.72,
      0.73,
      1.7725,
      0.7825,
      1.8225,
      0.8325,
      1.875,
      0.885,
      1.9275,
      0.9375
    ],
    "SoftwareVersions": "syngo_MR_E11",
    "SpacingBetweenSlices": 3.85,
    "StationName": "AWP167045",
    "TaskName": "1back",
    "TotalReadoutTime": 0.0154349,
    "TxRefAmp": 246.906,
    "dataset": "ds002938",
    "modality": "bold",
    "subject_id": "01",
    "task_id": "1back"
  },
  "dummy_trs": 0,
  "dvars_nstd": 20.872189139084497,
  "dvars_std": 1.1917051078169008,
  "dvars_vstd": 1.0284044235211267,
  "efc": 0.5221763198926329,
  "fber": 454.64410400390625,
  "fd_mean": 0.11935944912727854,
  "fd_num": 18,
  "fd_perc": 6.315789473684211,
  "fwhm_avg": 2.788685132468285,
  "fwhm_x": 2.542208571428571,
  "fwhm_y": 2.8877428571428574,
  "fwhm_z": 2.9361039688334274,
  "gcor": 0.0240652,
  "gsr_x": -0.008561193943023682,
  "gsr_y": 0.04448327422142029,
  "provenance": {
    "md5sum": "0181795c164132aa4b0dacf9dda10350",
    "settings": {
      "fd_thres": 0.2,
      "testing": false
    },
    "software": "mriqc",
    "version": "23.0.1",
    "webapi_port": null,
    "webapi_url": "https://mriqc.nimh.nih.gov/api/v1"
  },
  "size_t": 285,
  "size_x": 64,
  "size_y": 64,
  "size_z": 38,
  "snr": 2.3865821529358344,
  "spacing_tr": 2.0,
  "spacing_x": 3.5,
  "spacing_y": 3.5,
  "spacing_z": 3.8499999046325684,
  "summary_bg_k": 26.630374118370078,
  "summary_bg_mad": 7.371393781336933,
  "summary_bg_mean": 69.00527954101562,
  "summary_bg_median": 33.859649658203125,
  "summary_bg_n": 96542.0,
  "summary_bg_p05": 27.705263137817383,
  "summary_bg_p95": 257.41262817382807,
  "summary_bg_stdv": 101.57933807373047,
  "summary_fg_k": 1.1596295289831513,
  "summary_fg_mad": 282.3186274549835,
  "summary_fg_mean": 804.6209106445312,
  "summary_fg_median": 743.3894653320312,
  "summary_fg_n": 23951.0,
  "summary_fg_p05": 408.36842346191406,
  "summary_fg_p95": 1407.5719604492188,
  "summary_fg_stdv": 311.4805603027344,
  "tsnr": 77.16462051752023
}