{
  "aor": 0.009695454545454545,
  "aqi": 0.00399539902097902,
  "bids_meta": {
    "AcquisitionMatrixPE": 64,
    "AcquisitionNumber": 1,
    "AcquisitionTime": "13:30:52.572500",
    "BandwidthPerPixelPhaseEncode": 63.776,
    "BaseResolution": 64,
    "BodyPartExamined": "BRAIN",
    "CoilString": "HC1-7;NC1_2",
    "ConsistencyInfo": "N4_VE11C_LATEST_20160120",
    "ConversionSoftware": "dcm2niix",
    "ConversionSoftwareVersion": "v1.0.20190410  GCC6.3.0",
    "DerivedVendorReportedEchoSpacing": 0.000489996,
    "DeviceSerialNumber": "167045",
    "DwellTime": 3e-06,
    "EchoTime": 0.029,
    "EchoTrainLength": 31,
    "EffectiveEchoSpacing": 0.000244998,
    "FlipAngle": 90,
    "ImageOrientationPatientDICOM": [
      0.999926,
      0.00103932,
      0.0121293,
      -5.92723e-08,
      0.996349,
      -0.0853696
    ],
    "ImageType": [
      "ORIGINAL",
      "PRIMARY",
      "M",
      "ND",
      "MOSAIC"
    ],
    "ImagingFrequency": 123.26,
    "InPlanePhaseEncodingDirectionDICOM": "COL",
    "InstitutionAddress": "De_Pintelaan_185_Gent_District_BE_9000",
    "InstitutionName": "Experimental_Psychology",
    "InstitutionalDepartmentName": "Department",
    "MRAcquisitionType": "2D",
    "MagneticFieldStrength": 3,
    "Manufacturer": "Siemens",
    "ManufacturersModelName": "Prisma_fit",
    "Modality": "MR",
    "ParallelReductionFactorInPlane": 2,
    "PartialFourier": 1,
    "PatientPosition": "HFS",
    "PercentPhaseFOV": 100,
    "PhaseEncodingDirection": "j-",
    "PhaseEncodingSteps": 63,
    "PhaseResolution": 1,
    "PixelBandwidth": 2605,
    "ProcedureStepDescription": "MR_hersenen_(structuur_alleen)",
    "ProtocolName": "ep2d_1_back",
    "PulseSequenceDetails": "%SiemensSeq%_ep2d_bold",
    "ReceiveCoilActiveElements": "HC1-7;NC1,2",
    "ReceiveCoilName": "HeadNeck_64",
    "ReconMatrixPE": 64,
    "RefLinesPE": 24,
    "RepetitionTime": 2,
    "SAR": 0.0973125,
    "ScanOptions": "FS",
    "ScanningSequence": "EP",
    "SequenceName": "_epfid2d1_64",
    "SequenceVariant": "SK",
    "SeriesDescription": "ep2d_1_back",
    "SeriesNumber": 6,
    "ShimSetting": [
      5155,
      -7429,
      -7740,
      290,
      -179,
      134,
      -52,
      21
    ],
    "SliceThickness": 3.5,
    "SliceTiming": [
      0.99,
      0,
      1.0425,
      0.0525,
      1.095,
      0.105,
      1.145,
      0.155,
      1.1975,
      0.2075,
      1.25,
      0.26,
      1.3025,
      0.3125,
      1.355,
      0.365,
      1.4075,
      0.4175,
      1.4575,
      0.47,
      1.51,
      0.52,
      1.5625,
      0.5725,
      1.615,
      0.625,
      1.6675,
      0.6775,
      1.72,
      0.73,
      1.7725,
      0.7825,
      1.8225,
      0.8325,
      1.875,
      0.885,
      1.9275,
      0.9375
    ],
    "SoftwareVersions": "syngo_MR_E11",
    "SpacingBetweenSlices": 3.85,
    "StationName": "AWP167045",
    "TaskName": "1back",
    "TotalReadoutTime": 0.0154349,
    "TxRefAmp": 215.487,
    "dataset": "ds002938",
    "modality": "bold",
    "subject_id": "08",
    "task_id": "1back"
  },
  "dummy_trs": 0,
  "dvars_nstd": 20.339132827719286,
  "dvars_std": 1.229564827999999,
  "dvars_vstd": 1.0680902058947368,
  "efc": 0.46352399185453,
  "fber": 743.6683959960938,
  "fd_mean": 0.1375726997041064,
  "fd_num": 47,
  "fd_perc": 16.433566433566433,
  "fwhm_avg": 2.864118984969662,
  "fwhm_x": 2.780125714285714,
  "fwhm_y": 2.9139714285714287,
  "fwhm_z": 2.898259812051843,
  "gcor": 0.0504807,
  "gsr_x": -0.009555244818329811,
  "gsr_y": 0.02806738391518593,
  "provenance": {
    "md5sum": "84c4895ce12b92db4e9e046a6c1c5b75",
    "settings": {
      "fd_thres": 0.2,
      "testing": false
    },
    "software": "mriqc",
    "version": "23.0.1",
    "webapi_port": null,
    "webapi_url": "https://mriqc.nimh.nih.gov/api/v1"
  },
  "size_t": 286,
  "size_x": 64,
  "size_y": 64,
  "size_z": 38,
  "snr": 2.3881734785288673,
  "spacing_tr": 2.0,
  "spacing_x": 3.5,
  "spacing_y": 3.5,
  "spacing_z": 3.8499999046325684,
  "summary_bg_k": 41.331996236632364,
  "summary_bg_mad": 6.184422368284119,
  "summary_bg_mean": 56.14582061767578,
  "summary_bg_median": 31.77622413635254,
  "summary_bg_n": 103469.0,
  "summary_bg_p05": 26.052446365356445,
  "summary_bg_p95": 182.16712951660102,
  "summary_bg_stdv": 80.42591857910156,
  "summary_fg_k": 1.2623664454152843,
  "summary_fg_mad": 343.96362420244157,
  "summary_fg_mean": 937.7009887695312,
  "summary_fg_median": 870.1223754882812,
  "summary_fg_n": 20701.0,
  "summary_fg_p05": 477.12237548828125,
  "summary_fg_p95": 1630.8775634765625,
  "summary_fg_stdv": 364.33758544921875,
  "tsnr": 59.05668508494273
}