{
  "aor": 0.001295981838819523,
  "aqi": 0.007103289205448353,
  "bids_meta": {
    "AcquisitionMatrixPE": 64,
    "AcquisitionNumber": 1,
    "AcquisitionTime": "09:13:49.492500",
    "BandwidthPerPixelPhaseEncode": 63.776,
    "BaseResolution": 64,
    "BodyPartExamined": "BRAIN",
    "CoilString": "HC1-7;NC1_2",
    "ConsistencyInfo": "N4_VE11C_LATEST_20160120",
    "ConversionSoftware": "dcm2niix",
    "ConversionSoftwareVersion": "v1.0.20190410  GCC6.3.0",
    "DerivedVendorReportedEchoSpacing": 0.000489996,
    "DeviceSerialNumber": "167045",
    "DwellTime": 3e-06,
    "EchoTime": 0.029,
    "EchoTrainLength": 31,
    "EffectiveEchoSpacing": 0.000244998,
    "FlipAngle": 90,
    "ImageOrientationPatientDICOM": [
      0.99345,
      0.0054097,
      0.114141,
      1.89792e-08,
      0.998879,
      -0.047342
    ],
    "ImageType": [
      "ORIGINAL",
      "PRIMARY",
      "M",
      "ND",
      "MOSAIC"
    ],
    "ImagingFrequency": 123.26,
    "InPlanePhaseEncodingDirectionDICOM": "COL",
    "InstitutionAddress": "De_Pintelaan_185_Gent_District_BE_9000",
    "InstitutionName": "Experimental_Psychology",
    "InstitutionalDepartmentName": "Department",
    "MRAcquisitionType": "2D",
    "MagneticFieldStrength": 3,
    "Manufacturer": "Siemens",
    "ManufacturersModelName": "Prisma_fit",
    "Modality": "MR",
    "ParallelReductionFactorInPlane": 2,
    "PartialFourier": 1,
    "PatientPosition": "HFS",
    "PercentPhaseFOV": 100,
    "PhaseEncodingDirection": "j-",
    "PhaseEncodingSteps": 63,
    "PhaseResolution": 1,
    "PixelBandwidth": 2605,
    "ProcedureStepDescription": "MR_hersenen_(structuur_alleen)",
    "ProtocolName": "ep2d_main_effort",
    "PulseSequenceDetails": "%SiemensSeq%_ep2d_bold",
    "ReceiveCoilActiveElements": "HC1-7;NC1,2",
    "ReceiveCoilName": "HeadNeck_64",
    "ReconMatrixPE": 64,
    "RefLinesPE": 24,
    "RepetitionTime": 2,
    "SAR": 0.0902713,
    "ScanOptions": "FS",
    "ScanningSequence": "EP",
    "SequenceName": "_epfid2d1_64",
    "SequenceVariant": "SK",
    "SeriesDescription": "ep2d_main_effort",
    "SeriesNumber": 5,
    "ShimSetting": [
      5157,
      -7554,
      -7698,
      525,
      -147,
      23,
      142,
      22
    ],
    "SliceThickness": 3.5,
    "SliceTiming": [
      0.99,
      0,
      1.04,
      0.05,
      1.0925,
      0.1025,
      1.145,
      0.155,
      1.1975,
      0.2075,
      1.25,
      0.26,
      1.3025,
      0.3125,
      1.3525,
      0.3625,
      1.405,
      0.415,
      1.4575,
      0.4675,
      1.51,
      0.52,
      1.5625,
      0.5725,
      1.615,
      0.625,
      1.665,
      0.675,
      1.7175,
      0.7275,
      1.77,
      0.78,
      1.8225,
      0.8325,
      1.875,
      0.885,
      1.9275,
      0.9375
    ],
    "SoftwareVersions": "syngo_MR_E11",
    "SpacingBetweenSlices": 3.85,
    "StationName": "AWP167045",
    "TaskName": "effort",
    "TotalReadoutTime": 0.0154349,
    "TxRefAmp": 215.268,
    "dataset": "ds002938",
    "modality": "bold",
    "subject_id": "12",
    "task_id": "effort"
  },
  "dummy_trs": 0,
  "dvars_nstd": 20.73138335960225,
  "dvars_std": 1.0645238618977257,
  "dvars_vstd": 0.9234440146022719,
  "efc": 0.4591026377488998,
  "fber": 710.0037231445312,
  "fd_mean": 0.15666659363480695,
  "fd_num": 180,
  "fd_perc": 20.431328036322363,
  "fwhm_avg": 2.6965017537652365,
  "fwhm_x": 2.5315000000000003,
  "fwhm_y": 2.873771428571428,
  "fwhm_z": 2.6842338327242823,
  "gcor": 0.0432642,
  "gsr_x": 0.0012954968260601163,
  "gsr_y": 0.018949462100863457,
  "provenance": {
    "md5sum": "d043d20f606a8e10f73c3bb4d1482fd8",
    "settings": {
      "fd_thres": 0.2,
      "testing": false
    },
    "software": "mriqc",
    "version": "23.0.1",
    "webapi_port": null,
    "webapi_url": "https://mriqc.nimh.nih.gov/api/v1"
  },
  "size_t": 881,
  "size_x": 64,
  "size_y": 64,
  "size_z": 38,
  "snr": 2.686779912895996,
  "spacing_tr": 2.0,
  "spacing_x": 3.5,
  "spacing_y": 3.5,
  "spacing_z": 3.8499999046325684,
  "summary_bg_k": 37.136982668758286,
  "summary_bg_mad": 7.136179762837829,
  "summary_bg_mean": 54.6965217590332,
  "summary_bg_median": 31.90465545654297,
  "summary_bg_n": 106922.0,
  "summary_bg_p05": 24.67769765853882,
  "summary_bg_p95": 181.90437927246091,
  "summary_bg_stdv": 72.96945190429688,
  "summary_fg_k": 0.6818484005374952,
  "summary_fg_mad": 306.82798587051235,
  "summary_fg_mean": 904.1441040039062,
  "summary_fg_median": 851.0114135742188,
  "summary_fg_n": 18377.0,
  "summary_fg_p05": 487.6958374023437,
  "summary_fg_p95": 1500.802099609375,
  "summary_fg_stdv": 316.7316589355469,
  "tsnr": 39.844616634072736
}