{
  "aor": 0.0005394014084507043,
  "aqi": 0.0027347943133802814,
  "bids_meta": {
    "AcquisitionMatrixPE": 64,
    "AcquisitionNumber": 1,
    "AcquisitionTime": "13:30:36.150000",
    "BandwidthPerPixelPhaseEncode": 63.776,
    "BaseResolution": 64,
    "BodyPartExamined": "BRAIN",
    "CoilString": "HC1-7;NC1_2",
    "ConsistencyInfo": "N4_VE11C_LATEST_20160120",
    "ConversionSoftware": "dcm2niix",
    "ConversionSoftwareVersion": "v1.0.20190410  GCC6.3.0",
    "DerivedVendorReportedEchoSpacing": 0.000489996,
    "DeviceSerialNumber": "167045",
    "DwellTime": 3e-06,
    "EchoTime": 0.029,
    "EchoTrainLength": 31,
    "EffectiveEchoSpacing": 0.000244998,
    "FlipAngle": 90,
    "ImageOrientationPatientDICOM": [
      0.999903,
      0.000971651,
      0.0138942,
      2.32683e-08,
      0.997564,
      -0.0697632
    ],
    "ImageType": [
      "ORIGINAL",
      "PRIMARY",
      "M",
      "ND",
      "MOSAIC"
    ],
    "ImagingFrequency": 123.26,
    "InPlanePhaseEncodingDirectionDICOM": "COL",
    "InstitutionAddress": "De_Pintelaan_185_Gent_District_BE_9000",
    "InstitutionName": "Experimental_Psychology",
    "InstitutionalDepartmentName": "Department",
    "MRAcquisitionType": "2D",
    "MagneticFieldStrength": 3,
    "Manufacturer": "Siemens",
    "ManufacturersModelName": "Prisma_fit",
    "Modality": "MR",
    "ParallelReductionFactorInPlane": 2,
    "PartialFourier": 1,
    "PatientPosition": "HFS",
    "PercentPhaseFOV": 100,
    "PhaseEncodingDirection": "j-",
    "PhaseEncodingSteps": 63,
    "PhaseResolution": 1,
    "PixelBandwidth": 2605,
    "ProcedureStepDescription": "MR_hersenen_(structuur_alleen)",
    "ProtocolName": "ep2d_1_back",
    "PulseSequenceDetails": "%SiemensSeq%_ep2d_bold",
    "ReceiveCoilActiveElements": "HC1-7;NC1,2",
    "ReceiveCoilName": "HeadNeck_64",
    "ReconMatrixPE": 64,
    "RefLinesPE": 24,
    "RepetitionTime": 2,
    "SAR": 0.0983836,
    "ScanOptions": "FS",
    "ScanningSequence": "EP",
    "SequenceName": "_epfid2d1_64",
    "SequenceVariant": "SK",
    "SeriesDescription": "ep2d_1_back",
    "SeriesNumber": 6,
    "ShimSetting": [
      5132,
      -7480,
      -7686,
      484,
      -182,
      102,
      0,
      27
    ],
    "SliceThickness": 3.5,
    "SliceTiming": [
      0.99,
      0,
      1.0425,
      0.0525,
      1.095,
      0.105,
      1.1475,
      0.1575,
      1.2,
      0.21,
      1.2525,
      0.2625,
      1.3025,
      0.315,
      1.355,
      0.365,
      1.4075,
      0.4175,
      1.46,
      0.47,
      1.5125,
      0.5225,
      1.565,
      0.575,
      1.6175,
      0.6275,
      1.6675,
      0.6775,
      1.72,
      0.73,
      1.7725,
      0.7825,
      1.825,
      0.835,
      1.8775,
      0.8875,
      1.93,
      0.94
    ],
    "SoftwareVersions": "syngo_MR_E11",
    "SpacingBetweenSlices": 3.85,
    "StationName": "AWP167045",
    "TaskName": "1back",
    "TotalReadoutTime": 0.0154349,
    "TxRefAmp": 221.445,
    "dataset": "ds002938",
    "modality": "bold",
    "subject_id": "25",
    "task_id": "1back"
  },
  "dummy_trs": 1,
  "dvars_nstd": 22.7880951639576,
  "dvars_std": 1.1479898064664316,
  "dvars_vstd": 0.9503629474204947,
  "efc": 0.48693773738990637,
  "fber": 682.0332641601562,
  "fd_mean": 0.13818538606149092,
  "fd_num": 42,
  "fd_perc": 14.788732394366198,
  "fwhm_avg": 2.6732488851776197,
  "fwhm_x": 2.589582857142857,
  "fwhm_y": 2.800345714285714,
  "fwhm_z": 2.6298180841042873,
  "gcor": 0.0125867,
  "gsr_x": -0.005954124499112368,
  "gsr_y": 0.049526605755090714,
  "provenance": {
    "md5sum": "0334adbcdc8d6e8d90d885f8752c6aac",
    "settings": {
      "fd_thres": 0.2,
      "testing": false
    },
    "software": "mriqc",
    "version": "23.0.1",
    "webapi_port": null,
    "webapi_url": "https://mriqc.nimh.nih.gov/api/v1"
  },
  "size_t": 284,
  "size_x": 64,
  "size_y": 64,
  "size_z": 38,
  "snr": 2.3758896452268523,
  "spacing_tr": 2.0,
  "spacing_x": 3.5,
  "spacing_y": 3.5,
  "spacing_z": 3.8500001430511475,
  "summary_bg_k": 31.512170044853214,
  "summary_bg_mad": 6.49421499302378,
  "summary_bg_mean": 62.02846145629883,
  "summary_bg_median": 32.86971664428711,
  "summary_bg_n": 99346.0,
  "summary_bg_p05": 27.03521156311035,
  "summary_bg_p95": 236.0545768737793,
  "summary_bg_stdv": 92.15707397460938,
  "summary_fg_k": 0.9667884938824831,
  "summary_fg_mad": 341.7450145898799,
  "summary_fg_mean": 942.7496337890625,
  "summary_fg_median": 870.341552734375,
  "summary_fg_n": 23014.0,
  "summary_fg_p05": 475.8658386230469,
  "summary_fg_p95": 1647.9725463867187,
  "summary_fg_stdv": 366.3144226074219,
  "tsnr": 71.27754858601838
}