{
  "aor": 0.004269260563380281,
  "aqi": 0.003545955669014084,
  "bids_meta": {
    "AcquisitionMatrixPE": 64,
    "AcquisitionNumber": 1,
    "AcquisitionTime": "11:08:5.132500",
    "BandwidthPerPixelPhaseEncode": 63.776,
    "BaseResolution": 64,
    "BodyPartExamined": "BRAIN",
    "CoilString": "HC1-7;NC1_2",
    "ConsistencyInfo": "N4_VE11C_LATEST_20160120",
    "ConversionSoftware": "dcm2niix",
    "ConversionSoftwareVersion": "v1.0.20190410  GCC6.3.0",
    "DerivedVendorReportedEchoSpacing": 0.000489996,
    "DeviceSerialNumber": "167045",
    "DwellTime": 3e-06,
    "EchoTime": 0.029,
    "EchoTrainLength": 31,
    "EffectiveEchoSpacing": 0.000244998,
    "FlipAngle": 90,
    "ImageOrientationPatientDICOM": [
      1,
      0,
      0,
      0,
      0.993171,
      -0.116671
    ],
    "ImageType": [
      "ORIGINAL",
      "PRIMARY",
      "M",
      "ND",
      "MOSAIC"
    ],
    "ImagingFrequency": 123.26,
    "InPlanePhaseEncodingDirectionDICOM": "COL",
    "InstitutionAddress": "De_Pintelaan_185_Gent_District_BE_9000",
    "InstitutionName": "Experimental_Psychology",
    "InstitutionalDepartmentName": "Department",
    "MRAcquisitionType": "2D",
    "MagneticFieldStrength": 3,
    "Manufacturer": "Siemens",
    "ManufacturersModelName": "Prisma_fit",
    "Modality": "MR",
    "ParallelReductionFactorInPlane": 2,
    "PartialFourier": 1,
    "PatientPosition": "HFS",
    "PercentPhaseFOV": 100,
    "PhaseEncodingDirection": "j-",
    "PhaseEncodingSteps": 63,
    "PhaseResolution": 1,
    "PixelBandwidth": 2605,
    "ProcedureStepDescription": "MR_hersenen_(structuur_alleen)",
    "ProtocolName": "ep2d_1_back",
    "PulseSequenceDetails": "%SiemensSeq%_ep2d_bold",
    "ReceiveCoilActiveElements": "HC1-7;NC1,2",
    "ReceiveCoilName": "HeadNeck_64",
    "ReconMatrixPE": 64,
    "RefLinesPE": 24,
    "RepetitionTime": 2,
    "SAR": 0.105221,
    "ScanOptions": "FS",
    "ScanningSequence": "EP",
    "SequenceName": "_epfid2d1_64",
    "SequenceVariant": "SK",
    "SeriesDescription": "ep2d_1_back",
    "SeriesNumber": 6,
    "ShimSetting": [
      5146,
      -7474,
      -7776,
      350,
      -117,
      52,
      -28,
      11
    ],
    "SliceThickness": 3.5,
    "SliceTiming": [
      0.99,
      0,
      1.0425,
      0.0525,
      1.095,
      0.105,
      1.1475,
      0.1575,
      1.2,
      0.21,
      1.2525,
      0.2625,
      1.3025,
      0.3125,
      1.355,
      0.365,
      1.4075,
      0.4175,
      1.46,
      0.47,
      1.5125,
      0.5225,
      1.565,
      0.575,
      1.615,
      0.625,
      1.6675,
      0.6775,
      1.72,
      0.73,
      1.7725,
      0.7825,
      1.825,
      0.835,
      1.8775,
      0.8875,
      1.9275,
      0.9375
    ],
    "SoftwareVersions": "syngo_MR_E11",
    "SpacingBetweenSlices": 3.85,
    "StationName": "AWP167045",
    "TaskName": "1back",
    "TotalReadoutTime": 0.0154349,
    "TxRefAmp": 230.835,
    "dataset": "ds002938",
    "modality": "bold",
    "subject_id": "23",
    "task_id": "1back"
  },
  "dummy_trs": 1,
  "dvars_nstd": 19.31785545766785,
  "dvars_std": 1.086492815618375,
  "dvars_vstd": 0.9927663645583047,
  "efc": 0.4973238148601939,
  "fber": 546.326904296875,
  "fd_mean": 0.10778286166999372,
  "fd_num": 16,
  "fd_perc": 5.633802816901408,
  "fwhm_avg": 2.5732223928559406,
  "fwhm_x": 2.439817142857143,
  "fwhm_y": 2.745694285714286,
  "fwhm_z": 2.534155749996393,
  "gcor": 0.0233545,
  "gsr_x": 0.013701952993869781,
  "gsr_y": 0.020721785724163055,
  "provenance": {
    "md5sum": "144f573a71f646d8afbe18cd13bcb741",
    "settings": {
      "fd_thres": 0.2,
      "testing": false
    },
    "software": "mriqc",
    "version": "23.0.1",
    "webapi_port": null,
    "webapi_url": "https://mriqc.nimh.nih.gov/api/v1"
  },
  "size_t": 284,
  "size_x": 64,
  "size_y": 64,
  "size_z": 38,
  "snr": 2.718664151002196,
  "spacing_tr": 2.0,
  "spacing_x": 3.5,
  "spacing_y": 3.5,
  "spacing_z": 3.8500001430511475,
  "summary_bg_k": 53.4787520693144,
  "summary_bg_mad": 8.932156064574869,
  "summary_bg_mean": 58.19795227050781,
  "summary_bg_median": 33.260562896728516,
  "summary_bg_n": 100078.0,
  "summary_bg_p05": 24.327465057373047,
  "summary_bg_p95": 178.94383621215806,
  "summary_bg_stdv": 80.8031234741211,
  "summary_fg_k": 0.4154551307622394,
  "summary_fg_mad": 288.9977576886199,
  "summary_fg_mean": 839.8734741210938,
  "summary_fg_median": 791.8732299804688,
  "summary_fg_n": 22007.0,
  "summary_fg_p05": 444.6250030517578,
  "summary_fg_p95": 1378.3130126953126,
  "summary_fg_stdv": 291.26629638671875,
  "tsnr": 60.91764590109233
}