{
  "aor": 0.0005685326086956522,
  "aqi": 0.0029106516554347826,
  "bids_meta": {
    "AcquisitionMatrixPE": 64,
    "AcquisitionNumber": 1,
    "AcquisitionTime": "15:41:41.995000",
    "BandwidthPerPixelPhaseEncode": 63.776,
    "BaseResolution": 64,
    "BodyPartExamined": "BRAIN",
    "CoilString": "HC1-7;NC1_2",
    "ConsistencyInfo": "N4_VE11C_LATEST_20160120",
    "ConversionSoftware": "dcm2niix",
    "ConversionSoftwareVersion": "v1.0.20190410  GCC6.3.0",
    "DerivedVendorReportedEchoSpacing": 0.000489996,
    "DeviceSerialNumber": "167045",
    "DwellTime": 3e-06,
    "EchoTime": 0.029,
    "EchoTrainLength": 31,
    "EffectiveEchoSpacing": 0.000244998,
    "FlipAngle": 90,
    "ImageOrientationPatientDICOM": [
      0.999981,
      0.000428773,
      0.00614236,
      -1.99227e-08,
      0.997573,
      -0.0696331
    ],
    "ImageType": [
      "ORIGINAL",
      "PRIMARY",
      "M",
      "ND",
      "MOSAIC"
    ],
    "ImagingFrequency": 123.26,
    "InPlanePhaseEncodingDirectionDICOM": "COL",
    "InstitutionAddress": "De_Pintelaan_185_Gent_District_BE_9000",
    "InstitutionName": "Experimental_Psychology",
    "InstitutionalDepartmentName": "Department",
    "MRAcquisitionType": "2D",
    "MagneticFieldStrength": 3,
    "Manufacturer": "Siemens",
    "ManufacturersModelName": "Prisma_fit",
    "Modality": "MR",
    "ParallelReductionFactorInPlane": 2,
    "PartialFourier": 1,
    "PatientPosition": "HFS",
    "PercentPhaseFOV": 100,
    "PhaseEncodingDirection": "j-",
    "PhaseEncodingSteps": 63,
    "PhaseResolution": 1,
    "PixelBandwidth": 2605,
    "ProcedureStepDescription": "MR_hersenen_(structuur_alleen)",
    "ProtocolName": "ep2d_main_effort",
    "PulseSequenceDetails": "%SiemensSeq%_ep2d_bold",
    "ReceiveCoilActiveElements": "HC1-7;NC1,2",
    "ReceiveCoilName": "HeadNeck_64",
    "ReconMatrixPE": 64,
    "RefLinesPE": 24,
    "RepetitionTime": 2,
    "SAR": 0.0854551,
    "ScanOptions": "FS",
    "ScanningSequence": "EP",
    "SequenceName": "_epfid2d1_64",
    "SequenceVariant": "SK",
    "SeriesDescription": "ep2d_main_effort",
    "SeriesNumber": 5,
    "ShimSetting": [
      5146,
      -7547,
      -7741,
      483,
      -119,
      -187,
      53,
      26
    ],
    "SliceThickness": 3.5,
    "SliceTiming": [
      0.99,
      0,
      1.0425,
      0.0525,
      1.0925,
      0.105,
      1.145,
      0.155,
      1.1975,
      0.2075,
      1.25,
      0.26,
      1.3025,
      0.3125,
      1.355,
      0.365,
      1.4075,
      0.4175,
      1.4575,
      0.4675,
      1.51,
      0.52,
      1.5625,
      0.5725,
      1.615,
      0.625,
      1.6675,
      0.6775,
      1.72,
      0.73,
      1.77,
      0.78,
      1.8225,
      0.8325,
      1.875,
      0.885,
      1.9275,
      0.9375
    ],
    "SoftwareVersions": "syngo_MR_E11",
    "SpacingBetweenSlices": 3.85,
    "StationName": "AWP167045",
    "TaskName": "effort",
    "TotalReadoutTime": 0.0154349,
    "TxRefAmp": 205.135,
    "dataset": "ds002938",
    "modality": "bold",
    "subject_id": "10",
    "task_id": "effort"
  },
  "dummy_trs": 1,
  "dvars_nstd": 18.61041618614796,
  "dvars_std": 1.1213666886942333,
  "dvars_vstd": 0.9787833054189333,
  "efc": 0.4575812153177168,
  "fber": 665.8084106445312,
  "fd_mean": 0.041827483052901196,
  "fd_num": 5,
  "fd_perc": 0.5434782608695652,
  "fwhm_avg": 2.6415196756540005,
  "fwhm_x": 2.5133,
  "fwhm_y": 2.7499342857142857,
  "fwhm_z": 2.6613247412477157,
  "gcor": 0.0239012,
  "gsr_x": -0.011629625223577023,
  "gsr_y": 0.02476539835333824,
  "provenance": {
    "md5sum": "99def9369064b7a310505fe3d5b92c40",
    "settings": {
      "fd_thres": 0.2,
      "testing": false
    },
    "software": "mriqc",
    "version": "23.0.1",
    "webapi_port": null,
    "webapi_url": "https://mriqc.nimh.nih.gov/api/v1"
  },
  "size_t": 920,
  "size_x": 64,
  "size_y": 64,
  "size_z": 38,
  "snr": 2.6751573522616563,
  "spacing_tr": 2.0,
  "spacing_x": 3.5,
  "spacing_y": 3.5,
  "spacing_z": 3.8499999046325684,
  "summary_bg_k": 44.48551106085037,
  "summary_bg_mad": 4.687924147387204,
  "summary_bg_mean": 51.463035583496094,
  "summary_bg_median": 30.0902156829834,
  "summary_bg_n": 107349.0,
  "summary_bg_p05": 25.545650482177734,
  "summary_bg_p95": 164.04368591308582,
  "summary_bg_stdv": 71.4788589477539,
  "summary_fg_k": 1.1599648224853114,
  "summary_fg_mad": 271.8963428775676,
  "summary_fg_mean": 835.497802734375,
  "summary_fg_median": 782.8912963867188,
  "summary_fg_n": 17773.0,
  "summary_fg_p05": 456.61671142578126,
  "summary_fg_p95": 1395.8638916015616,
  "summary_fg_stdv": 292.6441955566406,
  "tsnr": 65.4842009646818
}