{
  "aor": 0.0005449647887323944,
  "aqi": 0.0010845249999999998,
  "bids_meta": {
    "AcquisitionMatrixPE": 64,
    "AcquisitionNumber": 1,
    "AcquisitionTime": "16:13:15.215000",
    "BandwidthPerPixelPhaseEncode": 63.776,
    "BaseResolution": 64,
    "BodyPartExamined": "BRAIN",
    "CoilString": "HC1-7;NC1_2",
    "ConsistencyInfo": "N4_VE11C_LATEST_20160120",
    "ConversionSoftware": "dcm2niix",
    "ConversionSoftwareVersion": "v1.0.20190410  GCC6.3.0",
    "DerivedVendorReportedEchoSpacing": 0.000489996,
    "DeviceSerialNumber": "167045",
    "DwellTime": 3e-06,
    "EchoTime": 0.029,
    "EchoTrainLength": 31,
    "EffectiveEchoSpacing": 0.000244998,
    "FlipAngle": 90,
    "ImageOrientationPatientDICOM": [
      0.999981,
      0.000428773,
      0.00614236,
      -1.99227e-08,
      0.997573,
      -0.0696331
    ],
    "ImageType": [
      "ORIGINAL",
      "PRIMARY",
      "M",
      "ND",
      "MOSAIC"
    ],
    "ImagingFrequency": 123.26,
    "InPlanePhaseEncodingDirectionDICOM": "COL",
    "InstitutionAddress": "De_Pintelaan_185_Gent_District_BE_9000",
    "InstitutionName": "Experimental_Psychology",
    "InstitutionalDepartmentName": "Department",
    "MRAcquisitionType": "2D",
    "MagneticFieldStrength": 3,
    "Manufacturer": "Siemens",
    "ManufacturersModelName": "Prisma_fit",
    "Modality": "MR",
    "ParallelReductionFactorInPlane": 2,
    "PartialFourier": 1,
    "PatientPosition": "HFS",
    "PercentPhaseFOV": 100,
    "PhaseEncodingDirection": "j-",
    "PhaseEncodingSteps": 63,
    "PhaseResolution": 1,
    "PixelBandwidth": 2605,
    "ProcedureStepDescription": "MR_hersenen_(structuur_alleen)",
    "ProtocolName": "ep2d_1_back",
    "PulseSequenceDetails": "%SiemensSeq%_ep2d_bold",
    "ReceiveCoilActiveElements": "HC1-7;NC1,2",
    "ReceiveCoilName": "HeadNeck_64",
    "ReconMatrixPE": 64,
    "RefLinesPE": 24,
    "RepetitionTime": 2,
    "SAR": 0.0854551,
    "ScanOptions": "FS",
    "ScanningSequence": "EP",
    "SequenceName": "_epfid2d1_64",
    "SequenceVariant": "SK",
    "SeriesDescription": "ep2d_1_back",
    "SeriesNumber": 6,
    "ShimSetting": [
      5146,
      -7547,
      -7741,
      483,
      -119,
      -187,
      53,
      26
    ],
    "SliceThickness": 3.5,
    "SliceTiming": [
      0.99,
      0,
      1.0425,
      0.0525,
      1.0925,
      0.1025,
      1.145,
      0.155,
      1.1975,
      0.2075,
      1.25,
      0.26,
      1.3025,
      0.3125,
      1.355,
      0.365,
      1.405,
      0.415,
      1.4575,
      0.4675,
      1.51,
      0.52,
      1.5625,
      0.5725,
      1.615,
      0.625,
      1.6675,
      0.6775,
      1.7175,
      0.7275,
      1.77,
      0.78,
      1.8225,
      0.8325,
      1.875,
      0.885,
      1.9275,
      0.9375
    ],
    "SoftwareVersions": "syngo_MR_E11",
    "SpacingBetweenSlices": 3.85,
    "StationName": "AWP167045",
    "TaskName": "1back",
    "TotalReadoutTime": 0.0154349,
    "TxRefAmp": 205.135,
    "dataset": "ds002938",
    "modality": "bold",
    "subject_id": "10",
    "task_id": "1back"
  },
  "dummy_trs": 1,
  "dvars_nstd": 17.590126260176692,
  "dvars_std": 1.1320148219081267,
  "dvars_vstd": 0.9967847484452297,
  "efc": 0.4580166838617083,
  "fber": 669.3662109375,
  "fd_mean": 0.038177826547913817,
  "fd_num": 0,
  "fd_perc": 0.0,
  "fwhm_avg": 2.6314914505961746,
  "fwhm_x": 2.4800628571428573,
  "fwhm_y": 2.746982857142857,
  "fwhm_z": 2.6674286375028102,
  "gcor": 0.0198026,
  "gsr_x": -0.012158464640378952,
  "gsr_y": 0.024474097415804863,
  "provenance": {
    "md5sum": "36ed4b1f0079711fd9304ca8c8b6b35c",
    "settings": {
      "fd_thres": 0.2,
      "testing": false
    },
    "software": "mriqc",
    "version": "23.0.1",
    "webapi_port": null,
    "webapi_url": "https://mriqc.nimh.nih.gov/api/v1"
  },
  "size_t": 284,
  "size_x": 64,
  "size_y": 64,
  "size_z": 38,
  "snr": 2.6976477991748515,
  "spacing_tr": 2.0,
  "spacing_x": 3.5,
  "spacing_y": 3.5,
  "spacing_z": 3.8499999046325684,
  "summary_bg_k": 40.619950245520776,
  "summary_bg_mad": 4.442583636302977,
  "summary_bg_mean": 52.04265213012695,
  "summary_bg_median": 30.21830940246582,
  "summary_bg_n": 107431.0,
  "summary_bg_p05": 26.08098602294922,
  "summary_bg_p95": 169.10034942626953,
  "summary_bg_stdv": 71.96105194091797,
  "summary_fg_k": 1.104422780232837,
  "summary_fg_mad": 271.79128299135635,
  "summary_fg_mean": 839.741943359375,
  "summary_fg_median": 787.4049072265625,
  "summary_fg_n": 17665.0,
  "summary_fg_p05": 459.9978820800781,
  "summary_fg_p95": 1401.0415283203124,
  "summary_fg_stdv": 291.8774719238281,
  "tsnr": 95.40402228292078
}