{
  "aor": 0.0037555244755244762,
  "aqi": 0.0024507460944055946,
  "bids_meta": {
    "AcquisitionMatrixPE": 64,
    "AcquisitionNumber": 1,
    "AcquisitionTime": "10:06:3.695000",
    "BandwidthPerPixelPhaseEncode": 63.776,
    "BaseResolution": 64,
    "BodyPartExamined": "BRAIN",
    "CoilString": "HC1-7;NC1_2",
    "ConsistencyInfo": "N4_VE11C_LATEST_20160120",
    "ConversionSoftware": "dcm2niix",
    "ConversionSoftwareVersion": "v1.0.20190410  GCC6.3.0",
    "DerivedVendorReportedEchoSpacing": 0.000489996,
    "DeviceSerialNumber": "167045",
    "DwellTime": 3e-06,
    "EchoTime": 0.029,
    "EchoTrainLength": 31,
    "EffectiveEchoSpacing": 0.000244998,
    "FlipAngle": 90,
    "ImageOrientationPatientDICOM": [
      0.999999,
      7.51514e-05,
      0.00143286,
      -1.27374e-08,
      0.998628,
      -0.0523678
    ],
    "ImageType": [
      "ORIGINAL",
      "PRIMARY",
      "M",
      "ND",
      "MOSAIC"
    ],
    "ImagingFrequency": 123.26,
    "InPlanePhaseEncodingDirectionDICOM": "COL",
    "InstitutionAddress": "De_Pintelaan_185_Gent_District_BE_9000",
    "InstitutionName": "UGent",
    "InstitutionalDepartmentName": "Department",
    "MRAcquisitionType": "2D",
    "MagneticFieldStrength": 3,
    "Manufacturer": "Siemens",
    "ManufacturersModelName": "Prisma_fit",
    "Modality": "MR",
    "ParallelReductionFactorInPlane": 2,
    "PartialFourier": 1,
    "PatientPosition": "HFS",
    "PercentPhaseFOV": 100,
    "PhaseEncodingDirection": "j-",
    "PhaseEncodingSteps": 63,
    "PhaseResolution": 1,
    "PixelBandwidth": 2605,
    "ProcedureStepDescription": "MR_hersenen_(structuur_alleen)",
    "ProtocolName": "ep2d_1_back",
    "PulseSequenceDetails": "%SiemensSeq%_ep2d_bold",
    "ReceiveCoilActiveElements": "HC1-7;NC1,2",
    "ReceiveCoilName": "HeadNeck_64",
    "ReconMatrixPE": 64,
    "RefLinesPE": 24,
    "RepetitionTime": 2,
    "SAR": 0.13208,
    "ScanOptions": "FS",
    "ScanningSequence": "EP",
    "SequenceName": "_epfid2d1_64",
    "SequenceVariant": "SK",
    "SeriesDescription": "ep2d_1_back",
    "SeriesNumber": 6,
    "ShimSetting": [
      5130,
      -7511,
      -7737,
      333,
      -146,
      52,
      53,
      57
    ],
    "SliceThickness": 3.5,
    "SliceTiming": [
      0.99,
      0,
      1.0425,
      0.0525,
      1.0925,
      0.1025,
      1.145,
      0.155,
      1.1975,
      0.2075,
      1.25,
      0.26,
      1.3025,
      0.3125,
      1.355,
      0.365,
      1.405,
      0.415,
      1.4575,
      0.4675,
      1.51,
      0.52,
      1.5625,
      0.5725,
      1.615,
      0.625,
      1.6675,
      0.6775,
      1.7175,
      0.73,
      1.77,
      0.78,
      1.8225,
      0.8325,
      1.875,
      0.885,
      1.9275,
      0.9375
    ],
    "SoftwareVersions": "syngo_MR_E11",
    "SpacingBetweenSlices": 3.85,
    "StationName": "AWP167045",
    "TaskName": "1back",
    "TotalReadoutTime": 0.0154349,
    "TxRefAmp": 261.044,
    "dataset": "ds002938",
    "modality": "bold",
    "subject_id": "26",
    "task_id": "1back"
  },
  "dummy_trs": 0,
  "dvars_nstd": 21.283579518561403,
  "dvars_std": 1.1893637972631579,
  "dvars_vstd": 1.024407431964912,
  "efc": 0.5213315740661808,
  "fber": 524.2901000976562,
  "fd_mean": 0.08237794049891813,
  "fd_num": 17,
  "fd_perc": 5.944055944055944,
  "fwhm_avg": 2.624540194746552,
  "fwhm_x": 2.490037142857143,
  "fwhm_y": 2.7692457142857143,
  "fwhm_z": 2.6143377270967987,
  "gcor": 0.0385648,
  "gsr_x": -0.006827529985457659,
  "gsr_y": 0.05027654394507408,
  "provenance": {
    "md5sum": "1b46b512fb163e37eb07f7d844a3b0e0",
    "settings": {
      "fd_thres": 0.2,
      "testing": false
    },
    "software": "mriqc",
    "version": "23.0.1",
    "webapi_port": null,
    "webapi_url": "https://mriqc.nimh.nih.gov/api/v1"
  },
  "size_t": 286,
  "size_x": 64,
  "size_y": 64,
  "size_z": 38,
  "snr": 2.4264402498819964,
  "spacing_tr": 2.0,
  "spacing_x": 3.5,
  "spacing_y": 3.5,
  "spacing_z": 3.8499999046325684,
  "summary_bg_k": 26.247753038055,
  "summary_bg_mad": 8.569028976444619,
  "summary_bg_mean": 73.81156158447266,
  "summary_bg_median": 35.61188888549805,
  "summary_bg_n": 94855.0,
  "summary_bg_p05": 28.863636016845703,
  "summary_bg_p95": 289.5950988769533,
  "summary_bg_stdv": 109.21780395507812,
  "summary_fg_k": 0.621946744248409,
  "summary_fg_mad": 335.1458330293422,
  "summary_fg_mean": 899.36328125,
  "summary_fg_median": 837.0244750976562,
  "summary_fg_n": 25401.0,
  "summary_fg_p05": 451.1993103027344,
  "summary_fg_p95": 1541.8880615234375,
  "summary_fg_stdv": 344.95306396484375,
  "tsnr": 71.80677157337777
}