{
  "bids_meta": {
    "AcquisitionMatrixPE": 256,
    "AcquisitionNumber": 1,
    "AcquisitionTime": "19:29:0.987500",
    "BaseResolution": 256,
    "BodyPartExamined": "BRAIN",
    "ConsistencyInfo": "N4_VE11C_LATEST_20160120",
    "ConversionSoftware": "dcm2niix",
    "ConversionSoftwareVersion": "v1.0.20190410  GCC6.3.0",
    "DeviceSerialNumber": "167045",
    "DwellTime": 1.3e-05,
    "EchoTime": 0.00418,
    "FlipAngle": 9,
    "ImageOrientationPatientDICOM": [
      0.0158557,
      0.999874,
      1.59659e-08,
      0.0818296,
      -0.00129761,
      -0.996646
    ],
    "ImageType": [
      "ORIGINAL",
      "PRIMARY",
      "M",
      "ND",
      "NORM"
    ],
    "ImagingFrequency": 123.26,
    "InPlanePhaseEncodingDirectionDICOM": "ROW",
    "InstitutionAddress": "De_Pintelaan_185_Gent_District_BE_9000",
    "InstitutionName": "Experimental_Psychology",
    "InstitutionalDepartmentName": "Department",
    "InversionTime": 0.9,
    "MRAcquisitionType": "3D",
    "MagneticFieldStrength": 3,
    "Manufacturer": "Siemens",
    "ManufacturersModelName": "Prisma_fit",
    "Modality": "MR",
    "PartialFourier": 1,
    "PatientPosition": "HFS",
    "PercentPhaseFOV": 100,
    "PhaseEncodingSteps": 255,
    "PhaseResolution": 1,
    "PixelBandwidth": 150,
    "ProcedureStepDescription": "MR_hersenen_(structuur_alleen)",
    "ProtocolName": "T1_mprage",
    "PulseSequenceDetails": "%SiemensSeq%_tfl",
    "ReceiveCoilActiveElements": "HC1-7;NC1",
    "ReceiveCoilName": "HeadNeck_64",
    "ReconMatrixPE": 256,
    "RefLinesPE": 24,
    "RepetitionTime": 2.25,
    "SAR": 0.0489964,
    "ScanOptions": "IR",
    "ScanningSequence": "GR_IR",
    "SequenceName": "_tfl3d1_16ns",
    "SequenceVariant": "SK_SP_MP",
    "SeriesDescription": "T1_mprage",
    "SeriesNumber": 2,
    "ShimSetting": [
      5159,
      -7504,
      -7964,
      40,
      -67,
      39,
      -5,
      -10
    ],
    "SliceThickness": 1,
    "SoftwareVersions": "syngo_MR_E11",
    "StationName": "AWP167045",
    "TxRefAmp": 208.062,
    "dataset": "ds002938",
    "modality": "T1w",
    "subject_id": "21"
  },
  "cjv": 0.32636894316323356,
  "cnr": 3.9632001992445356,
  "efc": 0.5004836488159331,
  "fber": -1.0,
  "fwhm_avg": 3.9378533333333334,
  "fwhm_x": 4.07153,
  "fwhm_y": 4.05975,
  "fwhm_z": 3.68228,
  "icvs_csf": 0.21189211460785634,
  "icvs_gm": 0.4553349538911242,
  "icvs_wm": 0.33277293150101944,
  "inu_med": 0.496422603726387,
  "inu_range": 0.20400433242321014,
  "provenance": {
    "md5sum": "ba2971e028601dc7cd03f64a27a89503",
    "settings": {
      "testing": false
    },
    "software": "mriqc",
    "version": "23.0.1",
    "warnings": {
      "large_rot_frame": true,
      "small_air_mask": false
    },
    "webapi_port": null,
    "webapi_url": "https://mriqc.nimh.nih.gov/api/v1"
  },
  "qi_1": 0.0,
  "qi_2": 0.01140356513540034,
  "rpve_csf": 29.563171041675798,
  "rpve_gm": 14.590505779441127,
  "rpve_wm": 22.457665339487686,
  "size_x": 176,
  "size_y": 256,
  "size_z": 256,
  "snr_csf": 1.9771376333112645,
  "snr_gm": 10.58954646033634,
  "snr_total": 12.517647775389745,
  "snr_wm": 24.98625923252163,
  "snrd_csf": 27.78842529740161,
  "snrd_gm": 74.83636419163543,
  "snrd_total": 70.12465338413186,
  "snrd_wm": 107.74917066335853,
  "spacing_x": 1.0,
  "spacing_y": 1.0,
  "spacing_z": 1.0,
  "summary_bg_k": 55.2356069080411,
  "summary_bg_mad": 0.0,
  "summary_bg_mean": 3.4926499948038603,
  "summary_bg_median": 0.0,
  "summary_bg_n": 3380353.0,
  "summary_bg_p05": 0.0,
  "summary_bg_p95": 14.721242681145668,
  "summary_bg_stdv": 6.080198878309522,
  "summary_csf_k": 0.40001935577706904,
  "summary_csf_mad": 127.05875587887397,
  "summary_csf_mean": 258.83334430537246,
  "summary_csf_median": 257.89919827878475,
  "summary_csf_n": 25224.0,
  "summary_csf_p05": 52.33385452479125,
  "summary_csf_p95": 484.35499727874986,
  "summary_csf_stdv": 130.4381049170349,
  "summary_gm_k": 0.17263290379621843,
  "summary_gm_mad": 62.62198823357948,
  "summary_gm_mean": 694.41133428286,
  "summary_gm_median": 694.5423542559147,
  "summary_gm_n": 34822.0,
  "summary_gm_p05": 583.9535067975521,
  "summary_gm_p95": 803.9544815398751,
  "summary_gm_stdv": 65.58660316884391,
  "summary_wm_k": 0.5774747964779947,
  "summary_wm_mad": 37.06989411663206,
  "summary_wm_mean": 999.6700396672234,
  "summary_wm_median": 999.9999795556068,
  "summary_wm_n": 153260.0,
  "summary_wm_p05": 932.9873160868883,
  "summary_wm_p95": 1065.0868041813374,
  "summary_wm_stdv": 40.02186593097208,
  "tpm_overlap_csf": 0.14120663127786648,
  "tpm_overlap_gm": 0.4912879453461526,
  "tpm_overlap_wm": 0.5185901022916226,
  "wm2max": 0.609795026685233
}