{
  "bids_meta": {
    "AcquisitionMatrixPE": 256,
    "AcquisitionNumber": 1,
    "AcquisitionTime": "15:30:15.877500",
    "BaseResolution": 256,
    "BodyPartExamined": "BRAIN",
    "ConsistencyInfo": "N4_VE11C_LATEST_20160120",
    "ConversionSoftware": "dcm2niix",
    "ConversionSoftwareVersion": "v1.0.20190410  GCC6.3.0",
    "DeviceSerialNumber": "167045",
    "DwellTime": 1.3e-05,
    "EchoTime": 0.00418,
    "FlipAngle": 9,
    "ImageOrientationPatientDICOM": [
      -0.0191819,
      0.999816,
      -6.08267e-09,
      0.0296159,
      0.000568188,
      -0.999561
    ],
    "ImageType": [
      "ORIGINAL",
      "PRIMARY",
      "M",
      "ND",
      "NORM"
    ],
    "ImagingFrequency": 123.26,
    "InPlanePhaseEncodingDirectionDICOM": "ROW",
    "InstitutionAddress": "De_Pintelaan_185_Gent_District_BE_9000",
    "InstitutionName": "Experimental_Psychology",
    "InstitutionalDepartmentName": "Department",
    "InversionTime": 0.9,
    "MRAcquisitionType": "3D",
    "MagneticFieldStrength": 3,
    "Manufacturer": "Siemens",
    "ManufacturersModelName": "Prisma_fit",
    "Modality": "MR",
    "PartialFourier": 1,
    "PatientPosition": "HFS",
    "PercentPhaseFOV": 100,
    "PhaseEncodingSteps": 255,
    "PhaseResolution": 1,
    "PixelBandwidth": 150,
    "ProcedureStepDescription": "MR_hersenen_(structuur_alleen)",
    "ProtocolName": "T1_mprage",
    "PulseSequenceDetails": "%SiemensSeq%_tfl",
    "ReceiveCoilActiveElements": "HC1-7;NC1",
    "ReceiveCoilName": "HeadNeck_64",
    "ReconMatrixPE": 256,
    "RefLinesPE": 24,
    "RepetitionTime": 2.25,
    "SAR": 0.041042,
    "ScanOptions": "IR",
    "ScanningSequence": "GR_IR",
    "SequenceName": "_tfl3d1_16ns",
    "SequenceVariant": "SK_SP_MP",
    "SeriesDescription": "T1_mprage",
    "SeriesNumber": 2,
    "ShimSetting": [
      5159,
      -7504,
      -7964,
      40,
      -67,
      39,
      -5,
      -10
    ],
    "SliceThickness": 1,
    "SoftwareVersions": "syngo_MR_E11",
    "StationName": "AWP167045",
    "TxRefAmp": 205.135,
    "dataset": "ds002938",
    "modality": "T1w",
    "subject_id": "10"
  },
  "cjv": 0.3669299936274739,
  "cnr": 3.611380525566015,
  "efc": 0.5125194185435809,
  "fber": -1.0,
  "fwhm_avg": 3.7696433333333332,
  "fwhm_x": 3.8499,
  "fwhm_y": 3.92337,
  "fwhm_z": 3.53566,
  "icvs_csf": 0.20945879064556597,
  "icvs_gm": 0.4600733436885699,
  "icvs_wm": 0.33046786566586417,
  "inu_med": 0.5317944288253784,
  "inu_range": 0.23700221031904217,
  "provenance": {
    "md5sum": "69b4e4908da9d9a376dd706cdaa59a1a",
    "settings": {
      "testing": false
    },
    "software": "mriqc",
    "version": "23.0.1",
    "warnings": {
      "large_rot_frame": true,
      "small_air_mask": false
    },
    "webapi_port": null,
    "webapi_url": "https://mriqc.nimh.nih.gov/api/v1"
  },
  "qi_1": 0.00013491542971901633,
  "qi_2": 0.016034558395978837,
  "rpve_csf": 28.741221551963953,
  "rpve_gm": 13.938860700233102,
  "rpve_wm": 21.426388133766043,
  "size_x": 176,
  "size_y": 256,
  "size_z": 256,
  "snr_csf": 1.9552637132597166,
  "snr_gm": 11.011383166244626,
  "snr_total": 11.860244794573704,
  "snr_wm": 22.61408750421677,
  "snrd_csf": 26.626132227948258,
  "snrd_gm": 81.47610920689029,
  "snrd_total": 73.99601920457773,
  "snrd_wm": 113.88581617889464,
  "spacing_x": 1.0,
  "spacing_y": 1.0,
  "spacing_z": 1.0,
  "summary_bg_k": 47.8712387329367,
  "summary_bg_mad": 0.0,
  "summary_bg_mean": 2.8714177362802893,
  "summary_bg_median": 0.0,
  "summary_bg_n": 3147286.0,
  "summary_bg_p05": 0.0,
  "summary_bg_p95": 14.060814432799816,
  "summary_bg_stdv": 5.752572627990796,
  "summary_csf_k": 1.2951391842584163,
  "summary_csf_mad": 112.75043077712589,
  "summary_csf_mean": 241.5908943350116,
  "summary_csf_median": 233.79674743115902,
  "summary_csf_n": 29544.0,
  "summary_csf_p05": 65.86523492150009,
  "summary_csf_p95": 455.87191750332704,
  "summary_csf_stdv": 119.57097605661275,
  "summary_gm_k": 0.1382741081868586,
  "summary_gm_mad": 63.05741954981164,
  "summary_gm_mean": 713.4802637722395,
  "summary_gm_median": 715.4193167388439,
  "summary_gm_n": 37854.0,
  "summary_gm_p05": 602.9962812513113,
  "summary_gm_p95": 818.4473159462214,
  "summary_gm_stdv": 64.97002748488899,
  "summary_wm_k": 0.4742526421233877,
  "summary_wm_mad": 41.3637849136451,
  "summary_wm_mean": 1000.0228779387154,
  "summary_wm_median": 1000.0000440627337,
  "summary_wm_n": 152030.0,
  "summary_wm_p05": 926.5854531303048,
  "summary_wm_p95": 1072.7480952590704,
  "summary_wm_stdv": 44.22007985270866,
  "tpm_overlap_csf": 0.14497486997604928,
  "tpm_overlap_gm": 0.47356924129052785,
  "tpm_overlap_wm": 0.48777575141646196,
  "wm2max": 0.654549998693727
}