{
  "aor": 0.0015033916083916085,
  "aqi": 0.0032715074475524477,
  "bids_meta": {
    "AcquisitionMatrixPE": 64,
    "AcquisitionNumber": 1,
    "AcquisitionTime": "12:28:4.432500",
    "BandwidthPerPixelPhaseEncode": 63.776,
    "BaseResolution": 64,
    "BodyPartExamined": "BRAIN",
    "CoilString": "HC1-7;NC1_2",
    "ConsistencyInfo": "N4_VE11C_LATEST_20160120",
    "ConversionSoftware": "dcm2niix",
    "ConversionSoftwareVersion": "v1.0.20190410  GCC6.3.0",
    "DerivedVendorReportedEchoSpacing": 0.000489996,
    "DeviceSerialNumber": "167045",
    "DwellTime": 3e-06,
    "EchoTime": 0.029,
    "EchoTrainLength": 31,
    "EffectiveEchoSpacing": 0.000244998,
    "FlipAngle": 90,
    "ImageOrientationPatientDICOM": [
      0.999999,
      -7.75492e-05,
      -0.0010317,
      -5.36845e-08,
      0.997183,
      -0.0750068
    ],
    "ImageType": [
      "ORIGINAL",
      "PRIMARY",
      "M",
      "ND",
      "MOSAIC"
    ],
    "ImagingFrequency": 123.26,
    "InPlanePhaseEncodingDirectionDICOM": "COL",
    "InstitutionAddress": "De_Pintelaan_185_Gent_District_BE_9000",
    "InstitutionName": "UGent",
    "InstitutionalDepartmentName": "Department",
    "MRAcquisitionType": "2D",
    "MagneticFieldStrength": 3,
    "Manufacturer": "Siemens",
    "ManufacturersModelName": "Prisma_fit",
    "Modality": "MR",
    "ParallelReductionFactorInPlane": 2,
    "PartialFourier": 1,
    "PatientPosition": "HFS",
    "PercentPhaseFOV": 100,
    "PhaseEncodingDirection": "j-",
    "PhaseEncodingSteps": 63,
    "PhaseResolution": 1,
    "PixelBandwidth": 2605,
    "ProcedureStepDescription": "MR_hersenen_(structuur_alleen)",
    "ProtocolName": "ep2d_1_back",
    "PulseSequenceDetails": "%SiemensSeq%_ep2d_bold",
    "ReceiveCoilActiveElements": "HC1-7;NC1,2",
    "ReceiveCoilName": "HeadNeck_64",
    "ReconMatrixPE": 64,
    "RefLinesPE": 24,
    "RepetitionTime": 2,
    "SAR": 0.0859243,
    "ScanOptions": "FS",
    "ScanningSequence": "EP",
    "SequenceName": "_epfid2d1_64",
    "SequenceVariant": "SK",
    "SeriesDescription": "ep2d_1_back",
    "SeriesNumber": 6,
    "ShimSetting": [
      5143,
      -7517,
      -7688,
      434,
      -116,
      41,
      38,
      35
    ],
    "SliceThickness": 3.5,
    "SliceTiming": [
      0.99,
      0,
      1.0425,
      0.0525,
      1.095,
      0.105,
      1.1475,
      0.1575,
      1.1975,
      0.2075,
      1.25,
      0.26,
      1.3025,
      0.3125,
      1.355,
      0.365,
      1.4075,
      0.4175,
      1.46,
      0.47,
      1.51,
      0.52,
      1.5625,
      0.5725,
      1.615,
      0.625,
      1.6675,
      0.6775,
      1.72,
      0.73,
      1.7725,
      0.7825,
      1.8225,
      0.8325,
      1.875,
      0.885,
      1.9275,
      0.9375
    ],
    "SoftwareVersions": "syngo_MR_E11",
    "SpacingBetweenSlices": 3.85,
    "StationName": "AWP167045",
    "TaskName": "1back",
    "TotalReadoutTime": 0.0154349,
    "TxRefAmp": 209.951,
    "dataset": "ds002938",
    "modality": "bold",
    "subject_id": "27",
    "task_id": "1back"
  },
  "dummy_trs": 0,
  "dvars_nstd": 19.260323470701735,
  "dvars_std": 1.0621207032280702,
  "dvars_vstd": 0.9666207538245616,
  "efc": 0.4755784940934469,
  "fber": 697.2684326171875,
  "fd_mean": 0.09070258753334515,
  "fd_num": 27,
  "fd_perc": 9.44055944055944,
  "fwhm_avg": 2.8411303273335307,
  "fwhm_x": 2.6283,
  "fwhm_y": 2.9517142857142855,
  "fwhm_z": 2.9433766962863057,
  "gcor": 0.0237689,
  "gsr_x": 0.0006610817508772016,
  "gsr_y": 0.031954023987054825,
  "provenance": {
    "md5sum": "f5dbecff6acd78c9c7b513c06c1f0ebb",
    "settings": {
      "fd_thres": 0.2,
      "testing": false
    },
    "software": "mriqc",
    "version": "23.0.1",
    "webapi_port": null,
    "webapi_url": "https://mriqc.nimh.nih.gov/api/v1"
  },
  "size_t": 286,
  "size_x": 64,
  "size_y": 64,
  "size_z": 38,
  "snr": 2.3813863395876913,
  "spacing_tr": 2.0,
  "spacing_x": 3.5,
  "spacing_y": 3.5,
  "spacing_z": 3.8499999046325684,
  "summary_bg_k": 48.66413354596801,
  "summary_bg_mad": 6.60431974457204,
  "summary_bg_mean": 57.402862548828125,
  "summary_bg_median": 31.68181800842285,
  "summary_bg_n": 101463.0,
  "summary_bg_p05": 25.75874137878418,
  "summary_bg_p95": 186.85594177246068,
  "summary_bg_stdv": 88.18539428710938,
  "summary_fg_k": 0.9960414647379183,
  "summary_fg_mad": 330.57884991375636,
  "summary_fg_mean": 907.9400024414062,
  "summary_fg_median": 840.293701171875,
  "summary_fg_n": 21893.0,
  "summary_fg_p05": 457.84405517578125,
  "summary_fg_p95": 1586.88388671875,
  "summary_fg_stdv": 352.8509826660156,
  "tsnr": 67.74276269902475
}