{
  "aor": 0.001360121816168328,
  "aqi": 0.0072652173089700995,
  "bids_meta": {
    "AcquisitionMatrixPE": 64,
    "AcquisitionNumber": 1,
    "AcquisitionTime": "11:57:6.670000",
    "BandwidthPerPixelPhaseEncode": 63.776,
    "BaseResolution": 64,
    "BodyPartExamined": "BRAIN",
    "CoilString": "HC1-7;NC1_2",
    "ConsistencyInfo": "N4_VE11C_LATEST_20160120",
    "ConversionSoftware": "dcm2niix",
    "ConversionSoftwareVersion": "v1.0.20190410  GCC6.3.0",
    "DerivedVendorReportedEchoSpacing": 0.000489996,
    "DeviceSerialNumber": "167045",
    "DwellTime": 3e-06,
    "EchoTime": 0.029,
    "EchoTrainLength": 31,
    "EffectiveEchoSpacing": 0.000244998,
    "FlipAngle": 90,
    "ImageOrientationPatientDICOM": [
      0.999999,
      -7.75492e-05,
      -0.0010317,
      -5.36845e-08,
      0.997183,
      -0.0750068
    ],
    "ImageType": [
      "ORIGINAL",
      "PRIMARY",
      "M",
      "ND",
      "MOSAIC"
    ],
    "ImagingFrequency": 123.26,
    "InPlanePhaseEncodingDirectionDICOM": "COL",
    "InstitutionAddress": "De_Pintelaan_185_Gent_District_BE_9000",
    "InstitutionName": "UGent",
    "InstitutionalDepartmentName": "Department",
    "MRAcquisitionType": "2D",
    "MagneticFieldStrength": 3,
    "Manufacturer": "Siemens",
    "ManufacturersModelName": "Prisma_fit",
    "Modality": "MR",
    "ParallelReductionFactorInPlane": 2,
    "PartialFourier": 1,
    "PatientPosition": "HFS",
    "PercentPhaseFOV": 100,
    "PhaseEncodingDirection": "j-",
    "PhaseEncodingSteps": 63,
    "PhaseResolution": 1,
    "PixelBandwidth": 2605,
    "ProcedureStepDescription": "MR_hersenen_(structuur_alleen)",
    "ProtocolName": "ep2d_main_effort",
    "PulseSequenceDetails": "%SiemensSeq%_ep2d_bold",
    "ReceiveCoilActiveElements": "HC1-7;NC1,2",
    "ReceiveCoilName": "HeadNeck_64",
    "ReconMatrixPE": 64,
    "RefLinesPE": 24,
    "RepetitionTime": 2,
    "SAR": 0.0859243,
    "ScanOptions": "FS",
    "ScanningSequence": "EP",
    "SequenceName": "_epfid2d1_64",
    "SequenceVariant": "SK",
    "SeriesDescription": "ep2d_main_effort",
    "SeriesNumber": 5,
    "ShimSetting": [
      5143,
      -7517,
      -7688,
      434,
      -116,
      41,
      38,
      35
    ],
    "SliceThickness": 3.5,
    "SliceTiming": [
      0.99,
      0,
      1.0425,
      0.0525,
      1.095,
      0.105,
      1.1475,
      0.1575,
      1.2,
      0.21,
      1.25,
      0.26,
      1.3025,
      0.3125,
      1.355,
      0.365,
      1.4075,
      0.4175,
      1.46,
      0.47,
      1.5125,
      0.5225,
      1.5625,
      0.575,
      1.615,
      0.625,
      1.6675,
      0.6775,
      1.72,
      0.73,
      1.7725,
      0.7825,
      1.825,
      0.835,
      1.8775,
      0.8875,
      1.9275,
      0.9375
    ],
    "SoftwareVersions": "syngo_MR_E11",
    "SpacingBetweenSlices": 3.85,
    "StationName": "AWP167045",
    "TaskName": "effort",
    "TotalReadoutTime": 0.0154349,
    "TxRefAmp": 209.951,
    "dataset": "ds002938",
    "modality": "bold",
    "subject_id": "27",
    "task_id": "effort"
  },
  "dummy_trs": 0,
  "dvars_nstd": 21.637056242749427,
  "dvars_std": 1.0154946354878054,
  "dvars_vstd": 0.9149380816962311,
  "efc": 0.47506859267577656,
  "fber": 701.1639404296875,
  "fd_mean": 0.1162078113045902,
  "fd_num": 114,
  "fd_perc": 12.624584717607974,
  "fwhm_avg": 2.8571343965416243,
  "fwhm_x": 2.659462857142857,
  "fwhm_y": 2.975342857142857,
  "fwhm_z": 2.936597475339158,
  "gcor": 0.0228234,
  "gsr_x": 0.0019975260365754366,
  "gsr_y": 0.03185736760497093,
  "provenance": {
    "md5sum": "a4ea0533a56dada86d6d5ab5c0f41d32",
    "settings": {
      "fd_thres": 0.2,
      "testing": false
    },
    "software": "mriqc",
    "version": "23.0.1",
    "webapi_port": null,
    "webapi_url": "https://mriqc.nimh.nih.gov/api/v1"
  },
  "size_t": 903,
  "size_x": 64,
  "size_y": 64,
  "size_z": 38,
  "snr": 2.4121824702580876,
  "spacing_tr": 2.0,
  "spacing_x": 3.5,
  "spacing_y": 3.5,
  "spacing_z": 3.8499999046325684,
  "summary_bg_k": 49.62986134638278,
  "summary_bg_mad": 6.528047262582116,
  "summary_bg_mean": 56.218238830566406,
  "summary_bg_median": 31.545957565307617,
  "summary_bg_n": 101347.0,
  "summary_bg_p05": 25.27021026611328,
  "summary_bg_p95": 179.8451828002929,
  "summary_bg_stdv": 84.48457336425781,
  "summary_fg_k": 0.9163608146425921,
  "summary_fg_mad": 329.8765051188997,
  "summary_fg_mean": 906.01806640625,
  "summary_fg_median": 840.7242431640625,
  "summary_fg_n": 21842.0,
  "summary_fg_p05": 459.3691070556641,
  "summary_fg_p95": 1578.7604797363285,
  "summary_fg_stdv": 348.5246276855469,
  "tsnr": 44.65141763538122
}