{
  "bids_meta": {
    "AcquisitionMatrixPE": 256,
    "AcquisitionNumber": 1,
    "AcquisitionTime": "13:21:1.817500",
    "BaseResolution": 256,
    "BodyPartExamined": "BRAIN",
    "CoilString": "HC1-7;NC1_2",
    "ConsistencyInfo": "N4_VE11C_LATEST_20160120",
    "ConversionSoftware": "dcm2niix",
    "ConversionSoftwareVersion": "v1.0.20190410  GCC6.3.0",
    "DeviceSerialNumber": "167045",
    "DwellTime": 1.3e-05,
    "EchoTime": 0.00418,
    "FlipAngle": 9,
    "ImageOrientationPatientDICOM": [
      -0.0366282,
      0.999329,
      -2.80796e-08,
      0.0296014,
      0.00108495,
      -0.999561
    ],
    "ImageType": [
      "ORIGINAL",
      "PRIMARY",
      "M",
      "ND",
      "NORM"
    ],
    "ImagingFrequency": 123.26,
    "InPlanePhaseEncodingDirectionDICOM": "ROW",
    "InstitutionAddress": "De_Pintelaan_185_Gent_District_BE_9000",
    "InstitutionName": "Experimental_Psychology",
    "InstitutionalDepartmentName": "Department",
    "InversionTime": 0.9,
    "MRAcquisitionType": "3D",
    "MagneticFieldStrength": 3,
    "Manufacturer": "Siemens",
    "ManufacturersModelName": "Prisma_fit",
    "Modality": "MR",
    "PartialFourier": 1,
    "PatientPosition": "HFS",
    "PercentPhaseFOV": 100,
    "PhaseEncodingSteps": 255,
    "PhaseResolution": 1,
    "PixelBandwidth": 150,
    "ProcedureStepDescription": "MR_hersenen_(structuur_alleen)",
    "ProtocolName": "T1_mprage",
    "PulseSequenceDetails": "%SiemensSeq%_tfl",
    "ReceiveCoilActiveElements": "HC1-7;NC1,2",
    "ReceiveCoilName": "HeadNeck_64",
    "ReconMatrixPE": 256,
    "RefLinesPE": 24,
    "RepetitionTime": 2.25,
    "SAR": 0.0415976,
    "ScanOptions": "IR",
    "ScanningSequence": "GR_IR",
    "SequenceName": "_tfl3d1_16ns",
    "SequenceVariant": "SK_SP_MP",
    "SeriesDescription": "T1_mprage",
    "SeriesNumber": 2,
    "ShimSetting": [
      5159,
      -7504,
      -7964,
      40,
      -67,
      39,
      -5,
      -10
    ],
    "SliceThickness": 1,
    "SoftwareVersions": "syngo_MR_E11",
    "StationName": "AWP167045",
    "TxRefAmp": 209.857,
    "dataset": "ds002938",
    "modality": "T1w",
    "subject_id": "03"
  },
  "cjv": 0.3432860590961229,
  "cnr": 3.8574820701348864,
  "efc": 0.5173852490138637,
  "fber": -1.0,
  "fwhm_avg": 3.8667200000000004,
  "fwhm_x": 3.94568,
  "fwhm_y": 4.03263,
  "fwhm_z": 3.62185,
  "icvs_csf": 0.212105476356644,
  "icvs_gm": 0.44783022834394903,
  "icvs_wm": 0.34006429529940696,
  "inu_med": 0.5156780481338501,
  "inu_range": 0.2200662225484848,
  "provenance": {
    "md5sum": "ec8aa060ee032ae56dad5b1abbba80ee",
    "settings": {
      "testing": false
    },
    "software": "mriqc",
    "version": "23.0.1",
    "warnings": {
      "large_rot_frame": true,
      "small_air_mask": false
    },
    "webapi_port": null,
    "webapi_url": "https://mriqc.nimh.nih.gov/api/v1"
  },
  "qi_1": 5.9539606254710435e-05,
  "qi_2": 0.014856868585200385,
  "rpve_csf": 24.872997331584788,
  "rpve_gm": 12.421537202259147,
  "rpve_wm": 18.511872029569414,
  "size_x": 176,
  "size_y": 256,
  "size_z": 256,
  "snr_csf": 2.079585278593407,
  "snr_gm": 10.809604487698376,
  "snr_total": 12.724120032663288,
  "snr_wm": 25.283170331698084,
  "snrd_csf": 33.889248641641686,
  "snrd_gm": 91.20194855030041,
  "snrd_total": 84.81277570103977,
  "snrd_wm": 129.34712991117723,
  "spacing_x": 1.0,
  "spacing_y": 1.0,
  "spacing_z": 1.0,
  "summary_bg_k": 16.429915519067645,
  "summary_bg_mad": 0.0,
  "summary_bg_mean": 2.692277396834933,
  "summary_bg_median": 0.0,
  "summary_bg_n": 3117660.0,
  "summary_bg_p05": 0.0,
  "summary_bg_p95": 12.292826425284147,
  "summary_bg_stdv": 5.064947450748221,
  "summary_csf_k": 0.44420826729598817,
  "summary_csf_mad": 124.22268293466604,
  "summary_csf_mean": 265.8741338874659,
  "summary_csf_median": 262.00233037769794,
  "summary_csf_n": 35125.0,
  "summary_csf_p05": 69.17008301988244,
  "summary_csf_p95": 481.40787664987147,
  "summary_csf_stdv": 125.98598551237312,
  "summary_gm_k": 0.08098629709399674,
  "summary_gm_mad": 64.46885223835588,
  "summary_gm_mean": 705.2121145216956,
  "summary_gm_median": 705.0945067517459,
  "summary_gm_n": 34567.0,
  "summary_gm_p05": 598.2600597815588,
  "summary_gm_p95": 814.375287338905,
  "summary_gm_stdv": 65.22757687629415,
  "summary_wm_k": 0.7536800040686122,
  "summary_wm_mad": 36.768100678837285,
  "summary_wm_mean": 1000.4959907358221,
  "summary_wm_median": 1000.0000242777169,
  "summary_wm_n": 178950.0,
  "summary_wm_p05": 936.8540377896279,
  "summary_wm_p95": 1065.7146610636264,
  "summary_wm_stdv": 39.55189230930698,
  "tpm_overlap_csf": 0.15137115713685204,
  "tpm_overlap_gm": 0.4838189970696176,
  "tpm_overlap_wm": 0.5202741058354322,
  "wm2max": 0.6368451801363194
}