{
  "bids_meta": {
    "AcquisitionMatrixPE": 256,
    "AcquisitionNumber": 1,
    "AcquisitionTime": "15:08:13.525000",
    "BaseResolution": 256,
    "BodyPartExamined": "BRAIN",
    "ConsistencyInfo": "N4_VE11C_LATEST_20160120",
    "ConversionSoftware": "dcm2niix",
    "ConversionSoftwareVersion": "v1.0.20190410  GCC6.3.0",
    "DeviceSerialNumber": "167045",
    "DwellTime": 1.3e-05,
    "EchoTime": 0.00418,
    "FlipAngle": 9,
    "ImageOrientationPatientDICOM": [
      0.00697745,
      0.999976,
      -7.06754e-08,
      0.0052161,
      -3.64666e-05,
      -0.999986
    ],
    "ImageType": [
      "ORIGINAL",
      "PRIMARY",
      "M",
      "ND",
      "NORM"
    ],
    "ImagingFrequency": 123.26,
    "InPlanePhaseEncodingDirectionDICOM": "ROW",
    "InstitutionAddress": "De_Pintelaan_185_Gent_District_BE_9000",
    "InstitutionName": "Experimental_Psychology",
    "InstitutionalDepartmentName": "Department",
    "InversionTime": 0.9,
    "MRAcquisitionType": "3D",
    "MagneticFieldStrength": 3,
    "Manufacturer": "Siemens",
    "ManufacturersModelName": "Prisma_fit",
    "Modality": "MR",
    "PartialFourier": 1,
    "PatientPosition": "HFS",
    "PercentPhaseFOV": 100,
    "PhaseEncodingSteps": 255,
    "PhaseResolution": 1,
    "PixelBandwidth": 150,
    "ProcedureStepDescription": "MR_hersenen_(structuur_alleen)",
    "ProtocolName": "T1_mprage",
    "PulseSequenceDetails": "%SiemensSeq%_tfl",
    "ReceiveCoilActiveElements": "HC1-7;NC1",
    "ReceiveCoilName": "HeadNeck_64",
    "ReconMatrixPE": 256,
    "RefLinesPE": 24,
    "RepetitionTime": 2.25,
    "SAR": 0.0520052,
    "ScanOptions": "IR",
    "ScanningSequence": "GR_IR",
    "SequenceName": "_tfl3d1_16ns",
    "SequenceVariant": "SK_SP_MP",
    "SeriesDescription": "T1_mprage",
    "SeriesNumber": 2,
    "ShimSetting": [
      5159,
      -7504,
      -7964,
      40,
      -67,
      39,
      -5,
      -10
    ],
    "SliceThickness": 1,
    "SoftwareVersions": "syngo_MR_E11",
    "StationName": "AWP167045",
    "TxRefAmp": 233.169,
    "dataset": "ds002938",
    "modality": "T1w",
    "subject_id": "18"
  },
  "cjv": 0.3381272937449962,
  "cnr": 3.8247169744963236,
  "efc": 0.5559157670103573,
  "fber": -1.0,
  "fwhm_avg": 4.097486666666667,
  "fwhm_x": 4.26234,
  "fwhm_y": 4.21063,
  "fwhm_z": 3.81949,
  "icvs_csf": 0.2370388342675012,
  "icvs_gm": 0.411941845589096,
  "icvs_wm": 0.3510193201434028,
  "inu_med": 0.5487767457962036,
  "inu_range": 0.26578430533409103,
  "provenance": {
    "md5sum": "30c095fb0b3065e0fe280e278d047189",
    "settings": {
      "testing": false
    },
    "software": "mriqc",
    "version": "23.0.1",
    "warnings": {
      "large_rot_frame": true,
      "small_air_mask": false
    },
    "webapi_port": null,
    "webapi_url": "https://mriqc.nimh.nih.gov/api/v1"
  },
  "qi_1": 3.610444561016968e-05,
  "qi_2": 0.015475248680825917,
  "rpve_csf": 18.394673883138843,
  "rpve_gm": 10.541334557248867,
  "rpve_wm": 14.69028765621912,
  "size_x": 176,
  "size_y": 256,
  "size_z": 256,
  "snr_csf": 2.0542242051679342,
  "snr_gm": 9.788226725846197,
  "snr_total": 12.285492230242276,
  "snr_wm": 25.0140257597127,
  "snrd_csf": 34.160637306579915,
  "snrd_gm": 104.24954473777957,
  "snrd_total": 96.52030585137636,
  "snrd_wm": 151.15073550976962,
  "spacing_x": 1.0,
  "spacing_y": 1.0,
  "spacing_z": 1.0,
  "summary_bg_k": 14.281451371191388,
  "summary_bg_mad": 0.0,
  "summary_bg_mean": 2.2862489584649017,
  "summary_bg_median": 0.0,
  "summary_bg_n": 3063113.0,
  "summary_bg_p05": 0.0,
  "summary_bg_p95": 11.214729052037,
  "summary_bg_stdv": 4.334324912893911,
  "summary_csf_k": 0.5930937743560367,
  "summary_csf_mad": 112.69892996593671,
  "summary_csf_mean": 231.57628865888017,
  "summary_csf_median": 226.0037777144462,
  "summary_csf_n": 69980.0,
  "summary_csf_p05": 72.08611936122179,
  "summary_csf_p95": 425.44154151538396,
  "summary_csf_stdv": 110.01825524499631,
  "summary_gm_k": 0.27733981222885484,
  "summary_gm_mad": 66.9525004057991,
  "summary_gm_mean": 689.4971718288568,
  "summary_gm_median": 689.7058367002755,
  "summary_gm_n": 37468.0,
  "summary_gm_p05": 572.7712961982004,
  "summary_gm_p95": 807.0406890548766,
  "summary_gm_stdv": 70.46185708856204,
  "summary_wm_k": 0.5200297269759568,
  "summary_wm_mad": 37.96642453290334,
  "summary_wm_mean": 999.3406463204,
  "summary_wm_median": 999.9999977443367,
  "summary_wm_n": 246162.0,
  "summary_wm_p05": 932.741609338671,
  "summary_wm_p95": 1063.3602182976902,
  "summary_wm_stdv": 39.97749007559377,
  "tpm_overlap_csf": 0.14677332870988086,
  "tpm_overlap_gm": 0.45207677014923275,
  "tpm_overlap_wm": 0.4984517951022162,
  "wm2max": 0.688604487740052
}