{
  "bids_meta": {
    "AcquisitionMatrixPE": 256,
    "AcquisitionNumber": 1,
    "AcquisitionTime": "14:29:6.067500",
    "BaseResolution": 256,
    "BodyPartExamined": "BRAIN",
    "ConsistencyInfo": "N4_VE11C_LATEST_20160120",
    "ConversionSoftware": "dcm2niix",
    "ConversionSoftwareVersion": "v1.0.20190410  GCC6.3.0",
    "DeviceSerialNumber": "167045",
    "DwellTime": 1.3e-05,
    "EchoTime": 0.00418,
    "FlipAngle": 9,
    "ImageOrientationPatientDICOM": [
      0.0209579,
      0.99978,
      3.07835e-08,
      0.0296148,
      -0.000620771,
      -0.999561
    ],
    "ImageType": [
      "ORIGINAL",
      "PRIMARY",
      "M",
      "ND",
      "NORM"
    ],
    "ImagingFrequency": 123.26,
    "InPlanePhaseEncodingDirectionDICOM": "ROW",
    "InstitutionAddress": "De_Pintelaan_185_Gent_District_BE_9000",
    "InstitutionName": "Experimental_Psychology",
    "InstitutionalDepartmentName": "Department",
    "InversionTime": 0.9,
    "MRAcquisitionType": "3D",
    "MagneticFieldStrength": 3,
    "Manufacturer": "Siemens",
    "ManufacturersModelName": "Prisma_fit",
    "Modality": "MR",
    "PartialFourier": 1,
    "PatientPosition": "HFS",
    "PercentPhaseFOV": 100,
    "PhaseEncodingSteps": 255,
    "PhaseResolution": 1,
    "PixelBandwidth": 150,
    "ProcedureStepDescription": "MR_hersenen_(structuur_alleen)",
    "ProtocolName": "T1_mprage",
    "PulseSequenceDetails": "%SiemensSeq%_tfl",
    "ReceiveCoilActiveElements": "HC1-7;NC1",
    "ReceiveCoilName": "HeadNeck_64",
    "ReconMatrixPE": 256,
    "RefLinesPE": 24,
    "RepetitionTime": 2.25,
    "SAR": 0.0487111,
    "ScanOptions": "IR",
    "ScanningSequence": "GR_IR",
    "SequenceName": "_tfl3d1_16ns",
    "SequenceVariant": "SK_SP_MP",
    "SeriesDescription": "T1_mprage",
    "SeriesNumber": 2,
    "ShimSetting": [
      5159,
      -7504,
      -7964,
      40,
      -67,
      39,
      -5,
      -10
    ],
    "SliceThickness": 1,
    "SoftwareVersions": "syngo_MR_E11",
    "StationName": "AWP167045",
    "TxRefAmp": 228.827,
    "dataset": "ds002938",
    "modality": "T1w",
    "subject_id": "04"
  },
  "cjv": 0.33901061107324665,
  "cnr": 3.9053213813692946,
  "efc": 0.5146624563702535,
  "fber": 25625.269390581718,
  "fwhm_avg": 3.926576666666666,
  "fwhm_x": 3.991,
  "fwhm_y": 4.0603,
  "fwhm_z": 3.72843,
  "icvs_csf": 0.20475317031786575,
  "icvs_gm": 0.44435598448437685,
  "icvs_wm": 0.3508908451977574,
  "inu_med": 0.5090499818325043,
  "inu_range": 0.23438864648342128,
  "provenance": {
    "md5sum": "bd2321c5c3e6555feb995f450c7934f6",
    "settings": {
      "testing": false
    },
    "software": "mriqc",
    "version": "23.0.1",
    "warnings": {
      "large_rot_frame": true,
      "small_air_mask": false
    },
    "webapi_port": null,
    "webapi_url": "https://mriqc.nimh.nih.gov/api/v1"
  },
  "qi_1": 7.048252796655107e-05,
  "qi_2": 0.010416071176767783,
  "rpve_csf": 24.54623271161201,
  "rpve_gm": 11.968260895168312,
  "rpve_wm": 17.219225573186144,
  "size_x": 176,
  "size_y": 256,
  "size_z": 256,
  "snr_csf": 2.024386359802998,
  "snr_gm": 10.258715651431551,
  "snr_total": 12.037110386246342,
  "snr_wm": 23.828229147504477,
  "snrd_csf": 29.31192783926682,
  "snrd_gm": 80.69238477053148,
  "snrd_total": 75.66609144307414,
  "snrd_wm": 116.99396171942409,
  "spacing_x": 1.0,
  "spacing_y": 1.0,
  "spacing_z": 1.0,
  "summary_bg_k": 17.8388825344882,
  "summary_bg_mad": 0.0,
  "summary_bg_mean": 3.1358353208936207,
  "summary_bg_median": 0.0,
  "summary_bg_n": 3685894.0,
  "summary_bg_p05": 0.0,
  "summary_bg_p95": 13.309233784675598,
  "summary_bg_stdv": 5.599745188548275,
  "summary_csf_k": 0.5549880569766303,
  "summary_csf_mad": 119.46567521409241,
  "summary_csf_mean": 253.81877330986242,
  "summary_csf_median": 250.542218208313,
  "summary_csf_n": 39511.0,
  "summary_csf_p05": 61.97830843925476,
  "summary_csf_p95": 470.5060610175133,
  "summary_csf_stdv": 123.76048990721493,
  "summary_gm_k": 0.08243971734491762,
  "summary_gm_mad": 65.77433178589916,
  "summary_gm_mean": 690.566744210884,
  "summary_gm_median": 689.7140707969666,
  "summary_gm_n": 49730.0,
  "summary_gm_p05": 581.8599836826324,
  "summary_gm_p95": 804.1767675757405,
  "summary_gm_stdv": 67.2313337857629,
  "summary_wm_k": 0.4727046396933985,
  "summary_wm_mad": 39.415877344290685,
  "summary_wm_mean": 999.9406769320736,
  "summary_wm_median": 999.9999606609344,
  "summary_wm_n": 207096.0,
  "summary_wm_p05": 930.4633219242096,
  "summary_wm_p95": 1068.8464909791946,
  "summary_wm_stdv": 41.96692671236967,
  "tpm_overlap_csf": 0.14164357113987283,
  "tpm_overlap_gm": 0.47216464382661255,
  "tpm_overlap_wm": 0.5130150061767205,
  "wm2max": 0.6061048783525129
}