{
  "bids_meta": {
    "AcquisitionMatrixPE": 256,
    "AcquisitionNumber": 1,
    "AcquisitionTime": "20:24:3.532500",
    "BaseResolution": 256,
    "BodyPartExamined": "BRAIN",
    "ConsistencyInfo": "N4_VE11C_LATEST_20160120",
    "ConversionSoftware": "dcm2niix",
    "ConversionSoftwareVersion": "v1.0.20190410  GCC6.3.0",
    "DeviceSerialNumber": "167045",
    "DwellTime": 1.3e-05,
    "EchoTime": 0.00418,
    "FlipAngle": 9,
    "ImageOrientationPatientDICOM": [
      -0.0279062,
      0.999611,
      2.29869e-08,
      0.0296098,
      0.000826641,
      -0.999561
    ],
    "ImageType": [
      "ORIGINAL",
      "PRIMARY",
      "M",
      "ND",
      "NORM"
    ],
    "ImagingFrequency": 123.26,
    "InPlanePhaseEncodingDirectionDICOM": "ROW",
    "InstitutionAddress": "De_Pintelaan_185_Gent_District_BE_9000",
    "InstitutionName": "UZ_Gent",
    "InstitutionalDepartmentName": "Department",
    "InversionTime": 0.9,
    "MRAcquisitionType": "3D",
    "MagneticFieldStrength": 3,
    "Manufacturer": "Siemens",
    "ManufacturersModelName": "Prisma_fit",
    "Modality": "MR",
    "PartialFourier": 1,
    "PatientPosition": "HFS",
    "PercentPhaseFOV": 100,
    "PhaseEncodingSteps": 255,
    "PhaseResolution": 1,
    "PixelBandwidth": 150,
    "ProcedureStepDescription": "MR_hersenen_(structuur_alleen)_O",
    "ProtocolName": "T1_mprage",
    "PulseSequenceDetails": "%SiemensSeq%_tfl",
    "ReceiveCoilActiveElements": "HC1-7;NC1",
    "ReceiveCoilName": "HeadNeck_64",
    "ReconMatrixPE": 256,
    "RefLinesPE": 24,
    "RepetitionTime": 2.25,
    "SAR": 0.0465367,
    "ScanOptions": "IR",
    "ScanningSequence": "GR_IR",
    "SequenceName": "_tfl3d1_16ns",
    "SequenceVariant": "SK_SP_MP",
    "SeriesDescription": "T1_mprage",
    "SeriesNumber": 2,
    "ShimSetting": [
      5159,
      -7504,
      -7964,
      40,
      -67,
      39,
      -5,
      -10
    ],
    "SliceThickness": 1,
    "SoftwareVersions": "syngo_MR_E11",
    "StationName": "AWP167045",
    "TxRefAmp": 206.132,
    "dataset": "ds002938",
    "modality": "T1w",
    "subject_id": "32"
  },
  "cjv": 0.36274527596295203,
  "cnr": 3.5707315851386516,
  "efc": 0.5392485192463516,
  "fber": 49279.5601,
  "fwhm_avg": 3.9359300000000004,
  "fwhm_x": 4.10504,
  "fwhm_y": 3.92484,
  "fwhm_z": 3.77791,
  "icvs_csf": 0.2240025211012505,
  "icvs_gm": 0.430149319478725,
  "icvs_wm": 0.3458481594200245,
  "inu_med": 0.47012704610824585,
  "inu_range": 0.19755885004997253,
  "provenance": {
    "md5sum": "51f8f51afdebcc8e163c3854379ab2e7",
    "settings": {
      "testing": false
    },
    "software": "mriqc",
    "version": "23.0.1",
    "warnings": {
      "large_rot_frame": true,
      "small_air_mask": false
    },
    "webapi_port": null,
    "webapi_url": "https://mriqc.nimh.nih.gov/api/v1"
  },
  "qi_1": 1.3015257786703352e-05,
  "qi_2": 0.0100026323078681,
  "rpve_csf": 23.847483101673074,
  "rpve_gm": 12.76777549878381,
  "rpve_wm": 18.375950420244852,
  "size_x": 176,
  "size_y": 256,
  "size_z": 256,
  "snr_csf": 2.0813897070964242,
  "snr_gm": 10.190631354679907,
  "snr_total": 12.781874240467817,
  "snr_wm": 26.07360165962712,
  "snrd_csf": 25.292201441887723,
  "snrd_gm": 75.74094384189843,
  "snrd_total": 69.03988119593622,
  "snrd_wm": 106.08649830402253,
  "spacing_x": 1.0,
  "spacing_y": 1.0,
  "spacing_z": 1.0,
  "summary_bg_k": 21.582948928286488,
  "summary_bg_mad": 0.0,
  "summary_bg_mean": 3.2564542507566308,
  "summary_bg_median": 0.0,
  "summary_bg_n": 2853450.0,
  "summary_bg_p05": 0.0,
  "summary_bg_p95": 15.025575511157513,
  "summary_bg_stdv": 6.1754927652999,
  "summary_csf_k": 0.4666433355039592,
  "summary_csf_mad": 112.96468358030769,
  "summary_csf_mean": 244.98754696506748,
  "summary_csf_median": 238.41112632863224,
  "summary_csf_n": 43919.0,
  "summary_csf_p05": 75.4715476339683,
  "summary_csf_p95": 452.6214852914212,
  "summary_csf_stdv": 114.54289952831569,
  "summary_gm_k": 0.10538985131787637,
  "summary_gm_mad": 67.8973045715206,
  "summary_gm_mean": 711.7197565850704,
  "summary_gm_median": 713.9546066019684,
  "summary_gm_n": 40339.0,
  "summary_gm_p05": 590.9260468315333,
  "summary_gm_p95": 824.6483410857618,
  "summary_gm_stdv": 70.05903091427416,
  "summary_wm_k": 0.6121067339158204,
  "summary_wm_mad": 35.86431212969209,
  "summary_wm_mean": 998.7294379120091,
  "summary_wm_median": 1000.0000042319298,
  "summary_wm_n": 190382.0,
  "summary_wm_p05": 933.9300977289677,
  "summary_wm_p95": 1059.6227666325867,
  "summary_wm_stdv": 38.35286704859731,
  "tpm_overlap_csf": 0.15081091791923268,
  "tpm_overlap_gm": 0.4632098025377512,
  "tpm_overlap_wm": 0.5050634165728867,
  "wm2max": 0.7991313789359392
}