{
  "aor": 0.001680034965034965,
  "aqi": 0.0050700901748251745,
  "bids_meta": {
    "AcquisitionMatrixPE": 64,
    "AcquisitionNumber": 1,
    "AcquisitionTime": "17:20:20.295000",
    "BandwidthPerPixelPhaseEncode": 63.776,
    "BaseResolution": 64,
    "BodyPartExamined": "BRAIN",
    "CoilString": "HC1-7;NC1_2",
    "ConsistencyInfo": "N4_VE11C_LATEST_20160120",
    "ConversionSoftware": "dcm2niix",
    "ConversionSoftwareVersion": "v1.0.20190410  GCC6.3.0",
    "DerivedVendorReportedEchoSpacing": 0.000489996,
    "DeviceSerialNumber": "167045",
    "DwellTime": 3e-06,
    "EchoTime": 0.029,
    "EchoTrainLength": 31,
    "EffectiveEchoSpacing": 0.000244998,
    "FlipAngle": 90,
    "ImageOrientationPatientDICOM": [
      0.999973,
      -0.00100298,
      -0.00733211,
      -2.08095e-08,
      0.990773,
      -0.135533
    ],
    "ImageType": [
      "ORIGINAL",
      "PRIMARY",
      "M",
      "ND",
      "MOSAIC"
    ],
    "ImagingFrequency": 123.26,
    "InPlanePhaseEncodingDirectionDICOM": "COL",
    "InstitutionAddress": "De_Pintelaan_185_Gent_District_BE_9000",
    "InstitutionName": "Experimental_Psychology",
    "InstitutionalDepartmentName": "Department",
    "MRAcquisitionType": "2D",
    "MagneticFieldStrength": 3,
    "Manufacturer": "Siemens",
    "ManufacturersModelName": "Prisma_fit",
    "Modality": "MR",
    "ParallelReductionFactorInPlane": 2,
    "PartialFourier": 1,
    "PatientPosition": "HFS",
    "PercentPhaseFOV": 100,
    "PhaseEncodingDirection": "j-",
    "PhaseEncodingSteps": 63,
    "PhaseResolution": 1,
    "PixelBandwidth": 2605,
    "ProcedureStepDescription": "MR_hersenen_(structuur_alleen)",
    "ProtocolName": "ep2d_1_back",
    "PulseSequenceDetails": "%SiemensSeq%_ep2d_bold",
    "ReceiveCoilActiveElements": "HC1-7;NC1,2",
    "ReceiveCoilName": "HeadNeck_64",
    "ReconMatrixPE": 64,
    "RefLinesPE": 24,
    "RepetitionTime": 2,
    "SAR": 0.100893,
    "ScanOptions": "FS",
    "ScanningSequence": "EP",
    "SequenceName": "_epfid2d1_64",
    "SequenceVariant": "SK",
    "SeriesDescription": "ep2d_1_back",
    "SeriesNumber": 6,
    "ShimSetting": [
      5142,
      -7503,
      -7701,
      412,
      -105,
      58,
      71,
      35
    ],
    "SliceThickness": 3.5,
    "SliceTiming": [
      0.99,
      0,
      1.0425,
      0.0525,
      1.095,
      0.105,
      1.1475,
      0.1575,
      1.2,
      0.21,
      1.25,
      0.26,
      1.3025,
      0.3125,
      1.355,
      0.365,
      1.4075,
      0.4175,
      1.46,
      0.47,
      1.5125,
      0.5225,
      1.5625,
      0.5725,
      1.615,
      0.625,
      1.6675,
      0.6775,
      1.72,
      0.73,
      1.7725,
      0.7825,
      1.825,
      0.835,
      1.875,
      0.8875,
      1.9275,
      0.9375
    ],
    "SoftwareVersions": "syngo_MR_E11",
    "SpacingBetweenSlices": 3.85,
    "StationName": "AWP167045",
    "TaskName": "1back",
    "TotalReadoutTime": 0.0154349,
    "TxRefAmp": 232.277,
    "dataset": "ds002938",
    "modality": "bold",
    "subject_id": "11",
    "task_id": "1back"
  },
  "dummy_trs": 0,
  "dvars_nstd": 23.260709856175414,
  "dvars_std": 1.103962262035087,
  "dvars_vstd": 0.9535543524561411,
  "efc": 0.5012709829047869,
  "fber": 550.8645629882812,
  "fd_mean": 0.11837890986270551,
  "fd_num": 39,
  "fd_perc": 13.636363636363637,
  "fwhm_avg": 2.689487034930048,
  "fwhm_x": 2.531557142857143,
  "fwhm_y": 2.8793714285714285,
  "fwhm_z": 2.657532533361572,
  "gcor": 0.0405663,
  "gsr_x": 0.0038145456928759813,
  "gsr_y": 0.03498739004135132,
  "provenance": {
    "md5sum": "709262a88a02eaa7d0f6871f169db5bc",
    "settings": {
      "fd_thres": 0.2,
      "testing": false
    },
    "software": "mriqc",
    "version": "23.0.1",
    "webapi_port": null,
    "webapi_url": "https://mriqc.nimh.nih.gov/api/v1"
  },
  "size_t": 286,
  "size_x": 64,
  "size_y": 64,
  "size_z": 38,
  "snr": 2.6034539095004474,
  "spacing_tr": 2.0,
  "spacing_x": 3.5,
  "spacing_y": 3.5,
  "spacing_z": 3.8499999046325684,
  "summary_bg_k": 32.05992635633154,
  "summary_bg_mad": 6.951643452693365,
  "summary_bg_mean": 65.09005737304688,
  "summary_bg_median": 32.98950958251953,
  "summary_bg_n": 101094.0,
  "summary_bg_p05": 26.954545974731445,
  "summary_bg_p95": 241.51433258056562,
  "summary_bg_stdv": 96.30598449707031,
  "summary_fg_k": 0.580474843474077,
  "summary_fg_mad": 304.140859840329,
  "summary_fg_mean": 840.6767578125,
  "summary_fg_median": 794.4580078125,
  "summary_fg_n": 21275.0,
  "summary_fg_p05": 431.94371337890624,
  "summary_fg_p95": 1409.7520874023437,
  "summary_fg_stdv": 305.1482238769531,
  "tsnr": 52.62478224490769
}