{
  "aor": 0.012081645569620252,
  "aqi": 0.010859277606444189,
  "bids_meta": {
    "AcquisitionMatrixPE": 64,
    "AcquisitionNumber": 1,
    "AcquisitionTime": "16:50:23.727500",
    "BandwidthPerPixelPhaseEncode": 63.776,
    "BaseResolution": 64,
    "BodyPartExamined": "BRAIN",
    "CoilString": "HC1-7;NC1_2",
    "ConsistencyInfo": "N4_VE11C_LATEST_20160120",
    "ConversionSoftware": "dcm2niix",
    "ConversionSoftwareVersion": "v1.0.20190410  GCC6.3.0",
    "DerivedVendorReportedEchoSpacing": 0.000489996,
    "DeviceSerialNumber": "167045",
    "DwellTime": 3e-06,
    "EchoTime": 0.029,
    "EchoTrainLength": 31,
    "EffectiveEchoSpacing": 0.000244998,
    "FlipAngle": 90,
    "ImageOrientationPatientDICOM": [
      0.999973,
      -0.00100298,
      -0.00733211,
      -2.08095e-08,
      0.990773,
      -0.135533
    ],
    "ImageType": [
      "ORIGINAL",
      "PRIMARY",
      "M",
      "ND",
      "MOSAIC"
    ],
    "ImagingFrequency": 123.26,
    "InPlanePhaseEncodingDirectionDICOM": "COL",
    "InstitutionAddress": "De_Pintelaan_185_Gent_District_BE_9000",
    "InstitutionName": "Experimental_Psychology",
    "InstitutionalDepartmentName": "Department",
    "MRAcquisitionType": "2D",
    "MagneticFieldStrength": 3,
    "Manufacturer": "Siemens",
    "ManufacturersModelName": "Prisma_fit",
    "Modality": "MR",
    "ParallelReductionFactorInPlane": 2,
    "PartialFourier": 1,
    "PatientPosition": "HFS",
    "PercentPhaseFOV": 100,
    "PhaseEncodingDirection": "j-",
    "PhaseEncodingSteps": 63,
    "PhaseResolution": 1,
    "PixelBandwidth": 2605,
    "ProcedureStepDescription": "MR_hersenen_(structuur_alleen)",
    "ProtocolName": "ep2d_main_effort",
    "PulseSequenceDetails": "%SiemensSeq%_ep2d_bold",
    "ReceiveCoilActiveElements": "HC1-7;NC1,2",
    "ReceiveCoilName": "HeadNeck_64",
    "ReconMatrixPE": 64,
    "RefLinesPE": 24,
    "RepetitionTime": 2,
    "SAR": 0.100893,
    "ScanOptions": "FS",
    "ScanningSequence": "EP",
    "SequenceName": "_epfid2d1_64",
    "SequenceVariant": "SK",
    "SeriesDescription": "ep2d_main_effort",
    "SeriesNumber": 5,
    "ShimSetting": [
      5142,
      -7503,
      -7701,
      412,
      -105,
      58,
      71,
      35
    ],
    "SliceThickness": 3.5,
    "SliceTiming": [
      0.99,
      0,
      1.0425,
      0.0525,
      1.0925,
      0.1025,
      1.145,
      0.155,
      1.1975,
      0.2075,
      1.25,
      0.26,
      1.3025,
      0.3125,
      1.355,
      0.365,
      1.405,
      0.4175,
      1.4575,
      0.4675,
      1.51,
      0.52,
      1.5625,
      0.5725,
      1.615,
      0.625,
      1.6675,
      0.6775,
      1.72,
      0.73,
      1.77,
      0.78,
      1.8225,
      0.8325,
      1.875,
      0.885,
      1.9275,
      0.9375
    ],
    "SoftwareVersions": "syngo_MR_E11",
    "SpacingBetweenSlices": 3.85,
    "StationName": "AWP167045",
    "TaskName": "effort",
    "TotalReadoutTime": 0.0154349,
    "TxRefAmp": 232.277,
    "dataset": "ds002938",
    "modality": "bold",
    "subject_id": "11",
    "task_id": "effort"
  },
  "dummy_trs": 0,
  "dvars_nstd": 25.361133678605988,
  "dvars_std": 1.1089551973156688,
  "dvars_vstd": 1.0281941244470045,
  "efc": 0.5004555857844376,
  "fber": 546.2490234375,
  "fd_mean": 0.19302302001640906,
  "fd_num": 187,
  "fd_perc": 21.518987341772153,
  "fwhm_avg": 2.796525650636062,
  "fwhm_x": 2.59326,
  "fwhm_y": 3.0192,
  "fwhm_z": 2.7771169519081846,
  "gcor": 0.0459402,
  "gsr_x": 0.0016746821347624063,
  "gsr_y": 0.031882040202617645,
  "provenance": {
    "md5sum": "d022d60235d5f7278efd33a1f2322114",
    "settings": {
      "fd_thres": 0.2,
      "testing": false
    },
    "software": "mriqc",
    "version": "23.0.1",
    "webapi_port": null,
    "webapi_url": "https://mriqc.nimh.nih.gov/api/v1"
  },
  "size_t": 869,
  "size_x": 64,
  "size_y": 64,
  "size_z": 38,
  "snr": 2.5596851997764527,
  "spacing_tr": 2.0,
  "spacing_x": 3.5,
  "spacing_y": 3.5,
  "spacing_z": 3.8499999046325684,
  "summary_bg_k": 30.879820838413508,
  "summary_bg_mad": 8.0852139481317,
  "summary_bg_mean": 65.6771240234375,
  "summary_bg_median": 33.61219787597656,
  "summary_bg_n": 100835.0,
  "summary_bg_p05": 26.494821548461914,
  "summary_bg_p95": 239.78124694824214,
  "summary_bg_stdv": 95.67539978027344,
  "summary_fg_k": 0.44151104699427624,
  "summary_fg_mad": 317.6394716284576,
  "summary_fg_mean": 855.5062255859375,
  "summary_fg_median": 808.57080078125,
  "summary_fg_n": 21556.0,
  "summary_fg_p05": 430.51783752441406,
  "summary_fg_p95": 1437.7652893066406,
  "summary_fg_stdv": 315.8794860839844,
  "tsnr": 33.85668194090249
}