{
  "aor": 0.006306354166666667,
  "aqi": 0.00242655809375,
  "bids_meta": {
    "AcquisitionMatrixPE": 64,
    "AcquisitionNumber": 1,
    "AcquisitionTime": "12:26:34.785000",
    "BandwidthPerPixelPhaseEncode": 63.776,
    "BaseResolution": 64,
    "BodyPartExamined": "BRAIN",
    "CoilString": "HC1-7;NC1_2",
    "ConsistencyInfo": "N4_VE11C_LATEST_20160120",
    "ConversionSoftware": "dcm2niix",
    "ConversionSoftwareVersion": "v1.0.20190410  GCC6.3.0",
    "DerivedVendorReportedEchoSpacing": 0.000489996,
    "DeviceSerialNumber": "167045",
    "DwellTime": 3e-06,
    "EchoTime": 0.029,
    "EchoTrainLength": 31,
    "EffectiveEchoSpacing": 0.000244998,
    "FlipAngle": 90,
    "ImageOrientationPatientDICOM": [
      0.996702,
      0.0102355,
      0.0804998,
      1.91019e-08,
      0.992013,
      -0.126134
    ],
    "ImageType": [
      "ORIGINAL",
      "PRIMARY",
      "M",
      "ND",
      "MOSAIC"
    ],
    "ImagingFrequency": 123.26,
    "InPlanePhaseEncodingDirectionDICOM": "COL",
    "InstitutionAddress": "De_Pintelaan_185_Gent_District_BE_9000",
    "InstitutionName": "Experimental_Psychology",
    "InstitutionalDepartmentName": "Department",
    "MRAcquisitionType": "2D",
    "MagneticFieldStrength": 3,
    "Manufacturer": "Siemens",
    "ManufacturersModelName": "Prisma_fit",
    "Modality": "MR",
    "ParallelReductionFactorInPlane": 2,
    "PartialFourier": 1,
    "PatientPosition": "HFS",
    "PercentPhaseFOV": 100,
    "PhaseEncodingDirection": "j-",
    "PhaseEncodingSteps": 63,
    "PhaseResolution": 1,
    "PixelBandwidth": 2605,
    "ProcedureStepDescription": "MR_hersenen_(structuur_alleen)",
    "ProtocolName": "ep2d_1_back",
    "PulseSequenceDetails": "%SiemensSeq%_ep2d_bold",
    "ReceiveCoilActiveElements": "HC1-7;NC1,2",
    "ReceiveCoilName": "HeadNeck_64",
    "ReconMatrixPE": 64,
    "RefLinesPE": 24,
    "RepetitionTime": 2,
    "SAR": 0.54709,
    "ScanOptions": "FS",
    "ScanningSequence": "EP",
    "SequenceName": "_epfid2d1_64",
    "SequenceVariant": "SK",
    "SeriesDescription": "ep2d_1_back",
    "SeriesNumber": 6,
    "ShimSetting": [
      5143,
      -7494,
      -7706,
      608,
      -214,
      27,
      16,
      26
    ],
    "SliceThickness": 3.5,
    "SliceTiming": [
      0.99,
      0,
      1.0425,
      0.0525,
      1.095,
      0.105,
      1.1475,
      0.1575,
      1.2,
      0.21,
      1.2525,
      0.2625,
      1.3025,
      0.3125,
      1.355,
      0.365,
      1.4075,
      0.4175,
      1.46,
      0.47,
      1.5125,
      0.5225,
      1.565,
      0.575,
      1.615,
      0.625,
      1.6675,
      0.6775,
      1.72,
      0.73,
      1.7725,
      0.7825,
      1.825,
      0.835,
      1.8775,
      0.8875,
      1.9275,
      0.94
    ],
    "SoftwareVersions": "syngo_MR_E11",
    "SpacingBetweenSlices": 3.85,
    "StationName": "AWP167045",
    "TaskName": "1back",
    "TotalReadoutTime": 0.0154349,
    "TxRefAmp": 228.593,
    "dataset": "ds002938",
    "modality": "bold",
    "subject_id": "07",
    "task_id": "1back"
  },
  "dummy_trs": 1,
  "dvars_nstd": 19.123695020627164,
  "dvars_std": 1.190220825818814,
  "dvars_vstd": 1.0524238282578402,
  "efc": 0.4774472871889265,
  "fber": 616.819091796875,
  "fd_mean": 0.1048303805530679,
  "fd_num": 16,
  "fd_perc": 5.555555555555555,
  "fwhm_avg": 2.6664045547066686,
  "fwhm_x": 2.5125342857142856,
  "fwhm_y": 2.738445714285714,
  "fwhm_z": 2.7482336641200056,
  "gcor": 0.0107944,
  "gsr_x": -0.010676858946681023,
  "gsr_y": 0.03889366611838341,
  "provenance": {
    "md5sum": "3ca6e70cc38505173363d6a5fb3500d8",
    "settings": {
      "fd_thres": 0.2,
      "testing": false
    },
    "software": "mriqc",
    "version": "23.0.1",
    "webapi_port": null,
    "webapi_url": "https://mriqc.nimh.nih.gov/api/v1"
  },
  "size_t": 288,
  "size_x": 64,
  "size_y": 64,
  "size_z": 38,
  "snr": 2.519098574426641,
  "spacing_tr": 2.0,
  "spacing_x": 3.5,
  "spacing_y": 3.5,
  "spacing_z": 3.8500001430511475,
  "summary_bg_k": 42.2031634230418,
  "summary_bg_mad": 6.671709983275209,
  "summary_bg_mean": 52.43605041503906,
  "summary_bg_median": 30.95486068725586,
  "summary_bg_n": 102955.0,
  "summary_bg_p05": 23.96875,
  "summary_bg_p95": 159.48784484863262,
  "summary_bg_stdv": 73.19837951660156,
  "summary_fg_k": 2.2758085131273873,
  "summary_fg_mad": 278.5799524086781,
  "summary_fg_mean": 830.4552001953125,
  "summary_fg_median": 778.8541870117188,
  "summary_fg_n": 20592.0,
  "summary_fg_p05": 431.926741027832,
  "summary_fg_p95": 1401.8253906250002,
  "summary_fg_stdv": 309.1722106933594,
  "tsnr": 70.15879883803427
}