{
  "aor": 0.003260549132947976,
  "aqi": 0.007309014325626205,
  "bids_meta": {
    "AcquisitionMatrixPE": 64,
    "AcquisitionNumber": 1,
    "AcquisitionTime": "11:50:58.420000",
    "BandwidthPerPixelPhaseEncode": 63.776,
    "BaseResolution": 64,
    "BodyPartExamined": "BRAIN",
    "CoilString": "HC1-7;NC1_2",
    "ConsistencyInfo": "N4_VE11C_LATEST_20160120",
    "ConversionSoftware": "dcm2niix",
    "ConversionSoftwareVersion": "v1.0.20190410  GCC6.3.0",
    "DerivedVendorReportedEchoSpacing": 0.000489996,
    "DeviceSerialNumber": "167045",
    "DwellTime": 3e-06,
    "EchoTime": 0.029,
    "EchoTrainLength": 31,
    "EffectiveEchoSpacing": 0.000244998,
    "FlipAngle": 90,
    "ImageOrientationPatientDICOM": [
      0.996702,
      0.0102355,
      0.0804998,
      1.91019e-08,
      0.992013,
      -0.126134
    ],
    "ImageType": [
      "ORIGINAL",
      "PRIMARY",
      "M",
      "ND",
      "MOSAIC"
    ],
    "ImagingFrequency": 123.26,
    "InPlanePhaseEncodingDirectionDICOM": "COL",
    "InstitutionAddress": "De_Pintelaan_185_Gent_District_BE_9000",
    "InstitutionName": "Experimental_Psychology",
    "InstitutionalDepartmentName": "Department",
    "MRAcquisitionType": "2D",
    "MagneticFieldStrength": 3,
    "Manufacturer": "Siemens",
    "ManufacturersModelName": "Prisma_fit",
    "Modality": "MR",
    "ParallelReductionFactorInPlane": 2,
    "PartialFourier": 1,
    "PatientPosition": "HFS",
    "PercentPhaseFOV": 100,
    "PhaseEncodingDirection": "j-",
    "PhaseEncodingSteps": 63,
    "PhaseResolution": 1,
    "PixelBandwidth": 2605,
    "ProcedureStepDescription": "MR_hersenen_(structuur_alleen)",
    "ProtocolName": "ep2d_main_effort",
    "PulseSequenceDetails": "%SiemensSeq%_ep2d_bold",
    "ReceiveCoilActiveElements": "HC1-7;NC1,2",
    "ReceiveCoilName": "HeadNeck_64",
    "ReconMatrixPE": 64,
    "RefLinesPE": 24,
    "RepetitionTime": 2,
    "SAR": 0.54709,
    "ScanOptions": "FS",
    "ScanningSequence": "EP",
    "SequenceName": "_epfid2d1_64",
    "SequenceVariant": "SK",
    "SeriesDescription": "ep2d_main_effort",
    "SeriesNumber": 5,
    "ShimSetting": [
      5143,
      -7494,
      -7706,
      608,
      -214,
      27,
      16,
      26
    ],
    "SliceThickness": 3.5,
    "SliceTiming": [
      0.99,
      0,
      1.0425,
      0.0525,
      1.0925,
      0.1025,
      1.145,
      0.155,
      1.1975,
      0.2075,
      1.25,
      0.26,
      1.3025,
      0.3125,
      1.355,
      0.365,
      1.405,
      0.415,
      1.4575,
      0.4675,
      1.51,
      0.52,
      1.5625,
      0.5725,
      1.615,
      0.625,
      1.6675,
      0.6775,
      1.7175,
      0.73,
      1.77,
      0.78,
      1.8225,
      0.8325,
      1.875,
      0.885,
      1.9275,
      0.9375
    ],
    "SoftwareVersions": "syngo_MR_E11",
    "SpacingBetweenSlices": 3.85,
    "StationName": "AWP167045",
    "TaskName": "effort",
    "TotalReadoutTime": 0.0154349,
    "TxRefAmp": 228.593,
    "dataset": "ds002938",
    "modality": "bold",
    "subject_id": "07",
    "task_id": "effort"
  },
  "dummy_trs": 0,
  "dvars_nstd": 19.759915602883325,
  "dvars_std": 1.0953927987560268,
  "dvars_vstd": 0.9647233493249758,
  "efc": 0.4765290401937512,
  "fber": 618.3963623046875,
  "fd_mean": 0.09935161226808938,
  "fd_num": 35,
  "fd_perc": 3.371868978805395,
  "fwhm_avg": 2.7141592727783603,
  "fwhm_x": 2.5932114285714287,
  "fwhm_y": 2.7571885714285713,
  "fwhm_z": 2.7920778183350814,
  "gcor": 0.0148245,
  "gsr_x": -0.010430627502501011,
  "gsr_y": 0.034509167075157166,
  "provenance": {
    "md5sum": "8bdd3edc3b5f5559e7019fd1ba3da253",
    "settings": {
      "fd_thres": 0.2,
      "testing": false
    },
    "software": "mriqc",
    "version": "23.0.1",
    "webapi_port": null,
    "webapi_url": "https://mriqc.nimh.nih.gov/api/v1"
  },
  "size_t": 1038,
  "size_x": 64,
  "size_y": 64,
  "size_z": 38,
  "snr": 2.507213714419897,
  "spacing_tr": 2.0,
  "spacing_x": 3.5,
  "spacing_y": 3.5,
  "spacing_z": 3.8500001430511475,
  "summary_bg_k": 42.32090490103971,
  "summary_bg_mad": 5.966116001046239,
  "summary_bg_mean": 51.65047836303711,
  "summary_bg_median": 30.889209747314453,
  "summary_bg_n": 103047.0,
  "summary_bg_p05": 25.14961528778076,
  "summary_bg_p95": 152.87120056152338,
  "summary_bg_stdv": 70.59534454345703,
  "summary_fg_k": 2.351574848764969,
  "summary_fg_mad": 274.55424036059657,
  "summary_fg_mean": 826.6265869140625,
  "summary_fg_median": 773.9441528320312,
  "summary_fg_n": 20563.0,
  "summary_fg_p05": 430.3459686279297,
  "summary_fg_p95": 1404.5843872070307,
  "summary_fg_stdv": 308.679443359375,
  "tsnr": 42.93691122648306
}