{
  "bids_meta": {
    "AcquisitionMatrixPE": 256,
    "AcquisitionNumber": 1,
    "AcquisitionTime": "10:45:24.852500",
    "BaseResolution": 256,
    "BodyPartExamined": "BRAIN",
    "CoilString": "HC1-7;NC1_2",
    "ConsistencyInfo": "N4_VE11C_LATEST_20160120",
    "ConversionSoftware": "dcm2niix",
    "ConversionSoftwareVersion": "v1.0.20190410  GCC6.3.0",
    "DeviceSerialNumber": "167045",
    "DwellTime": 1.3e-05,
    "EchoTime": 0.00418,
    "FlipAngle": 9,
    "ImageOrientationPatientDICOM": [
      -0.0732455,
      0.997312,
      -0.00174536,
      -0.00162538,
      -0.00186943,
      -0.999997
    ],
    "ImageType": [
      "ORIGINAL",
      "PRIMARY",
      "M",
      "ND",
      "NORM"
    ],
    "ImagingFrequency": 123.26,
    "InPlanePhaseEncodingDirectionDICOM": "ROW",
    "InstitutionAddress": "De_Pintelaan_185_Gent_District_BE_9000",
    "InstitutionName": "Experimental_Psychology",
    "InstitutionalDepartmentName": "Department",
    "InversionTime": 0.9,
    "MRAcquisitionType": "3D",
    "MagneticFieldStrength": 3,
    "Manufacturer": "Siemens",
    "ManufacturersModelName": "Prisma_fit",
    "Modality": "MR",
    "PartialFourier": 1,
    "PatientPosition": "HFS",
    "PercentPhaseFOV": 100,
    "PhaseEncodingSteps": 255,
    "PhaseResolution": 1,
    "PixelBandwidth": 150,
    "ProcedureStepDescription": "MR_hersenen_(structuur_alleen)",
    "ProtocolName": "T1_mprage",
    "PulseSequenceDetails": "%SiemensSeq%_tfl",
    "ReceiveCoilActiveElements": "HC1-7;NC1,2",
    "ReceiveCoilName": "HeadNeck_64",
    "ReconMatrixPE": 256,
    "RefLinesPE": 24,
    "RepetitionTime": 2.25,
    "SAR": 0.0515543,
    "ScanOptions": "IR",
    "ScanningSequence": "GR_IR",
    "SequenceName": "_tfl3d1_16ns",
    "SequenceVariant": "SK_SP_MP",
    "SeriesDescription": "T1_mprage",
    "SeriesNumber": 4,
    "ShimSetting": [
      5159,
      -7504,
      -7964,
      40,
      -67,
      39,
      -5,
      -10
    ],
    "SliceThickness": 1,
    "SoftwareVersions": "syngo_MR_E11",
    "StationName": "AWP167045",
    "TxRefAmp": 246.906,
    "dataset": "ds002938",
    "modality": "T1w",
    "subject_id": "01"
  },
  "cjv": 0.36560450497043406,
  "cnr": 3.5988275035838244,
  "efc": 0.5818806744996453,
  "fber": 14202.12333730138,
  "fwhm_avg": 3.6936,
  "fwhm_x": 3.71921,
  "fwhm_y": 3.82974,
  "fwhm_z": 3.53185,
  "icvs_csf": 0.18528336691386993,
  "icvs_gm": 0.45477242561630554,
  "icvs_wm": 0.35994420746982453,
  "inu_med": 0.5425701141357422,
  "inu_range": 0.24593412876129145,
  "provenance": {
    "md5sum": "9dd7a3e8509160715703f3a1d8a0ee3d",
    "settings": {
      "testing": false
    },
    "software": "mriqc",
    "version": "23.0.1",
    "warnings": {
      "large_rot_frame": true,
      "small_air_mask": false
    },
    "webapi_port": null,
    "webapi_url": "https://mriqc.nimh.nih.gov/api/v1"
  },
  "qi_1": 0.0,
  "qi_2": 0.012853398954334157,
  "rpve_csf": 23.96076768970866,
  "rpve_gm": 10.74237474724356,
  "rpve_wm": 15.416623790141182,
  "size_x": 176,
  "size_y": 256,
  "size_z": 256,
  "snr_csf": 2.48849230336912,
  "snr_gm": 11.03151460864983,
  "snr_total": 11.881212930913009,
  "snr_wm": 22.123631880720076,
  "snrd_csf": 26.099787327559664,
  "snrd_gm": 63.4976135623972,
  "snrd_total": 59.48828743267931,
  "snrd_wm": 88.86746140808106,
  "spacing_x": 1.0,
  "spacing_y": 1.0,
  "spacing_z": 1.0,
  "summary_bg_k": 14.99225790890025,
  "summary_bg_mad": 0.0,
  "summary_bg_mean": 4.575864858391563,
  "summary_bg_median": 0.0,
  "summary_bg_n": 2760631.0,
  "summary_bg_p05": 0.0,
  "summary_bg_p95": 18.511839643120766,
  "summary_bg_stdv": 7.372356705846882,
  "summary_csf_k": 2.5248274565061832,
  "summary_csf_mad": 95.94111830188298,
  "summary_csf_mean": 295.0617045722549,
  "summary_csf_median": 293.70516143739223,
  "summary_csf_n": 27523.0,
  "summary_csf_p05": 93.92154139280319,
  "summary_csf_p95": 491.7858525104816,
  "summary_csf_stdv": 118.0232003771824,
  "summary_gm_k": 0.0824639622988852,
  "summary_gm_mad": 63.1488599101558,
  "summary_gm_mean": 714.8662563857125,
  "summary_gm_median": 714.5489964410663,
  "summary_gm_n": 36132.0,
  "summary_gm_p05": 608.0678530219942,
  "summary_gm_p95": 822.3924830373376,
  "summary_gm_stdv": 64.77252976457928,
  "summary_wm_k": 0.8729074538786854,
  "summary_wm_mad": 41.2279480504686,
  "summary_wm_mean": 1000.6049686831112,
  "summary_wm_median": 1000.0400298982859,
  "summary_wm_n": 213939.0,
  "summary_wm_p05": 927.6354969218373,
  "summary_wm_p95": 1075.610007315874,
  "summary_wm_stdv": 45.202238858381605,
  "tpm_overlap_csf": 0.14862709256970663,
  "tpm_overlap_gm": 0.4500524801214283,
  "tpm_overlap_wm": 0.47746939547435474,
  "wm2max": 0.5299763774251999
}