{
  "bids_meta": {
    "AcquisitionMatrixPE": 256,
    "AcquisitionNumber": 1,
    "AcquisitionTime": "17:52:43.717500",
    "BaseResolution": 256,
    "BodyPartExamined": "BRAIN",
    "ConsistencyInfo": "N4_VE11C_LATEST_20160120",
    "ConversionSoftware": "dcm2niix",
    "ConversionSoftwareVersion": "v1.0.20190410  GCC6.3.0",
    "DeviceSerialNumber": "167045",
    "DwellTime": 1.3e-05,
    "EchoTime": 0.00418,
    "FlipAngle": 9,
    "ImageOrientationPatientDICOM": [
      -0.04188,
      0.999123,
      -7.23756e-09,
      0.00172766,
      7.2411e-05,
      -0.999999
    ],
    "ImageType": [
      "ORIGINAL",
      "PRIMARY",
      "M",
      "ND",
      "NORM"
    ],
    "ImagingFrequency": 123.26,
    "InPlanePhaseEncodingDirectionDICOM": "ROW",
    "InstitutionAddress": "De_Pintelaan_185_Gent_District_BE_9000",
    "InstitutionName": "Experimental_Psychology",
    "InstitutionalDepartmentName": "Department",
    "InversionTime": 0.9,
    "MRAcquisitionType": "3D",
    "MagneticFieldStrength": 3,
    "Manufacturer": "Siemens",
    "ManufacturersModelName": "Prisma_fit",
    "Modality": "MR",
    "PartialFourier": 1,
    "PatientPosition": "HFS",
    "PercentPhaseFOV": 100,
    "PhaseEncodingSteps": 255,
    "PhaseResolution": 1,
    "PixelBandwidth": 150,
    "ProcedureStepDescription": "MR_hersenen_(structuur_alleen)",
    "ProtocolName": "T1_mprage",
    "PulseSequenceDetails": "%SiemensSeq%_tfl",
    "ReceiveCoilActiveElements": "HC1-7;NC1",
    "ReceiveCoilName": "HeadNeck_64",
    "ReconMatrixPE": 256,
    "RefLinesPE": 24,
    "RepetitionTime": 2.25,
    "SAR": 0.0390874,
    "ScanOptions": "IR",
    "ScanningSequence": "GR_IR",
    "SequenceName": "_tfl3d1_16ns",
    "SequenceVariant": "SK_SP_MP",
    "SeriesDescription": "T1_mprage",
    "SeriesNumber": 2,
    "ShimSetting": [
      5159,
      -7504,
      -7964,
      40,
      -67,
      39,
      -5,
      -10
    ],
    "SliceThickness": 1,
    "SoftwareVersions": "syngo_MR_E11",
    "StationName": "AWP167045",
    "TxRefAmp": 207.471,
    "dataset": "ds002938",
    "modality": "T1w",
    "subject_id": "20"
  },
  "cjv": 0.3490886714005378,
  "cnr": 3.7841768797028115,
  "efc": 0.5103875147065337,
  "fber": -1.0,
  "fwhm_avg": 3.716616666666667,
  "fwhm_x": 3.7889,
  "fwhm_y": 3.87372,
  "fwhm_z": 3.48723,
  "icvs_csf": 0.2091117384614408,
  "icvs_gm": 0.4652796021733107,
  "icvs_wm": 0.3256086593652485,
  "inu_med": 0.5695384740829468,
  "inu_range": 0.27228108048439026,
  "provenance": {
    "md5sum": "b817a05b7d2f5a8030aece99943e6ded",
    "settings": {
      "testing": false
    },
    "software": "mriqc",
    "version": "23.0.1",
    "warnings": {
      "large_rot_frame": true,
      "small_air_mask": false
    },
    "webapi_port": null,
    "webapi_url": "https://mriqc.nimh.nih.gov/api/v1"
  },
  "qi_1": 2.7261107507275308e-05,
  "qi_2": 0.018544878394576747,
  "rpve_csf": 28.803630454221214,
  "rpve_gm": 13.870192664422827,
  "rpve_wm": 21.873266998151845,
  "size_x": 176,
  "size_y": 256,
  "size_z": 256,
  "snr_csf": 1.9678785849039482,
  "snr_gm": 11.211548913553333,
  "snr_total": 11.748491969603336,
  "snr_wm": 22.066048410352725,
  "snrd_csf": 27.892310845980152,
  "snrd_gm": 79.14591987988793,
  "snrd_total": 73.06489355130486,
  "snrd_wm": 112.15644992804651,
  "spacing_x": 1.0,
  "spacing_y": 1.0,
  "spacing_z": 1.0,
  "summary_bg_k": 19.37923165171333,
  "summary_bg_mad": 0.0,
  "summary_bg_mean": 2.837390201350173,
  "summary_bg_median": 0.0,
  "summary_bg_n": 3010786.0,
  "summary_bg_p05": 0.0,
  "summary_bg_p95": 14.114899601787329,
  "summary_bg_stdv": 5.841272354574487,
  "summary_csf_k": 1.4964682027727703,
  "summary_csf_mad": 114.389249052877,
  "summary_csf_mean": 253.16651052199876,
  "summary_csf_median": 248.69108822196722,
  "summary_csf_n": 23703.0,
  "summary_csf_p05": 57.37936630100012,
  "summary_csf_p95": 479.78277155198117,
  "summary_csf_stdv": 126.37255371900481,
  "summary_gm_k": 0.13234842028546945,
  "summary_gm_mad": 61.574038692378544,
  "summary_gm_mean": 704.0091127059358,
  "summary_gm_median": 705.6742287129164,
  "summary_gm_n": 34618.0,
  "summary_gm_p05": 596.8533053794876,
  "summary_gm_p95": 804.7668377844617,
  "summary_gm_stdv": 62.940815919212056,
  "summary_wm_k": 0.7064383185212866,
  "summary_wm_mad": 41.17173796722075,
  "summary_wm_mean": 999.816136141145,
  "summary_wm_median": 999.9999547451735,
  "summary_wm_n": 144884.0,
  "summary_wm_p05": 924.4374846965075,
  "summary_wm_p95": 1074.31896935273,
  "summary_wm_stdv": 45.31833181483981,
  "tpm_overlap_csf": 0.15755579787918042,
  "tpm_overlap_gm": 0.49005982470173326,
  "tpm_overlap_wm": 0.516402469110022,
  "wm2max": 0.5788372707683274
}