{
  "bids_meta": {
    "AcquisitionMatrixPE": 256,
    "AcquisitionNumber": 1,
    "AcquisitionTime": "11:30:8.855000",
    "BaseResolution": 256,
    "BodyPartExamined": "BRAIN",
    "ConsistencyInfo": "N4_VE11C_LATEST_20160120",
    "ConversionSoftware": "dcm2niix",
    "ConversionSoftwareVersion": "v1.0.20190410  GCC6.3.0",
    "DeviceSerialNumber": "167045",
    "DwellTime": 1.3e-05,
    "EchoTime": 0.00418,
    "FlipAngle": 9,
    "ImageOrientationPatientDICOM": [
      0.0157228,
      0.999876,
      -6.9093e-09,
      0.0296177,
      -0.000465738,
      -0.999561
    ],
    "ImageType": [
      "ORIGINAL",
      "PRIMARY",
      "M",
      "ND",
      "NORM"
    ],
    "ImagingFrequency": 123.26,
    "InPlanePhaseEncodingDirectionDICOM": "ROW",
    "InstitutionAddress": "De_Pintelaan_185_Gent_District_BE_9000",
    "InstitutionName": "Experimental_Psychology",
    "InstitutionalDepartmentName": "Department",
    "InversionTime": 0.9,
    "MRAcquisitionType": "3D",
    "MagneticFieldStrength": 3,
    "Manufacturer": "Siemens",
    "ManufacturersModelName": "Prisma_fit",
    "Modality": "MR",
    "PartialFourier": 1,
    "PatientPosition": "HFS",
    "PercentPhaseFOV": 100,
    "PhaseEncodingSteps": 255,
    "PhaseResolution": 1,
    "PixelBandwidth": 150,
    "ProcedureStepDescription": "MR_hersenen_(structuur_alleen)",
    "ProtocolName": "T1_mprage",
    "PulseSequenceDetails": "%SiemensSeq%_tfl",
    "ReceiveCoilActiveElements": "HC1-7;NC1",
    "ReceiveCoilName": "HeadNeck_64",
    "ReconMatrixPE": 256,
    "RefLinesPE": 24,
    "RepetitionTime": 2.25,
    "SAR": 0.0653139,
    "ScanOptions": "IR",
    "ScanningSequence": "GR_IR",
    "SequenceName": "_tfl3d1_16ns",
    "SequenceVariant": "SK_SP_MP",
    "SeriesDescription": "T1_mprage",
    "SeriesNumber": 2,
    "ShimSetting": [
      5159,
      -7504,
      -7964,
      40,
      -67,
      39,
      -5,
      -10
    ],
    "SliceThickness": 1,
    "SoftwareVersions": "syngo_MR_E11",
    "StationName": "AWP167045",
    "TxRefAmp": 251.323,
    "dataset": "ds002938",
    "modality": "T1w",
    "subject_id": "14"
  },
  "cjv": 0.3302081757709709,
  "cnr": 3.963345057583832,
  "efc": 0.5481518994972004,
  "fber": -1.0,
  "fwhm_avg": 4.00027,
  "fwhm_x": 4.08959,
  "fwhm_y": 4.16048,
  "fwhm_z": 3.75074,
  "icvs_csf": 0.2260115923386681,
  "icvs_gm": 0.4232495114109762,
  "icvs_wm": 0.3507388962503557,
  "inu_med": 0.561206728219986,
  "inu_range": 0.3098739519715309,
  "provenance": {
    "md5sum": "629b3ccf37c79de0f00d3801c1041032",
    "settings": {
      "testing": false
    },
    "software": "mriqc",
    "version": "23.0.1",
    "warnings": {
      "large_rot_frame": true,
      "small_air_mask": false
    },
    "webapi_port": null,
    "webapi_url": "https://mriqc.nimh.nih.gov/api/v1"
  },
  "qi_1": 1.697969145395428e-05,
  "qi_2": 0.011470169660103237,
  "rpve_csf": 21.702360530071974,
  "rpve_gm": 11.827812240532223,
  "rpve_wm": 16.48506919050279,
  "size_x": 176,
  "size_y": 256,
  "size_z": 256,
  "snr_csf": 2.3796584551009015,
  "snr_gm": 12.373826270547294,
  "snr_total": 12.71007172255438,
  "snr_wm": 23.376730442014946,
  "snrd_csf": 31.427484046762228,
  "snrd_gm": 87.86570365742108,
  "snrd_total": 80.76028898636913,
  "snrd_wm": 122.98767925492412,
  "spacing_x": 1.0,
  "spacing_y": 1.0,
  "spacing_z": 1.0,
  "summary_bg_k": 19.534452727372653,
  "summary_bg_mad": 0.0,
  "summary_bg_mean": 2.406671120306963,
  "summary_bg_median": 0.0,
  "summary_bg_n": 3358780.0,
  "summary_bg_p05": 0.0,
  "summary_bg_p95": 13.076416984200478,
  "summary_bg_stdv": 5.326846041650006,
  "summary_csf_k": 1.7603474735453322,
  "summary_csf_mad": 89.95235248987629,
  "summary_csf_mean": 267.57376940203994,
  "summary_csf_median": 255.53360947966576,
  "summary_csf_n": 50679.0,
  "summary_csf_p05": 104.83860861212015,
  "summary_csf_p95": 462.74705846607685,
  "summary_csf_stdv": 107.38141342087319,
  "summary_gm_k": 0.5488601370552382,
  "summary_gm_mad": 54.25464908591344,
  "summary_gm_mean": 713.3553072997692,
  "summary_gm_median": 714.4269128143787,
  "summary_gm_n": 26295.0,
  "summary_gm_p05": 616.9203203752637,
  "summary_gm_p95": 806.5217790305614,
  "summary_gm_stdv": 57.735845988263584,
  "summary_wm_k": 0.5967930824682424,
  "summary_wm_mad": 40.04393541894601,
  "summary_wm_mean": 1000.2576413121587,
  "summary_wm_median": 1000.0000494718552,
  "summary_wm_n": 207713.0,
  "summary_wm_p05": 930.4348286390305,
  "summary_wm_p95": 1070.0922795534134,
  "summary_wm_stdv": 42.77748099896653,
  "tpm_overlap_csf": 0.1634428533240059,
  "tpm_overlap_gm": 0.4475602443870984,
  "tpm_overlap_wm": 0.4968173153597242,
  "wm2max": 0.6727530579684453
}