{
  "bids_meta": {
    "AcquisitionMatrixPE": 256,
    "AcquisitionNumber": 1,
    "AcquisitionTime": "12:52:6.817500",
    "BaseResolution": 256,
    "BodyPartExamined": "BRAIN",
    "ConsistencyInfo": "N4_VE11C_LATEST_20160120",
    "ConversionSoftware": "dcm2niix",
    "ConversionSoftwareVersion": "v1.0.20190410  GCC6.3.0",
    "DeviceSerialNumber": "167045",
    "DwellTime": 1.3e-05,
    "EchoTime": 0.00418,
    "FlipAngle": 9,
    "ImageOrientationPatientDICOM": [
      0.0732382,
      0.997314,
      -4.76593e-08,
      0.013896,
      -0.00102051,
      -0.999903
    ],
    "ImageType": [
      "ORIGINAL",
      "PRIMARY",
      "M",
      "ND",
      "NORM"
    ],
    "ImagingFrequency": 123.26,
    "InPlanePhaseEncodingDirectionDICOM": "ROW",
    "InstitutionAddress": "De_Pintelaan_185_Gent_District_BE_9000",
    "InstitutionName": "Experimental_Psychology",
    "InstitutionalDepartmentName": "Department",
    "InversionTime": 0.9,
    "MRAcquisitionType": "3D",
    "MagneticFieldStrength": 3,
    "Manufacturer": "Siemens",
    "ManufacturersModelName": "Prisma_fit",
    "Modality": "MR",
    "PartialFourier": 1,
    "PatientPosition": "HFS",
    "PercentPhaseFOV": 100,
    "PhaseEncodingSteps": 255,
    "PhaseResolution": 1,
    "PixelBandwidth": 150,
    "ProcedureStepDescription": "MR_hersenen_(structuur_alleen)",
    "ProtocolName": "T1_mprage",
    "PulseSequenceDetails": "%SiemensSeq%_tfl",
    "ReceiveCoilActiveElements": "HC1-7;NC1",
    "ReceiveCoilName": "HeadNeck_64",
    "ReconMatrixPE": 256,
    "RefLinesPE": 24,
    "RepetitionTime": 2.25,
    "SAR": 0.0467368,
    "ScanOptions": "IR",
    "ScanningSequence": "GR_IR",
    "SequenceName": "_tfl3d1_16ns",
    "SequenceVariant": "SK_SP_MP",
    "SeriesDescription": "T1_mprage",
    "SeriesNumber": 2,
    "ShimSetting": [
      5159,
      -7504,
      -7964,
      40,
      -67,
      39,
      -5,
      -10
    ],
    "SliceThickness": 1,
    "SoftwareVersions": "syngo_MR_E11",
    "StationName": "AWP167045",
    "TxRefAmp": 215.487,
    "dataset": "ds002938",
    "modality": "T1w",
    "subject_id": "08"
  },
  "cjv": 0.35152679619549915,
  "cnr": 3.6816705012427464,
  "efc": 0.5233241785316696,
  "fber": 32218.715830228648,
  "fwhm_avg": 3.9215233333333335,
  "fwhm_x": 4.03254,
  "fwhm_y": 4.03586,
  "fwhm_z": 3.69617,
  "icvs_csf": 0.21711950068018987,
  "icvs_gm": 0.4352295184409634,
  "icvs_wm": 0.3476509808788467,
  "inu_med": 0.48473280668258667,
  "inu_range": 0.23458023071289058,
  "provenance": {
    "md5sum": "70da2e3dea3fceb387107853233d0733",
    "settings": {
      "testing": false
    },
    "software": "mriqc",
    "version": "23.0.1",
    "warnings": {
      "large_rot_frame": true,
      "small_air_mask": false
    },
    "webapi_port": null,
    "webapi_url": "https://mriqc.nimh.nih.gov/api/v1"
  },
  "qi_1": 0.00014263270163367665,
  "qi_2": 0.013464017639716488,
  "rpve_csf": 24.652490371995956,
  "rpve_gm": 12.778698846456878,
  "rpve_wm": 18.323213138027953,
  "size_x": 176,
  "size_y": 256,
  "size_z": 256,
  "snr_csf": 1.9431706077631652,
  "snr_gm": 10.677790190568441,
  "snr_total": 12.888670976487703,
  "snr_wm": 26.045052131131502,
  "snrd_csf": 27.1762967691808,
  "snrd_gm": 80.71323713217507,
  "snrd_total": 73.59092192901602,
  "snrd_wm": 112.8832318856922,
  "spacing_x": 1.0,
  "spacing_y": 1.0,
  "spacing_z": 1.0,
  "summary_bg_k": 17.11088727996905,
  "summary_bg_mad": 0.0,
  "summary_bg_mean": 3.46189786770437,
  "summary_bg_median": 0.0,
  "summary_bg_n": 3064479.0,
  "summary_bg_p05": 0.0,
  "summary_bg_p95": 14.90024396404624,
  "summary_bg_stdv": 5.803664386945864,
  "summary_csf_k": 0.5367874167885383,
  "summary_csf_mad": 127.20083713871513,
  "summary_csf_mean": 247.17568980326092,
  "summary_csf_median": 240.74697380326688,
  "summary_csf_n": 37512.0,
  "summary_csf_p05": 65.03212881144137,
  "summary_csf_p95": 467.307849045284,
  "summary_csf_stdv": 123.89224285674781,
  "summary_gm_k": 0.3041130410584372,
  "summary_gm_mad": 63.23639327909959,
  "summary_gm_mean": 713.0639313849873,
  "summary_gm_median": 715.0152852125466,
  "summary_gm_n": 34297.0,
  "summary_gm_p05": 599.3489846102893,
  "summary_gm_p95": 821.8985794857144,
  "summary_gm_stdv": 66.96187586576364,
  "summary_wm_k": 0.4411352352287774,
  "summary_wm_mad": 36.94336659989502,
  "summary_wm_mean": 999.1701800888967,
  "summary_wm_median": 999.999988976866,
  "summary_wm_n": 189528.0,
  "summary_wm_p05": 934.6465648859739,
  "summary_wm_p95": 1059.9096327871084,
  "summary_wm_stdv": 38.394906863922145,
  "tpm_overlap_csf": 0.15224981474979446,
  "tpm_overlap_gm": 0.4684339672096129,
  "tpm_overlap_wm": 0.5138083555221132,
  "wm2max": 0.6624039564681284
}