{
  "bids_meta": {
    "AcquisitionMatrixPE": 256,
    "AcquisitionNumber": 1,
    "AcquisitionTime": "12:06:28.265000",
    "BaseResolution": 256,
    "BodyPartExamined": "BRAIN",
    "CoilString": "HC1-7;NC1_2",
    "ConsistencyInfo": "N4_VE11C_LATEST_20160120",
    "ConversionSoftware": "dcm2niix",
    "ConversionSoftwareVersion": "v1.0.20190410  GCC6.3.0",
    "DeviceSerialNumber": "167045",
    "DwellTime": 1.3e-05,
    "EchoTime": 0.00418,
    "FlipAngle": 9,
    "ImageOrientationPatientDICOM": [
      0.0465435,
      0.998618,
      -0.0244051,
      0.0458716,
      -0.0265425,
      -0.998595
    ],
    "ImageType": [
      "ORIGINAL",
      "PRIMARY",
      "M",
      "ND",
      "NORM"
    ],
    "ImagingFrequency": 123.26,
    "InPlanePhaseEncodingDirectionDICOM": "ROW",
    "InstitutionAddress": "De_Pintelaan_185_Gent_District_BE_9000",
    "InstitutionName": "Experimental_Psychology",
    "InstitutionalDepartmentName": "Department",
    "InversionTime": 0.9,
    "MRAcquisitionType": "3D",
    "MagneticFieldStrength": 3,
    "Manufacturer": "Siemens",
    "ManufacturersModelName": "Prisma_fit",
    "Modality": "MR",
    "PartialFourier": 1,
    "PatientPosition": "HFS",
    "PercentPhaseFOV": 100,
    "PhaseEncodingSteps": 255,
    "PhaseResolution": 1,
    "PixelBandwidth": 150,
    "ProcedureStepDescription": "MR_hersenen_(structuur_alleen)",
    "ProtocolName": "T1_mprage",
    "PulseSequenceDetails": "%SiemensSeq%_tfl",
    "ReceiveCoilActiveElements": "HC1-7;NC1,2",
    "ReceiveCoilName": "HeadNeck_64",
    "ReconMatrixPE": 256,
    "RefLinesPE": 24,
    "RepetitionTime": 2.25,
    "SAR": 0.0517941,
    "ScanOptions": "IR",
    "ScanningSequence": "GR_IR",
    "SequenceName": "_tfl3d1_16ns",
    "SequenceVariant": "SK_SP_MP",
    "SeriesDescription": "T1_mprage",
    "SeriesNumber": 3,
    "ShimSetting": [
      5159,
      -7504,
      -7964,
      40,
      -67,
      39,
      -5,
      -10
    ],
    "SliceThickness": 1,
    "SoftwareVersions": "syngo_MR_E11",
    "StationName": "AWP167045",
    "TxRefAmp": 240.534,
    "dataset": "ds002938",
    "modality": "T1w",
    "subject_id": "02"
  },
  "cjv": 0.2803735394582494,
  "cnr": 4.58136803541917,
  "efc": 0.5807592628421376,
  "fber": -1.0,
  "fwhm_avg": 4.030406666666667,
  "fwhm_x": 4.12287,
  "fwhm_y": 4.16663,
  "fwhm_z": 3.80172,
  "icvs_csf": 0.2194122841383328,
  "icvs_gm": 0.45500428747337107,
  "icvs_wm": 0.3255834283882961,
  "inu_med": 0.5208386182785034,
  "inu_range": 0.2521023079752922,
  "provenance": {
    "md5sum": "386809180d389b64028aadd61799ff48",
    "settings": {
      "testing": false
    },
    "software": "mriqc",
    "version": "23.0.1",
    "warnings": {
      "large_rot_frame": true,
      "small_air_mask": false
    },
    "webapi_port": null,
    "webapi_url": "https://mriqc.nimh.nih.gov/api/v1"
  },
  "qi_1": 2.4622501871310144e-06,
  "qi_2": 0.011209606961937471,
  "rpve_csf": 19.64610006644541,
  "rpve_gm": 9.931237293248863,
  "rpve_wm": 15.525660082567962,
  "size_x": 176,
  "size_y": 256,
  "size_z": 256,
  "snr_csf": 2.089915469818266,
  "snr_gm": 11.280960268036683,
  "snr_total": 13.336446821132412,
  "snr_wm": 26.638464725542285,
  "snrd_csf": 23.115466326094186,
  "snrd_gm": 67.65805127669888,
  "snrd_total": 63.66891602099628,
  "snrd_wm": 100.23323046019574,
  "spacing_x": 1.0,
  "spacing_y": 1.0,
  "spacing_z": 1.0,
  "summary_bg_k": 67.29552142372138,
  "summary_bg_mad": 0.0,
  "summary_bg_mean": 3.5580148451313285,
  "summary_bg_median": 0.0,
  "summary_bg_n": 2616379.0,
  "summary_bg_p05": 0.0,
  "summary_bg_p95": 16.458414148539305,
  "summary_bg_stdv": 6.535940102878819,
  "summary_csf_k": 0.8808332476234613,
  "summary_csf_mad": 115.19200199626539,
  "summary_csf_mean": 236.49012138227434,
  "summary_csf_median": 230.6104551013559,
  "summary_csf_n": 63811.0,
  "summary_csf_p05": 80.10403742361814,
  "summary_csf_p95": 427.76739448774606,
  "summary_csf_stdv": 110.34352893416786,
  "summary_gm_k": 0.4246342307784521,
  "summary_gm_mad": 55.20891912892209,
  "summary_gm_mean": 676.7559588839334,
  "summary_gm_median": 674.9876371119171,
  "summary_gm_n": 65871.0,
  "summary_gm_p05": 580.819637096487,
  "summary_gm_p95": 779.6279223840684,
  "summary_gm_stdv": 59.83378165492058,
  "summary_wm_k": 0.5224778597936113,
  "summary_wm_mad": 35.908240083851766,
  "summary_wm_mean": 998.2883679385938,
  "summary_wm_median": 999.9725104663521,
  "summary_wm_n": 231589.0,
  "summary_wm_p05": 934.8544370960444,
  "summary_wm_p95": 1056.8613767623901,
  "summary_wm_stdv": 37.53858797152679,
  "tpm_overlap_csf": 0.15186388151666777,
  "tpm_overlap_gm": 0.47022324348143996,
  "tpm_overlap_wm": 0.49780683061772163,
  "wm2max": 0.768448213870265
}