{
  "bids_meta": {
    "AcquisitionMatrixPE": 256,
    "AcquisitionNumber": 1,
    "AcquisitionTime": "21:26:45.720000",
    "BaseResolution": 256,
    "BodyPartExamined": "BRAIN",
    "ConsistencyInfo": "N4_VE11C_LATEST_20160120",
    "ConversionSoftware": "dcm2niix",
    "ConversionSoftwareVersion": "v1.0.20190410  GCC6.3.0",
    "DeviceSerialNumber": "167045",
    "DwellTime": 1.3e-05,
    "EchoTime": 0.00418,
    "FlipAngle": 9,
    "ImageOrientationPatientDICOM": [
      0.00524139,
      0.999986,
      4.58658e-08,
      0.0209062,
      -0.000109533,
      -0.999781
    ],
    "ImageType": [
      "ORIGINAL",
      "PRIMARY",
      "M",
      "ND",
      "NORM"
    ],
    "ImagingFrequency": 123.26,
    "InPlanePhaseEncodingDirectionDICOM": "ROW",
    "InstitutionAddress": "De_Pintelaan_185_Gent_District_BE_9000",
    "InstitutionName": "UZ_Gent",
    "InstitutionalDepartmentName": "Department",
    "InversionTime": 0.9,
    "MRAcquisitionType": "3D",
    "MagneticFieldStrength": 3,
    "Manufacturer": "Siemens",
    "ManufacturersModelName": "Prisma_fit",
    "Modality": "MR",
    "PartialFourier": 1,
    "PatientPosition": "HFS",
    "PercentPhaseFOV": 100,
    "PhaseEncodingSteps": 255,
    "PhaseResolution": 1,
    "PixelBandwidth": 150,
    "ProcedureStepDescription": "MR_hersenen_(structuur_alleen)_O",
    "ProtocolName": "T1_mprage",
    "PulseSequenceDetails": "%SiemensSeq%_tfl",
    "ReceiveCoilActiveElements": "HC1-7;NC1",
    "ReceiveCoilName": "HeadNeck_64",
    "ReconMatrixPE": 256,
    "RefLinesPE": 24,
    "RepetitionTime": 2.25,
    "SAR": 0.0645459,
    "ScanOptions": "IR",
    "ScanningSequence": "GR_IR",
    "SequenceName": "_tfl3d1_16ns",
    "SequenceVariant": "SK_SP_MP",
    "SeriesDescription": "T1_mprage",
    "SeriesNumber": 2,
    "ShimSetting": [
      5159,
      -7504,
      -7964,
      40,
      -67,
      39,
      -5,
      -10
    ],
    "SliceThickness": 1,
    "SoftwareVersions": "syngo_MR_E11",
    "StationName": "AWP167045",
    "TxRefAmp": 246.358,
    "dataset": "ds002938",
    "modality": "T1w",
    "subject_id": "31"
  },
  "cjv": 0.34002603239144585,
  "cnr": 3.8962437963133487,
  "efc": 0.5631657042598239,
  "fber": 30416.011966110575,
  "fwhm_avg": 4.22444,
  "fwhm_x": 4.31351,
  "fwhm_y": 4.37426,
  "fwhm_z": 3.98555,
  "icvs_csf": 0.1863316376548517,
  "icvs_gm": 0.43684922224977474,
  "icvs_wm": 0.3768191400953736,
  "inu_med": 0.5288036465644836,
  "inu_range": 0.300667442381382,
  "provenance": {
    "md5sum": "b9d601c97c1a3a2521aa827e2359edf3",
    "settings": {
      "testing": false
    },
    "software": "mriqc",
    "version": "23.0.1",
    "warnings": {
      "large_rot_frame": true,
      "small_air_mask": false
    },
    "webapi_port": null,
    "webapi_url": "https://mriqc.nimh.nih.gov/api/v1"
  },
  "qi_1": 0.0,
  "qi_2": 0.013522168078392743,
  "rpve_csf": 21.48779172663087,
  "rpve_gm": 10.027218948511095,
  "rpve_wm": 13.458675196882815,
  "size_x": 176,
  "size_y": 256,
  "size_z": 256,
  "snr_csf": 1.9917661233444233,
  "snr_gm": 10.86835774511941,
  "snr_total": 12.464862401685734,
  "snr_wm": 24.534463336593365,
  "snrd_csf": 28.89402805924805,
  "snrd_gm": 78.38938689059503,
  "snrd_total": 73.00156290538901,
  "snrd_wm": 111.72127376632392,
  "spacing_x": 1.0,
  "spacing_y": 1.0,
  "spacing_z": 1.0,
  "summary_bg_k": 19.199238251862763,
  "summary_bg_mad": 0.0,
  "summary_bg_mean": 3.052260920383706,
  "summary_bg_median": 0.0,
  "summary_bg_n": 3079271.0,
  "summary_bg_p05": 0.0,
  "summary_bg_p95": 14.110618773847818,
  "summary_bg_stdv": 5.864025416085671,
  "summary_csf_k": 0.3673901365244907,
  "summary_csf_mad": 131.27445520115043,
  "summary_csf_mean": 266.7840190624674,
  "summary_csf_median": 258.62601270899177,
  "summary_csf_n": 38214.0,
  "summary_csf_p05": 70.93075033277273,
  "summary_csf_p95": 493.03737962432194,
  "summary_csf_stdv": 129.84588187268622,
  "summary_gm_k": 0.12664402105601802,
  "summary_gm_mad": 63.16851450353923,
  "summary_gm_mean": 702.4587837252354,
  "summary_gm_median": 701.6513768397272,
  "summary_gm_n": 60378.0,
  "summary_gm_p05": 597.4525253102183,
  "summary_gm_p95": 810.5589178213847,
  "summary_gm_stdv": 64.55856374823732,
  "summary_wm_k": 0.5498825521736328,
  "summary_wm_mad": 38.27777832930016,
  "summary_wm_mean": 1000.091973138392,
  "summary_wm_median": 999.9999830313027,
  "summary_wm_n": 282997.0,
  "summary_wm_p05": 933.2921186089516,
  "summary_wm_p95": 1066.4675206132233,
  "summary_wm_stdv": 40.75891950467423,
  "tpm_overlap_csf": 0.1472378549742995,
  "tpm_overlap_gm": 0.4556956589479525,
  "tpm_overlap_wm": 0.508097115477985,
  "wm2max": 0.6440749176304094
}