{
  "aor": 0.0008284561403508774,
  "aqi": 0.001658040747368421,
  "bids_meta": {
    "AcquisitionMatrixPE": 64,
    "AcquisitionNumber": 1,
    "AcquisitionTime": "14:02:17.577500",
    "BandwidthPerPixelPhaseEncode": 63.776,
    "BaseResolution": 64,
    "BodyPartExamined": "BRAIN",
    "CoilString": "HC1-7;NC1_2",
    "ConsistencyInfo": "N4_VE11C_LATEST_20160120",
    "ConversionSoftware": "dcm2niix",
    "ConversionSoftwareVersion": "v1.0.20190410  GCC6.3.0",
    "DerivedVendorReportedEchoSpacing": 0.000489996,
    "DeviceSerialNumber": "167045",
    "DwellTime": 3e-06,
    "EchoTime": 0.029,
    "EchoTrainLength": 31,
    "EffectiveEchoSpacing": 0.000244998,
    "FlipAngle": 90,
    "ImageOrientationPatientDICOM": [
      0.999453,
      0.00160965,
      0.0330246,
      1.432e-09,
      0.998814,
      -0.0486832
    ],
    "ImageType": [
      "ORIGINAL",
      "PRIMARY",
      "M",
      "ND",
      "MOSAIC"
    ],
    "ImagingFrequency": 123.26,
    "InPlanePhaseEncodingDirectionDICOM": "COL",
    "InstitutionAddress": "De_Pintelaan_185_Gent_District_BE_9000",
    "InstitutionName": "Experimental_Psychology",
    "InstitutionalDepartmentName": "Department",
    "MRAcquisitionType": "2D",
    "MagneticFieldStrength": 3,
    "Manufacturer": "Siemens",
    "ManufacturersModelName": "Prisma_fit",
    "Modality": "MR",
    "ParallelReductionFactorInPlane": 2,
    "PartialFourier": 1,
    "PatientPosition": "HFS",
    "PercentPhaseFOV": 100,
    "PhaseEncodingDirection": "j-",
    "PhaseEncodingSteps": 63,
    "PhaseResolution": 1,
    "PixelBandwidth": 2605,
    "ProcedureStepDescription": "MR_hersenen_(structuur_alleen)",
    "ProtocolName": "ep2d_1_back",
    "PulseSequenceDetails": "%SiemensSeq%_ep2d_bold",
    "ReceiveCoilActiveElements": "HC1-7;NC1,2",
    "ReceiveCoilName": "HeadNeck_64",
    "ReconMatrixPE": 64,
    "RefLinesPE": 24,
    "RepetitionTime": 2,
    "SAR": 0.086612,
    "ScanOptions": "FS",
    "ScanningSequence": "EP",
    "SequenceName": "_epfid2d1_64",
    "SequenceVariant": "SK",
    "SeriesDescription": "ep2d_1_back",
    "SeriesNumber": 6,
    "ShimSetting": [
      5138,
      -7503,
      -7767,
      394,
      -192,
      -97,
      -80,
      -15
    ],
    "SliceThickness": 3.5,
    "SliceTiming": [
      0.99,
      0,
      1.04,
      0.05,
      1.0925,
      0.1025,
      1.145,
      0.155,
      1.1975,
      0.2075,
      1.25,
      0.26,
      1.3025,
      0.3125,
      1.3525,
      0.365,
      1.405,
      0.415,
      1.4575,
      0.4675,
      1.51,
      0.52,
      1.5625,
      0.5725,
      1.615,
      0.625,
      1.6675,
      0.6775,
      1.7175,
      0.7275,
      1.77,
      0.78,
      1.8225,
      0.8325,
      1.875,
      0.885,
      1.9275,
      0.9375
    ],
    "SoftwareVersions": "syngo_MR_E11",
    "SpacingBetweenSlices": 3.85,
    "StationName": "AWP167045",
    "TaskName": "1back",
    "TotalReadoutTime": 0.0154349,
    "TxRefAmp": 209.857,
    "dataset": "ds002938",
    "modality": "bold",
    "subject_id": "03",
    "task_id": "1back"
  },
  "dummy_trs": 0,
  "dvars_nstd": 19.492295322253522,
  "dvars_std": 1.143037055387323,
  "dvars_vstd": 0.9796912927112673,
  "efc": 0.470618925091772,
  "fber": 662.2996215820312,
  "fd_mean": 0.11419769109540505,
  "fd_num": 15,
  "fd_perc": 5.2631578947368425,
  "fwhm_avg": 2.788048681687362,
  "fwhm_x": 2.6614057142857144,
  "fwhm_y": 2.835,
  "fwhm_z": 2.8677403307763716,
  "gcor": 0.0264211,
  "gsr_x": -0.01141326129436493,
  "gsr_y": 0.027471477165818214,
  "provenance": {
    "md5sum": "0cea741d42f8019c9ab647fa884ca979",
    "settings": {
      "fd_thres": 0.2,
      "testing": false
    },
    "software": "mriqc",
    "version": "23.0.1",
    "webapi_port": null,
    "webapi_url": "https://mriqc.nimh.nih.gov/api/v1"
  },
  "size_t": 285,
  "size_x": 64,
  "size_y": 64,
  "size_z": 38,
  "snr": 2.485156263649733,
  "spacing_tr": 2.0,
  "spacing_x": 3.5,
  "spacing_y": 3.5,
  "spacing_z": 3.8499999046325684,
  "summary_bg_k": 46.684581585760334,
  "summary_bg_mad": 5.633890127024876,
  "summary_bg_mean": 52.13741683959961,
  "summary_bg_median": 31.133333206176758,
  "summary_bg_n": 102938.0,
  "summary_bg_p05": 26.105262756347656,
  "summary_bg_p95": 153.58561706542957,
  "summary_bg_stdv": 68.4967269897461,
  "summary_fg_k": 1.2986142358161672,
  "summary_fg_mad": 305.53043745674574,
  "summary_fg_mean": 860.9219360351562,
  "summary_fg_median": 805.347412109375,
  "summary_fg_n": 20639.0,
  "summary_fg_p05": 447.72105712890624,
  "summary_fg_p95": 1464.392333984375,
  "summary_fg_stdv": 324.05523681640625,
  "tsnr": 76.99190641287714
}