{
  "bids_meta": {
    "AcquisitionMatrixPE": 256,
    "AcquisitionNumber": 1,
    "AcquisitionTime": "14:16:9.997500",
    "BaseResolution": 256,
    "BodyPartExamined": "BRAIN",
    "ConsistencyInfo": "N4_VE11C_LATEST_20160120",
    "ConversionSoftware": "dcm2niix",
    "ConversionSoftwareVersion": "v1.0.20190410  GCC6.3.0",
    "DeviceSerialNumber": "167045",
    "DwellTime": 1.3e-05,
    "EchoTime": 0.00418,
    "FlipAngle": 9,
    "ImageOrientationPatientDICOM": [
      0.022684,
      0.999743,
      5.43475e-09,
      -0.00698666,
      0.000158532,
      -0.999976
    ],
    "ImageType": [
      "ORIGINAL",
      "PRIMARY",
      "M",
      "ND",
      "NORM"
    ],
    "ImagingFrequency": 123.26,
    "InPlanePhaseEncodingDirectionDICOM": "ROW",
    "InstitutionAddress": "De_Pintelaan_185_Gent_District_BE_9000",
    "InstitutionName": "Experimental_Psychology",
    "InstitutionalDepartmentName": "Department",
    "InversionTime": 0.9,
    "MRAcquisitionType": "3D",
    "MagneticFieldStrength": 3,
    "Manufacturer": "Siemens",
    "ManufacturersModelName": "Prisma_fit",
    "Modality": "MR",
    "PartialFourier": 1,
    "PatientPosition": "HFS",
    "PercentPhaseFOV": 100,
    "PhaseEncodingSteps": 255,
    "PhaseResolution": 1,
    "PixelBandwidth": 150,
    "ProcedureStepDescription": "MR_hersenen_(structuur_alleen)",
    "ProtocolName": "T1_mprage",
    "PulseSequenceDetails": "%SiemensSeq%_tfl",
    "ReceiveCoilActiveElements": "HC1-7;NC1",
    "ReceiveCoilName": "HeadNeck_64",
    "ReconMatrixPE": 256,
    "RefLinesPE": 24,
    "RepetitionTime": 2.25,
    "SAR": 0.044395,
    "ScanOptions": "IR",
    "ScanningSequence": "GR_IR",
    "SequenceName": "_tfl3d1_16ns",
    "SequenceVariant": "SK_SP_MP",
    "SeriesDescription": "T1_mprage",
    "SeriesNumber": 2,
    "ShimSetting": [
      5159,
      -7504,
      -7964,
      40,
      -67,
      39,
      -5,
      -10
    ],
    "SliceThickness": 1,
    "SoftwareVersions": "syngo_MR_E11",
    "StationName": "AWP167045",
    "TxRefAmp": 211.255,
    "dataset": "ds002938",
    "modality": "T1w",
    "subject_id": "09"
  },
  "cjv": 0.3343211878029821,
  "cnr": 3.9326594130107813,
  "efc": 0.5230640454560744,
  "fber": 33030.649933432534,
  "fwhm_avg": 3.9491533333333337,
  "fwhm_x": 4.12574,
  "fwhm_y": 4.01753,
  "fwhm_z": 3.70419,
  "icvs_csf": 0.22062915918752402,
  "icvs_gm": 0.4359797485544254,
  "icvs_wm": 0.3433910922580506,
  "inu_med": 0.5282461643218994,
  "inu_range": 0.23028720915317535,
  "provenance": {
    "md5sum": "f747cd876132b0d29a1fc1ebf4b044a0",
    "settings": {
      "testing": false
    },
    "software": "mriqc",
    "version": "23.0.1",
    "warnings": {
      "large_rot_frame": true,
      "small_air_mask": false
    },
    "webapi_port": null,
    "webapi_url": "https://mriqc.nimh.nih.gov/api/v1"
  },
  "qi_1": 0.0,
  "qi_2": 0.01479410255357605,
  "rpve_csf": 24.080102555480835,
  "rpve_gm": 12.621989634411271,
  "rpve_wm": 18.29344970778713,
  "size_x": 176,
  "size_y": 256,
  "size_z": 256,
  "snr_csf": 2.3700616524511338,
  "snr_gm": 10.684708538782663,
  "snr_total": 12.720043441233976,
  "snr_wm": 25.105360132468128,
  "snrd_csf": 30.549657488311933,
  "snrd_gm": 79.48887289622797,
  "snrd_total": 74.62928602994374,
  "snrd_wm": 113.84932770529134,
  "spacing_x": 1.0,
  "spacing_y": 1.0,
  "spacing_z": 1.0,
  "summary_bg_k": 15.580805730456927,
  "summary_bg_mad": 0.0,
  "summary_bg_mean": 3.270777787292009,
  "summary_bg_median": 0.0,
  "summary_bg_n": 3170999.0,
  "summary_bg_p05": 0.0,
  "summary_bg_p95": 15.06870485842228,
  "summary_bg_stdv": 5.75441614269812,
  "summary_csf_k": 0.5874283120311787,
  "summary_csf_mad": 104.92895885268875,
  "summary_csf_mean": 272.29770590400506,
  "summary_csf_median": 268.334109056741,
  "summary_csf_n": 48831.0,
  "summary_csf_p05": 89.34692112263292,
  "summary_csf_p95": 467.0989721175283,
  "summary_csf_stdv": 113.21703854651406,
  "summary_gm_k": 0.11975554206997785,
  "summary_gm_mad": 63.72648809901516,
  "summary_gm_mean": 698.3089773296751,
  "summary_gm_median": 698.1936179380864,
  "summary_gm_n": 38442.0,
  "summary_gm_p05": 589.1307786758989,
  "summary_gm_p95": 805.7125325221568,
  "summary_gm_stdv": 65.34427534588855,
  "summary_wm_k": 0.5830575854975342,
  "summary_wm_mad": 37.17378472442551,
  "summary_wm_mean": 1000.5603100170869,
  "summary_wm_median": 1000.0000140164047,
  "summary_wm_n": 199324.0,
  "summary_wm_p05": 936.1741678230464,
  "summary_wm_p95": 1066.9445880595595,
  "summary_wm_stdv": 39.8320318951049,
  "tpm_overlap_csf": 0.17163999936209987,
  "tpm_overlap_gm": 0.48101817239486044,
  "tpm_overlap_wm": 0.5242672393027505,
  "wm2max": 0.6576969943135662
}