{
  "aor": 0.0010919366197183098,
  "aqi": 0.0019979348169014083,
  "bids_meta": {
    "AcquisitionMatrixPE": 64,
    "AcquisitionNumber": 1,
    "AcquisitionTime": "09:44:11.872500",
    "BandwidthPerPixelPhaseEncode": 63.776,
    "BaseResolution": 64,
    "BodyPartExamined": "BRAIN",
    "CoilString": "HC1-7;NC1_2",
    "ConsistencyInfo": "N4_VE11C_LATEST_20160120",
    "ConversionSoftware": "dcm2niix",
    "ConversionSoftwareVersion": "v1.0.20190410  GCC6.3.0",
    "DerivedVendorReportedEchoSpacing": 0.000489996,
    "DeviceSerialNumber": "167045",
    "DwellTime": 3e-06,
    "EchoTime": 0.029,
    "EchoTrainLength": 31,
    "EffectiveEchoSpacing": 0.000244998,
    "FlipAngle": 90,
    "ImageOrientationPatientDICOM": [
      0.99345,
      0.0054097,
      0.114141,
      1.89792e-08,
      0.998879,
      -0.047342
    ],
    "ImageType": [
      "ORIGINAL",
      "PRIMARY",
      "M",
      "ND",
      "MOSAIC"
    ],
    "ImagingFrequency": 123.26,
    "InPlanePhaseEncodingDirectionDICOM": "COL",
    "InstitutionAddress": "De_Pintelaan_185_Gent_District_BE_9000",
    "InstitutionName": "Experimental_Psychology",
    "InstitutionalDepartmentName": "Department",
    "MRAcquisitionType": "2D",
    "MagneticFieldStrength": 3,
    "Manufacturer": "Siemens",
    "ManufacturersModelName": "Prisma_fit",
    "Modality": "MR",
    "ParallelReductionFactorInPlane": 2,
    "PartialFourier": 1,
    "PatientPosition": "HFS",
    "PercentPhaseFOV": 100,
    "PhaseEncodingDirection": "j-",
    "PhaseEncodingSteps": 63,
    "PhaseResolution": 1,
    "PixelBandwidth": 2605,
    "ProcedureStepDescription": "MR_hersenen_(structuur_alleen)",
    "ProtocolName": "ep2d_1_back",
    "PulseSequenceDetails": "%SiemensSeq%_ep2d_bold",
    "ReceiveCoilActiveElements": "HC1-7;NC1,2",
    "ReceiveCoilName": "HeadNeck_64",
    "ReconMatrixPE": 64,
    "RefLinesPE": 24,
    "RepetitionTime": 2,
    "SAR": 0.0902713,
    "ScanOptions": "FS",
    "ScanningSequence": "EP",
    "SequenceName": "_epfid2d1_64",
    "SequenceVariant": "SK",
    "SeriesDescription": "ep2d_1_back",
    "SeriesNumber": 6,
    "ShimSetting": [
      5157,
      -7554,
      -7698,
      525,
      -147,
      23,
      142,
      22
    ],
    "SliceThickness": 3.5,
    "SliceTiming": [
      0.99,
      0,
      1.0425,
      0.0525,
      1.095,
      0.105,
      1.1475,
      0.1575,
      1.2,
      0.21,
      1.25,
      0.26,
      1.3025,
      0.3125,
      1.355,
      0.365,
      1.4075,
      0.4175,
      1.46,
      0.47,
      1.5125,
      0.5225,
      1.5625,
      0.575,
      1.615,
      0.625,
      1.6675,
      0.6775,
      1.72,
      0.73,
      1.7725,
      0.7825,
      1.825,
      0.835,
      1.8775,
      0.8875,
      1.9275,
      0.9375
    ],
    "SoftwareVersions": "syngo_MR_E11",
    "SpacingBetweenSlices": 3.85,
    "StationName": "AWP167045",
    "TaskName": "1back",
    "TotalReadoutTime": 0.0154349,
    "TxRefAmp": 215.268,
    "dataset": "ds002938",
    "modality": "bold",
    "subject_id": "12",
    "task_id": "1back"
  },
  "dummy_trs": 1,
  "dvars_nstd": 19.96129986250884,
  "dvars_std": 1.1894601616961136,
  "dvars_vstd": 0.9963630238515906,
  "efc": 0.4590216829405315,
  "fber": 715.3878784179688,
  "fd_mean": 0.12305380897425233,
  "fd_num": 18,
  "fd_perc": 6.338028169014085,
  "fwhm_avg": 2.7080833991802122,
  "fwhm_x": 2.562591428571429,
  "fwhm_y": 2.8297885714285718,
  "fwhm_z": 2.7318701975406348,
  "gcor": 0.019212,
  "gsr_x": 0.0013917955802753568,
  "gsr_y": 0.019338518381118774,
  "provenance": {
    "md5sum": "38e512842e0e74bc049fded99c43c207",
    "settings": {
      "fd_thres": 0.2,
      "testing": false
    },
    "software": "mriqc",
    "version": "23.0.1",
    "webapi_port": null,
    "webapi_url": "https://mriqc.nimh.nih.gov/api/v1"
  },
  "size_t": 284,
  "size_x": 64,
  "size_y": 64,
  "size_z": 38,
  "snr": 2.6820692728627438,
  "spacing_tr": 2.0,
  "spacing_x": 3.5,
  "spacing_y": 3.5,
  "spacing_z": 3.8499999046325684,
  "summary_bg_k": 39.112881039778415,
  "summary_bg_mad": 5.810335988890636,
  "summary_bg_mean": 54.61968994140625,
  "summary_bg_median": 31.46478843688965,
  "summary_bg_n": 106951.0,
  "summary_bg_p05": 26.15492820739746,
  "summary_bg_p95": 183.6320343017578,
  "summary_bg_stdv": 74.05894470214844,
  "summary_fg_k": 0.701014648535951,
  "summary_fg_mad": 306.6924305651338,
  "summary_fg_mean": 898.4971923828125,
  "summary_fg_median": 845.4066772460938,
  "summary_fg_n": 18384.0,
  "summary_fg_p05": 484.35174560546875,
  "summary_fg_p95": 1496.5924377441406,
  "summary_fg_stdv": 315.19830322265625,
  "tsnr": 82.27173036010936
}