{
  "bids_meta": {
    "AcquisitionMatrixPE": 256,
    "AcquisitionNumber": 1,
    "AcquisitionTime": "12:51:8.042500",
    "BaseResolution": 256,
    "BodyPartExamined": "BRAIN",
    "ConsistencyInfo": "N4_VE11C_LATEST_20160120",
    "ConversionSoftware": "dcm2niix",
    "ConversionSoftwareVersion": "v1.0.20190410  GCC6.3.0",
    "DeviceSerialNumber": "167045",
    "DwellTime": 1.3e-05,
    "EchoTime": 0.00418,
    "FlipAngle": 9,
    "ImageOrientationPatientDICOM": [
      -0.00349084,
      0.999994,
      2.51709e-08,
      0.0174521,
      6.0948e-05,
      -0.999848
    ],
    "ImageType": [
      "ORIGINAL",
      "PRIMARY",
      "M",
      "ND",
      "NORM"
    ],
    "ImagingFrequency": 123.26,
    "InPlanePhaseEncodingDirectionDICOM": "ROW",
    "InstitutionAddress": "De_Pintelaan_185_Gent_District_BE_9000",
    "InstitutionName": "Experimental_Psychology",
    "InstitutionalDepartmentName": "Department",
    "InversionTime": 0.9,
    "MRAcquisitionType": "3D",
    "MagneticFieldStrength": 3,
    "Manufacturer": "Siemens",
    "ManufacturersModelName": "Prisma_fit",
    "Modality": "MR",
    "PartialFourier": 1,
    "PatientPosition": "HFS",
    "PercentPhaseFOV": 100,
    "PhaseEncodingSteps": 255,
    "PhaseResolution": 1,
    "PixelBandwidth": 150,
    "ProcedureStepDescription": "MR_hersenen_(structuur_alleen)",
    "ProtocolName": "T1_mprage",
    "PulseSequenceDetails": "%SiemensSeq%_tfl",
    "ReceiveCoilActiveElements": "HC1-7;NC1",
    "ReceiveCoilName": "HeadNeck_64",
    "ReconMatrixPE": 256,
    "RefLinesPE": 24,
    "RepetitionTime": 2.25,
    "SAR": 0.0472513,
    "ScanOptions": "IR",
    "ScanningSequence": "GR_IR",
    "SequenceName": "_tfl3d1_16ns",
    "SequenceVariant": "SK_SP_MP",
    "SeriesDescription": "T1_mprage",
    "SeriesNumber": 2,
    "ShimSetting": [
      5159,
      -7504,
      -7964,
      40,
      -67,
      39,
      -5,
      -10
    ],
    "SliceThickness": 1,
    "SoftwareVersions": "syngo_MR_E11",
    "StationName": "AWP167045",
    "TxRefAmp": 221.445,
    "dataset": "ds002938",
    "modality": "T1w",
    "subject_id": "25"
  },
  "cjv": 0.3758235965212204,
  "cnr": 3.482491903784494,
  "efc": 0.5355322307401498,
  "fber": -1.0,
  "fwhm_avg": 3.9017533333333336,
  "fwhm_x": 3.96355,
  "fwhm_y": 4.09744,
  "fwhm_z": 3.64427,
  "icvs_csf": 0.23093552725368968,
  "icvs_gm": 0.4112058201854089,
  "icvs_wm": 0.35785865256090144,
  "inu_med": 0.5642157793045044,
  "inu_range": 0.28514819145202636,
  "provenance": {
    "md5sum": "6cce061e10d227cf9dda525fafc60410",
    "settings": {
      "testing": false
    },
    "software": "mriqc",
    "version": "23.0.1",
    "warnings": {
      "large_rot_frame": true,
      "small_air_mask": false
    },
    "webapi_port": null,
    "webapi_url": "https://mriqc.nimh.nih.gov/api/v1"
  },
  "qi_1": 1.0176952533151422e-05,
  "qi_2": 0.009870382420047072,
  "rpve_csf": 20.913179237854063,
  "rpve_gm": 11.673536472495266,
  "rpve_wm": 15.823979923219582,
  "size_x": 176,
  "size_y": 256,
  "size_z": 256,
  "snr_csf": 2.100323584443237,
  "snr_gm": 9.904394101456004,
  "snr_total": 12.586522487348233,
  "snr_wm": 25.75484977614546,
  "snrd_csf": 34.05678709797203,
  "snrd_gm": 102.97411642301202,
  "snrd_total": 93.72937477342987,
  "snrd_wm": 144.15722079930558,
  "spacing_x": 1.0,
  "spacing_y": 1.0,
  "spacing_z": 1.0,
  "summary_bg_k": 16.313385629891265,
  "summary_bg_mad": 0.0,
  "summary_bg_mean": 2.3498890666877204,
  "summary_bg_median": 0.0,
  "summary_bg_n": 3015532.0,
  "summary_bg_p05": 0.0,
  "summary_bg_p95": 12.09115307405591,
  "summary_bg_stdv": 4.544596263127126,
  "summary_csf_k": 0.9756554628293501,
  "summary_csf_mad": 100.49340602577448,
  "summary_csf_mean": 243.46523402026827,
  "summary_csf_median": 236.24751636385918,
  "summary_csf_n": 56292.0,
  "summary_csf_p05": 72.75924298223109,
  "summary_csf_p95": 448.2478946596384,
  "summary_csf_stdv": 112.48048619425238,
  "summary_gm_k": 0.04549975171738341,
  "summary_gm_mad": 70.7923419779846,
  "summary_gm_mean": 713.5835752781869,
  "summary_gm_median": 714.3180942088366,
  "summary_gm_n": 28434.0,
  "summary_gm_p05": 593.3417315483093,
  "summary_gm_p95": 833.3494992703199,
  "summary_gm_stdv": 72.12006366026986,
  "summary_wm_k": 0.8480570857413929,
  "summary_wm_mad": 36.57364035658268,
  "summary_wm_mean": 999.9865674941327,
  "summary_wm_median": 999.9999495483935,
  "summary_wm_n": 219496.0,
  "summary_wm_p05": 936.6915796995163,
  "summary_wm_p95": 1062.5951682776213,
  "summary_wm_stdv": 38.827548220696194,
  "tpm_overlap_csf": 0.15407810538627248,
  "tpm_overlap_gm": 0.44956596506028035,
  "tpm_overlap_wm": 0.49462331444978497,
  "wm2max": 0.650198683236428
}