{
  "aor": 0.02506066901408451,
  "aqi": 0.0044068912323943655,
  "bids_meta": {
    "AcquisitionMatrixPE": 64,
    "AcquisitionNumber": 1,
    "AcquisitionTime": "17:13:10.357500",
    "BandwidthPerPixelPhaseEncode": 63.776,
    "BaseResolution": 64,
    "BodyPartExamined": "BRAIN",
    "CoilString": "HC1-7;NC1_2",
    "ConsistencyInfo": "N4_VE11C_LATEST_20160120",
    "ConversionSoftware": "dcm2niix",
    "ConversionSoftwareVersion": "v1.0.20190410  GCC6.3.0",
    "DerivedVendorReportedEchoSpacing": 0.000489996,
    "DeviceSerialNumber": "167045",
    "DwellTime": 3e-06,
    "EchoTime": 0.029,
    "EchoTrainLength": 31,
    "EffectiveEchoSpacing": 0.000244998,
    "FlipAngle": 90,
    "ImageOrientationPatientDICOM": [
      1,
      0,
      0,
      0,
      0.996917,
      -0.0784591
    ],
    "ImageType": [
      "ORIGINAL",
      "PRIMARY",
      "M",
      "ND",
      "MOSAIC"
    ],
    "ImagingFrequency": 123.26,
    "InPlanePhaseEncodingDirectionDICOM": "COL",
    "InstitutionAddress": "De_Pintelaan_185_Gent_District_BE_9000",
    "InstitutionName": "UGent",
    "InstitutionalDepartmentName": "Department",
    "MRAcquisitionType": "2D",
    "MagneticFieldStrength": 3,
    "Manufacturer": "Siemens",
    "ManufacturersModelName": "Prisma_fit",
    "Modality": "MR",
    "ParallelReductionFactorInPlane": 2,
    "PartialFourier": 1,
    "PatientPosition": "HFS",
    "PercentPhaseFOV": 100,
    "PhaseEncodingDirection": "j-",
    "PhaseEncodingSteps": 63,
    "PhaseResolution": 1,
    "PixelBandwidth": 2605,
    "ProcedureStepDescription": "MR_hersenen_(structuur_alleen)",
    "ProtocolName": "ep2d_1_back",
    "PulseSequenceDetails": "%SiemensSeq%_ep2d_bold",
    "ReceiveCoilActiveElements": "HC1-7;NC1,2",
    "ReceiveCoilName": "HeadNeck_64",
    "ReconMatrixPE": 64,
    "RefLinesPE": 24,
    "RepetitionTime": 2,
    "SAR": 0.0886672,
    "ScanOptions": "FS",
    "ScanningSequence": "EP",
    "SequenceName": "_epfid2d1_64",
    "SequenceVariant": "SK",
    "SeriesDescription": "ep2d_1_back",
    "SeriesNumber": 6,
    "ShimSetting": [
      5144,
      -7440,
      -7709,
      341,
      -85,
      63,
      -61,
      9
    ],
    "SliceThickness": 3.5,
    "SliceTiming": [
      0.99,
      0,
      1.0425,
      0.0525,
      1.095,
      0.105,
      1.1475,
      0.1575,
      1.2,
      0.21,
      1.2525,
      0.2625,
      1.3025,
      0.315,
      1.355,
      0.365,
      1.4075,
      0.4175,
      1.46,
      0.47,
      1.5125,
      0.5225,
      1.565,
      0.575,
      1.6175,
      0.6275,
      1.6675,
      0.6775,
      1.72,
      0.73,
      1.7725,
      0.7825,
      1.825,
      0.835,
      1.8775,
      0.8875,
      1.93,
      0.94
    ],
    "SoftwareVersions": "syngo_MR_E11",
    "SpacingBetweenSlices": 3.85,
    "StationName": "AWP167045",
    "TaskName": "1back",
    "TotalReadoutTime": 0.0154349,
    "TxRefAmp": 212.598,
    "dataset": "ds002938",
    "modality": "bold",
    "subject_id": "30",
    "task_id": "1back"
  },
  "dummy_trs": 0,
  "dvars_nstd": 20.928221011307414,
  "dvars_std": 1.3296963746996469,
  "dvars_vstd": 1.283239865583039,
  "efc": 0.47957768233139675,
  "fber": 639.336669921875,
  "fd_mean": 0.07346965825601093,
  "fd_num": 7,
  "fd_perc": 2.464788732394366,
  "fwhm_avg": 2.793212633240131,
  "fwhm_x": 2.681157142857143,
  "fwhm_y": 2.9604285714285714,
  "fwhm_z": 2.7380521854346793,
  "gcor": 0.0551893,
  "gsr_x": -0.012163178063929081,
  "gsr_y": 0.04439383000135422,
  "provenance": {
    "md5sum": "1341f1a624706ed2a665b90959a0fda8",
    "settings": {
      "fd_thres": 0.2,
      "testing": false
    },
    "software": "mriqc",
    "version": "23.0.1",
    "webapi_port": null,
    "webapi_url": "https://mriqc.nimh.nih.gov/api/v1"
  },
  "size_t": 284,
  "size_x": 64,
  "size_y": 64,
  "size_z": 38,
  "snr": 2.602929160748541,
  "spacing_tr": 2.0,
  "spacing_x": 3.5,
  "spacing_y": 3.5,
  "spacing_z": 3.8499996662139893,
  "summary_bg_k": 31.117618883300437,
  "summary_bg_mad": 6.703033959361609,
  "summary_bg_mean": 67.97640991210938,
  "summary_bg_median": 32.492958068847656,
  "summary_bg_n": 105663.0,
  "summary_bg_p05": 26.947181701660156,
  "summary_bg_p95": 264.0556365966792,
  "summary_bg_stdv": 108.40826416015625,
  "summary_fg_k": 0.07749140620980555,
  "summary_fg_mad": 322.33549470764143,
  "summary_fg_mean": 872.6995849609375,
  "summary_fg_median": 825.274658203125,
  "summary_fg_n": 19069.0,
  "summary_fg_p05": 439.81758422851567,
  "summary_fg_p95": 1452.990795898437,
  "summary_fg_stdv": 317.0478210449219,
  "tsnr": 57.53240725607611
}