{
  "aor": 0.0013119305856832972,
  "aqi": 0.004775209457700651,
  "bids_meta": {
    "AcquisitionMatrixPE": 64,
    "AcquisitionNumber": 1,
    "AcquisitionTime": "16:41:34.167500",
    "BandwidthPerPixelPhaseEncode": 63.776,
    "BaseResolution": 64,
    "BodyPartExamined": "BRAIN",
    "CoilString": "HC1-7;NC1_2",
    "ConsistencyInfo": "N4_VE11C_LATEST_20160120",
    "ConversionSoftware": "dcm2niix",
    "ConversionSoftwareVersion": "v1.0.20190410  GCC6.3.0",
    "DerivedVendorReportedEchoSpacing": 0.000489996,
    "DeviceSerialNumber": "167045",
    "DwellTime": 3e-06,
    "EchoTime": 0.029,
    "EchoTrainLength": 31,
    "EffectiveEchoSpacing": 0.000244998,
    "FlipAngle": 90,
    "ImageOrientationPatientDICOM": [
      1,
      0,
      0,
      0,
      0.996917,
      -0.0784591
    ],
    "ImageType": [
      "ORIGINAL",
      "PRIMARY",
      "M",
      "ND",
      "MOSAIC"
    ],
    "ImagingFrequency": 123.26,
    "InPlanePhaseEncodingDirectionDICOM": "COL",
    "InstitutionAddress": "De_Pintelaan_185_Gent_District_BE_9000",
    "InstitutionName": "UGent",
    "InstitutionalDepartmentName": "Department",
    "MRAcquisitionType": "2D",
    "MagneticFieldStrength": 3,
    "Manufacturer": "Siemens",
    "ManufacturersModelName": "Prisma_fit",
    "Modality": "MR",
    "ParallelReductionFactorInPlane": 2,
    "PartialFourier": 1,
    "PatientPosition": "HFS",
    "PercentPhaseFOV": 100,
    "PhaseEncodingDirection": "j-",
    "PhaseEncodingSteps": 63,
    "PhaseResolution": 1,
    "PixelBandwidth": 2605,
    "ProcedureStepDescription": "MR_hersenen_(structuur_alleen)",
    "ProtocolName": "ep2d_main_effort",
    "PulseSequenceDetails": "%SiemensSeq%_ep2d_bold",
    "ReceiveCoilActiveElements": "HC1-7;NC1,2",
    "ReceiveCoilName": "HeadNeck_64",
    "ReconMatrixPE": 64,
    "RefLinesPE": 24,
    "RepetitionTime": 2,
    "SAR": 0.0886672,
    "ScanOptions": "FS",
    "ScanningSequence": "EP",
    "SequenceName": "_epfid2d1_64",
    "SequenceVariant": "SK",
    "SeriesDescription": "ep2d_main_effort",
    "SeriesNumber": 5,
    "ShimSetting": [
      5144,
      -7440,
      -7709,
      341,
      -85,
      63,
      -61,
      9
    ],
    "SliceThickness": 3.5,
    "SliceTiming": [
      0.99,
      0,
      1.04,
      0.05,
      1.0925,
      0.1025,
      1.145,
      0.155,
      1.1975,
      0.2075,
      1.25,
      0.26,
      1.3025,
      0.3125,
      1.3525,
      0.365,
      1.405,
      0.415,
      1.4575,
      0.4675,
      1.51,
      0.52,
      1.5625,
      0.5725,
      1.615,
      0.625,
      1.6675,
      0.6775,
      1.7175,
      0.7275,
      1.77,
      0.78,
      1.8225,
      0.8325,
      1.875,
      0.885,
      1.9275,
      0.9375
    ],
    "SoftwareVersions": "syngo_MR_E11",
    "SpacingBetweenSlices": 3.85,
    "StationName": "AWP167045",
    "TaskName": "effort",
    "TotalReadoutTime": 0.0154349,
    "TxRefAmp": 212.598,
    "dataset": "ds002938",
    "modality": "bold",
    "subject_id": "30",
    "task_id": "effort"
  },
  "dummy_trs": 0,
  "dvars_nstd": 21.458650562823003,
  "dvars_std": 1.105868787578719,
  "dvars_vstd": 0.9707524161237788,
  "efc": 0.4772650353473249,
  "fber": 646.9032592773438,
  "fd_mean": 0.09475586533254732,
  "fd_num": 73,
  "fd_perc": 7.917570498915401,
  "fwhm_avg": 2.7789354899453715,
  "fwhm_x": 2.6707542857142856,
  "fwhm_y": 2.943142857142857,
  "fwhm_z": 2.722909326978972,
  "gcor": 0.0538831,
  "gsr_x": -0.013011651113629341,
  "gsr_y": 0.04487285763025284,
  "provenance": {
    "md5sum": "fda0f759ca2bbf582d4e660e4f0a9021",
    "settings": {
      "fd_thres": 0.2,
      "testing": false
    },
    "software": "mriqc",
    "version": "23.0.1",
    "webapi_port": null,
    "webapi_url": "https://mriqc.nimh.nih.gov/api/v1"
  },
  "size_t": 922,
  "size_x": 64,
  "size_y": 64,
  "size_z": 38,
  "snr": 2.5791444014171105,
  "spacing_tr": 2.0,
  "spacing_x": 3.5,
  "spacing_y": 3.5,
  "spacing_z": 3.8499996662139893,
  "summary_bg_k": 32.095549922912475,
  "summary_bg_mad": 6.578442187005312,
  "summary_bg_mean": 65.0655288696289,
  "summary_bg_median": 31.963123321533203,
  "summary_bg_n": 105569.0,
  "summary_bg_p05": 26.151844024658203,
  "summary_bg_p95": 243.85965881347656,
  "summary_bg_stdv": 101.62377166748047,
  "summary_fg_k": 0.12948555316214394,
  "summary_fg_mad": 322.27540877788755,
  "summary_fg_mean": 866.4957275390625,
  "summary_fg_median": 819.1209716796875,
  "summary_fg_n": 19234.0,
  "summary_fg_p05": 434.17376403808595,
  "summary_fg_p95": 1449.5391723632813,
  "summary_fg_stdv": 317.5858154296875,
  "tsnr": 54.09900412708521
}