{
  "aor": 0.0004044561403508772,
  "aqi": 0.001979011192982456,
  "bids_meta": {
    "AcquisitionMatrixPE": 64,
    "AcquisitionNumber": 1,
    "AcquisitionTime": "16:10:2.240000",
    "BandwidthPerPixelPhaseEncode": 63.776,
    "BaseResolution": 64,
    "BodyPartExamined": "BRAIN",
    "CoilString": "HC1-7;NC1_2",
    "ConsistencyInfo": "N4_VE11C_LATEST_20160120",
    "ConversionSoftware": "dcm2niix",
    "ConversionSoftwareVersion": "v1.0.20190410  GCC6.3.0",
    "DerivedVendorReportedEchoSpacing": 0.000489996,
    "DeviceSerialNumber": "167045",
    "DwellTime": 3e-06,
    "EchoTime": 0.029,
    "EchoTrainLength": 31,
    "EffectiveEchoSpacing": 0.000244998,
    "FlipAngle": 90,
    "ImageOrientationPatientDICOM": [
      1,
      0,
      0,
      0,
      0.996637,
      -0.0819385
    ],
    "ImageType": [
      "ORIGINAL",
      "PRIMARY",
      "M",
      "ND",
      "MOSAIC"
    ],
    "ImagingFrequency": 123.26,
    "InPlanePhaseEncodingDirectionDICOM": "COL",
    "InstitutionAddress": "De_Pintelaan_185_Gent_District_BE_9000",
    "InstitutionName": "UGent",
    "InstitutionalDepartmentName": "Department",
    "MRAcquisitionType": "2D",
    "MagneticFieldStrength": 3,
    "Manufacturer": "Siemens",
    "ManufacturersModelName": "Prisma_fit",
    "Modality": "MR",
    "ParallelReductionFactorInPlane": 2,
    "PartialFourier": 1,
    "PatientPosition": "HFS",
    "PercentPhaseFOV": 100,
    "PhaseEncodingDirection": "j-",
    "PhaseEncodingSteps": 63,
    "PhaseResolution": 1,
    "PixelBandwidth": 2605,
    "ProcedureStepDescription": "MR_hersenen_(structuur_alleen)",
    "ProtocolName": "ep2d_1_back",
    "PulseSequenceDetails": "%SiemensSeq%_ep2d_bold",
    "ReceiveCoilActiveElements": "HC1-7;NC1,2",
    "ReceiveCoilName": "HeadNeck_64",
    "ReconMatrixPE": 64,
    "RefLinesPE": 24,
    "RepetitionTime": 2,
    "SAR": 0.0960725,
    "ScanOptions": "FS",
    "ScanningSequence": "EP",
    "SequenceName": "_epfid2d1_64",
    "SequenceVariant": "SK",
    "SeriesDescription": "ep2d_1_back",
    "SeriesNumber": 6,
    "ShimSetting": [
      5158,
      -7500,
      -7719,
      494,
      -84,
      -34,
      37,
      31
    ],
    "SliceThickness": 3.5,
    "SliceTiming": [
      0.99,
      0,
      1.0425,
      0.0525,
      1.095,
      0.105,
      1.145,
      0.155,
      1.1975,
      0.2075,
      1.25,
      0.26,
      1.3025,
      0.3125,
      1.355,
      0.365,
      1.4075,
      0.4175,
      1.4575,
      0.47,
      1.51,
      0.52,
      1.5625,
      0.5725,
      1.615,
      0.625,
      1.6675,
      0.6775,
      1.72,
      0.73,
      1.7725,
      0.7825,
      1.8225,
      0.8325,
      1.875,
      0.885,
      1.9275,
      0.9375
    ],
    "SoftwareVersions": "syngo_MR_E11",
    "SpacingBetweenSlices": 3.85,
    "StationName": "AWP167045",
    "TaskName": "1back",
    "TotalReadoutTime": 0.0154349,
    "TxRefAmp": 232.875,
    "dataset": "ds002938",
    "modality": "bold",
    "subject_id": "29",
    "task_id": "1back"
  },
  "dummy_trs": 0,
  "dvars_nstd": 21.206461362852114,
  "dvars_std": 1.1989502001056336,
  "dvars_vstd": 0.985447361056339,
  "efc": 0.47924837639096246,
  "fber": 605.1723022460938,
  "fd_mean": 0.06941579759880777,
  "fd_num": 2,
  "fd_perc": 0.7017543859649122,
  "fwhm_avg": 2.616142304935016,
  "fwhm_x": 2.5288628571428573,
  "fwhm_y": 2.6771485714285714,
  "fwhm_z": 2.642415486233619,
  "gcor": 0.0191029,
  "gsr_x": -0.007895035669207573,
  "gsr_y": 0.02519604191184044,
  "provenance": {
    "md5sum": "e60fef6e85f2ce802bd4af7fdd7a5d21",
    "settings": {
      "fd_thres": 0.2,
      "testing": false
    },
    "software": "mriqc",
    "version": "23.0.1",
    "webapi_port": null,
    "webapi_url": "https://mriqc.nimh.nih.gov/api/v1"
  },
  "size_t": 285,
  "size_x": 64,
  "size_y": 64,
  "size_z": 38,
  "snr": 2.5506092169287387,
  "spacing_tr": 2.0,
  "spacing_x": 3.5,
  "spacing_y": 3.5,
  "spacing_z": 3.8500001430511475,
  "summary_bg_k": 29.996689676040162,
  "summary_bg_mad": 6.23733124185788,
  "summary_bg_mean": 61.32075500488281,
  "summary_bg_median": 32.31578826904297,
  "summary_bg_n": 104912.0,
  "summary_bg_p05": 26.8350887298584,
  "summary_bg_p95": 220.1156166076659,
  "summary_bg_stdv": 86.31002044677734,
  "summary_fg_k": 0.6498881279056641,
  "summary_fg_mad": 296.78576289696133,
  "summary_fg_mean": 866.147705078125,
  "summary_fg_median": 805.5579223632812,
  "summary_fg_n": 18971.0,
  "summary_fg_p05": 450.3596649169922,
  "summary_fg_p95": 1461.536865234375,
  "summary_fg_stdv": 315.8212890625,
  "tsnr": 77.1837991301436
}