{
  "aor": 0.0018695965103598692,
  "aqi": 0.009773764601962923,
  "bids_meta": {
    "AcquisitionMatrixPE": 64,
    "AcquisitionNumber": 1,
    "AcquisitionTime": "15:38:38.405000",
    "BandwidthPerPixelPhaseEncode": 63.776,
    "BaseResolution": 64,
    "BodyPartExamined": "BRAIN",
    "CoilString": "HC1-7;NC1_2",
    "ConsistencyInfo": "N4_VE11C_LATEST_20160120",
    "ConversionSoftware": "dcm2niix",
    "ConversionSoftwareVersion": "v1.0.20190410  GCC6.3.0",
    "DerivedVendorReportedEchoSpacing": 0.000489996,
    "DeviceSerialNumber": "167045",
    "DwellTime": 3e-06,
    "EchoTime": 0.029,
    "EchoTrainLength": 31,
    "EffectiveEchoSpacing": 0.000244998,
    "FlipAngle": 90,
    "ImageOrientationPatientDICOM": [
      1,
      0,
      0,
      0,
      0.996637,
      -0.0819385
    ],
    "ImageType": [
      "ORIGINAL",
      "PRIMARY",
      "M",
      "ND",
      "MOSAIC"
    ],
    "ImagingFrequency": 123.26,
    "InPlanePhaseEncodingDirectionDICOM": "COL",
    "InstitutionAddress": "De_Pintelaan_185_Gent_District_BE_9000",
    "InstitutionName": "UGent",
    "InstitutionalDepartmentName": "Department",
    "MRAcquisitionType": "2D",
    "MagneticFieldStrength": 3,
    "Manufacturer": "Siemens",
    "ManufacturersModelName": "Prisma_fit",
    "Modality": "MR",
    "ParallelReductionFactorInPlane": 2,
    "PartialFourier": 1,
    "PatientPosition": "HFS",
    "PercentPhaseFOV": 100,
    "PhaseEncodingDirection": "j-",
    "PhaseEncodingSteps": 63,
    "PhaseResolution": 1,
    "PixelBandwidth": 2605,
    "ProcedureStepDescription": "MR_hersenen_(structuur_alleen)",
    "ProtocolName": "ep2d_main_effort",
    "PulseSequenceDetails": "%SiemensSeq%_ep2d_bold",
    "ReceiveCoilActiveElements": "HC1-7;NC1,2",
    "ReceiveCoilName": "HeadNeck_64",
    "ReconMatrixPE": 64,
    "RefLinesPE": 24,
    "RepetitionTime": 2,
    "SAR": 0.0960725,
    "ScanOptions": "FS",
    "ScanningSequence": "EP",
    "SequenceName": "_epfid2d1_64",
    "SequenceVariant": "SK",
    "SeriesDescription": "ep2d_main_effort",
    "SeriesNumber": 5,
    "ShimSetting": [
      5158,
      -7500,
      -7719,
      494,
      -84,
      -34,
      37,
      31
    ],
    "SliceThickness": 3.5,
    "SliceTiming": [
      0.99,
      0,
      1.0425,
      0.0525,
      1.095,
      0.105,
      1.1475,
      0.1575,
      1.2,
      0.21,
      1.2525,
      0.2625,
      1.3025,
      0.3125,
      1.355,
      0.365,
      1.4075,
      0.4175,
      1.46,
      0.47,
      1.5125,
      0.5225,
      1.565,
      0.575,
      1.615,
      0.6275,
      1.6675,
      0.6775,
      1.72,
      0.73,
      1.7725,
      0.7825,
      1.825,
      0.835,
      1.8775,
      0.8875,
      1.93,
      0.94
    ],
    "SoftwareVersions": "syngo_MR_E11",
    "SpacingBetweenSlices": 3.85,
    "StationName": "AWP167045",
    "TaskName": "effort",
    "TotalReadoutTime": 0.0154349,
    "TxRefAmp": 232.875,
    "dataset": "ds002938",
    "modality": "bold",
    "subject_id": "29",
    "task_id": "effort"
  },
  "dummy_trs": 0,
  "dvars_nstd": 21.765455481386468,
  "dvars_std": 1.0481403554803497,
  "dvars_vstd": 0.8956918622270733,
  "efc": 0.47756395735392787,
  "fber": 598.7741088867188,
  "fd_mean": 0.0946154885026312,
  "fd_num": 35,
  "fd_perc": 3.816793893129771,
  "fwhm_avg": 2.617772954592887,
  "fwhm_x": 2.5495942857142855,
  "fwhm_y": 2.686114285714286,
  "fwhm_z": 2.6176102923500895,
  "gcor": 0.0296263,
  "gsr_x": -0.005030978936702013,
  "gsr_y": 0.02747715450823307,
  "provenance": {
    "md5sum": "7a5cd867e4c607d019c5849f1c2f6a8a",
    "settings": {
      "fd_thres": 0.2,
      "testing": false
    },
    "software": "mriqc",
    "version": "23.0.1",
    "webapi_port": null,
    "webapi_url": "https://mriqc.nimh.nih.gov/api/v1"
  },
  "size_t": 917,
  "size_x": 64,
  "size_y": 64,
  "size_z": 38,
  "snr": 2.5568595994369847,
  "spacing_tr": 2.0,
  "spacing_x": 3.5,
  "spacing_y": 3.5,
  "spacing_z": 3.8500001430511475,
  "summary_bg_k": 31.410407838396345,
  "summary_bg_mad": 7.540738938684056,
  "summary_bg_mean": 58.397212982177734,
  "summary_bg_median": 32.19411087036133,
  "summary_bg_n": 104372.0,
  "summary_bg_p05": 24.71646499633789,
  "summary_bg_p95": 202.42665328979484,
  "summary_bg_stdv": 78.87605285644531,
  "summary_fg_k": 0.5480229056164521,
  "summary_fg_mad": 296.3789612445388,
  "summary_fg_mean": 863.7545776367188,
  "summary_fg_median": 803.4121704101562,
  "summary_fg_n": 19106.0,
  "summary_fg_p05": 451.3102264404297,
  "summary_fg_p95": 1463.694091796875,
  "summary_fg_stdv": 314.2101135253906,
  "tsnr": 33.93097024410963
}