{
  "aor": 0.0011943300110741973,
  "aqi": 0.005731753621262458,
  "bids_meta": {
    "AcquisitionMatrixPE": 64,
    "AcquisitionNumber": 1,
    "AcquisitionTime": "20:33:41.362500",
    "BandwidthPerPixelPhaseEncode": 63.776,
    "BaseResolution": 64,
    "BodyPartExamined": "BRAIN",
    "CoilString": "HC1-7;NC1_2",
    "ConsistencyInfo": "N4_VE11C_LATEST_20160120",
    "ConversionSoftware": "dcm2niix",
    "ConversionSoftwareVersion": "v1.0.20190410  GCC6.3.0",
    "DerivedVendorReportedEchoSpacing": 0.000489996,
    "DeviceSerialNumber": "167045",
    "DwellTime": 3e-06,
    "EchoTime": 0.029,
    "EchoTrainLength": 31,
    "EffectiveEchoSpacing": 0.000244998,
    "FlipAngle": 90,
    "ImageOrientationPatientDICOM": [
      0.99988,
      0.00273796,
      0.0152147,
      -6.30213e-08,
      0.984192,
      -0.177106
    ],
    "ImageType": [
      "ORIGINAL",
      "PRIMARY",
      "M",
      "ND",
      "MOSAIC"
    ],
    "ImagingFrequency": 123.26,
    "InPlanePhaseEncodingDirectionDICOM": "COL",
    "InstitutionAddress": "De_Pintelaan_185_Gent_District_BE_9000",
    "InstitutionName": "UZ_Gent",
    "InstitutionalDepartmentName": "Department",
    "MRAcquisitionType": "2D",
    "MagneticFieldStrength": 3,
    "Manufacturer": "Siemens",
    "ManufacturersModelName": "Prisma_fit",
    "Modality": "MR",
    "ParallelReductionFactorInPlane": 2,
    "PartialFourier": 1,
    "PatientPosition": "HFS",
    "PercentPhaseFOV": 100,
    "PhaseEncodingDirection": "j-",
    "PhaseEncodingSteps": 63,
    "PhaseResolution": 1,
    "PixelBandwidth": 2605,
    "ProcedureStepDescription": "MR_hersenen_(structuur_alleen)_O",
    "ProtocolName": "ep2d_main_effort",
    "PulseSequenceDetails": "%SiemensSeq%_ep2d_bold",
    "ReceiveCoilActiveElements": "HC1-7;NC1,2",
    "ReceiveCoilName": "HeadNeck_64",
    "ReconMatrixPE": 64,
    "RefLinesPE": 24,
    "RepetitionTime": 2,
    "SAR": 0.0968958,
    "ScanOptions": "FS",
    "ScanningSequence": "EP",
    "SequenceName": "_epfid2d1_64",
    "SequenceVariant": "SK",
    "SeriesDescription": "ep2d_main_effort",
    "SeriesNumber": 5,
    "ShimSetting": [
      5154,
      -7436,
      -7734,
      178,
      -144,
      -18,
      -239,
      19
    ],
    "SliceThickness": 3.5,
    "SliceTiming": [
      0.99,
      0,
      1.0425,
      0.0525,
      1.0925,
      0.1025,
      1.145,
      0.155,
      1.1975,
      0.2075,
      1.25,
      0.26,
      1.3025,
      0.3125,
      1.355,
      0.365,
      1.405,
      0.415,
      1.4575,
      0.4675,
      1.51,
      0.52,
      1.5625,
      0.5725,
      1.615,
      0.625,
      1.6675,
      0.6775,
      1.7175,
      0.73,
      1.77,
      0.78,
      1.8225,
      0.8325,
      1.875,
      0.885,
      1.9275,
      0.9375
    ],
    "SoftwareVersions": "syngo_MR_E11",
    "SpacingBetweenSlices": 3.85,
    "StationName": "AWP167045",
    "TaskName": "effort",
    "TotalReadoutTime": 0.0154349,
    "TxRefAmp": 206.132,
    "dataset": "ds002938",
    "modality": "bold",
    "subject_id": "32",
    "task_id": "effort"
  },
  "dummy_trs": 0,
  "dvars_nstd": 19.600520260809315,
  "dvars_std": 1.067091521984479,
  "dvars_vstd": 0.9209825876718395,
  "efc": 0.4686624482076889,
  "fber": 636.5303955078125,
  "fd_mean": 0.06448181777428981,
  "fd_num": 25,
  "fd_perc": 2.768549280177187,
  "fwhm_avg": 3.0099390737227125,
  "fwhm_x": 2.8409028571428574,
  "fwhm_y": 3.027485714285714,
  "fwhm_z": 3.1614286497395665,
  "gcor": 0.0140663,
  "gsr_x": 0.012418325990438461,
  "gsr_y": 0.013262374326586723,
  "provenance": {
    "md5sum": "7b5c7af98f66c3e3a46498c437ff75e6",
    "settings": {
      "fd_thres": 0.2,
      "testing": false
    },
    "software": "mriqc",
    "version": "23.0.1",
    "webapi_port": null,
    "webapi_url": "https://mriqc.nimh.nih.gov/api/v1"
  },
  "size_t": 903,
  "size_x": 64,
  "size_y": 64,
  "size_z": 38,
  "snr": 2.0936547844385966,
  "spacing_tr": 2.0,
  "spacing_x": 3.5,
  "spacing_y": 3.5,
  "spacing_z": 3.8499999046325684,
  "summary_bg_k": 34.316116499469246,
  "summary_bg_mad": 8.6657523923568,
  "summary_bg_mean": 63.71310806274414,
  "summary_bg_median": 33.480621337890625,
  "summary_bg_n": 102087.0,
  "summary_bg_p05": 24.603544235229492,
  "summary_bg_p95": 227.9998901367187,
  "summary_bg_stdv": 100.50625610351562,
  "summary_fg_k": 2.0804484331331237,
  "summary_fg_mad": 354.55693650159674,
  "summary_fg_mean": 955.4715576171875,
  "summary_fg_median": 860.6600341796875,
  "summary_fg_n": 21375.0,
  "summary_fg_p05": 477.3087554931641,
  "summary_fg_p95": 1762.610498046875,
  "summary_fg_stdv": 411.0705871582031,
  "tsnr": 48.83433565846644
}