{
  "aor": 0.0002897894736842105,
  "aqi": 0.001580150343859649,
  "bids_meta": {
    "AcquisitionMatrixPE": 64,
    "AcquisitionNumber": 1,
    "AcquisitionTime": "21:05:15.557500",
    "BandwidthPerPixelPhaseEncode": 63.776,
    "BaseResolution": 64,
    "BodyPartExamined": "BRAIN",
    "CoilString": "HC1-7;NC1_2",
    "ConsistencyInfo": "N4_VE11C_LATEST_20160120",
    "ConversionSoftware": "dcm2niix",
    "ConversionSoftwareVersion": "v1.0.20190410  GCC6.3.0",
    "DerivedVendorReportedEchoSpacing": 0.000489996,
    "DeviceSerialNumber": "167045",
    "DwellTime": 3e-06,
    "EchoTime": 0.029,
    "EchoTrainLength": 31,
    "EffectiveEchoSpacing": 0.000244998,
    "FlipAngle": 90,
    "ImageOrientationPatientDICOM": [
      0.99988,
      0.00273796,
      0.0152147,
      -6.30213e-08,
      0.984192,
      -0.177106
    ],
    "ImageType": [
      "ORIGINAL",
      "PRIMARY",
      "M",
      "ND",
      "MOSAIC"
    ],
    "ImagingFrequency": 123.26,
    "InPlanePhaseEncodingDirectionDICOM": "COL",
    "InstitutionAddress": "De_Pintelaan_185_Gent_District_BE_9000",
    "InstitutionName": "UZ_Gent",
    "InstitutionalDepartmentName": "Department",
    "MRAcquisitionType": "2D",
    "MagneticFieldStrength": 3,
    "Manufacturer": "Siemens",
    "ManufacturersModelName": "Prisma_fit",
    "Modality": "MR",
    "ParallelReductionFactorInPlane": 2,
    "PartialFourier": 1,
    "PatientPosition": "HFS",
    "PercentPhaseFOV": 100,
    "PhaseEncodingDirection": "j-",
    "PhaseEncodingSteps": 63,
    "PhaseResolution": 1,
    "PixelBandwidth": 2605,
    "ProcedureStepDescription": "MR_hersenen_(structuur_alleen)_O",
    "ProtocolName": "ep2d_1_back",
    "PulseSequenceDetails": "%SiemensSeq%_ep2d_bold",
    "ReceiveCoilActiveElements": "HC1-7;NC1,2",
    "ReceiveCoilName": "HeadNeck_64",
    "ReconMatrixPE": 64,
    "RefLinesPE": 24,
    "RepetitionTime": 2,
    "SAR": 0.0968958,
    "ScanOptions": "FS",
    "ScanningSequence": "EP",
    "SequenceName": "_epfid2d1_64",
    "SequenceVariant": "SK",
    "SeriesDescription": "ep2d_1_back",
    "SeriesNumber": 6,
    "ShimSetting": [
      5154,
      -7436,
      -7734,
      178,
      -144,
      -18,
      -239,
      19
    ],
    "SliceThickness": 3.5,
    "SliceTiming": [
      0.99,
      0,
      1.0425,
      0.0525,
      1.095,
      0.105,
      1.1475,
      0.1575,
      1.2,
      0.21,
      1.25,
      0.26,
      1.3025,
      0.3125,
      1.355,
      0.365,
      1.4075,
      0.4175,
      1.46,
      0.47,
      1.5125,
      0.5225,
      1.5625,
      0.575,
      1.615,
      0.625,
      1.6675,
      0.6775,
      1.72,
      0.73,
      1.7725,
      0.7825,
      1.825,
      0.835,
      1.8775,
      0.8875,
      1.9275,
      0.9375
    ],
    "SoftwareVersions": "syngo_MR_E11",
    "SpacingBetweenSlices": 3.85,
    "StationName": "AWP167045",
    "TaskName": "1back",
    "TotalReadoutTime": 0.0154349,
    "TxRefAmp": 206.132,
    "dataset": "ds002938",
    "modality": "bold",
    "subject_id": "32",
    "task_id": "1back"
  },
  "dummy_trs": 0,
  "dvars_nstd": 19.288668229295773,
  "dvars_std": 1.1563022713028162,
  "dvars_vstd": 0.9597123851760562,
  "efc": 0.4696073005554865,
  "fber": 646.4334716796875,
  "fd_mean": 0.04196771215445661,
  "fd_num": 0,
  "fd_perc": 0.0,
  "fwhm_avg": 2.983005480035105,
  "fwhm_x": 2.8156085714285717,
  "fwhm_y": 3.0463428571428572,
  "fwhm_z": 3.087065011533886,
  "gcor": 0.0176174,
  "gsr_x": 0.012580400332808495,
  "gsr_y": 0.013516598381102085,
  "provenance": {
    "md5sum": "1bd234ae9602162543bb2d6489ac43f7",
    "settings": {
      "fd_thres": 0.2,
      "testing": false
    },
    "software": "mriqc",
    "version": "23.0.1",
    "webapi_port": null,
    "webapi_url": "https://mriqc.nimh.nih.gov/api/v1"
  },
  "size_t": 285,
  "size_x": 64,
  "size_y": 64,
  "size_z": 38,
  "snr": 2.104630753128447,
  "spacing_tr": 2.0,
  "spacing_x": 3.5,
  "spacing_y": 3.5,
  "spacing_z": 3.8499999046325684,
  "summary_bg_k": 37.39240683562477,
  "summary_bg_mad": 6.76795266650393,
  "summary_bg_mean": 65.16747283935547,
  "summary_bg_median": 33.47719192504883,
  "summary_bg_n": 101896.0,
  "summary_bg_p05": 27.614036560058594,
  "summary_bg_p95": 234.90790176391602,
  "summary_bg_stdv": 104.62153625488281,
  "summary_fg_k": 2.2176158646836788,
  "summary_fg_mad": 353.20789878959226,
  "summary_fg_mean": 966.7086181640625,
  "summary_fg_median": 869.724609375,
  "summary_fg_n": 21010.0,
  "summary_fg_p05": 487.4912414550781,
  "summary_fg_p95": 1777.1995605468749,
  "summary_fg_stdv": 413.2334899902344,
  "tsnr": 81.24404733534902
}