{
  "bids_meta": {
    "AcquisitionMatrixPE": 256,
    "AcquisitionNumber": 1,
    "AcquisitionTime": "10:25:21.990000",
    "BaseResolution": 256,
    "BodyPartExamined": "BRAIN",
    "ConsistencyInfo": "N4_VE11C_LATEST_20160120",
    "ConversionSoftware": "dcm2niix",
    "ConversionSoftwareVersion": "v1.0.20190410  GCC6.3.0",
    "DeviceSerialNumber": "167045",
    "DwellTime": 1.3e-05,
    "EchoTime": 0.00418,
    "FlipAngle": 9,
    "ImageOrientationPatientDICOM": [
      -0.113208,
      0.993571,
      9.34967e-09,
      -1.42662e-05,
      -1.61609e-06,
      -1
    ],
    "ImageType": [
      "ORIGINAL",
      "PRIMARY",
      "M",
      "ND",
      "NORM"
    ],
    "ImagingFrequency": 123.26,
    "InPlanePhaseEncodingDirectionDICOM": "ROW",
    "InstitutionAddress": "De_Pintelaan_185_Gent_District_BE_9000",
    "InstitutionName": "Experimental_Psychology",
    "InstitutionalDepartmentName": "Department",
    "InversionTime": 0.9,
    "MRAcquisitionType": "3D",
    "MagneticFieldStrength": 3,
    "Manufacturer": "Siemens",
    "ManufacturersModelName": "Prisma_fit",
    "Modality": "MR",
    "PartialFourier": 1,
    "PatientPosition": "HFS",
    "PercentPhaseFOV": 100,
    "PhaseEncodingSteps": 255,
    "PhaseResolution": 1,
    "PixelBandwidth": 150,
    "ProcedureStepDescription": "MR_hersenen_(structuur_alleen)",
    "ProtocolName": "T1_mprage",
    "PulseSequenceDetails": "%SiemensSeq%_tfl",
    "ReceiveCoilActiveElements": "HC1-7;NC1",
    "ReceiveCoilName": "HeadNeck_64",
    "ReconMatrixPE": 256,
    "RefLinesPE": 24,
    "RepetitionTime": 2.25,
    "SAR": 0.0443744,
    "ScanOptions": "IR",
    "ScanningSequence": "GR_IR",
    "SequenceName": "_tfl3d1_16ns",
    "SequenceVariant": "SK_SP_MP",
    "SeriesDescription": "T1_mprage",
    "SeriesNumber": 2,
    "ShimSetting": [
      5159,
      -7504,
      -7964,
      40,
      -67,
      39,
      -5,
      -10
    ],
    "SliceThickness": 1,
    "SoftwareVersions": "syngo_MR_E11",
    "StationName": "AWP167045",
    "TxRefAmp": 242.477,
    "dataset": "ds002938",
    "modality": "T1w",
    "subject_id": "06"
  },
  "cjv": 0.3659997863532087,
  "cnr": 3.536511872531122,
  "efc": 0.5129122667218877,
  "fber": -1.0,
  "fwhm_avg": 3.8684166666666666,
  "fwhm_x": 4.01007,
  "fwhm_y": 3.99266,
  "fwhm_z": 3.60252,
  "icvs_csf": 0.2509068420516381,
  "icvs_gm": 0.4313208449166608,
  "icvs_wm": 0.3177723130317011,
  "inu_med": 0.526305615901947,
  "inu_range": 0.236087255179882,
  "provenance": {
    "md5sum": "8065fcf41052e971cd0e2ad5e5e85693",
    "settings": {
      "testing": false
    },
    "software": "mriqc",
    "version": "23.0.1",
    "warnings": {
      "large_rot_frame": true,
      "small_air_mask": false
    },
    "webapi_port": null,
    "webapi_url": "https://mriqc.nimh.nih.gov/api/v1"
  },
  "qi_1": 0.0,
  "qi_2": 0.018502030402267236,
  "rpve_csf": 24.052284728460254,
  "rpve_gm": 14.124169099678298,
  "rpve_wm": 21.744133364422378,
  "size_x": 176,
  "size_y": 256,
  "size_z": 256,
  "snr_csf": 2.4690551061488413,
  "snr_gm": 11.196358515610552,
  "snr_total": 12.362089621367693,
  "snr_wm": 23.42085524234368,
  "snrd_csf": 29.507141857395716,
  "snrd_gm": 82.60939265736303,
  "snrd_total": 75.35559043875098,
  "snrd_wm": 113.95023680149417,
  "spacing_x": 1.0,
  "spacing_y": 1.0,
  "spacing_z": 1.0,
  "summary_bg_k": 14.467846234991889,
  "summary_bg_mad": 0.0,
  "summary_bg_mean": 3.0195620755976287,
  "summary_bg_median": 0.0,
  "summary_bg_n": 3595911.0,
  "summary_bg_p05": 0.0,
  "summary_bg_p95": 13.377796802669764,
  "summary_bg_stdv": 5.749320244530351,
  "summary_csf_k": 1.1816497739404284,
  "summary_csf_mad": 86.17708080091204,
  "summary_csf_mean": 262.8018614463534,
  "summary_csf_median": 258.9476146325469,
  "summary_csf_n": 50399.0,
  "summary_csf_p05": 87.71181555837393,
  "summary_csf_p95": 445.50389926247294,
  "summary_csf_stdv": 104.87617104989539,
  "summary_gm_k": 0.3520797161284208,
  "summary_gm_mad": 60.76662735594665,
  "summary_gm_mean": 721.9742941986519,
  "summary_gm_median": 724.9602580368519,
  "summary_gm_n": 22107.0,
  "summary_gm_p05": 609.3683384172618,
  "summary_gm_p95": 824.033506821841,
  "summary_gm_stdv": 64.74818220748978,
  "summary_wm_k": 0.5319252488869219,
  "summary_wm_mad": 39.89786129141625,
  "summary_wm_mean": 1000.6092016557001,
  "summary_wm_median": 1000.0000050552189,
  "summary_wm_n": 148831.0,
  "summary_wm_p05": 931.6956889163703,
  "summary_wm_p95": 1072.08500289917,
  "summary_wm_stdv": 42.696845831934546,
  "tpm_overlap_csf": 0.15214698743449814,
  "tpm_overlap_gm": 0.450498577842905,
  "tpm_overlap_wm": 0.4841154729872135,
  "wm2max": 0.5567593535662982
}