{
  "aor": 0.010267394366197183,
  "aqi": 0.0039700199999999995,
  "bids_meta": {
    "AcquisitionMatrixPE": 64,
    "AcquisitionNumber": 1,
    "AcquisitionTime": "16:19:17.337500",
    "BandwidthPerPixelPhaseEncode": 63.776,
    "BaseResolution": 64,
    "BodyPartExamined": "BRAIN",
    "CoilString": "HC1_2_4-7;NC1_2",
    "ConsistencyInfo": "N4_VE11C_LATEST_20160120",
    "ConversionSoftware": "dcm2niix",
    "ConversionSoftwareVersion": "v1.0.20190410  GCC6.3.0",
    "DerivedVendorReportedEchoSpacing": 0.000489996,
    "DeviceSerialNumber": "167045",
    "DwellTime": 3e-06,
    "EchoTime": 0.029,
    "EchoTrainLength": 31,
    "EffectiveEchoSpacing": 0.000244998,
    "FlipAngle": 90,
    "ImageOrientationPatientDICOM": [
      0.998891,
      0.00164319,
      0.0470548,
      -2.41116e-10,
      0.999391,
      -0.0348995
    ],
    "ImageType": [
      "ORIGINAL",
      "PRIMARY",
      "M",
      "ND",
      "MOSAIC"
    ],
    "ImagingFrequency": 123.26,
    "InPlanePhaseEncodingDirectionDICOM": "COL",
    "InstitutionAddress": "De_Pintelaan_185_Gent_District_BE_9000",
    "InstitutionName": "Experimental_Psychology",
    "InstitutionalDepartmentName": "Department",
    "MRAcquisitionType": "2D",
    "MagneticFieldStrength": 3,
    "Manufacturer": "Siemens",
    "ManufacturersModelName": "Prisma_fit",
    "Modality": "MR",
    "ParallelReductionFactorInPlane": 2,
    "PartialFourier": 1,
    "PatientPosition": "HFS",
    "PercentPhaseFOV": 100,
    "PhaseEncodingDirection": "j-",
    "PhaseEncodingSteps": 63,
    "PhaseResolution": 1,
    "PixelBandwidth": 2605,
    "ProcedureStepDescription": "MR_hersenen_(structuur_alleen)",
    "ProtocolName": "ep2d_1_back",
    "PulseSequenceDetails": "%SiemensSeq%_ep2d_bold",
    "ReceiveCoilActiveElements": "HC1,2,4-7;NC1,2",
    "ReceiveCoilName": "HeadNeck_64",
    "ReconMatrixPE": 64,
    "RefLinesPE": 24,
    "RepetitionTime": 2,
    "SAR": 0.128903,
    "ScanOptions": "FS",
    "ScanningSequence": "EP",
    "SequenceName": "_epfid2d1_64",
    "SequenceVariant": "SK",
    "SeriesDescription": "ep2d_1_back",
    "SeriesNumber": 6,
    "ShimSetting": [
      5135,
      -7528,
      -7738,
      507,
      -160,
      -14,
      237,
      -24
    ],
    "SliceThickness": 3.5,
    "SliceTiming": [
      0.99,
      0,
      1.0425,
      0.0525,
      1.095,
      0.105,
      1.1475,
      0.1575,
      1.2,
      0.21,
      1.25,
      0.26,
      1.3025,
      0.3125,
      1.355,
      0.365,
      1.4075,
      0.4175,
      1.46,
      0.47,
      1.5125,
      0.5225,
      1.5625,
      0.5725,
      1.615,
      0.625,
      1.6675,
      0.6775,
      1.72,
      0.73,
      1.7725,
      0.7825,
      1.825,
      0.835,
      1.875,
      0.8875,
      1.9275,
      0.9375
    ],
    "SoftwareVersions": "syngo_MR_E11",
    "SpacingBetweenSlices": 3.85,
    "StationName": "AWP167045",
    "TaskName": "1back",
    "TotalReadoutTime": 0.0154349,
    "TxRefAmp": 237.742,
    "dataset": "ds002938",
    "modality": "bold",
    "subject_id": "05",
    "task_id": "1back"
  },
  "dummy_trs": 0,
  "dvars_nstd": 25.611637088692575,
  "dvars_std": 1.2651827388692582,
  "dvars_vstd": 1.0847046777385156,
  "efc": 0.4842402962591528,
  "fber": 539.2918090820312,
  "fd_mean": 0.10329371593957784,
  "fd_num": 26,
  "fd_perc": 9.154929577464788,
  "fwhm_avg": 2.6653917416799757,
  "fwhm_x": 2.5109285714285714,
  "fwhm_y": 2.803714285714286,
  "fwhm_z": 2.6815323678970695,
  "gcor": 0.0150799,
  "gsr_x": -0.013261402025818825,
  "gsr_y": 0.017782866954803467,
  "provenance": {
    "md5sum": "01a96225cd648738660e6c61f57559e7",
    "settings": {
      "fd_thres": 0.2,
      "testing": false
    },
    "software": "mriqc",
    "version": "23.0.1",
    "webapi_port": null,
    "webapi_url": "https://mriqc.nimh.nih.gov/api/v1"
  },
  "size_t": 284,
  "size_x": 64,
  "size_y": 64,
  "size_z": 38,
  "snr": 2.568524619471557,
  "spacing_tr": 2.0,
  "spacing_x": 3.5,
  "spacing_y": 3.5,
  "spacing_z": 3.8500001430511475,
  "summary_bg_k": 40.6920273579762,
  "summary_bg_mad": 4.875882143102178,
  "summary_bg_mean": 48.342369079589844,
  "summary_bg_median": 28.96830940246582,
  "summary_bg_n": 103367.0,
  "summary_bg_p05": 24.559858322143555,
  "summary_bg_p95": 145.85492095947262,
  "summary_bg_stdv": 61.11017608642578,
  "summary_fg_k": 0.7441977073697066,
  "summary_fg_mad": 233.3114708310435,
  "summary_fg_mean": 717.1666259765625,
  "summary_fg_median": 668.3045654296875,
  "summary_fg_n": 21340.0,
  "summary_fg_p05": 371.4873275756836,
  "summary_fg_p95": 1221.6235778808589,
  "summary_fg_stdv": 260.1839599609375,
  "tsnr": 58.95652063237503
}