{
  "aor": 0.002338686440677966,
  "aqi": 0.007752890190677966,
  "bids_meta": {
    "AcquisitionMatrixPE": 64,
    "AcquisitionNumber": 1,
    "AcquisitionTime": "15:46:55.732500",
    "BandwidthPerPixelPhaseEncode": 63.776,
    "BaseResolution": 64,
    "BodyPartExamined": "BRAIN",
    "CoilString": "HC1_2_4-7;NC1_2",
    "ConsistencyInfo": "N4_VE11C_LATEST_20160120",
    "ConversionSoftware": "dcm2niix",
    "ConversionSoftwareVersion": "v1.0.20190410  GCC6.3.0",
    "DerivedVendorReportedEchoSpacing": 0.000489996,
    "DeviceSerialNumber": "167045",
    "DwellTime": 3e-06,
    "EchoTime": 0.029,
    "EchoTrainLength": 31,
    "EffectiveEchoSpacing": 0.000244998,
    "FlipAngle": 90,
    "ImageOrientationPatientDICOM": [
      0.998891,
      0.00164319,
      0.0470548,
      -2.41116e-10,
      0.999391,
      -0.0348995
    ],
    "ImageType": [
      "ORIGINAL",
      "PRIMARY",
      "M",
      "ND",
      "MOSAIC"
    ],
    "ImagingFrequency": 123.26,
    "InPlanePhaseEncodingDirectionDICOM": "COL",
    "InstitutionAddress": "De_Pintelaan_185_Gent_District_BE_9000",
    "InstitutionName": "Experimental_Psychology",
    "InstitutionalDepartmentName": "Department",
    "MRAcquisitionType": "2D",
    "MagneticFieldStrength": 3,
    "Manufacturer": "Siemens",
    "ManufacturersModelName": "Prisma_fit",
    "Modality": "MR",
    "ParallelReductionFactorInPlane": 2,
    "PartialFourier": 1,
    "PatientPosition": "HFS",
    "PercentPhaseFOV": 100,
    "PhaseEncodingDirection": "j-",
    "PhaseEncodingSteps": 63,
    "PhaseResolution": 1,
    "PixelBandwidth": 2605,
    "ProcedureStepDescription": "MR_hersenen_(structuur_alleen)",
    "ProtocolName": "ep2d_main_effort",
    "PulseSequenceDetails": "%SiemensSeq%_ep2d_bold",
    "ReceiveCoilActiveElements": "HC1,2,4-7;NC1,2",
    "ReceiveCoilName": "HeadNeck_64",
    "ReconMatrixPE": 64,
    "RefLinesPE": 24,
    "RepetitionTime": 2,
    "SAR": 0.128903,
    "ScanOptions": "FS",
    "ScanningSequence": "EP",
    "SequenceName": "_epfid2d1_64",
    "SequenceVariant": "SK",
    "SeriesDescription": "ep2d_main_effort",
    "SeriesNumber": 5,
    "ShimSetting": [
      5135,
      -7528,
      -7738,
      507,
      -160,
      -14,
      237,
      -24
    ],
    "SliceThickness": 3.5,
    "SliceTiming": [
      0.99,
      0,
      1.0425,
      0.0525,
      1.095,
      0.105,
      1.1475,
      0.1575,
      1.2,
      0.21,
      1.25,
      0.2625,
      1.3025,
      0.3125,
      1.355,
      0.365,
      1.4075,
      0.4175,
      1.46,
      0.47,
      1.5125,
      0.5225,
      1.565,
      0.575,
      1.615,
      0.625,
      1.6675,
      0.6775,
      1.72,
      0.73,
      1.7725,
      0.7825,
      1.825,
      0.835,
      1.8775,
      0.8875,
      1.9275,
      0.9375
    ],
    "SoftwareVersions": "syngo_MR_E11",
    "SpacingBetweenSlices": 3.85,
    "StationName": "AWP167045",
    "TaskName": "effort",
    "TotalReadoutTime": 0.0154349,
    "TxRefAmp": 237.742,
    "dataset": "ds002938",
    "modality": "bold",
    "subject_id": "05",
    "task_id": "effort"
  },
  "dummy_trs": 0,
  "dvars_nstd": 23.60220003395546,
  "dvars_std": 1.063903162120891,
  "dvars_vstd": 0.9081494529798513,
  "efc": 0.48333747415713213,
  "fber": 539.671142578125,
  "fd_mean": 0.08015727237741715,
  "fd_num": 28,
  "fd_perc": 2.9661016949152543,
  "fwhm_avg": 2.6281271532284536,
  "fwhm_x": 2.461062857142857,
  "fwhm_y": 2.7654485714285713,
  "fwhm_z": 2.6578700311139327,
  "gcor": 0.0157501,
  "gsr_x": -0.011914771981537342,
  "gsr_y": 0.019358206540346146,
  "provenance": {
    "md5sum": "eb9153539145c76a1df987f934c9c707",
    "settings": {
      "fd_thres": 0.2,
      "testing": false
    },
    "software": "mriqc",
    "version": "23.0.1",
    "webapi_port": null,
    "webapi_url": "https://mriqc.nimh.nih.gov/api/v1"
  },
  "size_t": 944,
  "size_x": 64,
  "size_y": 64,
  "size_z": 38,
  "snr": 2.6246912418581334,
  "spacing_tr": 2.0,
  "spacing_x": 3.5,
  "spacing_y": 3.5,
  "spacing_z": 3.8500001430511475,
  "summary_bg_k": 45.3080641738665,
  "summary_bg_mad": 5.784345317751329,
  "summary_bg_mean": 46.60948944091797,
  "summary_bg_median": 28.75423812866211,
  "summary_bg_n": 103284.0,
  "summary_bg_p05": 22.66964988708496,
  "summary_bg_p95": 135.91811065673826,
  "summary_bg_stdv": 57.58594512939453,
  "summary_fg_k": 0.7334320420462164,
  "summary_fg_mad": 229.23954057720624,
  "summary_fg_mean": 715.3238525390625,
  "summary_fg_median": 667.2161254882812,
  "summary_fg_n": 21256.0,
  "summary_fg_p05": 378.99205780029297,
  "summary_fg_p95": 1211.087158203125,
  "summary_fg_stdv": 254.2014923095703,
  "tsnr": 40.15677951928228
}