{
  "aor": 0.001045119726339795,
  "aqi": 0.008882533740022805,
  "bids_meta": {
    "AcquisitionMatrixPE": 64,
    "AcquisitionNumber": 1,
    "AcquisitionTime": "13:31:49.105000",
    "BandwidthPerPixelPhaseEncode": 63.776,
    "BaseResolution": 64,
    "BodyPartExamined": "BRAIN",
    "CoilString": "HC1-7;NC1_2",
    "ConsistencyInfo": "N4_VE11C_LATEST_20160120",
    "ConversionSoftware": "dcm2niix",
    "ConversionSoftwareVersion": "v1.0.20190410  GCC6.3.0",
    "DerivedVendorReportedEchoSpacing": 0.000489996,
    "DeviceSerialNumber": "167045",
    "DwellTime": 3e-06,
    "EchoTime": 0.029,
    "EchoTrainLength": 31,
    "EffectiveEchoSpacing": 0.000244998,
    "FlipAngle": 90,
    "ImageOrientationPatientDICOM": [
      0.999453,
      0.00160965,
      0.0330246,
      1.432e-09,
      0.998814,
      -0.0486832
    ],
    "ImageType": [
      "ORIGINAL",
      "PRIMARY",
      "M",
      "ND",
      "MOSAIC"
    ],
    "ImagingFrequency": 123.26,
    "InPlanePhaseEncodingDirectionDICOM": "COL",
    "InstitutionAddress": "De_Pintelaan_185_Gent_District_BE_9000",
    "InstitutionName": "Experimental_Psychology",
    "InstitutionalDepartmentName": "Department",
    "MRAcquisitionType": "2D",
    "MagneticFieldStrength": 3,
    "Manufacturer": "Siemens",
    "ManufacturersModelName": "Prisma_fit",
    "Modality": "MR",
    "ParallelReductionFactorInPlane": 2,
    "PartialFourier": 1,
    "PatientPosition": "HFS",
    "PercentPhaseFOV": 100,
    "PhaseEncodingDirection": "j-",
    "PhaseEncodingSteps": 63,
    "PhaseResolution": 1,
    "PixelBandwidth": 2605,
    "ProcedureStepDescription": "MR_hersenen_(structuur_alleen)",
    "ProtocolName": "ep2d_main_effort",
    "PulseSequenceDetails": "%SiemensSeq%_ep2d_bold",
    "ReceiveCoilActiveElements": "HC1-7;NC1,2",
    "ReceiveCoilName": "HeadNeck_64",
    "ReconMatrixPE": 64,
    "RefLinesPE": 24,
    "RepetitionTime": 2,
    "SAR": 0.086612,
    "ScanOptions": "FS",
    "ScanningSequence": "EP",
    "SequenceName": "_epfid2d1_64",
    "SequenceVariant": "SK",
    "SeriesDescription": "ep2d_main_effort",
    "SeriesNumber": 5,
    "ShimSetting": [
      5138,
      -7503,
      -7767,
      394,
      -192,
      -97,
      -80,
      -15
    ],
    "SliceThickness": 3.5,
    "SliceTiming": [
      0.99,
      0,
      1.0425,
      0.0525,
      1.095,
      0.105,
      1.1475,
      0.1575,
      1.1975,
      0.2075,
      1.25,
      0.26,
      1.3025,
      0.3125,
      1.355,
      0.365,
      1.4075,
      0.4175,
      1.46,
      0.47,
      1.51,
      0.52,
      1.5625,
      0.5725,
      1.615,
      0.625,
      1.6675,
      0.6775,
      1.72,
      0.73,
      1.7725,
      0.7825,
      1.8225,
      0.8325,
      1.875,
      0.885,
      1.9275,
      0.9375
    ],
    "SoftwareVersions": "syngo_MR_E11",
    "SpacingBetweenSlices": 3.85,
    "StationName": "AWP167045",
    "TaskName": "effort",
    "TotalReadoutTime": 0.0154349,
    "TxRefAmp": 209.857,
    "dataset": "ds002938",
    "modality": "bold",
    "subject_id": "03",
    "task_id": "effort"
  },
  "dummy_trs": 0,
  "dvars_nstd": 19.21623047834475,
  "dvars_std": 0.9827786198744309,
  "dvars_vstd": 0.8972265905593625,
  "efc": 0.46919326122547483,
  "fber": 654.5950927734375,
  "fd_mean": 0.1350588421322598,
  "fd_num": 118,
  "fd_perc": 13.454960091220068,
  "fwhm_avg": 2.7068272953834054,
  "fwhm_x": 2.5833657142857143,
  "fwhm_y": 2.7932200000000003,
  "fwhm_z": 2.7438961718645016,
  "gcor": 0.0156066,
  "gsr_x": -0.009736675769090652,
  "gsr_y": 0.026315871626138687,
  "provenance": {
    "md5sum": "7e6e2f83834075b5f4f13b531cfe6d1e",
    "settings": {
      "fd_thres": 0.2,
      "testing": false
    },
    "software": "mriqc",
    "version": "23.0.1",
    "webapi_port": null,
    "webapi_url": "https://mriqc.nimh.nih.gov/api/v1"
  },
  "size_t": 877,
  "size_x": 64,
  "size_y": 64,
  "size_z": 38,
  "snr": 2.5123081155792044,
  "spacing_tr": 2.0,
  "spacing_x": 3.5,
  "spacing_y": 3.5,
  "spacing_z": 3.8499999046325684,
  "summary_bg_k": 45.158426362521155,
  "summary_bg_mad": 6.559286403489082,
  "summary_bg_mean": 49.254398345947266,
  "summary_bg_median": 31.038766860961914,
  "summary_bg_n": 102495.0,
  "summary_bg_p05": 23.90193748474121,
  "summary_bg_p95": 140.5818664550781,
  "summary_bg_stdv": 58.833560943603516,
  "summary_fg_k": 1.3192701336006607,
  "summary_fg_mad": 302.9427608795737,
  "summary_fg_mean": 859.29296875,
  "summary_fg_median": 804.5450439453125,
  "summary_fg_n": 20831.0,
  "summary_fg_p05": 450.73716735839844,
  "summary_fg_p95": 1457.549560546875,
  "summary_fg_stdv": 320.23370361328125,
  "tsnr": 35.49475471256301
}