{
  "aor": 0.0033731397849462363,
  "aqi": 0.007203163548387096,
  "bids_meta": {
    "AcquisitionMatrixPE": 64,
    "AcquisitionNumber": 1,
    "AcquisitionTime": "21:37:15.442500",
    "BandwidthPerPixelPhaseEncode": 63.776,
    "BaseResolution": 64,
    "BodyPartExamined": "BRAIN",
    "CoilString": "HC1-7;NC1_2",
    "ConsistencyInfo": "N4_VE11C_LATEST_20160120",
    "ConversionSoftware": "dcm2niix",
    "ConversionSoftwareVersion": "v1.0.20190410  GCC6.3.0",
    "DerivedVendorReportedEchoSpacing": 0.000489996,
    "DeviceSerialNumber": "167045",
    "DwellTime": 3e-06,
    "EchoTime": 0.029,
    "EchoTrainLength": 31,
    "EffectiveEchoSpacing": 0.000244998,
    "FlipAngle": 90,
    "ImageOrientationPatientDICOM": [
      0.99975,
      0.00213901,
      0.02224,
      3.64037e-08,
      0.995407,
      -0.0957383
    ],
    "ImageType": [
      "ORIGINAL",
      "PRIMARY",
      "M",
      "ND",
      "MOSAIC"
    ],
    "ImagingFrequency": 123.259,
    "InPlanePhaseEncodingDirectionDICOM": "COL",
    "InstitutionAddress": "De_Pintelaan_185_Gent_District_BE_9000",
    "InstitutionName": "UZ_Gent",
    "InstitutionalDepartmentName": "Department",
    "MRAcquisitionType": "2D",
    "MagneticFieldStrength": 3,
    "Manufacturer": "Siemens",
    "ManufacturersModelName": "Prisma_fit",
    "Modality": "MR",
    "ParallelReductionFactorInPlane": 2,
    "PartialFourier": 1,
    "PatientPosition": "HFS",
    "PercentPhaseFOV": 100,
    "PhaseEncodingDirection": "j-",
    "PhaseEncodingSteps": 63,
    "PhaseResolution": 1,
    "PixelBandwidth": 2605,
    "ProcedureStepDescription": "MR_hersenen_(structuur_alleen)_O",
    "ProtocolName": "ep2d_main_effort",
    "PulseSequenceDetails": "%SiemensSeq%_ep2d_bold",
    "ReceiveCoilActiveElements": "HC1-7;NC1,2",
    "ReceiveCoilName": "HeadNeck_64",
    "ReconMatrixPE": 64,
    "RefLinesPE": 24,
    "RepetitionTime": 2,
    "SAR": 0.134393,
    "ScanOptions": "FS",
    "ScanningSequence": "EP",
    "SequenceName": "_epfid2d1_64",
    "SequenceVariant": "SK",
    "SeriesDescription": "ep2d_main_effort",
    "SeriesNumber": 5,
    "ShimSetting": [
      5153,
      -7483,
      -7707,
      442,
      -85,
      29,
      107,
      28
    ],
    "SliceThickness": 3.5,
    "SliceTiming": [
      0.99,
      0,
      1.0425,
      0.0525,
      1.0925,
      0.1025,
      1.145,
      0.155,
      1.1975,
      0.2075,
      1.25,
      0.26,
      1.3025,
      0.3125,
      1.355,
      0.365,
      1.405,
      0.415,
      1.4575,
      0.4675,
      1.51,
      0.52,
      1.5625,
      0.5725,
      1.615,
      0.625,
      1.6675,
      0.6775,
      1.7175,
      0.7275,
      1.77,
      0.78,
      1.8225,
      0.8325,
      1.875,
      0.885,
      1.9275,
      0.9375
    ],
    "SoftwareVersions": "syngo_MR_E11",
    "SpacingBetweenSlices": 3.85,
    "StationName": "AWP167045",
    "TaskName": "effort",
    "TotalReadoutTime": 0.0154349,
    "TxRefAmp": 246.358,
    "dataset": "ds002938",
    "modality": "bold",
    "subject_id": "31",
    "task_id": "effort"
  },
  "dummy_trs": 0,
  "dvars_nstd": 27.28131917557592,
  "dvars_std": 1.0134839272766423,
  "dvars_vstd": 0.8822274300107644,
  "efc": 0.5085140572299766,
  "fber": 577.8235473632812,
  "fd_mean": 0.15302713292858086,
  "fd_num": 160,
  "fd_perc": 17.204301075268816,
  "fwhm_avg": 2.8848222747733936,
  "fwhm_x": 2.7492485714285713,
  "fwhm_y": 3.0359714285714285,
  "fwhm_z": 2.869246824320182,
  "gcor": 0.0450246,
  "gsr_x": -0.01350298710167408,
  "gsr_y": 0.05632922053337097,
  "provenance": {
    "md5sum": "72595076cbc897f59530080c70350851",
    "settings": {
      "fd_thres": 0.2,
      "testing": false
    },
    "software": "mriqc",
    "version": "23.0.1",
    "webapi_port": null,
    "webapi_url": "https://mriqc.nimh.nih.gov/api/v1"
  },
  "size_t": 930,
  "size_x": 64,
  "size_y": 64,
  "size_z": 38,
  "snr": 2.231448946090252,
  "spacing_tr": 2.0,
  "spacing_x": 3.5,
  "spacing_y": 3.5,
  "spacing_z": 3.8499999046325684,
  "summary_bg_k": 30.106081118705568,
  "summary_bg_mad": 10.27698736559908,
  "summary_bg_mean": 71.29329681396484,
  "summary_bg_median": 37.3844108581543,
  "summary_bg_n": 94554.0,
  "summary_bg_p05": 28.609678268432617,
  "summary_bg_p95": 266.21473693847656,
  "summary_bg_stdv": 101.08470916748047,
  "summary_fg_k": 0.6820163041778575,
  "summary_fg_mad": 406.65781720371206,
  "summary_fg_mean": 1017.6749267578125,
  "summary_fg_median": 932.54736328125,
  "summary_fg_n": 25540.0,
  "summary_fg_p05": 491.10695190429686,
  "summary_fg_p95": 1810.256915283203,
  "summary_fg_stdv": 417.9029541015625,
  "tsnr": 42.852988719241694
}