{
  "aor": 0.000747017543859649,
  "aqi": 0.0022442984842105263,
  "bids_meta": {
    "AcquisitionMatrixPE": 64,
    "AcquisitionNumber": 1,
    "AcquisitionTime": "22:09:30.407500",
    "BandwidthPerPixelPhaseEncode": 63.776,
    "BaseResolution": 64,
    "BodyPartExamined": "BRAIN",
    "CoilString": "HC1-7;NC1_2",
    "ConsistencyInfo": "N4_VE11C_LATEST_20160120",
    "ConversionSoftware": "dcm2niix",
    "ConversionSoftwareVersion": "v1.0.20190410  GCC6.3.0",
    "DerivedVendorReportedEchoSpacing": 0.000489996,
    "DeviceSerialNumber": "167045",
    "DwellTime": 3e-06,
    "EchoTime": 0.029,
    "EchoTrainLength": 31,
    "EffectiveEchoSpacing": 0.000244998,
    "FlipAngle": 90,
    "ImageOrientationPatientDICOM": [
      0.99975,
      0.00213901,
      0.02224,
      3.64037e-08,
      0.995407,
      -0.0957383
    ],
    "ImageType": [
      "ORIGINAL",
      "PRIMARY",
      "M",
      "ND",
      "MOSAIC"
    ],
    "ImagingFrequency": 123.259,
    "InPlanePhaseEncodingDirectionDICOM": "COL",
    "InstitutionAddress": "De_Pintelaan_185_Gent_District_BE_9000",
    "InstitutionName": "UZ_Gent",
    "InstitutionalDepartmentName": "Department",
    "MRAcquisitionType": "2D",
    "MagneticFieldStrength": 3,
    "Manufacturer": "Siemens",
    "ManufacturersModelName": "Prisma_fit",
    "Modality": "MR",
    "ParallelReductionFactorInPlane": 2,
    "PartialFourier": 1,
    "PatientPosition": "HFS",
    "PercentPhaseFOV": 100,
    "PhaseEncodingDirection": "j-",
    "PhaseEncodingSteps": 63,
    "PhaseResolution": 1,
    "PixelBandwidth": 2605,
    "ProcedureStepDescription": "MR_hersenen_(structuur_alleen)_O",
    "ProtocolName": "ep2d_1_back",
    "PulseSequenceDetails": "%SiemensSeq%_ep2d_bold",
    "ReceiveCoilActiveElements": "HC1-7;NC1,2",
    "ReceiveCoilName": "HeadNeck_64",
    "ReconMatrixPE": 64,
    "RefLinesPE": 24,
    "RepetitionTime": 2,
    "SAR": 0.134393,
    "ScanOptions": "FS",
    "ScanningSequence": "EP",
    "SequenceName": "_epfid2d1_64",
    "SequenceVariant": "SK",
    "SeriesDescription": "ep2d_1_back",
    "SeriesNumber": 6,
    "ShimSetting": [
      5153,
      -7483,
      -7707,
      442,
      -85,
      29,
      107,
      28
    ],
    "SliceThickness": 3.5,
    "SliceTiming": [
      0.99,
      0,
      1.0425,
      0.0525,
      1.095,
      0.105,
      1.1475,
      0.1575,
      1.2,
      0.21,
      1.2525,
      0.2625,
      1.3025,
      0.3125,
      1.355,
      0.365,
      1.4075,
      0.4175,
      1.46,
      0.47,
      1.5125,
      0.5225,
      1.565,
      0.575,
      1.615,
      0.6275,
      1.6675,
      0.6775,
      1.72,
      0.73,
      1.7725,
      0.7825,
      1.825,
      0.835,
      1.8775,
      0.8875,
      1.93,
      0.94
    ],
    "SoftwareVersions": "syngo_MR_E11",
    "SpacingBetweenSlices": 3.85,
    "StationName": "AWP167045",
    "TaskName": "1back",
    "TotalReadoutTime": 0.0154349,
    "TxRefAmp": 246.358,
    "dataset": "ds002938",
    "modality": "bold",
    "subject_id": "31",
    "task_id": "1back"
  },
  "dummy_trs": 0,
  "dvars_nstd": 21.038164891197198,
  "dvars_std": 1.189087082957746,
  "dvars_vstd": 0.9819622856338024,
  "efc": 0.5080804003345099,
  "fber": 601.7073974609375,
  "fd_mean": 0.07384034478813069,
  "fd_num": 8,
  "fd_perc": 2.807017543859649,
  "fwhm_avg": 2.886897080080365,
  "fwhm_x": 2.7562314285714287,
  "fwhm_y": 3.0216285714285713,
  "fwhm_z": 2.882831240241094,
  "gcor": 0.0195336,
  "gsr_x": -0.013473154976963997,
  "gsr_y": 0.05707557499408722,
  "provenance": {
    "md5sum": "09a974e1f8a4668e10b586f7f54ed5fa",
    "settings": {
      "fd_thres": 0.2,
      "testing": false
    },
    "software": "mriqc",
    "version": "23.0.1",
    "webapi_port": null,
    "webapi_url": "https://mriqc.nimh.nih.gov/api/v1"
  },
  "size_t": 285,
  "size_x": 64,
  "size_y": 64,
  "size_z": 38,
  "snr": 2.23049975859784,
  "spacing_tr": 2.0,
  "spacing_x": 3.5,
  "spacing_y": 3.5,
  "spacing_z": 3.8499999046325684,
  "summary_bg_k": 28.018435596371088,
  "summary_bg_mad": 9.212944955385654,
  "summary_bg_mean": 72.72554016113281,
  "summary_bg_median": 36.901756286621094,
  "summary_bg_n": 94655.0,
  "summary_bg_p05": 29.43157958984375,
  "summary_bg_p95": 277.1645660400392,
  "summary_bg_stdv": 105.304443359375,
  "summary_fg_k": 0.6298998954928012,
  "summary_fg_mad": 408.740419056605,
  "summary_fg_mean": 1021.8340454101562,
  "summary_fg_median": 936.028076171875,
  "summary_fg_n": 25433.0,
  "summary_fg_p05": 491.9950866699219,
  "summary_fg_p95": 1819.6231689453123,
  "summary_fg_stdv": 419.6412353515625,
  "tsnr": 76.47059569880366
}