{
  "aor": 0.003037222857142858,
  "aqi": 0.005260283474285714,
  "bids_meta": {
    "AcquisitionMatrixPE": 64,
    "AcquisitionNumber": 1,
    "AcquisitionTime": "11:47:23.022500",
    "BandwidthPerPixelPhaseEncode": 63.776,
    "BaseResolution": 64,
    "BodyPartExamined": "BRAIN",
    "CoilString": "HC1-7;NC1_2",
    "ConsistencyInfo": "N4_VE11C_LATEST_20160120",
    "ConversionSoftware": "dcm2niix",
    "ConversionSoftwareVersion": "v1.0.20190410  GCC6.3.0",
    "DerivedVendorReportedEchoSpacing": 0.000489996,
    "DeviceSerialNumber": "167045",
    "DwellTime": 3e-06,
    "EchoTime": 0.029,
    "EchoTrainLength": 31,
    "EffectiveEchoSpacing": 0.000244998,
    "FlipAngle": 90,
    "ImageOrientationPatientDICOM": [
      0.999783,
      0.00199849,
      0.02075,
      -5.71235e-08,
      0.995394,
      -0.0958666
    ],
    "ImageType": [
      "ORIGINAL",
      "PRIMARY",
      "M",
      "ND",
      "MOSAIC"
    ],
    "ImagingFrequency": 123.26,
    "InPlanePhaseEncodingDirectionDICOM": "COL",
    "InstitutionAddress": "De_Pintelaan_185_Gent_District_BE_9000",
    "InstitutionName": "Experimental_Psychology",
    "InstitutionalDepartmentName": "Department",
    "MRAcquisitionType": "2D",
    "MagneticFieldStrength": 3,
    "Manufacturer": "Siemens",
    "ManufacturersModelName": "Prisma_fit",
    "Modality": "MR",
    "ParallelReductionFactorInPlane": 2,
    "PartialFourier": 1,
    "PatientPosition": "HFS",
    "PercentPhaseFOV": 100,
    "PhaseEncodingDirection": "j-",
    "PhaseEncodingSteps": 63,
    "PhaseResolution": 1,
    "PixelBandwidth": 2605,
    "ProcedureStepDescription": "MR_hersenen_(structuur_alleen)",
    "ProtocolName": "ep2d_main_effort",
    "PulseSequenceDetails": "%SiemensSeq%_ep2d_bold",
    "ReceiveCoilActiveElements": "HC1-7;NC1,2",
    "ReceiveCoilName": "HeadNeck_64",
    "ReconMatrixPE": 64,
    "RefLinesPE": 24,
    "RepetitionTime": 2,
    "SAR": 0.120959,
    "ScanOptions": "FS",
    "ScanningSequence": "EP",
    "SequenceName": "_epfid2d1_64",
    "SequenceVariant": "SK",
    "SeriesDescription": "ep2d_main_effort",
    "SeriesNumber": 5,
    "ShimSetting": [
      5158,
      -7558,
      -7708,
      493,
      -84,
      -1,
      175,
      -12
    ],
    "SliceThickness": 3.5,
    "SliceTiming": [
      0.99,
      0,
      1.0425,
      0.0525,
      1.0925,
      0.1025,
      1.145,
      0.155,
      1.1975,
      0.2075,
      1.25,
      0.26,
      1.3025,
      0.3125,
      1.355,
      0.365,
      1.405,
      0.4175,
      1.4575,
      0.4675,
      1.51,
      0.52,
      1.5625,
      0.5725,
      1.615,
      0.625,
      1.6675,
      0.6775,
      1.72,
      0.73,
      1.77,
      0.78,
      1.8225,
      0.8325,
      1.875,
      0.885,
      1.9275,
      0.9375
    ],
    "SoftwareVersions": "syngo_MR_E11",
    "SpacingBetweenSlices": 3.85,
    "StationName": "AWP167045",
    "TaskName": "effort",
    "TotalReadoutTime": 0.0154349,
    "TxRefAmp": 232.01,
    "dataset": "ds002938",
    "modality": "bold",
    "subject_id": "24",
    "task_id": "effort"
  },
  "dummy_trs": 0,
  "dvars_nstd": 20.153055646029767,
  "dvars_std": 1.0767615929290628,
  "dvars_vstd": 0.9252958206521724,
  "efc": 0.47816485528893293,
  "fber": 631.9024047851562,
  "fd_mean": 0.047489945862201406,
  "fd_num": 2,
  "fd_perc": 0.22857142857142856,
  "fwhm_avg": 2.6627562992039118,
  "fwhm_x": 2.5518457142857143,
  "fwhm_y": 2.7541114285714285,
  "fwhm_z": 2.682311754754593,
  "gcor": 0.0248168,
  "gsr_x": 0.0019709665793925524,
  "gsr_y": 0.025981388986110687,
  "provenance": {
    "md5sum": "346b9f0e2f79986116ec6bf4b10475fb",
    "settings": {
      "fd_thres": 0.2,
      "testing": false
    },
    "software": "mriqc",
    "version": "23.0.1",
    "webapi_port": null,
    "webapi_url": "https://mriqc.nimh.nih.gov/api/v1"
  },
  "size_t": 875,
  "size_x": 64,
  "size_y": 64,
  "size_z": 38,
  "snr": 2.533409761043522,
  "spacing_tr": 2.0,
  "spacing_x": 3.5,
  "spacing_y": 3.5,
  "spacing_z": 3.8499999046325684,
  "summary_bg_k": 43.00281082259132,
  "summary_bg_mad": 6.38959342190628,
  "summary_bg_mean": 53.78962326049805,
  "summary_bg_median": 31.6845703125,
  "summary_bg_n": 101936.0,
  "summary_bg_p05": 25.659142017364502,
  "summary_bg_p95": 161.2505760192871,
  "summary_bg_stdv": 70.64825439453125,
  "summary_fg_k": 1.0280558129777448,
  "summary_fg_mad": 298.05562110816066,
  "summary_fg_mean": 863.3941650390625,
  "summary_fg_median": 806.125732421875,
  "summary_fg_n": 20883.0,
  "summary_fg_p05": 457.7946319580078,
  "summary_fg_p95": 1472.9759521484373,
  "summary_fg_stdv": 318.1903076171875,
  "tsnr": 47.61345212906599
}