{
  "aor": 0.001485609756097561,
  "aqi": 0.0013465926097560976,
  "bids_meta": {
    "AcquisitionMatrixPE": 64,
    "AcquisitionNumber": 1,
    "AcquisitionTime": "12:18:15.445000",
    "BandwidthPerPixelPhaseEncode": 63.776,
    "BaseResolution": 64,
    "BodyPartExamined": "BRAIN",
    "CoilString": "HC1-7;NC1_2",
    "ConsistencyInfo": "N4_VE11C_LATEST_20160120",
    "ConversionSoftware": "dcm2niix",
    "ConversionSoftwareVersion": "v1.0.20190410  GCC6.3.0",
    "DerivedVendorReportedEchoSpacing": 0.000489996,
    "DeviceSerialNumber": "167045",
    "DwellTime": 3e-06,
    "EchoTime": 0.029,
    "EchoTrainLength": 31,
    "EffectiveEchoSpacing": 0.000244998,
    "FlipAngle": 90,
    "ImageOrientationPatientDICOM": [
      0.999783,
      0.00199849,
      0.02075,
      -5.71235e-08,
      0.995394,
      -0.0958666
    ],
    "ImageType": [
      "ORIGINAL",
      "PRIMARY",
      "M",
      "ND",
      "MOSAIC"
    ],
    "ImagingFrequency": 123.26,
    "InPlanePhaseEncodingDirectionDICOM": "COL",
    "InstitutionAddress": "De_Pintelaan_185_Gent_District_BE_9000",
    "InstitutionName": "Experimental_Psychology",
    "InstitutionalDepartmentName": "Department",
    "MRAcquisitionType": "2D",
    "MagneticFieldStrength": 3,
    "Manufacturer": "Siemens",
    "ManufacturersModelName": "Prisma_fit",
    "Modality": "MR",
    "ParallelReductionFactorInPlane": 2,
    "PartialFourier": 1,
    "PatientPosition": "HFS",
    "PercentPhaseFOV": 100,
    "PhaseEncodingDirection": "j-",
    "PhaseEncodingSteps": 63,
    "PhaseResolution": 1,
    "PixelBandwidth": 2605,
    "ProcedureStepDescription": "MR_hersenen_(structuur_alleen)",
    "ProtocolName": "ep2d_1_back",
    "PulseSequenceDetails": "%SiemensSeq%_ep2d_bold",
    "ReceiveCoilActiveElements": "HC1-7;NC1,2",
    "ReceiveCoilName": "HeadNeck_64",
    "ReconMatrixPE": 64,
    "RefLinesPE": 24,
    "RepetitionTime": 2,
    "SAR": 0.120959,
    "ScanOptions": "FS",
    "ScanningSequence": "EP",
    "SequenceName": "_epfid2d1_64",
    "SequenceVariant": "SK",
    "SeriesDescription": "ep2d_1_back",
    "SeriesNumber": 6,
    "ShimSetting": [
      5158,
      -7558,
      -7708,
      493,
      -84,
      -1,
      175,
      -12
    ],
    "SliceThickness": 3.5,
    "SliceTiming": [
      0.99,
      0,
      1.0425,
      0.0525,
      1.0925,
      0.1025,
      1.145,
      0.155,
      1.1975,
      0.2075,
      1.25,
      0.26,
      1.3025,
      0.3125,
      1.355,
      0.365,
      1.405,
      0.415,
      1.4575,
      0.4675,
      1.51,
      0.52,
      1.5625,
      0.5725,
      1.615,
      0.625,
      1.6675,
      0.6775,
      1.7175,
      0.7275,
      1.77,
      0.78,
      1.8225,
      0.8325,
      1.875,
      0.885,
      1.9275,
      0.9375
    ],
    "SoftwareVersions": "syngo_MR_E11",
    "SpacingBetweenSlices": 3.85,
    "StationName": "AWP167045",
    "TaskName": "1back",
    "TotalReadoutTime": 0.0154349,
    "TxRefAmp": 232.01,
    "dataset": "ds002938",
    "modality": "bold",
    "subject_id": "24",
    "task_id": "1back"
  },
  "dummy_trs": 0,
  "dvars_nstd": 18.955564055384638,
  "dvars_std": 1.155260784230769,
  "dvars_vstd": 1.0059942069230763,
  "efc": 0.4788208273390939,
  "fber": 633.6044921875,
  "fd_mean": 0.04810861110988472,
  "fd_num": 3,
  "fd_perc": 1.0452961672473868,
  "fwhm_avg": 2.6790220137585656,
  "fwhm_x": 2.551888571428571,
  "fwhm_y": 2.770294285714286,
  "fwhm_z": 2.7148831841328405,
  "gcor": 0.0280909,
  "gsr_x": 0.0020198591519147158,
  "gsr_y": 0.02288171276450157,
  "provenance": {
    "md5sum": "403cb2ce0d2bb8e0998a5dc1c56599f6",
    "settings": {
      "fd_thres": 0.2,
      "testing": false
    },
    "software": "mriqc",
    "version": "23.0.1",
    "webapi_port": null,
    "webapi_url": "https://mriqc.nimh.nih.gov/api/v1"
  },
  "size_t": 287,
  "size_x": 64,
  "size_y": 64,
  "size_z": 38,
  "snr": 2.521193131980841,
  "spacing_tr": 2.0,
  "spacing_x": 3.5,
  "spacing_y": 3.5,
  "spacing_z": 3.8499999046325684,
  "summary_bg_k": 37.52161034901284,
  "summary_bg_mad": 6.292018826360443,
  "summary_bg_mean": 55.735382080078125,
  "summary_bg_median": 31.88850212097168,
  "summary_bg_n": 102236.0,
  "summary_bg_p05": 25.915504932403564,
  "summary_bg_p95": 175.60976028442383,
  "summary_bg_stdv": 74.86933898925781,
  "summary_fg_k": 0.9851851844918591,
  "summary_fg_mad": 300.67125936047415,
  "summary_fg_mean": 865.9238891601562,
  "summary_fg_median": 807.1602783203125,
  "summary_fg_n": 20810.0,
  "summary_fg_p05": 456.4344970703125,
  "summary_fg_p95": 1483.9422058105467,
  "summary_fg_stdv": 320.1424255371094,
  "tsnr": 79.3856142424047
}